STORAGE: NONE
RESTRICTION: || (== net35) (== net40) (== net45) (== netstandard1.3) (== netstandard2.0)
NUGET
  remote: ../../../../dist
    Axle.Core (1.6.2462.22955)
      NETStandard.Library (>= 1.6.1) - restriction: || (&& (== net35) (< net20) (>= netstandard1.0)) (&& (== net35) (< net20) (>= netstandard1.3)) (&& (== net35) (< net20) (>= netstandard1.5)) (&& (== net35) (< net20) (>= netstandard1.6)) (&& (== net40) (< net20) (>= netstandard1.0)) (&& (== net40) (< net20) (>= netstandard1.3)) (&& (== net40) (< net20) (>= netstandard1.5)) (&& (== net40) (< net20) (>= netstandard1.6)) (&& (== net45) (< net20)) (== netstandard1.3) (&& (== netstandard2.0) (< netstandard1.3)) (&& (== netstandard2.0) (< netstandard1.5)) (&& (== netstandard2.0) (< netstandard1.6))
      System.Threading.Tasks.Unofficial (>= 3.1) - restriction: || (== net35) (&& (== net45) (< net40) (< netstandard1.0)) (&& (== netstandard1.3) (>= net35) (< netstandard1.0)) (&& (== netstandard2.0) (>= net35) (< netstandard1.0))
    Axle.Resources (1.6.2462.22955)
      Axle.Core (>= 1.6.2462.22955)
  remote: https://api.nuget.org/v3/index.json
    Kajabity.Tools.Java (0.2.6862.30334) - content: none
      NETStandard.Library (>= 1.6.1) - restriction: || (&& (== net35) (< net20) (>= netstandard1.0)) (&& (== net35) (< net20) (>= netstandard1.1)) (&& (== net40) (< net20) (>= netstandard1.0)) (&& (== net40) (< net20) (>= netstandard1.1)) (&& (== net45) (< net20)) (== netstandard1.3) (&& (== netstandard2.0) (< netstandard1.1))
    Microsoft.NETCore.Platforms (3.0) - content: none, restriction: || (&& (== net35) (== netstandard2.0)) (&& (== net35) (< net20) (>= net46)) (&& (== net35) (< net20) (>= netstandard1.3)) (&& (== net35) (< net20) (>= netstandard1.4)) (&& (== net35) (< net20) (>= netstandard1.5)) (&& (== net35) (< net20) (>= netstandard1.6)) (&& (== net35) (>= uap10.0)) (&& (== net40) (== netstandard2.0)) (&& (== net40) (< net20) (>= net46)) (&& (== net40) (< net20) (>= netstandard1.3)) (&& (== net40) (< net20) (>= netstandard1.4)) (&& (== net40) (< net20) (>= netstandard1.5)) (&& (== net40) (< net20) (>= netstandard1.6)) (&& (== net40) (>= uap10.0)) (&& (== net45) (== netstandard2.0)) (&& (== net45) (< net20) (>= netstandard1.3)) (&& (== net45) (< net20) (>= netstandard1.6)) (&& (== net45) (>= uap10.0)) (== netstandard1.3) (&& (== netstandard2.0) (< netstandard1.1))
    Microsoft.NETCore.Targets (3.0) - content: none, restriction: || (&& (== net35) (== netstandard2.0)) (&& (== net35) (< net20) (>= netstandard1.0)) (&& (== net35) (< net20) (>= netstandard1.1)) (&& (== net35) (< net20) (>= netstandard1.2)) (&& (== net35) (< net20) (>= netstandard1.3)) (&& (== net35) (< net20) (>= netstandard1.4)) (&& (== net35) (< net20) (>= netstandard1.5)) (&& (== net35) (< net20) (>= netstandard1.6)) (&& (== net35) (>= uap10.0)) (&& (== net40) (== netstandard2.0)) (&& (== net40) (< net20) (>= netstandard1.0)) (&& (== net40) (< net20) (>= netstandard1.1)) (&& (== net40) (< net20) (>= netstandard1.2)) (&& (== net40) (< net20) (>= netstandard1.3)) (&& (== net40) (< net20) (>= netstandard1.4)) (&& (== net40) (< net20) (>= netstandard1.5)) (&& (== net40) (< net20) (>= netstandard1.6)) (&& (== net40) (>= uap10.0)) (&& (== net45) (== netstandard2.0)) (&& (== net45) (< net20)) (&& (== net45) (>= uap10.0)) (== netstandard1.3) (&& (== netstandard2.0) (< netstandard1.1)) (&& (== netstandard2.0) (< portable-net45+win8+wpa81))
    Microsoft.Win32.Primitives (4.3) - content: none, restriction: || (&& (== net35) (== netstandard2.0)) (&& (== net35) (< net20) (>= net46)) (&& (== net35) (< net20) (>= netstandard1.3)) (&& (== net35) (< net20) (>= netstandard1.4)) (&& (== net35) (< net20) (>= netstandard1.5)) (&& (== net35) (< net20) (>= netstandard1.6)) (&& (== net35) (>= uap10.0)) (&& (== net40) (== netstandard2.0)) (&& (== net40) (< net20) (>= net46)) (&& (== net40) (< net20) (>= netstandard1.3)) (&& (== net40) (< net20) (>= netstandard1.4)) (&& (== net40) (< net20) (>= netstandard1.5)) (&& (== net40) (< net20) (>= netstandard1.6)) (&& (== net40) (>= uap10.0)) (&& (== net45) (== netstandard2.0)) (&& (== net45) (< net20) (>= net46)) (&& (== net45) (< net20) (>= netstandard1.3)) (&& (== net45) (< net20) (>= netstandard1.4)) (&& (== net45) (< net20) (>= netstandard1.5)) (&& (== net45) (< net20) (>= netstandard1.6)) (&& (== net45) (>= uap10.0)) (== netstandard1.3) (&& (== netstandard2.0) (< netstandard1.1))
      Microsoft.NETCore.Platforms (>= 1.1) - restriction: || (&& (== net35) (>= netstandard1.3)) (&& (== net40) (>= netstandard1.3)) (&& (== net45) (>= netstandard1.3)) (== netstandard1.3) (== netstandard2.0)
      Microsoft.NETCore.Targets (>= 1.1) - restriction: || (&& (== net35) (>= netstandard1.3)) (&& (== net40) (>= netstandard1.3)) (&& (== net45) (>= netstandard1.3)) (== netstandard1.3) (== netstandard2.0)
      System.Runtime (>= 4.3) - restriction: || (&& (== net35) (>= netstandard1.3)) (&& (== net40) (>= netstandard1.3)) (&& (== net45) (>= netstandard1.3)) (== netstandard1.3) (== netstandard2.0)
    NETStandard.Library (2.0.3) - content: none, restriction: || (&& (== net35) (== netstandard2.0)) (&& (== net35) (< net20) (>= netstandard1.0)) (&& (== net35) (< net20) (>= netstandard1.1)) (&& (== net40) (== netstandard2.0)) (&& (== net40) (< net20) (>= netstandard1.0)) (&& (== net40) (< net20) (>= netstandard1.1)) (&& (== net45) (== netstandard2.0)) (&& (== net45) (< net20)) (== netstandard1.3) (&& (== netstandard2.0) (< netstandard1.1))
      Microsoft.NETCore.Platforms (>= 1.1) - restriction: || (&& (== net35) (>= net45)) (&& (== net35) (>= net46)) (&& (== net35) (>= net461)) (&& (== net35) (>= netcoreapp2.0)) (&& (== net35) (>= netstandard1.0)) (&& (== net35) (>= netstandard1.1)) (&& (== net35) (>= netstandard1.2)) (&& (== net35) (>= netstandard1.3)) (&& (== net35) (>= netstandard1.4)) (&& (== net35) (>= netstandard1.5)) (&& (== net35) (>= netstandard1.6)) (&& (== net35) (>= netstandard2.0)) (&& (== net35) (>= portable-net45+win8)) (&& (== net35) (>= portable-net45+win8+wp8+wpa81)) (&& (== net35) (>= portable-net45+win8+wpa81)) (&& (== net35) (>= uap10.0)) (&& (== net35) (>= win8)) (&& (== net35) (>= wp8)) (&& (== net35) (>= wpa81)) (&& (== net40) (>= net45)) (&& (== net40) (>= net46)) (&& (== net40) (>= net461)) (&& (== net40) (>= netcoreapp2.0)) (&& (== net40) (>= netstandard1.0)) (&& (== net40) (>= netstandard1.1)) (&& (== net40) (>= netstandard1.2)) (&& (== net40) (>= netstandard1.3)) (&& (== net40) (>= netstandard1.4)) (&& (== net40) (>= netstandard1.5)) (&& (== net40) (>= netstandard1.6)) (&& (== net40) (>= netstandard2.0)) (&& (== net40) (>= portable-net45+win8)) (&& (== net40) (>= portable-net45+win8+wp8+wpa81)) (&& (== net40) (>= portable-net45+win8+wpa81)) (&& (== net40) (>= uap10.0)) (&& (== net40) (>= win8)) (&& (== net40) (>= wp8)) (&& (== net40) (>= wpa81)) (== net45) (== netstandard1.3) (== netstandard2.0)
      Microsoft.Win32.Primitives (>= 4.3) - restriction: || (&& (== net35) (>= net46)) (&& (== net35) (>= netstandard1.3)) (&& (== net35) (>= netstandard1.4)) (&& (== net35) (>= netstandard1.5)) (&& (== net35) (>= netstandard1.6)) (&& (== net35) (>= uap10.0)) (&& (== net40) (>= net46)) (&& (== net40) (>= netstandard1.3)) (&& (== net40) (>= netstandard1.4)) (&& (== net40) (>= netstandard1.5)) (&& (== net40) (>= netstandard1.6)) (&& (== net40) (>= uap10.0)) (&& (== net45) (>= net46)) (&& (== net45) (>= uap10.0)) (== netstandard1.3) (&& (== netstandard2.0) (< netstandard1.4)) (&& (== netstandard2.0) (< netstandard1.5)) (&& (== netstandard2.0) (< netstandard1.6)) (&& (== netstandard2.0) (>= uap10.0))
      System.AppContext (>= 4.3) - restriction: || (&& (== net35) (>= net46)) (&& (== net35) (>= netstandard1.3)) (&& (== net35) (>= netstandard1.4)) (&& (== net35) (>= netstandard1.5)) (&& (== net35) (>= netstandard1.6)) (&& (== net35) (>= uap10.0)) (&& (== net40) (>= net46)) (&& (== net40) (>= netstandard1.3)) (&& (== net40) (>= netstandard1.4)) (&& (== net40) (>= netstandard1.5)) (&& (== net40) (>= netstandard1.6)) (&& (== net40) (>= uap10.0)) (&& (== net45) (>= net46)) (&& (== net45) (>= uap10.0)) (== netstandard1.3) (&& (== netstandard2.0) (< netstandard1.4)) (&& (== netstandard2.0) (< netstandard1.5)) (&& (== netstandard2.0) (< netstandard1.6)) (&& (== netstandard2.0) (>= uap10.0))
      System.Collections (>= 4.3) - restriction: || (&& (== net35) (>= netstandard1.0)) (&& (== net35) (>= netstandard1.1)) (&& (== net35) (>= netstandard1.2)) (&& (== net35) (>= netstandard1.3)) (&& (== net35) (>= netstandard1.4)) (&& (== net35) (>= netstandard1.5)) (&& (== net35) (>= netstandard1.6)) (&& (== net35) (>= uap10.0)) (&& (== net40) (>= netstandard1.0)) (&& (== net40) (>= netstandard1.1)) (&& (== net40) (>= netstandard1.2)) (&& (== net40) (>= netstandard1.3)) (&& (== net40) (>= netstandard1.4)) (&& (== net40) (>= netstandard1.5)) (&& (== net40) (>= netstandard1.6)) (&& (== net40) (>= uap10.0)) (&& (== net45) (< portable-net45+win8+wpa81)) (&& (== net45) (>= uap10.0)) (== netstandard1.3) (&& (== netstandard2.0) (< netstandard1.2)) (&& (== netstandard2.0) (< netstandard1.3)) (&& (== netstandard2.0) (< netstandard1.4)) (&& (== netstandard2.0) (< netstandard1.5)) (&& (== netstandard2.0) (< netstandard1.6)) (&& (== netstandard2.0) (< portable-net45+win8+wpa81)) (&& (== netstandard2.0) (>= uap10.0))
      System.Collections.Concurrent (>= 4.3) - restriction: || (&& (== net35) (>= netstandard1.1)) (&& (== net35) (>= netstandard1.2)) (&& (== net35) (>= netstandard1.3)) (&& (== net35) (>= netstandard1.4)) (&& (== net35) (>= netstandard1.5)) (&& (== net35) (>= netstandard1.6)) (&& (== net35) (>= uap10.0)) (&& (== net40) (>= netstandard1.1)) (&& (== net40) (>= netstandard1.2)) (&& (== net40) (>= netstandard1.3)) (&& (== net40) (>= netstandard1.4)) (&& (== net40) (>= netstandard1.5)) (&& (== net40) (>= netstandard1.6)) (&& (== net40) (>= uap10.0)) (&& (== net45) (>= uap10.0)) (== netstandard1.3) (&& (== netstandard2.0) (< netstandard1.2)) (&& (== netstandard2.0) (< netstandard1.3)) (&& (== netstandard2.0) (< netstandard1.4)) (&& (== netstandard2.0) (< netstandard1.5)) (&& (== netstandard2.0) (< netstandard1.6)) (&& (== netstandard2.0) (>= uap10.0))
      System.Console (>= 4.3) - restriction: || (&& (== net35) (>= net46)) (&& (== net35) (>= netstandard1.3)) (&& (== net35) (>= netstandard1.4)) (&& (== net35) (>= netstandard1.5)) (&& (== net35) (>= netstandard1.6)) (&& (== net35) (>= uap10.0)) (&& (== net40) (>= net46)) (&& (== net40) (>= netstandard1.3)) (&& (== net40) (>= netstandard1.4)) (&& (== net40) (>= netstandard1.5)) (&& (== net40) (>= netstandard1.6)) (&& (== net40) (>= uap10.0)) (&& (== net45) (>= net46)) (&& (== net45) (>= uap10.0)) (== netstandard1.3) (&& (== netstandard2.0) (< netstandard1.4)) (&& (== netstandard2.0) (< netstandard1.5)) (&& (== netstandard2.0) (< netstandard1.6)) (&& (== netstandard2.0) (>= uap10.0))
      System.Diagnostics.Debug (>= 4.3) - restriction: || (&& (== net35) (>= netstandard1.0)) (&& (== net35) (>= netstandard1.1)) (&& (== net35) (>= netstandard1.2)) (&& (== net35) (>= netstandard1.3)) (&& (== net35) (>= netstandard1.4)) (&& (== net35) (>= netstandard1.5)) (&& (== net35) (>= netstandard1.6)) (&& (== net35) (>= uap10.0)) (&& (== net40) (>= netstandard1.0)) (&& (== net40) (>= netstandard1.1)) (&& (== net40) (>= netstandard1.2)) (&& (== net40) (>= netstandard1.3)) (&& (== net40) (>= netstandard1.4)) (&& (== net40) (>= netstandard1.5)) (&& (== net40) (>= netstandard1.6)) (&& (== net40) (>= uap10.0)) (&& (== net45) (< portable-net45+win8+wpa81)) (&& (== net45) (>= uap10.0)) (== netstandard1.3) (&& (== netstandard2.0) (< netstandard1.2)) (&& (== netstandard2.0) (< netstandard1.3)) (&& (== netstandard2.0) (< netstandard1.4)) (&& (== netstandard2.0) (< netstandard1.5)) (&& (== netstandard2.0) (< netstandard1.6)) (&& (== netstandard2.0) (< portable-net45+win8+wpa81)) (&& (== netstandard2.0) (>= uap10.0))
      System.Diagnostics.Tools (>= 4.3) - restriction: || (&& (== net35) (>= netstandard1.0)) (&& (== net35) (>= netstandard1.1)) (&& (== net35) (>= netstandard1.2)) (&& (== net35) (>= netstandard1.3)) (&& (== net35) (>= netstandard1.4)) (&& (== net35) (>= netstandard1.5)) (&& (== net35) (>= netstandard1.6)) (&& (== net35) (>= uap10.0)) (&& (== net40) (>= netstandard1.0)) (&& (== net40) (>= netstandard1.1)) (&& (== net40) (>= netstandard1.2)) (&& (== net40) (>= netstandard1.3)) (&& (== net40) (>= netstandard1.4)) (&& (== net40) (>= netstandard1.5)) (&& (== net40) (>= netstandard1.6)) (&& (== net40) (>= uap10.0)) (&& (== net45) (< portable-net45+win8+wpa81)) (&& (== net45) (>= uap10.0)) (== netstandard1.3) (&& (== netstandard2.0) (< netstandard1.2)) (&& (== netstandard2.0) (< netstandard1.3)) (&& (== netstandard2.0) (< netstandard1.4)) (&& (== netstandard2.0) (< netstandard1.5)) (&& (== netstandard2.0) (< netstandard1.6)) (&& (== netstandard2.0) (< portable-net45+win8+wpa81)) (&& (== netstandard2.0) (>= uap10.0))
      System.Diagnostics.Tracing (>= 4.3) - restriction: || (&& (== net35) (>= netstandard1.1)) (&& (== net35) (>= netstandard1.2)) (&& (== net35) (>= netstandard1.3)) (&& (== net35) (>= netstandard1.4)) (&& (== net35) (>= netstandard1.5)) (&& (== net35) (>= netstandard1.6)) (&& (== net35) (>= uap10.0)) (&& (== net40) (>= netstandard1.1)) (&& (== net40) (>= netstandard1.2)) (&& (== net40) (>= netstandard1.3)) (&& (== net40) (>= netstandard1.4)) (&& (== net40) (>= netstandard1.5)) (&& (== net40) (>= netstandard1.6)) (&& (== net40) (>= uap10.0)) (&& (== net45) (>= uap10.0)) (== netstandard1.3) (&& (== netstandard2.0) (< netstandard1.2)) (&& (== netstandard2.0) (< netstandard1.3)) (&& (== netstandard2.0) (< netstandard1.4)) (&& (== netstandard2.0) (< netstandard1.5)) (&& (== netstandard2.0) (< netstandard1.6)) (&& (== netstandard2.0) (>= uap10.0))
      System.Globalization (>= 4.3) - restriction: || (&& (== net35) (>= netstandard1.0)) (&& (== net35) (>= netstandard1.1)) (&& (== net35) (>= netstandard1.2)) (&& (== net35) (>= netstandard1.3)) (&& (== net35) (>= netstandard1.4)) (&& (== net35) (>= netstandard1.5)) (&& (== net35) (>= netstandard1.6)) (&& (== net35) (>= uap10.0)) (&& (== net40) (>= netstandard1.0)) (&& (== net40) (>= netstandard1.1)) (&& (== net40) (>= netstandard1.2)) (&& (== net40) (>= netstandard1.3)) (&& (== net40) (>= netstandard1.4)) (&& (== net40) (>= netstandard1.5)) (&& (== net40) (>= netstandard1.6)) (&& (== net40) (>= uap10.0)) (&& (== net45) (< portable-net45+win8+wpa81)) (&& (== net45) (>= uap10.0)) (== netstandard1.3) (&& (== netstandard2.0) (< netstandard1.2)) (&& (== netstandard2.0) (< netstandard1.3)) (&& (== netstandard2.0) (< netstandard1.4)) (&& (== netstandard2.0) (< netstandard1.5)) (&& (== netstandard2.0) (< netstandard1.6)) (&& (== netstandard2.0) (< portable-net45+win8+wpa81)) (&& (== netstandard2.0) (>= uap10.0))
      System.Globalization.Calendars (>= 4.3) - restriction: || (&& (== net35) (>= net46)) (&& (== net35) (>= netstandard1.3)) (&& (== net35) (>= netstandard1.4)) (&& (== net35) (>= netstandard1.5)) (&& (== net35) (>= netstandard1.6)) (&& (== net35) (>= uap10.0)) (&& (== net40) (>= net46)) (&& (== net40) (>= netstandard1.3)) (&& (== net40) (>= netstandard1.4)) (&& (== net40) (>= netstandard1.5)) (&& (== net40) (>= netstandard1.6)) (&& (== net40) (>= uap10.0)) (&& (== net45) (>= net46)) (&& (== net45) (>= uap10.0)) (== netstandard1.3) (&& (== netstandard2.0) (< netstandard1.4)) (&& (== netstandard2.0) (< netstandard1.5)) (&& (== netstandard2.0) (< netstandard1.6)) (&& (== netstandard2.0) (>= uap10.0))
      System.IO (>= 4.3) - restriction: || (&& (== net35) (>= netstandard1.0)) (&& (== net35) (>= netstandard1.1)) (&& (== net35) (>= netstandard1.2)) (&& (== net35) (>= netstandard1.3)) (&& (== net35) (>= netstandard1.4)) (&& (== net35) (>= netstandard1.5)) (&& (== net35) (>= netstandard1.6)) (&& (== net35) (>= uap10.0)) (&& (== net40) (>= netstandard1.0)) (&& (== net40) (>= netstandard1.1)) (&& (== net40) (>= netstandard1.2)) (&& (== net40) (>= netstandard1.3)) (&& (== net40) (>= netstandard1.4)) (&& (== net40) (>= netstandard1.5)) (&& (== net40) (>= netstandard1.6)) (&& (== net40) (>= uap10.0)) (&& (== net45) (< portable-net45+win8+wpa81)) (&& (== net45) (>= uap10.0)) (== netstandard1.3) (&& (== netstandard2.0) (< netstandard1.2)) (&& (== netstandard2.0) (< netstandard1.3)) (&& (== netstandard2.0) (< netstandard1.4)) (&& (== netstandard2.0) (< netstandard1.5)) (&& (== netstandard2.0) (< netstandard1.6)) (&& (== netstandard2.0) (< portable-net45+win8+wpa81)) (&& (== netstandard2.0) (>= uap10.0))
      System.IO.Compression (>= 4.3) - restriction: || (&& (== net35) (>= net46)) (&& (== net35) (>= netstandard1.1)) (&& (== net35) (>= netstandard1.2)) (&& (== net35) (>= netstandard1.3)) (&& (== net35) (>= netstandard1.4)) (&& (== net35) (>= netstandard1.5)) (&& (== net35) (>= netstandard1.6)) (&& (== net35) (>= uap10.0)) (&& (== net40) (>= net46)) (&& (== net40) (>= netstandard1.1)) (&& (== net40) (>= netstandard1.2)) (&& (== net40) (>= netstandard1.3)) (&& (== net40) (>= netstandard1.4)) (&& (== net40) (>= netstandard1.5)) (&& (== net40) (>= netstandard1.6)) (&& (== net40) (>= uap10.0)) (&& (== net45) (>= net46)) (&& (== net45) (>= uap10.0)) (== netstandard1.3) (&& (== netstandard2.0) (< netstandard1.2)) (&& (== netstandard2.0) (< netstandard1.3)) (&& (== netstandard2.0) (< netstandard1.4)) (&& (== netstandard2.0) (< netstandard1.5)) (&& (== netstandard2.0) (< netstandard1.6)) (&& (== netstandard2.0) (>= uap10.0))
      System.IO.Compression.ZipFile (>= 4.3) - restriction: || (&& (== net35) (>= net46)) (&& (== net35) (>= netstandard1.3)) (&& (== net35) (>= netstandard1.4)) (&& (== net35) (>= netstandard1.5)) (&& (== net35) (>= netstandard1.6)) (&& (== net35) (>= uap10.0)) (&& (== net40) (>= net46)) (&& (== net40) (>= netstandard1.3)) (&& (== net40) (>= netstandard1.4)) (&& (== net40) (>= netstandard1.5)) (&& (== net40) (>= netstandard1.6)) (&& (== net40) (>= uap10.0)) (&& (== net45) (>= net46)) (&& (== net45) (>= uap10.0)) (== netstandard1.3) (&& (== netstandard2.0) (< netstandard1.4)) (&& (== netstandard2.0) (< netstandard1.5)) (&& (== netstandard2.0) (< netstandard1.6)) (&& (== netstandard2.0) (>= uap10.0))
      System.IO.FileSystem (>= 4.3) - restriction: || (&& (== net35) (>= net46)) (&& (== net35) (>= netstandard1.3)) (&& (== net35) (>= netstandard1.4)) (&& (== net35) (>= netstandard1.5)) (&& (== net35) (>= netstandard1.6)) (&& (== net35) (>= uap10.0)) (&& (== net40) (>= net46)) (&& (== net40) (>= netstandard1.3)) (&& (== net40) (>= netstandard1.4)) (&& (== net40) (>= netstandard1.5)) (&& (== net40) (>= netstandard1.6)) (&& (== net40) (>= uap10.0)) (&& (== net45) (>= net46)) (&& (== net45) (>= uap10.0)) (== netstandard1.3) (&& (== netstandard2.0) (< netstandard1.4)) (&& (== netstandard2.0) (< netstandard1.5)) (&& (== netstandard2.0) (< netstandard1.6)) (&& (== netstandard2.0) (>= uap10.0))
      System.IO.FileSystem.Primitives (>= 4.3) - restriction: || (&& (== net35) (>= net46)) (&& (== net35) (>= netstandard1.3)) (&& (== net35) (>= netstandard1.4)) (&& (== net35) (>= netstandard1.5)) (&& (== net35) (>= netstandard1.6)) (&& (== net35) (>= uap10.0)) (&& (== net40) (>= net46)) (&& (== net40) (>= netstandard1.3)) (&& (== net40) (>= netstandard1.4)) (&& (== net40) (>= netstandard1.5)) (&& (== net40) (>= netstandard1.6)) (&& (== net40) (>= uap10.0)) (&& (== net45) (>= net46)) (&& (== net45) (>= uap10.0)) (== netstandard1.3) (&& (== netstandard2.0) (< netstandard1.4)) (&& (== netstandard2.0) (< netstandard1.5)) (&& (== netstandard2.0) (< netstandard1.6)) (&& (== netstandard2.0) (>= uap10.0))
      System.Linq (>= 4.3) - restriction: || (&& (== net35) (>= netstandard1.0)) (&& (== net35) (>= netstandard1.1)) (&& (== net35) (>= netstandard1.2)) (&& (== net35) (>= netstandard1.3)) (&& (== net35) (>= netstandard1.4)) (&& (== net35) (>= netstandard1.5)) (&& (== net35) (>= netstandard1.6)) (&& (== net35) (>= uap10.0)) (&& (== net40) (>= netstandard1.0)) (&& (== net40) (>= netstandard1.1)) (&& (== net40) (>= netstandard1.2)) (&& (== net40) (>= netstandard1.3)) (&& (== net40) (>= netstandard1.4)) (&& (== net40) (>= netstandard1.5)) (&& (== net40) (>= netstandard1.6)) (&& (== net40) (>= uap10.0)) (&& (== net45) (< portable-net45+win8+wpa81)) (&& (== net45) (>= uap10.0)) (== netstandard1.3) (&& (== netstandard2.0) (< netstandard1.2)) (&& (== netstandard2.0) (< netstandard1.3)) (&& (== netstandard2.0) (< netstandard1.4)) (&& (== netstandard2.0) (< netstandard1.5)) (&& (== netstandard2.0) (< netstandard1.6)) (&& (== netstandard2.0) (< portable-net45+win8+wpa81)) (&& (== netstandard2.0) (>= uap10.0))
      System.Linq.Expressions (>= 4.3) - restriction: || (&& (== net35) (>= netstandard1.0)) (&& (== net35) (>= netstandard1.1)) (&& (== net35) (>= netstandard1.2)) (&& (== net35) (>= netstandard1.3)) (&& (== net35) (>= netstandard1.4)) (&& (== net35) (>= netstandard1.5)) (&& (== net35) (>= netstandard1.6)) (&& (== net35) (>= uap10.0)) (&& (== net40) (>= netstandard1.0)) (&& (== net40) (>= netstandard1.1)) (&& (== net40) (>= netstandard1.2)) (&& (== net40) (>= netstandard1.3)) (&& (== net40) (>= netstandard1.4)) (&& (== net40) (>= netstandard1.5)) (&& (== net40) (>= netstandard1.6)) (&& (== net40) (>= uap10.0)) (&& (== net45) (< portable-net45+win8+wpa81)) (&& (== net45) (>= uap10.0)) (== netstandard1.3) (&& (== netstandard2.0) (< netstandard1.2)) (&& (== netstandard2.0) (< netstandard1.3)) (&& (== netstandard2.0) (< netstandard1.4)) (&& (== netstandard2.0) (< netstandard1.5)) (&& (== netstandard2.0) (< netstandard1.6)) (&& (== netstandard2.0) (< portable-net45+win8+wpa81)) (&& (== netstandard2.0) (>= uap10.0))
      System.Net.Http (>= 4.3.2) - restriction: || (&& (== net35) (>= net46)) (&& (== net35) (>= netstandard1.1)) (&& (== net35) (>= netstandard1.2)) (&& (== net35) (>= netstandard1.3)) (&& (== net35) (>= netstandard1.4)) (&& (== net35) (>= netstandard1.5)) (&& (== net35) (>= netstandard1.6)) (&& (== net35) (>= uap10.0)) (&& (== net40) (>= net46)) (&& (== net40) (>= netstandard1.1)) (&& (== net40) (>= netstandard1.2)) (&& (== net40) (>= netstandard1.3)) (&& (== net40) (>= netstandard1.4)) (&& (== net40) (>= netstandard1.5)) (&& (== net40) (>= netstandard1.6)) (&& (== net40) (>= uap10.0)) (&& (== net45) (>= net46)) (&& (== net45) (>= uap10.0)) (== netstandard1.3) (&& (== netstandard2.0) (< netstandard1.2)) (&& (== netstandard2.0) (< netstandard1.3)) (&& (== netstandard2.0) (< netstandard1.4)) (&& (== netstandard2.0) (< netstandard1.5)) (&& (== netstandard2.0) (< netstandard1.6)) (&& (== netstandard2.0) (>= uap10.0))
      System.Net.Primitives (>= 4.3) - restriction: || (&& (== net35) (>= netstandard1.0)) (&& (== net35) (>= netstandard1.1)) (&& (== net35) (>= netstandard1.2)) (&& (== net35) (>= netstandard1.3)) (&& (== net35) (>= netstandard1.4)) (&& (== net35) (>= netstandard1.5)) (&& (== net35) (>= netstandard1.6)) (&& (== net35) (>= uap10.0)) (&& (== net40) (>= netstandard1.0)) (&& (== net40) (>= netstandard1.1)) (&& (== net40) (>= netstandard1.2)) (&& (== net40) (>= netstandard1.3)) (&& (== net40) (>= netstandard1.4)) (&& (== net40) (>= netstandard1.5)) (&& (== net40) (>= netstandard1.6)) (&& (== net40) (>= uap10.0)) (&& (== net45) (< portable-net45+win8+wpa81)) (&& (== net45) (>= uap10.0)) (== netstandard1.3) (&& (== netstandard2.0) (< netstandard1.2)) (&& (== netstandard2.0) (< netstandard1.3)) (&& (== netstandard2.0) (< netstandard1.4)) (&& (== netstandard2.0) (< netstandard1.5)) (&& (== netstandard2.0) (< netstandard1.6)) (&& (== netstandard2.0) (< portable-net45+win8+wpa81)) (&& (== netstandard2.0) (>= uap10.0))
      System.Net.Sockets (>= 4.3) - restriction: || (&& (== net35) (>= net46)) (&& (== net35) (>= netstandard1.3)) (&& (== net35) (>= netstandard1.4)) (&& (== net35) (>= netstandard1.5)) (&& (== net35) (>= netstandard1.6)) (&& (== net35) (>= uap10.0)) (&& (== net40) (>= net46)) (&& (== net40) (>= netstandard1.3)) (&& (== net40) (>= netstandard1.4)) (&& (== net40) (>= netstandard1.5)) (&& (== net40) (>= netstandard1.6)) (&& (== net40) (>= uap10.0)) (&& (== net45) (>= net46)) (&& (== net45) (>= uap10.0)) (== netstandard1.3) (&& (== netstandard2.0) (< netstandard1.4)) (&& (== netstandard2.0) (< netstandard1.5)) (&& (== netstandard2.0) (< netstandard1.6)) (&& (== netstandard2.0) (>= uap10.0))
      System.ObjectModel (>= 4.3) - restriction: || (&& (== net35) (>= netstandard1.0)) (&& (== net35) (>= netstandard1.1)) (&& (== net35) (>= netstandard1.2)) (&& (== net35) (>= netstandard1.3)) (&& (== net35) (>= netstandard1.4)) (&& (== net35) (>= netstandard1.5)) (&& (== net35) (>= netstandard1.6)) (&& (== net35) (>= uap10.0)) (&& (== net40) (>= netstandard1.0)) (&& (== net40) (>= netstandard1.1)) (&& (== net40) (>= netstandard1.2)) (&& (== net40) (>= netstandard1.3)) (&& (== net40) (>= netstandard1.4)) (&& (== net40) (>= netstandard1.5)) (&& (== net40) (>= netstandard1.6)) (&& (== net40) (>= uap10.0)) (&& (== net45) (< portable-net45+win8+wpa81)) (&& (== net45) (>= uap10.0)) (== netstandard1.3) (&& (== netstandard2.0) (< netstandard1.2)) (&& (== netstandard2.0) (< netstandard1.3)) (&& (== netstandard2.0) (< netstandard1.4)) (&& (== netstandard2.0) (< netstandard1.5)) (&& (== netstandard2.0) (< netstandard1.6)) (&& (== netstandard2.0) (< portable-net45+win8+wpa81)) (&& (== netstandard2.0) (>= uap10.0))
      System.Reflection (>= 4.3) - restriction: || (&& (== net35) (>= netstandard1.0)) (&& (== net35) (>= netstandard1.1)) (&& (== net35) (>= netstandard1.2)) (&& (== net35) (>= netstandard1.3)) (&& (== net35) (>= netstandard1.4)) (&& (== net35) (>= netstandard1.5)) (&& (== net35) (>= netstandard1.6)) (&& (== net35) (>= uap10.0)) (&& (== net40) (>= netstandard1.0)) (&& (== net40) (>= netstandard1.1)) (&& (== net40) (>= netstandard1.2)) (&& (== net40) (>= netstandard1.3)) (&& (== net40) (>= netstandard1.4)) (&& (== net40) (>= netstandard1.5)) (&& (== net40) (>= netstandard1.6)) (&& (== net40) (>= uap10.0)) (&& (== net45) (< portable-net45+win8+wpa81)) (&& (== net45) (>= uap10.0)) (== netstandard1.3) (&& (== netstandard2.0) (< netstandard1.2)) (&& (== netstandard2.0) (< netstandard1.3)) (&& (== netstandard2.0) (< netstandard1.4)) (&& (== netstandard2.0) (< netstandard1.5)) (&& (== netstandard2.0) (< netstandard1.6)) (&& (== netstandard2.0) (< portable-net45+win8+wpa81)) (&& (== netstandard2.0) (>= uap10.0))
      System.Reflection.Extensions (>= 4.3) - restriction: || (&& (== net35) (>= netstandard1.0)) (&& (== net35) (>= netstandard1.1)) (&& (== net35) (>= netstandard1.2)) (&& (== net35) (>= netstandard1.3)) (&& (== net35) (>= netstandard1.4)) (&& (== net35) (>= netstandard1.5)) (&& (== net35) (>= netstandard1.6)) (&& (== net35) (>= uap10.0)) (&& (== net40) (>= netstandard1.0)) (&& (== net40) (>= netstandard1.1)) (&& (== net40) (>= netstandard1.2)) (&& (== net40) (>= netstandard1.3)) (&& (== net40) (>= netstandard1.4)) (&& (== net40) (>= netstandard1.5)) (&& (== net40) (>= netstandard1.6)) (&& (== net40) (>= uap10.0)) (&& (== net45) (< portable-net45+win8+wpa81)) (&& (== net45) (>= uap10.0)) (== netstandard1.3) (&& (== netstandard2.0) (< netstandard1.2)) (&& (== netstandard2.0) (< netstandard1.3)) (&& (== netstandard2.0) (< netstandard1.4)) (&& (== netstandard2.0) (< netstandard1.5)) (&& (== netstandard2.0) (< netstandard1.6)) (&& (== netstandard2.0) (< portable-net45+win8+wpa81)) (&& (== netstandard2.0) (>= uap10.0))
      System.Reflection.Primitives (>= 4.3) - restriction: || (&& (== net35) (>= netstandard1.0)) (&& (== net35) (>= netstandard1.1)) (&& (== net35) (>= netstandard1.2)) (&& (== net35) (>= netstandard1.3)) (&& (== net35) (>= netstandard1.4)) (&& (== net35) (>= netstandard1.5)) (&& (== net35) (>= netstandard1.6)) (&& (== net35) (>= uap10.0)) (&& (== net40) (>= netstandard1.0)) (&& (== net40) (>= netstandard1.1)) (&& (== net40) (>= netstandard1.2)) (&& (== net40) (>= netstandard1.3)) (&& (== net40) (>= netstandard1.4)) (&& (== net40) (>= netstandard1.5)) (&& (== net40) (>= netstandard1.6)) (&& (== net40) (>= uap10.0)) (&& (== net45) (< portable-net45+win8+wpa81)) (&& (== net45) (>= uap10.0)) (== netstandard1.3) (&& (== netstandard2.0) (< netstandard1.2)) (&& (== netstandard2.0) (< netstandard1.3)) (&& (== netstandard2.0) (< netstandard1.4)) (&& (== netstandard2.0) (< netstandard1.5)) (&& (== netstandard2.0) (< netstandard1.6)) (&& (== netstandard2.0) (< portable-net45+win8+wpa81)) (&& (== netstandard2.0) (>= uap10.0))
      System.Resources.ResourceManager (>= 4.3) - restriction: || (&& (== net35) (>= netstandard1.0)) (&& (== net35) (>= netstandard1.1)) (&& (== net35) (>= netstandard1.2)) (&& (== net35) (>= netstandard1.3)) (&& (== net35) (>= netstandard1.4)) (&& (== net35) (>= netstandard1.5)) (&& (== net35) (>= netstandard1.6)) (&& (== net35) (>= uap10.0)) (&& (== net40) (>= netstandard1.0)) (&& (== net40) (>= netstandard1.1)) (&& (== net40) (>= netstandard1.2)) (&& (== net40) (>= netstandard1.3)) (&& (== net40) (>= netstandard1.4)) (&& (== net40) (>= netstandard1.5)) (&& (== net40) (>= netstandard1.6)) (&& (== net40) (>= uap10.0)) (&& (== net45) (< portable-net45+win8+wpa81)) (&& (== net45) (>= uap10.0)) (== netstandard1.3) (&& (== netstandard2.0) (< netstandard1.2)) (&& (== netstandard2.0) (< netstandard1.3)) (&& (== netstandard2.0) (< netstandard1.4)) (&& (== netstandard2.0) (< netstandard1.5)) (&& (== netstandard2.0) (< netstandard1.6)) (&& (== netstandard2.0) (< portable-net45+win8+wpa81)) (&& (== netstandard2.0) (>= uap10.0))
      System.Runtime (>= 4.3) - restriction: || (&& (== net35) (>= netstandard1.0)) (&& (== net35) (>= netstandard1.1)) (&& (== net35) (>= netstandard1.2)) (&& (== net35) (>= netstandard1.3)) (&& (== net35) (>= netstandard1.4)) (&& (== net35) (>= netstandard1.5)) (&& (== net35) (>= netstandard1.6)) (&& (== net35) (>= uap10.0)) (&& (== net40) (>= netstandard1.0)) (&& (== net40) (>= netstandard1.1)) (&& (== net40) (>= netstandard1.2)) (&& (== net40) (>= netstandard1.3)) (&& (== net40) (>= netstandard1.4)) (&& (== net40) (>= netstandard1.5)) (&& (== net40) (>= netstandard1.6)) (&& (== net40) (>= uap10.0)) (&& (== net45) (< portable-net45+win8+wpa81)) (&& (== net45) (>= uap10.0)) (== netstandard1.3) (&& (== netstandard2.0) (< netstandard1.2)) (&& (== netstandard2.0) (< netstandard1.3)) (&& (== netstandard2.0) (< netstandard1.4)) (&& (== netstandard2.0) (< netstandard1.5)) (&& (== netstandard2.0) (< netstandard1.6)) (&& (== netstandard2.0) (< portable-net45+win8+wpa81)) (&& (== netstandard2.0) (>= uap10.0))
      System.Runtime.Extensions (>= 4.3) - restriction: || (&& (== net35) (>= netstandard1.0)) (&& (== net35) (>= netstandard1.1)) (&& (== net35) (>= netstandard1.2)) (&& (== net35) (>= netstandard1.3)) (&& (== net35) (>= netstandard1.4)) (&& (== net35) (>= netstandard1.5)) (&& (== net35) (>= netstandard1.6)) (&& (== net35) (>= uap10.0)) (&& (== net40) (>= netstandard1.0)) (&& (== net40) (>= netstandard1.1)) (&& (== net40) (>= netstandard1.2)) (&& (== net40) (>= netstandard1.3)) (&& (== net40) (>= netstandard1.4)) (&& (== net40) (>= netstandard1.5)) (&& (== net40) (>= netstandard1.6)) (&& (== net40) (>= uap10.0)) (&& (== net45) (< portable-net45+win8+wpa81)) (&& (== net45) (>= uap10.0)) (== netstandard1.3) (&& (== netstandard2.0) (< netstandard1.2)) (&& (== netstandard2.0) (< netstandard1.3)) (&& (== netstandard2.0) (< netstandard1.4)) (&& (== netstandard2.0) (< netstandard1.5)) (&& (== netstandard2.0) (< netstandard1.6)) (&& (== netstandard2.0) (< portable-net45+win8+wpa81)) (&& (== netstandard2.0) (>= uap10.0))
      System.Runtime.Handles (>= 4.3) - restriction: || (&& (== net35) (>= netstandard1.3)) (&& (== net35) (>= netstandard1.4)) (&& (== net35) (>= netstandard1.5)) (&& (== net35) (>= netstandard1.6)) (&& (== net35) (>= uap10.0)) (&& (== net40) (>= netstandard1.3)) (&& (== net40) (>= netstandard1.4)) (&& (== net40) (>= netstandard1.5)) (&& (== net40) (>= netstandard1.6)) (&& (== net40) (>= uap10.0)) (&& (== net45) (>= uap10.0)) (== netstandard1.3) (&& (== netstandard2.0) (< netstandard1.4)) (&& (== netstandard2.0) (< netstandard1.5)) (&& (== netstandard2.0) (< netstandard1.6)) (&& (== netstandard2.0) (>= uap10.0))
      System.Runtime.InteropServices (>= 4.3) - restriction: || (&& (== net35) (>= netstandard1.1)) (&& (== net35) (>= netstandard1.2)) (&& (== net35) (>= netstandard1.3)) (&& (== net35) (>= netstandard1.4)) (&& (== net35) (>= netstandard1.5)) (&& (== net35) (>= netstandard1.6)) (&& (== net35) (>= uap10.0)) (&& (== net40) (>= netstandard1.1)) (&& (== net40) (>= netstandard1.2)) (&& (== net40) (>= netstandard1.3)) (&& (== net40) (>= netstandard1.4)) (&& (== net40) (>= netstandard1.5)) (&& (== net40) (>= netstandard1.6)) (&& (== net40) (>= uap10.0)) (&& (== net45) (>= uap10.0)) (== netstandard1.3) (&& (== netstandard2.0) (< netstandard1.2)) (&& (== netstandard2.0) (< netstandard1.3)) (&& (== netstandard2.0) (< netstandard1.4)) (&& (== netstandard2.0) (< netstandard1.5)) (&& (== netstandard2.0) (< netstandard1.6)) (&& (== netstandard2.0) (>= uap10.0))
      System.Runtime.InteropServices.RuntimeInformation (>= 4.3) - restriction: || (&& (== net35) (>= net45)) (&& (== net35) (>= net46)) (&& (== net35) (>= netstandard1.1)) (&& (== net35) (>= netstandard1.2)) (&& (== net35) (>= netstandard1.3)) (&& (== net35) (>= netstandard1.4)) (&& (== net35) (>= netstandard1.5)) (&& (== net35) (>= netstandard1.6)) (&& (== net35) (>= portable-net45+win8)) (&& (== net35) (>= portable-net45+win8+wpa81)) (&& (== net35) (>= uap10.0)) (&& (== net35) (>= win8)) (&& (== net35) (>= wpa81)) (&& (== net40) (>= net45)) (&& (== net40) (>= net46)) (&& (== net40) (>= netstandard1.1)) (&& (== net40) (>= netstandard1.2)) (&& (== net40) (>= netstandard1.3)) (&& (== net40) (>= netstandard1.4)) (&& (== net40) (>= netstandard1.5)) (&& (== net40) (>= netstandard1.6)) (&& (== net40) (>= portable-net45+win8)) (&& (== net40) (>= portable-net45+win8+wpa81)) (&& (== net40) (>= uap10.0)) (&& (== net40) (>= win8)) (&& (== net40) (>= wpa81)) (== net45) (== netstandard1.3) (&& (== netstandard2.0) (< netstandard1.0)) (&& (== netstandard2.0) (< netstandard1.2)) (&& (== netstandard2.0) (< netstandard1.3)) (&& (== netstandard2.0) (< netstandard1.4)) (&& (== netstandard2.0) (< netstandard1.5)) (&& (== netstandard2.0) (< netstandard1.6)) (&& (== netstandard2.0) (>= uap10.0))
      System.Runtime.Numerics (>= 4.3) - restriction: || (&& (== net35) (>= netstandard1.1)) (&& (== net35) (>= netstandard1.2)) (&& (== net35) (>= netstandard1.3)) (&& (== net35) (>= netstandard1.4)) (&& (== net35) (>= netstandard1.5)) (&& (== net35) (>= netstandard1.6)) (&& (== net35) (>= uap10.0)) (&& (== net40) (>= netstandard1.1)) (&& (== net40) (>= netstandard1.2)) (&& (== net40) (>= netstandard1.3)) (&& (== net40) (>= netstandard1.4)) (&& (== net40) (>= netstandard1.5)) (&& (== net40) (>= netstandard1.6)) (&& (== net40) (>= uap10.0)) (&& (== net45) (>= uap10.0)) (== netstandard1.3) (&& (== netstandard2.0) (< netstandard1.2)) (&& (== netstandard2.0) (< netstandard1.3)) (&& (== netstandard2.0) (< netstandard1.4)) (&& (== netstandard2.0) (< netstandard1.5)) (&& (== netstandard2.0) (< netstandard1.6)) (&& (== netstandard2.0) (>= uap10.0))
      System.Security.Cryptography.Algorithms (>= 4.3) - restriction: || (&& (== net35) (>= net46)) (&& (== net35) (>= netstandard1.3)) (&& (== net35) (>= netstandard1.4)) (&& (== net35) (>= netstandard1.5)) (&& (== net35) (>= netstandard1.6)) (&& (== net35) (>= uap10.0)) (&& (== net40) (>= net46)) (&& (== net40) (>= netstandard1.3)) (&& (== net40) (>= netstandard1.4)) (&& (== net40) (>= netstandard1.5)) (&& (== net40) (>= netstandard1.6)) (&& (== net40) (>= uap10.0)) (&& (== net45) (>= net46)) (&& (== net45) (>= uap10.0)) (== netstandard1.3) (&& (== netstandard2.0) (< netstandard1.4)) (&& (== netstandard2.0) (< netstandard1.5)) (&& (== netstandard2.0) (< netstandard1.6)) (&& (== netstandard2.0) (>= uap10.0))
      System.Security.Cryptography.Encoding (>= 4.3) - restriction: || (&& (== net35) (>= net46)) (&& (== net35) (>= netstandard1.3)) (&& (== net35) (>= netstandard1.4)) (&& (== net35) (>= netstandard1.5)) (&& (== net35) (>= netstandard1.6)) (&& (== net35) (>= uap10.0)) (&& (== net40) (>= net46)) (&& (== net40) (>= netstandard1.3)) (&& (== net40) (>= netstandard1.4)) (&& (== net40) (>= netstandard1.5)) (&& (== net40) (>= netstandard1.6)) (&& (== net40) (>= uap10.0)) (&& (== net45) (>= net46)) (&& (== net45) (>= uap10.0)) (== netstandard1.3) (&& (== netstandard2.0) (< netstandard1.4)) (&& (== netstandard2.0) (< netstandard1.5)) (&& (== netstandard2.0) (< netstandard1.6)) (&& (== netstandard2.0) (>= uap10.0))
      System.Security.Cryptography.Primitives (>= 4.3) - restriction: || (&& (== net35) (>= net46)) (&& (== net35) (>= netstandard1.3)) (&& (== net35) (>= netstandard1.4)) (&& (== net35) (>= netstandard1.5)) (&& (== net35) (>= netstandard1.6)) (&& (== net35) (>= uap10.0)) (&& (== net40) (>= net46)) (&& (== net40) (>= netstandard1.3)) (&& (== net40) (>= netstandard1.4)) (&& (== net40) (>= netstandard1.5)) (&& (== net40) (>= netstandard1.6)) (&& (== net40) (>= uap10.0)) (&& (== net45) (>= net46)) (&& (== net45) (>= uap10.0)) (== netstandard1.3) (&& (== netstandard2.0) (< netstandard1.4)) (&& (== netstandard2.0) (< netstandard1.5)) (&& (== netstandard2.0) (< netstandard1.6)) (&& (== netstandard2.0) (>= uap10.0))
      System.Security.Cryptography.X509Certificates (>= 4.3) - restriction: || (&& (== net35) (>= net46)) (&& (== net35) (>= netstandard1.3)) (&& (== net35) (>= netstandard1.4)) (&& (== net35) (>= netstandard1.5)) (&& (== net35) (>= netstandard1.6)) (&& (== net35) (>= uap10.0)) (&& (== net40) (>= net46)) (&& (== net40) (>= netstandard1.3)) (&& (== net40) (>= netstandard1.4)) (&& (== net40) (>= netstandard1.5)) (&& (== net40) (>= netstandard1.6)) (&& (== net40) (>= uap10.0)) (&& (== net45) (>= net46)) (&& (== net45) (>= uap10.0)) (== netstandard1.3) (&& (== netstandard2.0) (< netstandard1.4)) (&& (== netstandard2.0) (< netstandard1.5)) (&& (== netstandard2.0) (< netstandard1.6)) (&& (== netstandard2.0) (>= uap10.0))
      System.Text.Encoding (>= 4.3) - restriction: || (&& (== net35) (>= netstandard1.0)) (&& (== net35) (>= netstandard1.1)) (&& (== net35) (>= netstandard1.2)) (&& (== net35) (>= netstandard1.3)) (&& (== net35) (>= netstandard1.4)) (&& (== net35) (>= netstandard1.5)) (&& (== net35) (>= netstandard1.6)) (&& (== net35) (>= uap10.0)) (&& (== net40) (>= netstandard1.0)) (&& (== net40) (>= netstandard1.1)) (&& (== net40) (>= netstandard1.2)) (&& (== net40) (>= netstandard1.3)) (&& (== net40) (>= netstandard1.4)) (&& (== net40) (>= netstandard1.5)) (&& (== net40) (>= netstandard1.6)) (&& (== net40) (>= uap10.0)) (&& (== net45) (< portable-net45+win8+wpa81)) (&& (== net45) (>= uap10.0)) (== netstandard1.3) (&& (== netstandard2.0) (< netstandard1.2)) (&& (== netstandard2.0) (< netstandard1.3)) (&& (== netstandard2.0) (< netstandard1.4)) (&& (== netstandard2.0) (< netstandard1.5)) (&& (== netstandard2.0) (< netstandard1.6)) (&& (== netstandard2.0) (< portable-net45+win8+wpa81)) (&& (== netstandard2.0) (>= uap10.0))
      System.Text.Encoding.Extensions (>= 4.3) - restriction: || (&& (== net35) (>= netstandard1.0)) (&& (== net35) (>= netstandard1.1)) (&& (== net35) (>= netstandard1.2)) (&& (== net35) (>= netstandard1.3)) (&& (== net35) (>= netstandard1.4)) (&& (== net35) (>= netstandard1.5)) (&& (== net35) (>= netstandard1.6)) (&& (== net35) (>= uap10.0)) (&& (== net40) (>= netstandard1.0)) (&& (== net40) (>= netstandard1.1)) (&& (== net40) (>= netstandard1.2)) (&& (== net40) (>= netstandard1.3)) (&& (== net40) (>= netstandard1.4)) (&& (== net40) (>= netstandard1.5)) (&& (== net40) (>= netstandard1.6)) (&& (== net40) (>= uap10.0)) (&& (== net45) (< portable-net45+win8+wpa81)) (&& (== net45) (>= uap10.0)) (== netstandard1.3) (&& (== netstandard2.0) (< netstandard1.2)) (&& (== netstandard2.0) (< netstandard1.3)) (&& (== netstandard2.0) (< netstandard1.4)) (&& (== netstandard2.0) (< netstandard1.5)) (&& (== netstandard2.0) (< netstandard1.6)) (&& (== netstandard2.0) (< portable-net45+win8+wpa81)) (&& (== netstandard2.0) (>= uap10.0))
      System.Text.RegularExpressions (>= 4.3) - restriction: || (&& (== net35) (>= netstandard1.0)) (&& (== net35) (>= netstandard1.1)) (&& (== net35) (>= netstandard1.2)) (&& (== net35) (>= netstandard1.3)) (&& (== net35) (>= netstandard1.4)) (&& (== net35) (>= netstandard1.5)) (&& (== net35) (>= netstandard1.6)) (&& (== net35) (>= uap10.0)) (&& (== net40) (>= netstandard1.0)) (&& (== net40) (>= netstandard1.1)) (&& (== net40) (>= netstandard1.2)) (&& (== net40) (>= netstandard1.3)) (&& (== net40) (>= netstandard1.4)) (&& (== net40) (>= netstandard1.5)) (&& (== net40) (>= netstandard1.6)) (&& (== net40) (>= uap10.0)) (&& (== net45) (< portable-net45+win8+wpa81)) (&& (== net45) (>= uap10.0)) (== netstandard1.3) (&& (== netstandard2.0) (< netstandard1.2)) (&& (== netstandard2.0) (< netstandard1.3)) (&& (== netstandard2.0) (< netstandard1.4)) (&& (== netstandard2.0) (< netstandard1.5)) (&& (== netstandard2.0) (< netstandard1.6)) (&& (== netstandard2.0) (< portable-net45+win8+wpa81)) (&& (== netstandard2.0) (>= uap10.0))
      System.Threading (>= 4.3) - restriction: || (&& (== net35) (>= netstandard1.0)) (&& (== net35) (>= netstandard1.1)) (&& (== net35) (>= netstandard1.2)) (&& (== net35) (>= netstandard1.3)) (&& (== net35) (>= netstandard1.4)) (&& (== net35) (>= netstandard1.5)) (&& (== net35) (>= netstandard1.6)) (&& (== net35) (>= uap10.0)) (&& (== net40) (>= netstandard1.0)) (&& (== net40) (>= netstandard1.1)) (&& (== net40) (>= netstandard1.2)) (&& (== net40) (>= netstandard1.3)) (&& (== net40) (>= netstandard1.4)) (&& (== net40) (>= netstandard1.5)) (&& (== net40) (>= netstandard1.6)) (&& (== net40) (>= uap10.0)) (&& (== net45) (< portable-net45+win8+wpa81)) (&& (== net45) (>= uap10.0)) (== netstandard1.3) (&& (== netstandard2.0) (< netstandard1.2)) (&& (== netstandard2.0) (< netstandard1.3)) (&& (== netstandard2.0) (< netstandard1.4)) (&& (== netstandard2.0) (< netstandard1.5)) (&& (== netstandard2.0) (< netstandard1.6)) (&& (== netstandard2.0) (< portable-net45+win8+wpa81)) (&& (== netstandard2.0) (>= uap10.0))
      System.Threading.Tasks (>= 4.3) - restriction: || (&& (== net35) (>= netstandard1.0)) (&& (== net35) (>= netstandard1.1)) (&& (== net35) (>= netstandard1.2)) (&& (== net35) (>= netstandard1.3)) (&& (== net35) (>= netstandard1.4)) (&& (== net35) (>= netstandard1.5)) (&& (== net35) (>= netstandard1.6)) (&& (== net35) (>= uap10.0)) (&& (== net40) (>= netstandard1.0)) (&& (== net40) (>= netstandard1.1)) (&& (== net40) (>= netstandard1.2)) (&& (== net40) (>= netstandard1.3)) (&& (== net40) (>= netstandard1.4)) (&& (== net40) (>= netstandard1.5)) (&& (== net40) (>= netstandard1.6)) (&& (== net40) (>= uap10.0)) (&& (== net45) (< portable-net45+win8+wpa81)) (&& (== net45) (>= uap10.0)) (== netstandard1.3) (&& (== netstandard2.0) (< netstandard1.2)) (&& (== netstandard2.0) (< netstandard1.3)) (&& (== netstandard2.0) (< netstandard1.4)) (&& (== netstandard2.0) (< netstandard1.5)) (&& (== netstandard2.0) (< netstandard1.6)) (&& (== netstandard2.0) (< portable-net45+win8+wpa81)) (&& (== netstandard2.0) (>= uap10.0))
      System.Threading.Timer (>= 4.3) - restriction: || (&& (== net35) (>= netstandard1.2)) (&& (== net35) (>= netstandard1.3)) (&& (== net35) (>= netstandard1.4)) (&& (== net35) (>= netstandard1.5)) (&& (== net35) (>= netstandard1.6)) (&& (== net35) (>= uap10.0)) (&& (== net40) (>= netstandard1.2)) (&& (== net40) (>= netstandard1.3)) (&& (== net40) (>= netstandard1.4)) (&& (== net40) (>= netstandard1.5)) (&& (== net40) (>= netstandard1.6)) (&& (== net40) (>= uap10.0)) (&& (== net45) (>= uap10.0)) (== netstandard1.3) (&& (== netstandard2.0) (< netstandard1.3)) (&& (== netstandard2.0) (< netstandard1.4)) (&& (== netstandard2.0) (< netstandard1.5)) (&& (== netstandard2.0) (< netstandard1.6)) (&& (== netstandard2.0) (>= uap10.0))
      System.Xml.ReaderWriter (>= 4.3) - restriction: || (&& (== net35) (>= net46)) (&& (== net35) (>= netstandard1.0)) (&& (== net35) (>= netstandard1.1)) (&& (== net35) (>= netstandard1.2)) (&& (== net35) (>= netstandard1.3)) (&& (== net35) (>= netstandard1.4)) (&& (== net35) (>= netstandard1.5)) (&& (== net35) (>= netstandard1.6)) (&& (== net35) (>= uap10.0)) (&& (== net40) (>= net46)) (&& (== net40) (>= netstandard1.0)) (&& (== net40) (>= netstandard1.1)) (&& (== net40) (>= netstandard1.2)) (&& (== net40) (>= netstandard1.3)) (&& (== net40) (>= netstandard1.4)) (&& (== net40) (>= netstandard1.5)) (&& (== net40) (>= netstandard1.6)) (&& (== net40) (>= uap10.0)) (&& (== net45) (>= net46)) (&& (== net45) (< portable-net45+win8+wpa81)) (&& (== net45) (>= uap10.0)) (== netstandard1.3) (&& (== netstandard2.0) (< netstandard1.2)) (&& (== netstandard2.0) (< netstandard1.3)) (&& (== netstandard2.0) (< netstandard1.4)) (&& (== netstandard2.0) (< netstandard1.5)) (&& (== netstandard2.0) (< netstandard1.6)) (&& (== netstandard2.0) (< portable-net45+win8+wpa81)) (&& (== netstandard2.0) (>= uap10.0))
      System.Xml.XDocument (>= 4.3) - restriction: || (&& (== net35) (>= netstandard1.0)) (&& (== net35) (>= netstandard1.1)) (&& (== net35) (>= netstandard1.2)) (&& (== net35) (>= netstandard1.3)) (&& (== net35) (>= netstandard1.4)) (&& (== net35) (>= netstandard1.5)) (&& (== net35) (>= netstandard1.6)) (&& (== net35) (>= uap10.0)) (&& (== net40) (>= netstandard1.0)) (&& (== net40) (>= netstandard1.1)) (&& (== net40) (>= netstandard1.2)) (&& (== net40) (>= netstandard1.3)) (&& (== net40) (>= netstandard1.4)) (&& (== net40) (>= netstandard1.5)) (&& (== net40) (>= netstandard1.6)) (&& (== net40) (>= uap10.0)) (&& (== net45) (< portable-net45+win8+wpa81)) (&& (== net45) (>= uap10.0)) (== netstandard1.3) (&& (== netstandard2.0) (< netstandard1.2)) (&& (== netstandard2.0) (< netstandard1.3)) (&& (== netstandard2.0) (< netstandard1.4)) (&& (== netstandard2.0) (< netstandard1.5)) (&& (== netstandard2.0) (< netstandard1.6)) (&& (== netstandard2.0) (< portable-net45+win8+wpa81)) (&& (== netstandard2.0) (>= uap10.0))
    runtime.debian.8-x64.runtime.native.System.Security.Cryptography.OpenSsl (4.3.3) - content: none, restriction: || (&& (== net35) (== netstandard2.0)) (&& (== net35) (< net20) (>= net46)) (&& (== net35) (< net20) (>= netstandard1.3)) (&& (== net35) (< net20) (>= netstandard1.4)) (&& (== net35) (< net20) (>= netstandard1.5)) (&& (== net35) (< net20) (>= netstandard1.6)) (&& (== net35) (>= uap10.0)) (&& (== net40) (== netstandard2.0)) (&& (== net40) (< net20) (>= net46)) (&& (== net40) (< net20) (>= netstandard1.3)) (&& (== net40) (< net20) (>= netstandard1.4)) (&& (== net40) (< net20) (>= netstandard1.5)) (&& (== net40) (< net20) (>= netstandard1.6)) (&& (== net40) (>= uap10.0)) (&& (== net45) (== netstandard2.0)) (&& (== net45) (< net20) (>= net46)) (&& (== net45) (< net20) (>= netstandard1.3)) (&& (== net45) (< net20) (>= netstandard1.4)) (&& (== net45) (< net20) (>= netstandard1.5)) (&& (== net45) (< net20) (>= netstandard1.6)) (&& (== net45) (>= uap10.0)) (== netstandard1.3) (&& (== netstandard2.0) (< netstandard1.1))
    runtime.debian.9-x64.runtime.native.System.Security.Cryptography.OpenSsl (4.3.3) - content: none, restriction: || (&& (== net35) (== netstandard2.0)) (&& (== net35) (< net20) (>= net46)) (&& (== net35) (< net20) (>= netstandard1.3)) (&& (== net35) (< net20) (>= netstandard1.4)) (&& (== net35) (< net20) (>= netstandard1.5)) (&& (== net35) (< net20) (>= netstandard1.6)) (&& (== net35) (>= uap10.0)) (&& (== net40) (== netstandard2.0)) (&& (== net40) (< net20) (>= net46)) (&& (== net40) (< net20) (>= netstandard1.3)) (&& (== net40) (< net20) (>= netstandard1.4)) (&& (== net40) (< net20) (>= netstandard1.5)) (&& (== net40) (< net20) (>= netstandard1.6)) (&& (== net40) (>= uap10.0)) (&& (== net45) (== netstandard2.0)) (&& (== net45) (< net20) (>= net46)) (&& (== net45) (< net20) (>= netstandard1.3)) (&& (== net45) (< net20) (>= netstandard1.4)) (&& (== net45) (< net20) (>= netstandard1.5)) (&& (== net45) (< net20) (>= netstandard1.6)) (&& (== net45) (>= uap10.0)) (== netstandard1.3) (&& (== netstandard2.0) (< netstandard1.1))
    runtime.fedora.23-x64.runtime.native.System.Security.Cryptography.OpenSsl (4.3.3) - content: none, restriction: || (&& (== net35) (== netstandard2.0)) (&& (== net35) (< net20) (>= net46)) (&& (== net35) (< net20) (>= netstandard1.3)) (&& (== net35) (< net20) (>= netstandard1.4)) (&& (== net35) (< net20) (>= netstandard1.5)) (&& (== net35) (< net20) (>= netstandard1.6)) (&& (== net35) (>= uap10.0)) (&& (== net40) (== netstandard2.0)) (&& (== net40) (< net20) (>= net46)) (&& (== net40) (< net20) (>= netstandard1.3)) (&& (== net40) (< net20) (>= netstandard1.4)) (&& (== net40) (< net20) (>= netstandard1.5)) (&& (== net40) (< net20) (>= netstandard1.6)) (&& (== net40) (>= uap10.0)) (&& (== net45) (== netstandard2.0)) (&& (== net45) (< net20) (>= net46)) (&& (== net45) (< net20) (>= netstandard1.3)) (&& (== net45) (< net20) (>= netstandard1.4)) (&& (== net45) (< net20) (>= netstandard1.5)) (&& (== net45) (< net20) (>= netstandard1.6)) (&& (== net45) (>= uap10.0)) (== netstandard1.3) (&& (== netstandard2.0) (< netstandard1.1))
    runtime.fedora.24-x64.runtime.native.System.Security.Cryptography.OpenSsl (4.3.3) - content: none, restriction: || (&& (== net35) (== netstandard2.0)) (&& (== net35) (< net20) (>= net46)) (&& (== net35) (< net20) (>= netstandard1.3)) (&& (== net35) (< net20) (>= netstandard1.4)) (&& (== net35) (< net20) (>= netstandard1.5)) (&& (== net35) (< net20) (>= netstandard1.6)) (&& (== net35) (>= uap10.0)) (&& (== net40) (== netstandard2.0)) (&& (== net40) (< net20) (>= net46)) (&& (== net40) (< net20) (>= netstandard1.3)) (&& (== net40) (< net20) (>= netstandard1.4)) (&& (== net40) (< net20) (>= netstandard1.5)) (&& (== net40) (< net20) (>= netstandard1.6)) (&& (== net40) (>= uap10.0)) (&& (== net45) (== netstandard2.0)) (&& (== net45) (< net20) (>= net46)) (&& (== net45) (< net20) (>= netstandard1.3)) (&& (== net45) (< net20) (>= netstandard1.4)) (&& (== net45) (< net20) (>= netstandard1.5)) (&& (== net45) (< net20) (>= netstandard1.6)) (&& (== net45) (>= uap10.0)) (== netstandard1.3) (&& (== netstandard2.0) (< netstandard1.1))
    runtime.fedora.27-x64.runtime.native.System.Security.Cryptography.OpenSsl (4.3.3) - content: none, restriction: || (&& (== net35) (== netstandard2.0)) (&& (== net35) (< net20) (>= net46)) (&& (== net35) (< net20) (>= netstandard1.3)) (&& (== net35) (< net20) (>= netstandard1.4)) (&& (== net35) (< net20) (>= netstandard1.5)) (&& (== net35) (< net20) (>= netstandard1.6)) (&& (== net35) (>= uap10.0)) (&& (== net40) (== netstandard2.0)) (&& (== net40) (< net20) (>= net46)) (&& (== net40) (< net20) (>= netstandard1.3)) (&& (== net40) (< net20) (>= netstandard1.4)) (&& (== net40) (< net20) (>= netstandard1.5)) (&& (== net40) (< net20) (>= netstandard1.6)) (&& (== net40) (>= uap10.0)) (&& (== net45) (== netstandard2.0)) (&& (== net45) (< net20) (>= net46)) (&& (== net45) (< net20) (>= netstandard1.3)) (&& (== net45) (< net20) (>= netstandard1.4)) (&& (== net45) (< net20) (>= netstandard1.5)) (&& (== net45) (< net20) (>= netstandard1.6)) (&& (== net45) (>= uap10.0)) (== netstandard1.3) (&& (== netstandard2.0) (< netstandard1.1))
    runtime.fedora.28-x64.runtime.native.System.Security.Cryptography.OpenSsl (4.3.3) - content: none, restriction: || (&& (== net35) (== netstandard2.0)) (&& (== net35) (< net20) (>= net46)) (&& (== net35) (< net20) (>= netstandard1.3)) (&& (== net35) (< net20) (>= netstandard1.4)) (&& (== net35) (< net20) (>= netstandard1.5)) (&& (== net35) (< net20) (>= netstandard1.6)) (&& (== net35) (>= uap10.0)) (&& (== net40) (== netstandard2.0)) (&& (== net40) (< net20) (>= net46)) (&& (== net40) (< net20) (>= netstandard1.3)) (&& (== net40) (< net20) (>= netstandard1.4)) (&& (== net40) (< net20) (>= netstandard1.5)) (&& (== net40) (< net20) (>= netstandard1.6)) (&& (== net40) (>= uap10.0)) (&& (== net45) (== netstandard2.0)) (&& (== net45) (< net20) (>= net46)) (&& (== net45) (< net20) (>= netstandard1.3)) (&& (== net45) (< net20) (>= netstandard1.4)) (&& (== net45) (< net20) (>= netstandard1.5)) (&& (== net45) (< net20) (>= netstandard1.6)) (&& (== net45) (>= uap10.0)) (== netstandard1.3) (&& (== netstandard2.0) (< netstandard1.1))
    runtime.native.System (4.3.1) - content: none, restriction: || (&& (== net35) (== netstandard2.0)) (&& (== net35) (< net20) (>= net46)) (&& (== net35) (< net20) (>= netstandard1.3)) (&& (== net35) (< net20) (>= netstandard1.4)) (&& (== net35) (< net20) (>= netstandard1.5)) (&& (== net35) (< net20) (>= netstandard1.6)) (&& (== net35) (>= uap10.0)) (&& (== net40) (== netstandard2.0)) (&& (== net40) (< net20) (>= net46)) (&& (== net40) (< net20) (>= netstandard1.3)) (&& (== net40) (< net20) (>= netstandard1.4)) (&& (== net40) (< net20) (>= netstandard1.5)) (&& (== net40) (< net20) (>= netstandard1.6)) (&& (== net40) (>= uap10.0)) (&& (== net45) (== netstandard2.0)) (&& (== net45) (< net20) (>= netstandard1.3)) (&& (== net45) (>= uap10.0)) (== netstandard1.3) (&& (== netstandard2.0) (< netstandard1.1))
      Microsoft.NETCore.Platforms (>= 1.1.1)
      Microsoft.NETCore.Targets (>= 1.1.3)
    runtime.native.System.IO.Compression (4.3.2) - content: none, restriction: || (&& (== net35) (== netstandard2.0)) (&& (== net35) (< net20) (>= net46)) (&& (== net35) (< net20) (>= netstandard1.3)) (&& (== net35) (< net20) (>= netstandard1.4)) (&& (== net35) (< net20) (>= netstandard1.5)) (&& (== net35) (< net20) (>= netstandard1.6)) (&& (== net35) (>= uap10.0)) (&& (== net40) (== netstandard2.0)) (&& (== net40) (< net20) (>= net46)) (&& (== net40) (< net20) (>= netstandard1.3)) (&& (== net40) (< net20) (>= netstandard1.4)) (&& (== net40) (< net20) (>= netstandard1.5)) (&& (== net40) (< net20) (>= netstandard1.6)) (&& (== net40) (>= uap10.0)) (&& (== net45) (== netstandard2.0)) (&& (== net45) (< net20) (>= netstandard1.3)) (&& (== net45) (>= uap10.0)) (== netstandard1.3) (&& (== netstandard2.0) (< netstandard1.1))
      Microsoft.NETCore.Platforms (>= 1.1.1)
      Microsoft.NETCore.Targets (>= 1.1.3)
    runtime.native.System.Security.Cryptography.OpenSsl (4.3.3) - content: none, restriction: || (&& (== net35) (== netstandard2.0)) (&& (== net35) (< net20) (>= net46)) (&& (== net35) (< net20) (>= netstandard1.3)) (&& (== net35) (< net20) (>= netstandard1.4)) (&& (== net35) (< net20) (>= netstandard1.5)) (&& (== net35) (< net20) (>= netstandard1.6)) (&& (== net35) (>= uap10.0)) (&& (== net40) (== netstandard2.0)) (&& (== net40) (< net20) (>= net46)) (&& (== net40) (< net20) (>= netstandard1.3)) (&& (== net40) (< net20) (>= netstandard1.4)) (&& (== net40) (< net20) (>= netstandard1.5)) (&& (== net40) (< net20) (>= netstandard1.6)) (&& (== net40) (>= uap10.0)) (&& (== net45) (== netstandard2.0)) (&& (== net45) (< net20) (>= net46)) (&& (== net45) (< net20) (>= netstandard1.3)) (&& (== net45) (< net20) (>= netstandard1.4)) (&& (== net45) (< net20) (>= netstandard1.5)) (&& (== net45) (< net20) (>= netstandard1.6)) (&& (== net45) (>= uap10.0)) (== netstandard1.3) (&& (== netstandard2.0) (< netstandard1.1))
      runtime.debian.8-x64.runtime.native.System.Security.Cryptography.OpenSsl (>= 4.3.3)
      runtime.debian.9-x64.runtime.native.System.Security.Cryptography.OpenSsl (>= 4.3.3)
      runtime.fedora.23-x64.runtime.native.System.Security.Cryptography.OpenSsl (>= 4.3.3)
      runtime.fedora.24-x64.runtime.native.System.Security.Cryptography.OpenSsl (>= 4.3.3)
      runtime.fedora.27-x64.runtime.native.System.Security.Cryptography.OpenSsl (>= 4.3.3)
      runtime.fedora.28-x64.runtime.native.System.Security.Cryptography.OpenSsl (>= 4.3.3)
      runtime.opensuse.13.2-x64.runtime.native.System.Security.Cryptography.OpenSsl (>= 4.3.3)
      runtime.opensuse.42.1-x64.runtime.native.System.Security.Cryptography.OpenSsl (>= 4.3.3)
      runtime.opensuse.42.3-x64.runtime.native.System.Security.Cryptography.OpenSsl (>= 4.3.3)
      runtime.osx.10.10-x64.runtime.native.System.Security.Cryptography.OpenSsl (>= 4.3.3)
      runtime.rhel.7-x64.runtime.native.System.Security.Cryptography.OpenSsl (>= 4.3.3)
      runtime.ubuntu.14.04-x64.runtime.native.System.Security.Cryptography.OpenSsl (>= 4.3.3)
      runtime.ubuntu.16.04-x64.runtime.native.System.Security.Cryptography.OpenSsl (>= 4.3.3)
      runtime.ubuntu.16.10-x64.runtime.native.System.Security.Cryptography.OpenSsl (>= 4.3.3)
      runtime.ubuntu.18.04-x64.runtime.native.System.Security.Cryptography.OpenSsl (>= 4.3.3)
    runtime.opensuse.13.2-x64.runtime.native.System.Security.Cryptography.OpenSsl (4.3.3) - content: none, restriction: || (&& (== net35) (== netstandard2.0)) (&& (== net35) (< net20) (>= net46)) (&& (== net35) (< net20) (>= netstandard1.3)) (&& (== net35) (< net20) (>= netstandard1.4)) (&& (== net35) (< net20) (>= netstandard1.5)) (&& (== net35) (< net20) (>= netstandard1.6)) (&& (== net35) (>= uap10.0)) (&& (== net40) (== netstandard2.0)) (&& (== net40) (< net20) (>= net46)) (&& (== net40) (< net20) (>= netstandard1.3)) (&& (== net40) (< net20) (>= netstandard1.4)) (&& (== net40) (< net20) (>= netstandard1.5)) (&& (== net40) (< net20) (>= netstandard1.6)) (&& (== net40) (>= uap10.0)) (&& (== net45) (== netstandard2.0)) (&& (== net45) (< net20) (>= net46)) (&& (== net45) (< net20) (>= netstandard1.3)) (&& (== net45) (< net20) (>= netstandard1.4)) (&& (== net45) (< net20) (>= netstandard1.5)) (&& (== net45) (< net20) (>= netstandard1.6)) (&& (== net45) (>= uap10.0)) (== netstandard1.3) (&& (== netstandard2.0) (< netstandard1.1))
    runtime.opensuse.42.1-x64.runtime.native.System.Security.Cryptography.OpenSsl (4.3.3) - content: none, restriction: || (&& (== net35) (== netstandard2.0)) (&& (== net35) (< net20) (>= net46)) (&& (== net35) (< net20) (>= netstandard1.3)) (&& (== net35) (< net20) (>= netstandard1.4)) (&& (== net35) (< net20) (>= netstandard1.5)) (&& (== net35) (< net20) (>= netstandard1.6)) (&& (== net35) (>= uap10.0)) (&& (== net40) (== netstandard2.0)) (&& (== net40) (< net20) (>= net46)) (&& (== net40) (< net20) (>= netstandard1.3)) (&& (== net40) (< net20) (>= netstandard1.4)) (&& (== net40) (< net20) (>= netstandard1.5)) (&& (== net40) (< net20) (>= netstandard1.6)) (&& (== net40) (>= uap10.0)) (&& (== net45) (== netstandard2.0)) (&& (== net45) (< net20) (>= net46)) (&& (== net45) (< net20) (>= netstandard1.3)) (&& (== net45) (< net20) (>= netstandard1.4)) (&& (== net45) (< net20) (>= netstandard1.5)) (&& (== net45) (< net20) (>= netstandard1.6)) (&& (== net45) (>= uap10.0)) (== netstandard1.3) (&& (== netstandard2.0) (< netstandard1.1))
    runtime.opensuse.42.3-x64.runtime.native.System.Security.Cryptography.OpenSsl (4.3.3) - content: none, restriction: || (&& (== net35) (== netstandard2.0)) (&& (== net35) (< net20) (>= net46)) (&& (== net35) (< net20) (>= netstandard1.3)) (&& (== net35) (< net20) (>= netstandard1.4)) (&& (== net35) (< net20) (>= netstandard1.5)) (&& (== net35) (< net20) (>= netstandard1.6)) (&& (== net35) (>= uap10.0)) (&& (== net40) (== netstandard2.0)) (&& (== net40) (< net20) (>= net46)) (&& (== net40) (< net20) (>= netstandard1.3)) (&& (== net40) (< net20) (>= netstandard1.4)) (&& (== net40) (< net20) (>= netstandard1.5)) (&& (== net40) (< net20) (>= netstandard1.6)) (&& (== net40) (>= uap10.0)) (&& (== net45) (== netstandard2.0)) (&& (== net45) (< net20) (>= net46)) (&& (== net45) (< net20) (>= netstandard1.3)) (&& (== net45) (< net20) (>= netstandard1.4)) (&& (== net45) (< net20) (>= netstandard1.5)) (&& (== net45) (< net20) (>= netstandard1.6)) (&& (== net45) (>= uap10.0)) (== netstandard1.3) (&& (== netstandard2.0) (< netstandard1.1))
    runtime.osx.10.10-x64.runtime.native.System.Security.Cryptography.OpenSsl (4.3.3) - content: none, restriction: || (&& (== net35) (== netstandard2.0)) (&& (== net35) (< net20) (>= net46)) (&& (== net35) (< net20) (>= netstandard1.3)) (&& (== net35) (< net20) (>= netstandard1.4)) (&& (== net35) (< net20) (>= netstandard1.5)) (&& (== net35) (< net20) (>= netstandard1.6)) (&& (== net35) (>= uap10.0)) (&& (== net40) (== netstandard2.0)) (&& (== net40) (< net20) (>= net46)) (&& (== net40) (< net20) (>= netstandard1.3)) (&& (== net40) (< net20) (>= netstandard1.4)) (&& (== net40) (< net20) (>= netstandard1.5)) (&& (== net40) (< net20) (>= netstandard1.6)) (&& (== net40) (>= uap10.0)) (&& (== net45) (== netstandard2.0)) (&& (== net45) (< net20) (>= net46)) (&& (== net45) (< net20) (>= netstandard1.3)) (&& (== net45) (< net20) (>= netstandard1.4)) (&& (== net45) (< net20) (>= netstandard1.5)) (&& (== net45) (< net20) (>= netstandard1.6)) (&& (== net45) (>= uap10.0)) (== netstandard1.3) (&& (== netstandard2.0) (< netstandard1.1))
    runtime.rhel.7-x64.runtime.native.System.Security.Cryptography.OpenSsl (4.3.3) - content: none, restriction: || (&& (== net35) (== netstandard2.0)) (&& (== net35) (< net20) (>= net46)) (&& (== net35) (< net20) (>= netstandard1.3)) (&& (== net35) (< net20) (>= netstandard1.4)) (&& (== net35) (< net20) (>= netstandard1.5)) (&& (== net35) (< net20) (>= netstandard1.6)) (&& (== net35) (>= uap10.0)) (&& (== net40) (== netstandard2.0)) (&& (== net40) (< net20) (>= net46)) (&& (== net40) (< net20) (>= netstandard1.3)) (&& (== net40) (< net20) (>= netstandard1.4)) (&& (== net40) (< net20) (>= netstandard1.5)) (&& (== net40) (< net20) (>= netstandard1.6)) (&& (== net40) (>= uap10.0)) (&& (== net45) (== netstandard2.0)) (&& (== net45) (< net20) (>= net46)) (&& (== net45) (< net20) (>= netstandard1.3)) (&& (== net45) (< net20) (>= netstandard1.4)) (&& (== net45) (< net20) (>= netstandard1.5)) (&& (== net45) (< net20) (>= netstandard1.6)) (&& (== net45) (>= uap10.0)) (== netstandard1.3) (&& (== netstandard2.0) (< netstandard1.1))
    runtime.ubuntu.14.04-x64.runtime.native.System.Security.Cryptography.OpenSsl (4.3.3) - content: none, restriction: || (&& (== net35) (== netstandard2.0)) (&& (== net35) (< net20) (>= net46)) (&& (== net35) (< net20) (>= netstandard1.3)) (&& (== net35) (< net20) (>= netstandard1.4)) (&& (== net35) (< net20) (>= netstandard1.5)) (&& (== net35) (< net20) (>= netstandard1.6)) (&& (== net35) (>= uap10.0)) (&& (== net40) (== netstandard2.0)) (&& (== net40) (< net20) (>= net46)) (&& (== net40) (< net20) (>= netstandard1.3)) (&& (== net40) (< net20) (>= netstandard1.4)) (&& (== net40) (< net20) (>= netstandard1.5)) (&& (== net40) (< net20) (>= netstandard1.6)) (&& (== net40) (>= uap10.0)) (&& (== net45) (== netstandard2.0)) (&& (== net45) (< net20) (>= net46)) (&& (== net45) (< net20) (>= netstandard1.3)) (&& (== net45) (< net20) (>= netstandard1.4)) (&& (== net45) (< net20) (>= netstandard1.5)) (&& (== net45) (< net20) (>= netstandard1.6)) (&& (== net45) (>= uap10.0)) (== netstandard1.3) (&& (== netstandard2.0) (< netstandard1.1))
    runtime.ubuntu.16.04-x64.runtime.native.System.Security.Cryptography.OpenSsl (4.3.3) - content: none, restriction: || (&& (== net35) (== netstandard2.0)) (&& (== net35) (< net20) (>= net46)) (&& (== net35) (< net20) (>= netstandard1.3)) (&& (== net35) (< net20) (>= netstandard1.4)) (&& (== net35) (< net20) (>= netstandard1.5)) (&& (== net35) (< net20) (>= netstandard1.6)) (&& (== net35) (>= uap10.0)) (&& (== net40) (== netstandard2.0)) (&& (== net40) (< net20) (>= net46)) (&& (== net40) (< net20) (>= netstandard1.3)) (&& (== net40) (< net20) (>= netstandard1.4)) (&& (== net40) (< net20) (>= netstandard1.5)) (&& (== net40) (< net20) (>= netstandard1.6)) (&& (== net40) (>= uap10.0)) (&& (== net45) (== netstandard2.0)) (&& (== net45) (< net20) (>= net46)) (&& (== net45) (< net20) (>= netstandard1.3)) (&& (== net45) (< net20) (>= netstandard1.4)) (&& (== net45) (< net20) (>= netstandard1.5)) (&& (== net45) (< net20) (>= netstandard1.6)) (&& (== net45) (>= uap10.0)) (== netstandard1.3) (&& (== netstandard2.0) (< netstandard1.1))
    runtime.ubuntu.16.10-x64.runtime.native.System.Security.Cryptography.OpenSsl (4.3.3) - content: none, restriction: || (&& (== net35) (== netstandard2.0)) (&& (== net35) (< net20) (>= net46)) (&& (== net35) (< net20) (>= netstandard1.3)) (&& (== net35) (< net20) (>= netstandard1.4)) (&& (== net35) (< net20) (>= netstandard1.5)) (&& (== net35) (< net20) (>= netstandard1.6)) (&& (== net35) (>= uap10.0)) (&& (== net40) (== netstandard2.0)) (&& (== net40) (< net20) (>= net46)) (&& (== net40) (< net20) (>= netstandard1.3)) (&& (== net40) (< net20) (>= netstandard1.4)) (&& (== net40) (< net20) (>= netstandard1.5)) (&& (== net40) (< net20) (>= netstandard1.6)) (&& (== net40) (>= uap10.0)) (&& (== net45) (== netstandard2.0)) (&& (== net45) (< net20) (>= net46)) (&& (== net45) (< net20) (>= netstandard1.3)) (&& (== net45) (< net20) (>= netstandard1.4)) (&& (== net45) (< net20) (>= netstandard1.5)) (&& (== net45) (< net20) (>= netstandard1.6)) (&& (== net45) (>= uap10.0)) (== netstandard1.3) (&& (== netstandard2.0) (< netstandard1.1))
    runtime.ubuntu.18.04-x64.runtime.native.System.Security.Cryptography.OpenSsl (4.3.3) - content: none, restriction: || (&& (== net35) (== netstandard2.0)) (&& (== net35) (< net20) (>= net46)) (&& (== net35) (< net20) (>= netstandard1.3)) (&& (== net35) (< net20) (>= netstandard1.4)) (&& (== net35) (< net20) (>= netstandard1.5)) (&& (== net35) (< net20) (>= netstandard1.6)) (&& (== net35) (>= uap10.0)) (&& (== net40) (== netstandard2.0)) (&& (== net40) (< net20) (>= net46)) (&& (== net40) (< net20) (>= netstandard1.3)) (&& (== net40) (< net20) (>= netstandard1.4)) (&& (== net40) (< net20) (>= netstandard1.5)) (&& (== net40) (< net20) (>= netstandard1.6)) (&& (== net40) (>= uap10.0)) (&& (== net45) (== netstandard2.0)) (&& (== net45) (< net20) (>= net46)) (&& (== net45) (< net20) (>= netstandard1.3)) (&& (== net45) (< net20) (>= netstandard1.4)) (&& (== net45) (< net20) (>= netstandard1.5)) (&& (== net45) (< net20) (>= netstandard1.6)) (&& (== net45) (>= uap10.0)) (== netstandard1.3) (&& (== netstandard2.0) (< netstandard1.1))
    System.AppContext (4.3) - content: none, restriction: || (&& (== net35) (== netstandard2.0)) (&& (== net35) (< net20) (>= net46)) (&& (== net35) (< net20) (>= netstandard1.3)) (&& (== net35) (< net20) (>= netstandard1.4)) (&& (== net35) (< net20) (>= netstandard1.5)) (&& (== net35) (< net20) (>= netstandard1.6)) (&& (== net35) (>= uap10.0)) (&& (== net40) (== netstandard2.0)) (&& (== net40) (< net20) (>= net46)) (&& (== net40) (< net20) (>= netstandard1.3)) (&& (== net40) (< net20) (>= netstandard1.4)) (&& (== net40) (< net20) (>= netstandard1.5)) (&& (== net40) (< net20) (>= netstandard1.6)) (&& (== net40) (>= uap10.0)) (&& (== net45) (== netstandard2.0)) (&& (== net45) (< net20) (>= net46)) (&& (== net45) (< net20) (>= netstandard1.3)) (&& (== net45) (< net20) (>= netstandard1.4)) (&& (== net45) (< net20) (>= netstandard1.5)) (&& (== net45) (< net20) (>= netstandard1.6)) (&& (== net45) (>= uap10.0)) (== netstandard1.3) (&& (== netstandard2.0) (< netstandard1.1))
      System.Runtime (>= 4.3) - restriction: || (&& (== net35) (>= netstandard1.3)) (&& (== net35) (>= netstandard1.6)) (&& (== net40) (>= netstandard1.3)) (&& (== net40) (>= netstandard1.6)) (&& (== net45) (>= netstandard1.3)) (&& (== net45) (>= netstandard1.6)) (== netstandard1.3) (== netstandard2.0)
    System.Buffers (4.5) - content: none, restriction: || (&& (== net35) (== netstandard2.0)) (&& (== net35) (>= monoandroid) (>= net46)) (&& (== net35) (>= monoandroid) (>= netstandard1.3)) (&& (== net35) (>= monoandroid) (>= netstandard1.4)) (&& (== net35) (>= monoandroid) (>= netstandard1.5)) (&& (== net35) (>= monoandroid) (>= netstandard1.6)) (&& (== net35) (>= monoandroid) (>= netstandard2.0)) (&& (== net35) (>= monotouch)) (&& (== net35) (< net20) (>= net46)) (&& (== net35) (< net20) (>= net461)) (&& (== net35) (< net20) (>= netstandard1.3)) (&& (== net35) (< net20) (>= netstandard1.4)) (&& (== net35) (< net20) (>= netstandard1.5)) (&& (== net35) (< net20) (>= netstandard1.6)) (&& (== net35) (< net20) (>= netstandard2.0)) (&& (== net35) (>= net46) (>= win8)) (&& (== net35) (>= net46) (>= wpa81)) (&& (== net35) (>= netstandard1.3) (>= win8)) (&& (== net35) (>= netstandard1.3) (>= wpa81)) (&& (== net35) (>= netstandard1.4) (>= win8)) (&& (== net35) (>= netstandard1.4) (>= wpa81)) (&& (== net35) (>= netstandard1.5) (>= win8)) (&& (== net35) (>= netstandard1.5) (>= wpa81)) (&& (== net35) (>= netstandard1.6) (>= win8)) (&& (== net35) (>= netstandard1.6) (>= wpa81)) (&& (== net35) (>= netstandard2.0) (>= win8)) (&& (== net35) (>= netstandard2.0) (>= wpa81)) (&& (== net35) (>= uap10.0)) (&& (== net35) (>= uap10.1)) (&& (== net35) (>= xamarinios)) (&& (== net35) (>= xamarinmac)) (&& (== net35) (>= xamarintvos)) (&& (== net35) (>= xamarinwatchos)) (&& (== net40) (== netstandard2.0)) (&& (== net40) (>= monoandroid) (>= net46)) (&& (== net40) (>= monoandroid) (>= netstandard1.3)) (&& (== net40) (>= monoandroid) (>= netstandard1.4)) (&& (== net40) (>= monoandroid) (>= netstandard1.5)) (&& (== net40) (>= monoandroid) (>= netstandard1.6)) (&& (== net40) (>= monoandroid) (>= netstandard2.0)) (&& (== net40) (>= monotouch)) (&& (== net40) (< net20) (>= net46)) (&& (== net40) (< net20) (>= net461)) (&& (== net40) (< net20) (>= netstandard1.3)) (&& (== net40) (< net20) (>= netstandard1.4)) (&& (== net40) (< net20) (>= netstandard1.5)) (&& (== net40) (< net20) (>= netstandard1.6)) (&& (== net40) (< net20) (>= netstandard2.0)) (&& (== net40) (>= net46) (>= win8)) (&& (== net40) (>= net46) (>= wpa81)) (&& (== net40) (>= netstandard1.3) (>= win8)) (&& (== net40) (>= netstandard1.3) (>= wpa81)) (&& (== net40) (>= netstandard1.4) (>= win8)) (&& (== net40) (>= netstandard1.4) (>= wpa81)) (&& (== net40) (>= netstandard1.5) (>= win8)) (&& (== net40) (>= netstandard1.5) (>= wpa81)) (&& (== net40) (>= netstandard1.6) (>= win8)) (&& (== net40) (>= netstandard1.6) (>= wpa81)) (&& (== net40) (>= netstandard2.0) (>= win8)) (&& (== net40) (>= netstandard2.0) (>= wpa81)) (&& (== net40) (>= uap10.0)) (&& (== net40) (>= uap10.1)) (&& (== net40) (>= xamarinios)) (&& (== net40) (>= xamarinmac)) (&& (== net40) (>= xamarintvos)) (&& (== net40) (>= xamarinwatchos)) (&& (== net45) (== netstandard2.0)) (&& (== net45) (>= monoandroid) (>= net46)) (&& (== net45) (>= monoandroid) (>= netstandard1.3)) (&& (== net45) (>= monoandroid) (>= netstandard1.6)) (&& (== net45) (>= monoandroid) (>= netstandard2.0)) (&& (== net45) (>= monotouch)) (&& (== net45) (< net20) (>= net46)) (&& (== net45) (< net20) (>= net461)) (&& (== net45) (< net20) (>= netstandard1.3)) (&& (== net45) (< net20) (>= netstandard1.6)) (&& (== net45) (< net20) (>= netstandard2.0)) (&& (== net45) (>= net46) (< netstandard1.1) (>= win8)) (&& (== net45) (>= net46) (>= wpa81)) (&& (== net45) (< netstandard1.1) (>= netstandard1.3) (>= win8)) (&& (== net45) (< netstandard1.1) (>= netstandard1.6) (>= win8)) (&& (== net45) (< netstandard1.1) (>= netstandard2.0) (>= win8)) (&& (== net45) (>= netstandard1.3) (>= wpa81)) (&& (== net45) (>= netstandard1.6) (>= wpa81)) (&& (== net45) (>= netstandard2.0) (>= wpa81)) (&& (== net45) (>= uap10.0)) (&& (== net45) (>= uap10.1)) (&& (== net45) (>= xamarinios)) (&& (== net45) (>= xamarinmac)) (&& (== net45) (>= xamarintvos)) (&& (== net45) (>= xamarinwatchos)) (== netstandard1.3) (&& (== netstandard2.0) (< netstandard1.1))
      System.Diagnostics.Debug (>= 4.3) - restriction: || (&& (== net35) (>= netstandard1.1)) (&& (== net40) (>= netstandard1.1)) (== netstandard1.3)
      System.Diagnostics.Tracing (>= 4.3) - restriction: || (&& (== net35) (>= netstandard1.1)) (&& (== net40) (>= netstandard1.1)) (== netstandard1.3)
      System.Resources.ResourceManager (>= 4.3) - restriction: || (&& (== net35) (>= netstandard1.1)) (&& (== net40) (>= netstandard1.1)) (== netstandard1.3)
      System.Runtime (>= 4.3) - restriction: || (&& (== net35) (>= netstandard1.1)) (&& (== net40) (>= netstandard1.1)) (== netstandard1.3)
      System.Threading (>= 4.3) - restriction: || (&& (== net35) (>= netstandard1.1)) (&& (== net40) (>= netstandard1.1)) (== netstandard1.3)
    System.Collections (4.3) - content: none, restriction: || (&& (== net35) (== netstandard2.0)) (&& (== net35) (< net20) (>= netstandard1.0)) (&& (== net35) (< net20) (>= netstandard1.1)) (&& (== net35) (< net20) (>= netstandard1.2)) (&& (== net35) (< net20) (>= netstandard1.3)) (&& (== net35) (< net20) (>= netstandard1.4)) (&& (== net35) (< net20) (>= netstandard1.5)) (&& (== net35) (< net20) (>= netstandard1.6)) (&& (== net35) (>= uap10.0)) (&& (== net40) (== netstandard2.0)) (&& (== net40) (< net20) (>= netstandard1.0)) (&& (== net40) (< net20) (>= netstandard1.1)) (&& (== net40) (< net20) (>= netstandard1.2)) (&& (== net40) (< net20) (>= netstandard1.3)) (&& (== net40) (< net20) (>= netstandard1.4)) (&& (== net40) (< net20) (>= netstandard1.5)) (&& (== net40) (< net20) (>= netstandard1.6)) (&& (== net40) (>= uap10.0)) (&& (== net45) (== netstandard2.0)) (&& (== net45) (< net20)) (&& (== net45) (>= uap10.0)) (== netstandard1.3) (&& (== netstandard2.0) (< netstandard1.1)) (&& (== netstandard2.0) (< portable-net45+win8+wpa81))
      Microsoft.NETCore.Platforms (>= 1.1) - restriction: || (&& (== net35) (>= netstandard1.0)) (&& (== net35) (>= netstandard1.3)) (&& (== net40) (>= netstandard1.0)) (&& (== net40) (>= netstandard1.3)) (== netstandard1.3) (== netstandard2.0)
      Microsoft.NETCore.Targets (>= 1.1) - restriction: || (&& (== net35) (>= netstandard1.0)) (&& (== net35) (>= netstandard1.3)) (&& (== net40) (>= netstandard1.0)) (&& (== net40) (>= netstandard1.3)) (== netstandard1.3) (== netstandard2.0)
      System.Runtime (>= 4.3) - restriction: || (&& (== net35) (>= netstandard1.0)) (&& (== net35) (>= netstandard1.3)) (&& (== net40) (>= netstandard1.0)) (&& (== net40) (>= netstandard1.3)) (== netstandard1.3) (== netstandard2.0)
    System.Collections.Concurrent (4.3) - content: none, restriction: || (&& (== net35) (== netstandard2.0)) (&& (== net35) (< net20) (>= netstandard1.1)) (&& (== net35) (< net20) (>= netstandard1.2)) (&& (== net35) (< net20) (>= netstandard1.3)) (&& (== net35) (< net20) (>= netstandard1.4)) (&& (== net35) (< net20) (>= netstandard1.5)) (&& (== net35) (< net20) (>= netstandard1.6)) (&& (== net35) (>= uap10.0)) (&& (== net40) (== netstandard2.0)) (&& (== net40) (< net20) (>= netstandard1.1)) (&& (== net40) (< net20) (>= netstandard1.2)) (&& (== net40) (< net20) (>= netstandard1.3)) (&& (== net40) (< net20) (>= netstandard1.4)) (&& (== net40) (< net20) (>= netstandard1.5)) (&& (== net40) (< net20) (>= netstandard1.6)) (&& (== net40) (>= uap10.0)) (&& (== net45) (== netstandard2.0)) (&& (== net45) (< net20)) (&& (== net45) (>= uap10.0)) (== netstandard1.3) (&& (== netstandard2.0) (< netstandard1.1))
      System.Collections (>= 4.3) - restriction: || (&& (== net35) (>= netstandard1.3)) (&& (== net40) (>= netstandard1.3)) (== netstandard1.3) (== netstandard2.0)
      System.Diagnostics.Debug (>= 4.3) - restriction: || (&& (== net35) (>= netstandard1.3)) (&& (== net40) (>= netstandard1.3)) (== netstandard1.3) (== netstandard2.0)
      System.Diagnostics.Tracing (>= 4.3) - restriction: || (&& (== net35) (>= netstandard1.3)) (&& (== net40) (>= netstandard1.3)) (== netstandard1.3) (== netstandard2.0)
      System.Globalization (>= 4.3) - restriction: || (&& (== net35) (>= netstandard1.3)) (&& (== net40) (>= netstandard1.3)) (== netstandard1.3) (== netstandard2.0)
      System.Reflection (>= 4.3) - restriction: || (&& (== net35) (>= netstandard1.3)) (&& (== net40) (>= netstandard1.3)) (== netstandard1.3) (== netstandard2.0)
      System.Resources.ResourceManager (>= 4.3) - restriction: || (&& (== net35) (>= netstandard1.3)) (&& (== net40) (>= netstandard1.3)) (== netstandard1.3) (== netstandard2.0)
      System.Runtime (>= 4.3) - restriction: || (&& (== net35) (>= netstandard1.1)) (&& (== net35) (>= netstandard1.3)) (&& (== net40) (>= netstandard1.1)) (&& (== net40) (>= netstandard1.3)) (== netstandard1.3) (== netstandard2.0)
      System.Runtime.Extensions (>= 4.3) - restriction: || (&& (== net35) (>= netstandard1.3)) (&& (== net40) (>= netstandard1.3)) (== netstandard1.3) (== netstandard2.0)
      System.Threading (>= 4.3) - restriction: || (&& (== net35) (>= netstandard1.3)) (&& (== net40) (>= netstandard1.3)) (== netstandard1.3) (== netstandard2.0)
      System.Threading.Tasks (>= 4.3) - restriction: || (&& (== net35) (>= netstandard1.1)) (&& (== net35) (>= netstandard1.3)) (&& (== net40) (>= netstandard1.1)) (&& (== net40) (>= netstandard1.3)) (== netstandard1.3) (== netstandard2.0)
    System.Console (4.3.1) - content: none, restriction: || (&& (== net35) (== netstandard2.0)) (&& (== net35) (< net20) (>= net46)) (&& (== net35) (< net20) (>= netstandard1.3)) (&& (== net35) (< net20) (>= netstandard1.4)) (&& (== net35) (< net20) (>= netstandard1.5)) (&& (== net35) (< net20) (>= netstandard1.6)) (&& (== net35) (>= uap10.0)) (&& (== net40) (== netstandard2.0)) (&& (== net40) (< net20) (>= net46)) (&& (== net40) (< net20) (>= netstandard1.3)) (&& (== net40) (< net20) (>= netstandard1.4)) (&& (== net40) (< net20) (>= netstandard1.5)) (&& (== net40) (< net20) (>= netstandard1.6)) (&& (== net40) (>= uap10.0)) (&& (== net45) (== netstandard2.0)) (&& (== net45) (< net20) (>= net46)) (&& (== net45) (< net20) (>= netstandard1.3)) (&& (== net45) (< net20) (>= netstandard1.4)) (&& (== net45) (< net20) (>= netstandard1.5)) (&& (== net45) (< net20) (>= netstandard1.6)) (&& (== net45) (>= uap10.0)) (== netstandard1.3) (&& (== netstandard2.0) (< netstandard1.1))
      Microsoft.NETCore.Platforms (>= 1.1) - restriction: || (&& (== net35) (>= netstandard1.3)) (&& (== net40) (>= netstandard1.3)) (&& (== net45) (>= netstandard1.3)) (== netstandard1.3) (== netstandard2.0)
      Microsoft.NETCore.Targets (>= 1.1.2) - restriction: || (&& (== net35) (>= netstandard1.3)) (&& (== net40) (>= netstandard1.3)) (&& (== net45) (>= netstandard1.3)) (== netstandard1.3) (== netstandard2.0)
      System.IO (>= 4.3) - restriction: || (&& (== net35) (>= netstandard1.3)) (&& (== net40) (>= netstandard1.3)) (&& (== net45) (>= netstandard1.3)) (== netstandard1.3) (== netstandard2.0)
      System.Runtime (>= 4.3) - restriction: || (&& (== net35) (>= netstandard1.3)) (&& (== net40) (>= netstandard1.3)) (&& (== net45) (>= netstandard1.3)) (== netstandard1.3) (== netstandard2.0)
      System.Text.Encoding (>= 4.3) - restriction: || (&& (== net35) (>= netstandard1.3)) (&& (== net40) (>= netstandard1.3)) (&& (== net45) (>= netstandard1.3)) (== netstandard1.3) (== netstandard2.0)
    System.Diagnostics.Debug (4.3) - content: none, restriction: || (&& (== net35) (== netstandard2.0)) (&& (== net35) (< net20) (>= netstandard1.0)) (&& (== net35) (< net20) (>= netstandard1.1)) (&& (== net35) (< net20) (>= netstandard1.2)) (&& (== net35) (< net20) (>= netstandard1.3)) (&& (== net35) (< net20) (>= netstandard1.4)) (&& (== net35) (< net20) (>= netstandard1.5)) (&& (== net35) (< net20) (>= netstandard1.6)) (&& (== net35) (>= uap10.0)) (&& (== net40) (== netstandard2.0)) (&& (== net40) (< net20) (>= netstandard1.0)) (&& (== net40) (< net20) (>= netstandard1.1)) (&& (== net40) (< net20) (>= netstandard1.2)) (&& (== net40) (< net20) (>= netstandard1.3)) (&& (== net40) (< net20) (>= netstandard1.4)) (&& (== net40) (< net20) (>= netstandard1.5)) (&& (== net40) (< net20) (>= netstandard1.6)) (&& (== net40) (>= uap10.0)) (&& (== net45) (== netstandard2.0)) (&& (== net45) (< net20)) (&& (== net45) (>= uap10.0)) (== netstandard1.3) (&& (== netstandard2.0) (< netstandard1.1)) (&& (== netstandard2.0) (< portable-net45+win8+wpa81))
      Microsoft.NETCore.Platforms (>= 1.1) - restriction: || (&& (== net35) (>= netstandard1.0)) (&& (== net35) (>= netstandard1.3)) (&& (== net40) (>= netstandard1.0)) (&& (== net40) (>= netstandard1.3)) (== netstandard1.3) (== netstandard2.0)
      Microsoft.NETCore.Targets (>= 1.1) - restriction: || (&& (== net35) (>= netstandard1.0)) (&& (== net35) (>= netstandard1.3)) (&& (== net40) (>= netstandard1.0)) (&& (== net40) (>= netstandard1.3)) (== netstandard1.3) (== netstandard2.0)
      System.Runtime (>= 4.3) - restriction: || (&& (== net35) (>= netstandard1.0)) (&& (== net35) (>= netstandard1.3)) (&& (== net40) (>= netstandard1.0)) (&& (== net40) (>= netstandard1.3)) (== netstandard1.3) (== netstandard2.0)
    System.Diagnostics.DiagnosticSource (4.6) - content: none, restriction: || (&& (== net35) (== netstandard2.0)) (&& (== net35) (< net20) (>= net46)) (&& (== net35) (< net20) (>= netstandard1.3)) (&& (== net35) (< net20) (>= netstandard1.4)) (&& (== net35) (< net20) (>= netstandard1.5)) (&& (== net35) (< net20) (>= netstandard1.6)) (&& (== net35) (>= uap10.0)) (&& (== net40) (== netstandard2.0)) (&& (== net40) (< net20) (>= net46)) (&& (== net40) (< net20) (>= netstandard1.3)) (&& (== net40) (< net20) (>= netstandard1.4)) (&& (== net40) (< net20) (>= netstandard1.5)) (&& (== net40) (< net20) (>= netstandard1.6)) (&& (== net40) (>= uap10.0)) (&& (== net45) (== netstandard2.0)) (&& (== net45) (< net20) (>= netstandard1.3)) (&& (== net45) (< net20) (>= netstandard1.6)) (&& (== net45) (>= uap10.0)) (== netstandard1.3) (&& (== netstandard2.0) (< netstandard1.1))
      System.Collections (>= 4.3) - restriction: || (&& (== net35) (>= netstandard1.1)) (&& (== net35) (>= netstandard1.3)) (&& (== net40) (>= netstandard1.1)) (&& (== net40) (>= netstandard1.3)) (== netstandard1.3) (&& (== netstandard2.0) (< netstandard1.3))
      System.Collections.Concurrent (>= 4.3) - restriction: || (&& (== net35) (>= netstandard1.1)) (&& (== net35) (>= netstandard1.3)) (&& (== net40) (>= netstandard1.1)) (&& (== net40) (>= netstandard1.3)) (== netstandard1.3) (&& (== netstandard2.0) (< netstandard1.3))
      System.Diagnostics.Debug (>= 4.3) - restriction: || (&& (== net35) (>= netstandard1.3)) (&& (== net40) (>= netstandard1.3)) (== netstandard1.3)
      System.Diagnostics.Tracing (>= 4.3) - restriction: || (&& (== net35) (>= netstandard1.1)) (&& (== net35) (>= netstandard1.3)) (&& (== net40) (>= netstandard1.1)) (&& (== net40) (>= netstandard1.3)) (== netstandard1.3) (&& (== netstandard2.0) (< netstandard1.3))
      System.Memory (>= 4.5.3) - restriction: || (&& (== net35) (>= net45)) (&& (== net35) (>= net46)) (&& (== net35) (>= netstandard1.3)) (&& (== net35) (>= netstandard2.0)) (&& (== net35) (>= uap10.1)) (&& (== net40) (>= net45)) (&& (== net40) (>= net46)) (&& (== net40) (>= netstandard1.3)) (&& (== net40) (>= netstandard2.0)) (&& (== net40) (>= uap10.1)) (== net45) (== netstandard1.3) (== netstandard2.0)
      System.Reflection (>= 4.3) - restriction: || (&& (== net35) (>= netstandard1.1)) (&& (== net35) (>= netstandard1.3)) (&& (== net40) (>= netstandard1.1)) (&& (== net40) (>= netstandard1.3)) (== netstandard1.3) (&& (== netstandard2.0) (< netstandard1.3))
      System.Resources.ResourceManager (>= 4.3) - restriction: || (&& (== net35) (>= netstandard1.1)) (&& (== net35) (>= netstandard1.3)) (&& (== net40) (>= netstandard1.1)) (&& (== net40) (>= netstandard1.3)) (== netstandard1.3) (&& (== netstandard2.0) (< netstandard1.3))
      System.Runtime (>= 4.3) - restriction: || (&& (== net35) (>= netstandard1.1)) (&& (== net35) (>= netstandard1.3)) (&& (== net40) (>= netstandard1.1)) (&& (== net40) (>= netstandard1.3)) (== netstandard1.3) (&& (== netstandard2.0) (< netstandard1.3))
      System.Runtime.Extensions (>= 4.3) - restriction: || (&& (== net35) (>= netstandard1.3)) (&& (== net40) (>= netstandard1.3)) (== netstandard1.3)
      System.Runtime.InteropServices (>= 4.3) - restriction: || (&& (== net35) (>= netstandard1.1)) (&& (== net35) (>= netstandard1.3)) (&& (== net40) (>= netstandard1.1)) (&& (== net40) (>= netstandard1.3)) (== netstandard1.3) (&& (== netstandard2.0) (< netstandard1.3))
      System.Threading (>= 4.3) - restriction: || (&& (== net35) (>= netstandard1.1)) (&& (== net35) (>= netstandard1.3)) (&& (== net40) (>= netstandard1.1)) (&& (== net40) (>= netstandard1.3)) (== netstandard1.3) (&& (== netstandard2.0) (< netstandard1.3))
    System.Diagnostics.Tools (4.3) - content: none, restriction: || (&& (== net35) (== netstandard2.0)) (&& (== net35) (< net20) (>= netstandard1.0)) (&& (== net35) (< net20) (>= netstandard1.1)) (&& (== net35) (< net20) (>= netstandard1.2)) (&& (== net35) (< net20) (>= netstandard1.3)) (&& (== net35) (< net20) (>= netstandard1.4)) (&& (== net35) (< net20) (>= netstandard1.5)) (&& (== net35) (< net20) (>= netstandard1.6)) (&& (== net35) (>= uap10.0)) (&& (== net40) (== netstandard2.0)) (&& (== net40) (< net20) (>= netstandard1.0)) (&& (== net40) (< net20) (>= netstandard1.1)) (&& (== net40) (< net20) (>= netstandard1.2)) (&& (== net40) (< net20) (>= netstandard1.3)) (&& (== net40) (< net20) (>= netstandard1.4)) (&& (== net40) (< net20) (>= netstandard1.5)) (&& (== net40) (< net20) (>= netstandard1.6)) (&& (== net40) (>= uap10.0)) (&& (== net45) (== netstandard2.0)) (&& (== net45) (< net20)) (&& (== net45) (>= uap10.0)) (== netstandard1.3) (&& (== netstandard2.0) (< netstandard1.1)) (&& (== netstandard2.0) (< portable-net45+win8+wpa81))
      Microsoft.NETCore.Platforms (>= 1.1) - restriction: || (&& (== net35) (>= netstandard1.0)) (&& (== net40) (>= netstandard1.0)) (== netstandard1.3) (== netstandard2.0)
      Microsoft.NETCore.Targets (>= 1.1) - restriction: || (&& (== net35) (>= netstandard1.0)) (&& (== net40) (>= netstandard1.0)) (== netstandard1.3) (== netstandard2.0)
      System.Runtime (>= 4.3) - restriction: || (&& (== net35) (>= netstandard1.0)) (&& (== net40) (>= netstandard1.0)) (== netstandard1.3) (== netstandard2.0)
    System.Diagnostics.Tracing (4.3) - content: none, restriction: || (&& (== net35) (== netstandard2.0)) (&& (== net35) (< net20) (>= netstandard1.1)) (&& (== net35) (< net20) (>= netstandard1.2)) (&& (== net35) (< net20) (>= netstandard1.3)) (&& (== net35) (< net20) (>= netstandard1.4)) (&& (== net35) (< net20) (>= netstandard1.5)) (&& (== net35) (< net20) (>= netstandard1.6)) (&& (== net35) (>= uap10.0)) (&& (== net40) (== netstandard2.0)) (&& (== net40) (< net20) (>= netstandard1.1)) (&& (== net40) (< net20) (>= netstandard1.2)) (&& (== net40) (< net20) (>= netstandard1.3)) (&& (== net40) (< net20) (>= netstandard1.4)) (&& (== net40) (< net20) (>= netstandard1.5)) (&& (== net40) (< net20) (>= netstandard1.6)) (&& (== net40) (>= uap10.0)) (&& (== net45) (== netstandard2.0)) (&& (== net45) (< net20)) (&& (== net45) (>= uap10.0)) (== netstandard1.3) (&& (== netstandard2.0) (< netstandard1.1))
      Microsoft.NETCore.Platforms (>= 1.1) - restriction: || (&& (== net35) (>= netstandard1.1)) (&& (== net35) (>= netstandard1.2)) (&& (== net35) (>= netstandard1.3)) (&& (== net35) (>= netstandard1.5)) (&& (== net40) (>= netstandard1.1)) (&& (== net40) (>= netstandard1.2)) (&& (== net40) (>= netstandard1.3)) (&& (== net40) (>= netstandard1.5)) (== netstandard1.3) (== netstandard2.0)
      Microsoft.NETCore.Targets (>= 1.1) - restriction: || (&& (== net35) (>= netstandard1.1)) (&& (== net35) (>= netstandard1.2)) (&& (== net35) (>= netstandard1.3)) (&& (== net35) (>= netstandard1.5)) (&& (== net40) (>= netstandard1.1)) (&& (== net40) (>= netstandard1.2)) (&& (== net40) (>= netstandard1.3)) (&& (== net40) (>= netstandard1.5)) (== netstandard1.3) (== netstandard2.0)
      System.Runtime (>= 4.3) - restriction: || (&& (== net35) (>= netstandard1.1)) (&& (== net35) (>= netstandard1.2)) (&& (== net35) (>= netstandard1.3)) (&& (== net35) (>= netstandard1.5)) (&& (== net40) (>= netstandard1.1)) (&& (== net40) (>= netstandard1.2)) (&& (== net40) (>= netstandard1.3)) (&& (== net40) (>= netstandard1.5)) (== netstandard1.3) (== netstandard2.0)
    System.Globalization (4.3) - content: none, restriction: || (&& (== net35) (== netstandard2.0)) (&& (== net35) (< net20) (>= netstandard1.0)) (&& (== net35) (< net20) (>= netstandard1.1)) (&& (== net35) (< net20) (>= netstandard1.2)) (&& (== net35) (< net20) (>= netstandard1.3)) (&& (== net35) (< net20) (>= netstandard1.4)) (&& (== net35) (< net20) (>= netstandard1.5)) (&& (== net35) (< net20) (>= netstandard1.6)) (&& (== net35) (>= uap10.0)) (&& (== net40) (== netstandard2.0)) (&& (== net40) (< net20) (>= netstandard1.0)) (&& (== net40) (< net20) (>= netstandard1.1)) (&& (== net40) (< net20) (>= netstandard1.2)) (&& (== net40) (< net20) (>= netstandard1.3)) (&& (== net40) (< net20) (>= netstandard1.4)) (&& (== net40) (< net20) (>= netstandard1.5)) (&& (== net40) (< net20) (>= netstandard1.6)) (&& (== net40) (>= uap10.0)) (&& (== net45) (== netstandard2.0)) (&& (== net45) (< net20)) (&& (== net45) (>= uap10.0)) (== netstandard1.3) (&& (== netstandard2.0) (< netstandard1.1)) (&& (== netstandard2.0) (< portable-net45+win8+wpa81))
      Microsoft.NETCore.Platforms (>= 1.1) - restriction: || (&& (== net35) (>= netstandard1.0)) (&& (== net35) (>= netstandard1.3)) (&& (== net40) (>= netstandard1.0)) (&& (== net40) (>= netstandard1.3)) (== netstandard1.3) (== netstandard2.0)
      Microsoft.NETCore.Targets (>= 1.1) - restriction: || (&& (== net35) (>= netstandard1.0)) (&& (== net35) (>= netstandard1.3)) (&& (== net40) (>= netstandard1.0)) (&& (== net40) (>= netstandard1.3)) (== netstandard1.3) (== netstandard2.0)
      System.Runtime (>= 4.3) - restriction: || (&& (== net35) (>= netstandard1.0)) (&& (== net35) (>= netstandard1.3)) (&& (== net40) (>= netstandard1.0)) (&& (== net40) (>= netstandard1.3)) (== netstandard1.3) (== netstandard2.0)
    System.Globalization.Calendars (4.3) - content: none, restriction: || (&& (== net35) (== netstandard2.0)) (&& (== net35) (< net20) (>= net46)) (&& (== net35) (< net20) (>= netstandard1.3)) (&& (== net35) (< net20) (>= netstandard1.4)) (&& (== net35) (< net20) (>= netstandard1.5)) (&& (== net35) (< net20) (>= netstandard1.6)) (&& (== net35) (>= uap10.0)) (&& (== net40) (== netstandard2.0)) (&& (== net40) (< net20) (>= net46)) (&& (== net40) (< net20) (>= netstandard1.3)) (&& (== net40) (< net20) (>= netstandard1.4)) (&& (== net40) (< net20) (>= netstandard1.5)) (&& (== net40) (< net20) (>= netstandard1.6)) (&& (== net40) (>= uap10.0)) (&& (== net45) (== netstandard2.0)) (&& (== net45) (< net20) (>= net46)) (&& (== net45) (< net20) (>= netstandard1.3)) (&& (== net45) (< net20) (>= netstandard1.4)) (&& (== net45) (< net20) (>= netstandard1.5)) (&& (== net45) (< net20) (>= netstandard1.6)) (&& (== net45) (>= uap10.0)) (== netstandard1.3) (&& (== netstandard2.0) (< netstandard1.1))
      Microsoft.NETCore.Platforms (>= 1.1) - restriction: || (&& (== net35) (>= netstandard1.3)) (&& (== net40) (>= netstandard1.3)) (&& (== net45) (>= netstandard1.3)) (== netstandard1.3) (== netstandard2.0)
      Microsoft.NETCore.Targets (>= 1.1) - restriction: || (&& (== net35) (>= netstandard1.3)) (&& (== net40) (>= netstandard1.3)) (&& (== net45) (>= netstandard1.3)) (== netstandard1.3) (== netstandard2.0)
      System.Globalization (>= 4.3) - restriction: || (&& (== net35) (>= netstandard1.3)) (&& (== net40) (>= netstandard1.3)) (&& (== net45) (>= netstandard1.3)) (== netstandard1.3) (== netstandard2.0)
      System.Runtime (>= 4.3) - restriction: || (&& (== net35) (>= netstandard1.3)) (&& (== net40) (>= netstandard1.3)) (&& (== net45) (>= netstandard1.3)) (== netstandard1.3) (== netstandard2.0)
    System.IO (4.3) - content: none, restriction: || (&& (== net35) (== netstandard2.0)) (&& (== net35) (< net20) (>= netstandard1.0)) (&& (== net35) (< net20) (>= netstandard1.1)) (&& (== net35) (< net20) (>= netstandard1.2)) (&& (== net35) (< net20) (>= netstandard1.3)) (&& (== net35) (< net20) (>= netstandard1.4)) (&& (== net35) (< net20) (>= netstandard1.5)) (&& (== net35) (< net20) (>= netstandard1.6)) (&& (== net35) (>= uap10.0)) (&& (== net40) (== netstandard2.0)) (&& (== net40) (< net20) (>= netstandard1.0)) (&& (== net40) (< net20) (>= netstandard1.1)) (&& (== net40) (< net20) (>= netstandard1.2)) (&& (== net40) (< net20) (>= netstandard1.3)) (&& (== net40) (< net20) (>= netstandard1.4)) (&& (== net40) (< net20) (>= netstandard1.5)) (&& (== net40) (< net20) (>= netstandard1.6)) (&& (== net40) (>= uap10.0)) (&& (== net45) (== netstandard2.0)) (&& (== net45) (< net20)) (&& (== net45) (>= uap10.0)) (== netstandard1.3) (&& (== netstandard2.0) (< netstandard1.1)) (&& (== netstandard2.0) (< portable-net45+win8+wpa81))
      Microsoft.NETCore.Platforms (>= 1.1) - restriction: || (&& (== net35) (>= netstandard1.0)) (&& (== net35) (>= netstandard1.3)) (&& (== net35) (>= netstandard1.5)) (&& (== net40) (>= netstandard1.0)) (&& (== net40) (>= netstandard1.3)) (&& (== net40) (>= netstandard1.5)) (== netstandard1.3) (== netstandard2.0)
      Microsoft.NETCore.Targets (>= 1.1) - restriction: || (&& (== net35) (>= netstandard1.0)) (&& (== net35) (>= netstandard1.3)) (&& (== net35) (>= netstandard1.5)) (&& (== net40) (>= netstandard1.0)) (&& (== net40) (>= netstandard1.3)) (&& (== net40) (>= netstandard1.5)) (== netstandard1.3) (== netstandard2.0)
      System.Runtime (>= 4.3) - restriction: || (&& (== net35) (>= netstandard1.0)) (&& (== net35) (>= netstandard1.3)) (&& (== net35) (>= netstandard1.5)) (&& (== net40) (>= netstandard1.0)) (&& (== net40) (>= netstandard1.3)) (&& (== net40) (>= netstandard1.5)) (== netstandard1.3) (== netstandard2.0)
      System.Text.Encoding (>= 4.3) - restriction: || (&& (== net35) (>= netstandard1.0)) (&& (== net35) (>= netstandard1.3)) (&& (== net35) (>= netstandard1.5)) (&& (== net40) (>= netstandard1.0)) (&& (== net40) (>= netstandard1.3)) (&& (== net40) (>= netstandard1.5)) (== netstandard1.3) (== netstandard2.0)
      System.Threading.Tasks (>= 4.3) - restriction: || (&& (== net35) (>= netstandard1.0)) (&& (== net35) (>= netstandard1.3)) (&& (== net35) (>= netstandard1.5)) (&& (== net40) (>= netstandard1.0)) (&& (== net40) (>= netstandard1.3)) (&& (== net40) (>= netstandard1.5)) (== netstandard1.3) (== netstandard2.0)
    System.IO.Compression (4.3) - content: none, restriction: || (&& (== net35) (== netstandard2.0)) (&& (== net35) (< net20) (>= net46)) (&& (== net35) (< net20) (>= netstandard1.1)) (&& (== net35) (< net20) (>= netstandard1.2)) (&& (== net35) (< net20) (>= netstandard1.3)) (&& (== net35) (< net20) (>= netstandard1.4)) (&& (== net35) (< net20) (>= netstandard1.5)) (&& (== net35) (< net20) (>= netstandard1.6)) (&& (== net35) (>= uap10.0)) (&& (== net40) (== netstandard2.0)) (&& (== net40) (< net20) (>= net46)) (&& (== net40) (< net20) (>= netstandard1.1)) (&& (== net40) (< net20) (>= netstandard1.2)) (&& (== net40) (< net20) (>= netstandard1.3)) (&& (== net40) (< net20) (>= netstandard1.4)) (&& (== net40) (< net20) (>= netstandard1.5)) (&& (== net40) (< net20) (>= netstandard1.6)) (&& (== net40) (>= uap10.0)) (&& (== net45) (== netstandard2.0)) (&& (== net45) (< net20)) (&& (== net45) (>= uap10.0)) (== netstandard1.3) (&& (== netstandard2.0) (< netstandard1.1))
      Microsoft.NETCore.Platforms (>= 1.1) - restriction: || (&& (== net35) (>= netstandard1.3)) (&& (== net40) (>= netstandard1.3)) (== netstandard1.3) (== netstandard2.0)
      runtime.native.System (>= 4.3) - restriction: || (&& (== net35) (>= netstandard1.3)) (&& (== net40) (>= netstandard1.3)) (== netstandard1.3) (== netstandard2.0)
      runtime.native.System.IO.Compression (>= 4.3) - restriction: || (&& (== net35) (>= netstandard1.3)) (&& (== net40) (>= netstandard1.3)) (== netstandard1.3) (== netstandard2.0)
      System.Buffers (>= 4.3) - restriction: || (&& (== net35) (>= netstandard1.3)) (&& (== net40) (>= netstandard1.3)) (== netstandard1.3) (== netstandard2.0)
      System.Collections (>= 4.3) - restriction: || (&& (== net35) (>= netstandard1.3)) (&& (== net40) (>= netstandard1.3)) (== netstandard1.3) (== netstandard2.0)
      System.Diagnostics.Debug (>= 4.3) - restriction: || (&& (== net35) (>= netstandard1.3)) (&& (== net40) (>= netstandard1.3)) (== netstandard1.3) (== netstandard2.0)
      System.IO (>= 4.3) - restriction: || (&& (== net35) (>= netstandard1.1)) (&& (== net35) (>= netstandard1.3)) (&& (== net40) (>= netstandard1.1)) (&& (== net40) (>= netstandard1.3)) (== netstandard1.3) (== netstandard2.0)
      System.Resources.ResourceManager (>= 4.3) - restriction: || (&& (== net35) (>= netstandard1.3)) (&& (== net40) (>= netstandard1.3)) (== netstandard1.3) (== netstandard2.0)
      System.Runtime (>= 4.3) - restriction: || (&& (== net35) (>= netstandard1.1)) (&& (== net35) (>= netstandard1.3)) (&& (== net40) (>= netstandard1.1)) (&& (== net40) (>= netstandard1.3)) (== netstandard1.3) (== netstandard2.0)
      System.Runtime.Extensions (>= 4.3) - restriction: || (&& (== net35) (>= netstandard1.3)) (&& (== net40) (>= netstandard1.3)) (== netstandard1.3) (== netstandard2.0)
      System.Runtime.Handles (>= 4.3) - restriction: || (&& (== net35) (>= netstandard1.3)) (&& (== net40) (>= netstandard1.3)) (== netstandard1.3) (== netstandard2.0)
      System.Runtime.InteropServices (>= 4.3) - restriction: || (&& (== net35) (>= netstandard1.3)) (&& (== net40) (>= netstandard1.3)) (== netstandard1.3) (== netstandard2.0)
      System.Text.Encoding (>= 4.3) - restriction: || (&& (== net35) (>= netstandard1.1)) (&& (== net35) (>= netstandard1.3)) (&& (== net40) (>= netstandard1.1)) (&& (== net40) (>= netstandard1.3)) (== netstandard1.3) (== netstandard2.0)
      System.Threading (>= 4.3) - restriction: || (&& (== net35) (>= netstandard1.3)) (&& (== net40) (>= netstandard1.3)) (== netstandard1.3) (== netstandard2.0)
      System.Threading.Tasks (>= 4.3) - restriction: || (&& (== net35) (>= netstandard1.3)) (&& (== net40) (>= netstandard1.3)) (== netstandard1.3) (== netstandard2.0)
    System.IO.Compression.ZipFile (4.3) - content: none, restriction: || (&& (== net35) (== netstandard2.0)) (&& (== net35) (< net20) (>= net46)) (&& (== net35) (< net20) (>= netstandard1.3)) (&& (== net35) (< net20) (>= netstandard1.4)) (&& (== net35) (< net20) (>= netstandard1.5)) (&& (== net35) (< net20) (>= netstandard1.6)) (&& (== net35) (>= uap10.0)) (&& (== net40) (== netstandard2.0)) (&& (== net40) (< net20) (>= net46)) (&& (== net40) (< net20) (>= netstandard1.3)) (&& (== net40) (< net20) (>= netstandard1.4)) (&& (== net40) (< net20) (>= netstandard1.5)) (&& (== net40) (< net20) (>= netstandard1.6)) (&& (== net40) (>= uap10.0)) (&& (== net45) (== netstandard2.0)) (&& (== net45) (< net20) (>= net46)) (&& (== net45) (< net20) (>= netstandard1.3)) (&& (== net45) (< net20) (>= netstandard1.4)) (&& (== net45) (< net20) (>= netstandard1.5)) (&& (== net45) (< net20) (>= netstandard1.6)) (&& (== net45) (>= uap10.0)) (== netstandard1.3) (&& (== netstandard2.0) (< netstandard1.1))
      System.Buffers (>= 4.3) - restriction: || (&& (== net35) (>= netstandard1.3)) (&& (== net40) (>= netstandard1.3)) (&& (== net45) (>= netstandard1.3)) (== netstandard1.3) (== netstandard2.0)
      System.IO (>= 4.3) - restriction: || (&& (== net35) (>= netstandard1.3)) (&& (== net40) (>= netstandard1.3)) (&& (== net45) (>= netstandard1.3)) (== netstandard1.3) (== netstandard2.0)
      System.IO.Compression (>= 4.3) - restriction: || (&& (== net35) (>= netstandard1.3)) (&& (== net40) (>= netstandard1.3)) (&& (== net45) (>= netstandard1.3)) (== netstandard1.3) (== netstandard2.0)
      System.IO.FileSystem (>= 4.3) - restriction: || (&& (== net35) (>= netstandard1.3)) (&& (== net40) (>= netstandard1.3)) (&& (== net45) (>= netstandard1.3)) (== netstandard1.3) (== netstandard2.0)
      System.IO.FileSystem.Primitives (>= 4.3) - restriction: || (&& (== net35) (>= netstandard1.3)) (&& (== net40) (>= netstandard1.3)) (&& (== net45) (>= netstandard1.3)) (== netstandard1.3) (== netstandard2.0)
      System.Resources.ResourceManager (>= 4.3) - restriction: || (&& (== net35) (>= netstandard1.3)) (&& (== net40) (>= netstandard1.3)) (&& (== net45) (>= netstandard1.3)) (== netstandard1.3) (== netstandard2.0)
      System.Runtime (>= 4.3) - restriction: || (&& (== net35) (>= netstandard1.3)) (&& (== net40) (>= netstandard1.3)) (&& (== net45) (>= netstandard1.3)) (== netstandard1.3) (== netstandard2.0)
      System.Runtime.Extensions (>= 4.3) - restriction: || (&& (== net35) (>= netstandard1.3)) (&& (== net40) (>= netstandard1.3)) (&& (== net45) (>= netstandard1.3)) (== netstandard1.3) (== netstandard2.0)
      System.Text.Encoding (>= 4.3) - restriction: || (&& (== net35) (>= netstandard1.3)) (&& (== net40) (>= netstandard1.3)) (&& (== net45) (>= netstandard1.3)) (== netstandard1.3) (== netstandard2.0)
    System.IO.FileSystem (4.3) - content: none, restriction: || (&& (== net35) (== netstandard2.0)) (&& (== net35) (< net20) (>= net46)) (&& (== net35) (< net20) (>= netstandard1.3)) (&& (== net35) (< net20) (>= netstandard1.4)) (&& (== net35) (< net20) (>= netstandard1.5)) (&& (== net35) (< net20) (>= netstandard1.6)) (&& (== net35) (>= uap10.0)) (&& (== net40) (== netstandard2.0)) (&& (== net40) (< net20) (>= net46)) (&& (== net40) (< net20) (>= netstandard1.3)) (&& (== net40) (< net20) (>= netstandard1.4)) (&& (== net40) (< net20) (>= netstandard1.5)) (&& (== net40) (< net20) (>= netstandard1.6)) (&& (== net40) (>= uap10.0)) (&& (== net45) (== netstandard2.0)) (&& (== net45) (< net20) (>= net46)) (&& (== net45) (< net20) (>= netstandard1.3)) (&& (== net45) (< net20) (>= netstandard1.4)) (&& (== net45) (< net20) (>= netstandard1.5)) (&& (== net45) (< net20) (>= netstandard1.6)) (&& (== net45) (>= uap10.0)) (== netstandard1.3) (&& (== netstandard2.0) (< netstandard1.1))
      Microsoft.NETCore.Platforms (>= 1.1) - restriction: || (&& (== net35) (>= netstandard1.3)) (&& (== net40) (>= netstandard1.3)) (&& (== net45) (>= netstandard1.3)) (== netstandard1.3) (== netstandard2.0)
      Microsoft.NETCore.Targets (>= 1.1) - restriction: || (&& (== net35) (>= netstandard1.3)) (&& (== net40) (>= netstandard1.3)) (&& (== net45) (>= netstandard1.3)) (== netstandard1.3) (== netstandard2.0)
      System.IO (>= 4.3) - restriction: || (&& (== net35) (>= netstandard1.3)) (&& (== net40) (>= netstandard1.3)) (&& (== net45) (>= netstandard1.3)) (== netstandard1.3) (== netstandard2.0)
      System.IO.FileSystem.Primitives (>= 4.3) - restriction: || (&& (== net35) (>= net46)) (&& (== net35) (>= netstandard1.3)) (&& (== net40) (>= net46)) (&& (== net40) (>= netstandard1.3)) (&& (== net45) (>= net46)) (&& (== net45) (>= netstandard1.3)) (== netstandard1.3) (== netstandard2.0)
      System.Runtime (>= 4.3) - restriction: || (&& (== net35) (>= netstandard1.3)) (&& (== net40) (>= netstandard1.3)) (&& (== net45) (>= netstandard1.3)) (== netstandard1.3) (== netstandard2.0)
      System.Runtime.Handles (>= 4.3) - restriction: || (&& (== net35) (>= netstandard1.3)) (&& (== net40) (>= netstandard1.3)) (&& (== net45) (>= netstandard1.3)) (== netstandard1.3) (== netstandard2.0)
      System.Text.Encoding (>= 4.3) - restriction: || (&& (== net35) (>= netstandard1.3)) (&& (== net40) (>= netstandard1.3)) (&& (== net45) (>= netstandard1.3)) (== netstandard1.3) (== netstandard2.0)
      System.Threading.Tasks (>= 4.3) - restriction: || (&& (== net35) (>= netstandard1.3)) (&& (== net40) (>= netstandard1.3)) (&& (== net45) (>= netstandard1.3)) (== netstandard1.3) (== netstandard2.0)
    System.IO.FileSystem.Primitives (4.3) - content: none, restriction: || (&& (== net35) (== netstandard2.0)) (&& (== net35) (< net20) (>= net46)) (&& (== net35) (< net20) (>= netstandard1.3)) (&& (== net35) (< net20) (>= netstandard1.4)) (&& (== net35) (< net20) (>= netstandard1.5)) (&& (== net35) (< net20) (>= netstandard1.6)) (&& (== net35) (>= uap10.0)) (&& (== net40) (== netstandard2.0)) (&& (== net40) (< net20) (>= net46)) (&& (== net40) (< net20) (>= netstandard1.3)) (&& (== net40) (< net20) (>= netstandard1.4)) (&& (== net40) (< net20) (>= netstandard1.5)) (&& (== net40) (< net20) (>= netstandard1.6)) (&& (== net40) (>= uap10.0)) (&& (== net45) (== netstandard2.0)) (&& (== net45) (< net20) (>= net46)) (&& (== net45) (< net20) (>= netstandard1.3)) (&& (== net45) (< net20) (>= netstandard1.4)) (&& (== net45) (< net20) (>= netstandard1.5)) (&& (== net45) (< net20) (>= netstandard1.6)) (&& (== net45) (>= uap10.0)) (== netstandard1.3) (&& (== netstandard2.0) (< netstandard1.1))
      System.Runtime (>= 4.3) - restriction: || (&& (== net35) (>= netstandard1.3)) (&& (== net40) (>= netstandard1.3)) (&& (== net45) (>= netstandard1.3)) (== netstandard1.3) (== netstandard2.0)
    System.Linq (4.3) - content: none, restriction: || (&& (== net35) (== netstandard2.0)) (&& (== net35) (< net20) (>= netstandard1.0)) (&& (== net35) (< net20) (>= netstandard1.1)) (&& (== net35) (< net20) (>= netstandard1.2)) (&& (== net35) (< net20) (>= netstandard1.3)) (&& (== net35) (< net20) (>= netstandard1.4)) (&& (== net35) (< net20) (>= netstandard1.5)) (&& (== net35) (< net20) (>= netstandard1.6)) (&& (== net35) (>= uap10.0)) (&& (== net40) (== netstandard2.0)) (&& (== net40) (< net20) (>= netstandard1.0)) (&& (== net40) (< net20) (>= netstandard1.1)) (&& (== net40) (< net20) (>= netstandard1.2)) (&& (== net40) (< net20) (>= netstandard1.3)) (&& (== net40) (< net20) (>= netstandard1.4)) (&& (== net40) (< net20) (>= netstandard1.5)) (&& (== net40) (< net20) (>= netstandard1.6)) (&& (== net40) (>= uap10.0)) (&& (== net45) (== netstandard2.0)) (&& (== net45) (< net20)) (&& (== net45) (>= uap10.0)) (== netstandard1.3) (&& (== netstandard2.0) (< netstandard1.1)) (&& (== netstandard2.0) (< portable-net45+win8+wpa81))
      System.Collections (>= 4.3) - restriction: || (&& (== net35) (>= netstandard1.0)) (&& (== net35) (>= netstandard1.6)) (&& (== net40) (>= netstandard1.0)) (&& (== net40) (>= netstandard1.6)) (== netstandard1.3) (== netstandard2.0)
      System.Runtime (>= 4.3) - restriction: || (&& (== net35) (>= netstandard1.0)) (&& (== net35) (>= netstandard1.6)) (&& (== net40) (>= netstandard1.0)) (&& (== net40) (>= netstandard1.6)) (== netstandard1.3) (== netstandard2.0)
    System.Linq.Expressions (4.3) - content: none, restriction: || (&& (== net35) (== netstandard2.0)) (&& (== net35) (< net20) (>= netstandard1.0)) (&& (== net35) (< net20) (>= netstandard1.1)) (&& (== net35) (< net20) (>= netstandard1.2)) (&& (== net35) (< net20) (>= netstandard1.3)) (&& (== net35) (< net20) (>= netstandard1.4)) (&& (== net35) (< net20) (>= netstandard1.5)) (&& (== net35) (< net20) (>= netstandard1.6)) (&& (== net35) (>= uap10.0)) (&& (== net40) (== netstandard2.0)) (&& (== net40) (< net20) (>= netstandard1.0)) (&& (== net40) (< net20) (>= netstandard1.1)) (&& (== net40) (< net20) (>= netstandard1.2)) (&& (== net40) (< net20) (>= netstandard1.3)) (&& (== net40) (< net20) (>= netstandard1.4)) (&& (== net40) (< net20) (>= netstandard1.5)) (&& (== net40) (< net20) (>= netstandard1.6)) (&& (== net40) (>= uap10.0)) (&& (== net45) (== netstandard2.0)) (&& (== net45) (< net20)) (&& (== net45) (>= uap10.0)) (== netstandard1.3) (&& (== netstandard2.0) (< netstandard1.1)) (&& (== netstandard2.0) (< portable-net45+win8+wpa81))
      System.Reflection (>= 4.3) - restriction: || (&& (== net35) (>= netstandard1.0)) (&& (== net35) (>= netstandard1.3)) (&& (== net35) (>= netstandard1.6)) (&& (== net40) (>= netstandard1.0)) (&& (== net40) (>= netstandard1.3)) (&& (== net40) (>= netstandard1.6)) (== netstandard1.3) (== netstandard2.0)
      System.Runtime (>= 4.3) - restriction: || (&& (== net35) (>= netstandard1.0)) (&& (== net35) (>= netstandard1.3)) (&& (== net35) (>= netstandard1.6)) (&& (== net40) (>= netstandard1.0)) (&& (== net40) (>= netstandard1.3)) (&& (== net40) (>= netstandard1.6)) (== netstandard1.3) (== netstandard2.0)
    System.Memory (4.5.3) - content: none, restriction: || (&& (== net35) (== netstandard2.0)) (&& (== net35) (< net20) (>= net46)) (&& (== net35) (< net20) (>= netstandard1.3)) (&& (== net35) (< net20) (>= netstandard1.4)) (&& (== net35) (< net20) (>= netstandard1.5)) (&& (== net35) (< net20) (>= netstandard1.6)) (&& (== net35) (< net20) (>= netstandard2.0)) (&& (== net35) (>= uap10.0)) (&& (== net35) (>= uap10.1)) (&& (== net40) (== netstandard2.0)) (&& (== net40) (< net20) (>= net46)) (&& (== net40) (< net20) (>= netstandard1.3)) (&& (== net40) (< net20) (>= netstandard1.4)) (&& (== net40) (< net20) (>= netstandard1.5)) (&& (== net40) (< net20) (>= netstandard1.6)) (&& (== net40) (< net20) (>= netstandard2.0)) (&& (== net40) (>= uap10.0)) (&& (== net40) (>= uap10.1)) (&& (== net45) (== netstandard2.0)) (&& (== net45) (< net20) (>= net46)) (&& (== net45) (< net20) (>= netstandard1.3)) (&& (== net45) (< net20) (>= netstandard1.6)) (&& (== net45) (< net20) (>= netstandard2.0)) (&& (== net45) (>= uap10.0)) (&& (== net45) (>= uap10.1)) (== netstandard1.3) (&& (== netstandard2.0) (< netstandard1.1))
      System.Buffers (>= 4.4) - restriction: || (&& (== net35) (>= monoandroid)) (&& (== net35) (>= monotouch)) (&& (== net35) (>= net45)) (&& (== net35) (>= net461)) (&& (== net35) (>= netstandard1.1)) (&& (== net35) (>= netstandard2.0)) (&& (== net35) (>= portable-net45+win8+wpa81)) (&& (== net35) (>= win8)) (&& (== net35) (>= wpa81)) (&& (== net35) (>= xamarinios)) (&& (== net35) (>= xamarinmac)) (&& (== net35) (>= xamarintvos)) (&& (== net35) (>= xamarinwatchos)) (&& (== net40) (>= monoandroid)) (&& (== net40) (>= monotouch)) (&& (== net40) (>= net45)) (&& (== net40) (>= net461)) (&& (== net40) (>= netstandard1.1)) (&& (== net40) (>= netstandard2.0)) (&& (== net40) (>= portable-net45+win8+wpa81)) (&& (== net40) (>= win8)) (&& (== net40) (>= wpa81)) (&& (== net40) (>= xamarinios)) (&& (== net40) (>= xamarinmac)) (&& (== net40) (>= xamarintvos)) (&& (== net40) (>= xamarinwatchos)) (== net45) (== netstandard1.3) (== netstandard2.0)
      System.Diagnostics.Debug (>= 4.3) - restriction: || (&& (== net35) (>= netstandard1.1)) (&& (== net40) (>= netstandard1.1)) (== netstandard1.3)
      System.Globalization (>= 4.3) - restriction: || (&& (== net35) (>= netstandard1.1)) (&& (== net40) (>= netstandard1.1)) (== netstandard1.3)
      System.Reflection (>= 4.3) - restriction: || (&& (== net35) (>= netstandard1.1)) (&& (== net40) (>= netstandard1.1)) (== netstandard1.3)
      System.Resources.ResourceManager (>= 4.3) - restriction: || (&& (== net35) (>= netstandard1.1)) (&& (== net40) (>= netstandard1.1)) (== netstandard1.3)
      System.Runtime (>= 4.3) - restriction: || (&& (== net35) (>= netstandard1.1)) (&& (== net40) (>= netstandard1.1)) (== netstandard1.3)
      System.Runtime.CompilerServices.Unsafe (>= 4.5.2) - restriction: || (&& (== net35) (>= monoandroid)) (&& (== net35) (>= monotouch)) (&& (== net35) (>= net45)) (&& (== net35) (>= net461)) (&& (== net35) (>= netcoreapp2.0)) (&& (== net35) (>= netstandard1.1)) (&& (== net35) (>= netstandard2.0)) (&& (== net35) (>= portable-net45+win8+wpa81)) (&& (== net35) (>= uap10.1)) (&& (== net35) (>= win8)) (&& (== net35) (>= wpa81)) (&& (== net35) (>= xamarinios)) (&& (== net35) (>= xamarinmac)) (&& (== net35) (>= xamarintvos)) (&& (== net35) (>= xamarinwatchos)) (&& (== net40) (>= monoandroid)) (&& (== net40) (>= monotouch)) (&& (== net40) (>= net45)) (&& (== net40) (>= net461)) (&& (== net40) (>= netcoreapp2.0)) (&& (== net40) (>= netstandard1.1)) (&& (== net40) (>= netstandard2.0)) (&& (== net40) (>= portable-net45+win8+wpa81)) (&& (== net40) (>= uap10.1)) (&& (== net40) (>= win8)) (&& (== net40) (>= wpa81)) (&& (== net40) (>= xamarinios)) (&& (== net40) (>= xamarinmac)) (&& (== net40) (>= xamarintvos)) (&& (== net40) (>= xamarinwatchos)) (== net45) (== netstandard1.3) (== netstandard2.0)
      System.Runtime.Extensions (>= 4.3) - restriction: || (&& (== net35) (>= netstandard1.1)) (&& (== net40) (>= netstandard1.1)) (== netstandard1.3)
      System.Runtime.InteropServices (>= 4.3) - restriction: || (&& (== net35) (>= netstandard1.1)) (&& (== net40) (>= netstandard1.1)) (== netstandard1.3)
    System.Net.Http (4.3.4) - content: none, restriction: || (&& (== net35) (== netstandard2.0)) (&& (== net35) (< net20) (>= net46)) (&& (== net35) (< net20) (>= netstandard1.1)) (&& (== net35) (< net20) (>= netstandard1.2)) (&& (== net35) (< net20) (>= netstandard1.3)) (&& (== net35) (< net20) (>= netstandard1.4)) (&& (== net35) (< net20) (>= netstandard1.5)) (&& (== net35) (< net20) (>= netstandard1.6)) (&& (== net35) (>= uap10.0)) (&& (== net40) (== netstandard2.0)) (&& (== net40) (< net20) (>= net46)) (&& (== net40) (< net20) (>= netstandard1.1)) (&& (== net40) (< net20) (>= netstandard1.2)) (&& (== net40) (< net20) (>= netstandard1.3)) (&& (== net40) (< net20) (>= netstandard1.4)) (&& (== net40) (< net20) (>= netstandard1.5)) (&& (== net40) (< net20) (>= netstandard1.6)) (&& (== net40) (>= uap10.0)) (&& (== net45) (== netstandard2.0)) (&& (== net45) (< net20)) (&& (== net45) (>= uap10.0)) (== netstandard1.3) (&& (== netstandard2.0) (< netstandard1.1))
      Microsoft.NETCore.Platforms (>= 1.1.1) - restriction: || (&& (== net35) (>= netstandard1.3)) (&& (== net35) (>= netstandard1.6)) (&& (== net40) (>= netstandard1.3)) (&& (== net40) (>= netstandard1.6)) (== netstandard1.3) (== netstandard2.0)
      Microsoft.Win32.Primitives (>= 4.3) - restriction: || (&& (== net35) (>= netstandard1.3)) (&& (== net40) (>= netstandard1.3)) (== netstandard1.3) (&& (== netstandard2.0) (< netstandard1.6))
      System.Collections (>= 4.3) - restriction: || (&& (== net35) (>= netstandard1.3)) (&& (== net35) (>= netstandard1.6)) (&& (== net40) (>= netstandard1.3)) (&& (== net40) (>= netstandard1.6)) (== netstandard1.3) (== netstandard2.0)
      System.Diagnostics.Debug (>= 4.3) - restriction: || (&& (== net35) (>= netstandard1.3)) (&& (== net35) (>= netstandard1.6)) (&& (== net40) (>= netstandard1.3)) (&& (== net40) (>= netstandard1.6)) (== netstandard1.3) (== netstandard2.0)
      System.Diagnostics.DiagnosticSource (>= 4.3) - restriction: || (&& (== net35) (>= netstandard1.3)) (&& (== net35) (>= netstandard1.6)) (&& (== net40) (>= netstandard1.3)) (&& (== net40) (>= netstandard1.6)) (== netstandard1.3) (== netstandard2.0)
      System.Diagnostics.Tracing (>= 4.3) - restriction: || (&& (== net35) (>= netstandard1.3)) (&& (== net35) (>= netstandard1.6)) (&& (== net40) (>= netstandard1.3)) (&& (== net40) (>= netstandard1.6)) (== netstandard1.3) (== netstandard2.0)
      System.Globalization (>= 4.3) - restriction: || (&& (== net35) (>= netstandard1.3)) (&& (== net35) (>= netstandard1.6)) (&& (== net40) (>= netstandard1.3)) (&& (== net40) (>= netstandard1.6)) (== netstandard1.3) (== netstandard2.0)
      System.IO (>= 4.3) - restriction: || (&& (== net35) (>= netstandard1.1)) (&& (== net35) (>= netstandard1.3)) (&& (== net35) (>= netstandard1.6)) (&& (== net40) (>= netstandard1.1)) (&& (== net40) (>= netstandard1.3)) (&& (== net40) (>= netstandard1.6)) (== netstandard1.3) (== netstandard2.0)
      System.IO.Compression (>= 4.3) - restriction: || (&& (== net35) (>= netstandard1.3)) (&& (== net40) (>= netstandard1.3)) (== netstandard1.3) (&& (== netstandard2.0) (< netstandard1.6))
      System.Net.Primitives (>= 4.3) - restriction: || (&& (== net35) (>= netstandard1.1)) (&& (== net35) (>= netstandard1.3)) (&& (== net35) (>= netstandard1.6)) (&& (== net40) (>= netstandard1.1)) (&& (== net40) (>= netstandard1.3)) (&& (== net40) (>= netstandard1.6)) (== netstandard1.3) (== netstandard2.0)
      System.Resources.ResourceManager (>= 4.3) - restriction: || (&& (== net35) (>= netstandard1.3)) (&& (== net35) (>= netstandard1.6)) (&& (== net40) (>= netstandard1.3)) (&& (== net40) (>= netstandard1.6)) (== netstandard1.3) (== netstandard2.0)
      System.Runtime (>= 4.3) - restriction: || (&& (== net35) (>= netstandard1.1)) (&& (== net35) (>= netstandard1.3)) (&& (== net35) (>= netstandard1.6)) (&& (== net40) (>= netstandard1.1)) (&& (== net40) (>= netstandard1.3)) (&& (== net40) (>= netstandard1.6)) (== netstandard1.3) (== netstandard2.0)
      System.Runtime.Extensions (>= 4.3) - restriction: || (&& (== net35) (>= netstandard1.3)) (&& (== net35) (>= netstandard1.6)) (&& (== net40) (>= netstandard1.3)) (&& (== net40) (>= netstandard1.6)) (== netstandard1.3) (== netstandard2.0)
      System.Runtime.Handles (>= 4.3) - restriction: || (&& (== net35) (>= netstandard1.3)) (&& (== net35) (>= netstandard1.6)) (&& (== net40) (>= netstandard1.3)) (&& (== net40) (>= netstandard1.6)) (== netstandard1.3) (== netstandard2.0)
      System.Runtime.InteropServices (>= 4.3) - restriction: || (&& (== net35) (>= netstandard1.3)) (&& (== net35) (>= netstandard1.6)) (&& (== net40) (>= netstandard1.3)) (&& (== net40) (>= netstandard1.6)) (== netstandard1.3) (== netstandard2.0)
      System.Security.Cryptography.Encoding (>= 4.3) - restriction: || (&& (== net35) (>= netstandard1.3)) (&& (== net35) (>= netstandard1.6)) (&& (== net40) (>= netstandard1.3)) (&& (== net40) (>= netstandard1.6)) (== netstandard1.3) (== netstandard2.0)
      System.Security.Cryptography.X509Certificates (>= 4.3) - restriction: || (&& (== net35) (>= net46)) (&& (== net35) (>= netstandard1.3)) (&& (== net35) (>= netstandard1.6)) (&& (== net40) (>= net46)) (&& (== net40) (>= netstandard1.3)) (&& (== net40) (>= netstandard1.6)) (&& (== net45) (>= net46)) (== netstandard1.3) (== netstandard2.0)
      System.Text.Encoding (>= 4.3) - restriction: || (&& (== net35) (>= netstandard1.1)) (&& (== net35) (>= netstandard1.3)) (&& (== net35) (>= netstandard1.6)) (&& (== net40) (>= netstandard1.1)) (&& (== net40) (>= netstandard1.3)) (&& (== net40) (>= netstandard1.6)) (== netstandard1.3) (== netstandard2.0)
      System.Threading (>= 4.3) - restriction: || (&& (== net35) (>= netstandard1.3)) (&& (== net35) (>= netstandard1.6)) (&& (== net40) (>= netstandard1.3)) (&& (== net40) (>= netstandard1.6)) (== netstandard1.3) (== netstandard2.0)
      System.Threading.Tasks (>= 4.3) - restriction: || (&& (== net35) (>= netstandard1.1)) (&& (== net35) (>= netstandard1.3)) (&& (== net35) (>= netstandard1.6)) (&& (== net40) (>= netstandard1.1)) (&& (== net40) (>= netstandard1.3)) (&& (== net40) (>= netstandard1.6)) (== netstandard1.3) (== netstandard2.0)
    System.Net.Primitives (4.3.1) - content: none, restriction: || (&& (== net35) (== netstandard2.0)) (&& (== net35) (< net20) (>= netstandard1.0)) (&& (== net35) (< net20) (>= netstandard1.1)) (&& (== net35) (< net20) (>= netstandard1.2)) (&& (== net35) (< net20) (>= netstandard1.3)) (&& (== net35) (< net20) (>= netstandard1.4)) (&& (== net35) (< net20) (>= netstandard1.5)) (&& (== net35) (< net20) (>= netstandard1.6)) (&& (== net35) (>= uap10.0)) (&& (== net40) (== netstandard2.0)) (&& (== net40) (< net20) (>= netstandard1.0)) (&& (== net40) (< net20) (>= netstandard1.1)) (&& (== net40) (< net20) (>= netstandard1.2)) (&& (== net40) (< net20) (>= netstandard1.3)) (&& (== net40) (< net20) (>= netstandard1.4)) (&& (== net40) (< net20) (>= netstandard1.5)) (&& (== net40) (< net20) (>= netstandard1.6)) (&& (== net40) (>= uap10.0)) (&& (== net45) (== netstandard2.0)) (&& (== net45) (< net20)) (&& (== net45) (>= uap10.0)) (== netstandard1.3) (&& (== netstandard2.0) (< netstandard1.1)) (&& (== netstandard2.0) (< portable-net45+win8+wpa81))
      Microsoft.NETCore.Platforms (>= 1.1.1) - restriction: || (&& (== net35) (>= netstandard1.0)) (&& (== net35) (>= netstandard1.1)) (&& (== net35) (>= netstandard1.3)) (&& (== net40) (>= netstandard1.0)) (&& (== net40) (>= netstandard1.1)) (&& (== net40) (>= netstandard1.3)) (&& (== net45) (< netstandard1.1)) (== netstandard1.3) (== netstandard2.0)
      Microsoft.NETCore.Targets (>= 1.1.3) - restriction: || (&& (== net35) (>= netstandard1.0)) (&& (== net35) (>= netstandard1.1)) (&& (== net35) (>= netstandard1.3)) (&& (== net40) (>= netstandard1.0)) (&& (== net40) (>= netstandard1.1)) (&& (== net40) (>= netstandard1.3)) (&& (== net45) (< netstandard1.1)) (== netstandard1.3) (== netstandard2.0)
      System.Runtime (>= 4.3.1) - restriction: || (&& (== net35) (>= netstandard1.0)) (&& (== net35) (>= netstandard1.1)) (&& (== net35) (>= netstandard1.3)) (&& (== net40) (>= netstandard1.0)) (&& (== net40) (>= netstandard1.1)) (&& (== net40) (>= netstandard1.3)) (&& (== net45) (< netstandard1.1)) (== netstandard1.3) (== netstandard2.0)
      System.Runtime.Handles (>= 4.3) - restriction: || (&& (== net35) (>= netstandard1.3)) (&& (== net40) (>= netstandard1.3)) (== netstandard1.3) (== netstandard2.0)
    System.Net.Sockets (4.3) - content: none, restriction: || (&& (== net35) (== netstandard2.0)) (&& (== net35) (< net20) (>= net46)) (&& (== net35) (< net20) (>= netstandard1.3)) (&& (== net35) (< net20) (>= netstandard1.4)) (&& (== net35) (< net20) (>= netstandard1.5)) (&& (== net35) (< net20) (>= netstandard1.6)) (&& (== net35) (>= uap10.0)) (&& (== net40) (== netstandard2.0)) (&& (== net40) (< net20) (>= net46)) (&& (== net40) (< net20) (>= netstandard1.3)) (&& (== net40) (< net20) (>= netstandard1.4)) (&& (== net40) (< net20) (>= netstandard1.5)) (&& (== net40) (< net20) (>= netstandard1.6)) (&& (== net40) (>= uap10.0)) (&& (== net45) (== netstandard2.0)) (&& (== net45) (< net20) (>= net46)) (&& (== net45) (< net20) (>= netstandard1.3)) (&& (== net45) (< net20) (>= netstandard1.4)) (&& (== net45) (< net20) (>= netstandard1.5)) (&& (== net45) (< net20) (>= netstandard1.6)) (&& (== net45) (>= uap10.0)) (== netstandard1.3) (&& (== netstandard2.0) (< netstandard1.1))
      Microsoft.NETCore.Platforms (>= 1.1) - restriction: || (&& (== net35) (>= netstandard1.3)) (&& (== net40) (>= netstandard1.3)) (&& (== net45) (>= netstandard1.3)) (== netstandard1.3) (== netstandard2.0)
      Microsoft.NETCore.Targets (>= 1.1) - restriction: || (&& (== net35) (>= netstandard1.3)) (&& (== net40) (>= netstandard1.3)) (&& (== net45) (>= netstandard1.3)) (== netstandard1.3) (== netstandard2.0)
      System.IO (>= 4.3) - restriction: || (&& (== net35) (>= netstandard1.3)) (&& (== net40) (>= netstandard1.3)) (&& (== net45) (>= netstandard1.3)) (== netstandard1.3) (== netstandard2.0)
      System.Net.Primitives (>= 4.3) - restriction: || (&& (== net35) (>= netstandard1.3)) (&& (== net40) (>= netstandard1.3)) (&& (== net45) (>= netstandard1.3)) (== netstandard1.3) (== netstandard2.0)
      System.Runtime (>= 4.3) - restriction: || (&& (== net35) (>= netstandard1.3)) (&& (== net40) (>= netstandard1.3)) (&& (== net45) (>= netstandard1.3)) (== netstandard1.3) (== netstandard2.0)
      System.Threading.Tasks (>= 4.3) - restriction: || (&& (== net35) (>= netstandard1.3)) (&& (== net40) (>= netstandard1.3)) (&& (== net45) (>= netstandard1.3)) (== netstandard1.3) (== netstandard2.0)
    System.ObjectModel (4.3) - content: none, restriction: || (&& (== net35) (== netstandard2.0)) (&& (== net35) (< net20) (>= netstandard1.0)) (&& (== net35) (< net20) (>= netstandard1.1)) (&& (== net35) (< net20) (>= netstandard1.2)) (&& (== net35) (< net20) (>= netstandard1.3)) (&& (== net35) (< net20) (>= netstandard1.4)) (&& (== net35) (< net20) (>= netstandard1.5)) (&& (== net35) (< net20) (>= netstandard1.6)) (&& (== net35) (>= uap10.0)) (&& (== net40) (== netstandard2.0)) (&& (== net40) (< net20) (>= netstandard1.0)) (&& (== net40) (< net20) (>= netstandard1.1)) (&& (== net40) (< net20) (>= netstandard1.2)) (&& (== net40) (< net20) (>= netstandard1.3)) (&& (== net40) (< net20) (>= netstandard1.4)) (&& (== net40) (< net20) (>= netstandard1.5)) (&& (== net40) (< net20) (>= netstandard1.6)) (&& (== net40) (>= uap10.0)) (&& (== net45) (== netstandard2.0)) (&& (== net45) (< net20)) (&& (== net45) (>= uap10.0)) (== netstandard1.3) (&& (== netstandard2.0) (< netstandard1.1)) (&& (== netstandard2.0) (< portable-net45+win8+wpa81))
      System.Collections (>= 4.3) - restriction: || (&& (== net35) (>= netstandard1.3)) (&& (== net40) (>= netstandard1.3)) (== netstandard1.3) (== netstandard2.0)
      System.Diagnostics.Debug (>= 4.3) - restriction: || (&& (== net35) (>= netstandard1.3)) (&& (== net40) (>= netstandard1.3)) (== netstandard1.3) (== netstandard2.0)
      System.Resources.ResourceManager (>= 4.3) - restriction: || (&& (== net35) (>= netstandard1.3)) (&& (== net40) (>= netstandard1.3)) (== netstandard1.3) (== netstandard2.0)
      System.Runtime (>= 4.3) - restriction: || (&& (== net35) (>= netstandard1.0)) (&& (== net35) (>= netstandard1.3)) (&& (== net40) (>= netstandard1.0)) (&& (== net40) (>= netstandard1.3)) (== netstandard1.3) (== netstandard2.0)
      System.Threading (>= 4.3) - restriction: || (&& (== net35) (>= netstandard1.3)) (&& (== net40) (>= netstandard1.3)) (== netstandard1.3) (== netstandard2.0)
    System.Reflection (4.3) - content: none, restriction: || (&& (== net35) (== netstandard2.0)) (&& (== net35) (< net20) (>= netstandard1.0)) (&& (== net35) (< net20) (>= netstandard1.1)) (&& (== net35) (< net20) (>= netstandard1.2)) (&& (== net35) (< net20) (>= netstandard1.3)) (&& (== net35) (< net20) (>= netstandard1.4)) (&& (== net35) (< net20) (>= netstandard1.5)) (&& (== net35) (< net20) (>= netstandard1.6)) (&& (== net35) (>= uap10.0)) (&& (== net40) (== netstandard2.0)) (&& (== net40) (< net20) (>= netstandard1.0)) (&& (== net40) (< net20) (>= netstandard1.1)) (&& (== net40) (< net20) (>= netstandard1.2)) (&& (== net40) (< net20) (>= netstandard1.3)) (&& (== net40) (< net20) (>= netstandard1.4)) (&& (== net40) (< net20) (>= netstandard1.5)) (&& (== net40) (< net20) (>= netstandard1.6)) (&& (== net40) (>= uap10.0)) (&& (== net45) (== netstandard2.0)) (&& (== net45) (< net20)) (&& (== net45) (>= uap10.0)) (== netstandard1.3) (&& (== netstandard2.0) (< netstandard1.1)) (&& (== netstandard2.0) (< portable-net45+win8+wpa81))
      Microsoft.NETCore.Platforms (>= 1.1) - restriction: || (&& (== net35) (>= netstandard1.0)) (&& (== net35) (>= netstandard1.3)) (&& (== net35) (>= netstandard1.5)) (&& (== net40) (>= netstandard1.0)) (&& (== net40) (>= netstandard1.3)) (&& (== net40) (>= netstandard1.5)) (== netstandard1.3) (== netstandard2.0)
      Microsoft.NETCore.Targets (>= 1.1) - restriction: || (&& (== net35) (>= netstandard1.0)) (&& (== net35) (>= netstandard1.3)) (&& (== net35) (>= netstandard1.5)) (&& (== net40) (>= netstandard1.0)) (&& (== net40) (>= netstandard1.3)) (&& (== net40) (>= netstandard1.5)) (== netstandard1.3) (== netstandard2.0)
      System.IO (>= 4.3) - restriction: || (&& (== net35) (>= netstandard1.0)) (&& (== net35) (>= netstandard1.3)) (&& (== net35) (>= netstandard1.5)) (&& (== net40) (>= netstandard1.0)) (&& (== net40) (>= netstandard1.3)) (&& (== net40) (>= netstandard1.5)) (== netstandard1.3) (== netstandard2.0)
      System.Reflection.Primitives (>= 4.3) - restriction: || (&& (== net35) (>= netstandard1.0)) (&& (== net35) (>= netstandard1.3)) (&& (== net35) (>= netstandard1.5)) (&& (== net40) (>= netstandard1.0)) (&& (== net40) (>= netstandard1.3)) (&& (== net40) (>= netstandard1.5)) (== netstandard1.3) (== netstandard2.0)
      System.Runtime (>= 4.3) - restriction: || (&& (== net35) (>= netstandard1.0)) (&& (== net35) (>= netstandard1.3)) (&& (== net35) (>= netstandard1.5)) (&& (== net40) (>= netstandard1.0)) (&& (== net40) (>= netstandard1.3)) (&& (== net40) (>= netstandard1.5)) (== netstandard1.3) (== netstandard2.0)
    System.Reflection.Extensions (4.3) - content: none, restriction: || (&& (== net35) (== netstandard2.0)) (&& (== net35) (< net20) (>= netstandard1.0)) (&& (== net35) (< net20) (>= netstandard1.1)) (&& (== net35) (< net20) (>= netstandard1.2)) (&& (== net35) (< net20) (>= netstandard1.3)) (&& (== net35) (< net20) (>= netstandard1.4)) (&& (== net35) (< net20) (>= netstandard1.5)) (&& (== net35) (< net20) (>= netstandard1.6)) (&& (== net35) (>= uap10.0)) (&& (== net40) (== netstandard2.0)) (&& (== net40) (< net20) (>= netstandard1.0)) (&& (== net40) (< net20) (>= netstandard1.1)) (&& (== net40) (< net20) (>= netstandard1.2)) (&& (== net40) (< net20) (>= netstandard1.3)) (&& (== net40) (< net20) (>= netstandard1.4)) (&& (== net40) (< net20) (>= netstandard1.5)) (&& (== net40) (< net20) (>= netstandard1.6)) (&& (== net40) (>= uap10.0)) (&& (== net45) (== netstandard2.0)) (&& (== net45) (< net20)) (&& (== net45) (>= uap10.0)) (== netstandard1.3) (&& (== netstandard2.0) (< netstandard1.1)) (&& (== netstandard2.0) (< portable-net45+win8+wpa81))
      Microsoft.NETCore.Platforms (>= 1.1) - restriction: || (&& (== net35) (>= netstandard1.0)) (&& (== net40) (>= netstandard1.0)) (== netstandard1.3) (== netstandard2.0)
      Microsoft.NETCore.Targets (>= 1.1) - restriction: || (&& (== net35) (>= netstandard1.0)) (&& (== net40) (>= netstandard1.0)) (== netstandard1.3) (== netstandard2.0)
      System.Reflection (>= 4.3) - restriction: || (&& (== net35) (>= netstandard1.0)) (&& (== net40) (>= netstandard1.0)) (== netstandard1.3) (== netstandard2.0)
      System.Runtime (>= 4.3) - restriction: || (&& (== net35) (>= netstandard1.0)) (&& (== net40) (>= netstandard1.0)) (== netstandard1.3) (== netstandard2.0)
    System.Reflection.Primitives (4.3) - content: none, restriction: || (&& (== net35) (== netstandard2.0)) (&& (== net35) (< net20) (>= netstandard1.0)) (&& (== net35) (< net20) (>= netstandard1.1)) (&& (== net35) (< net20) (>= netstandard1.2)) (&& (== net35) (< net20) (>= netstandard1.3)) (&& (== net35) (< net20) (>= netstandard1.4)) (&& (== net35) (< net20) (>= netstandard1.5)) (&& (== net35) (< net20) (>= netstandard1.6)) (&& (== net35) (>= uap10.0)) (&& (== net40) (== netstandard2.0)) (&& (== net40) (< net20) (>= netstandard1.0)) (&& (== net40) (< net20) (>= netstandard1.1)) (&& (== net40) (< net20) (>= netstandard1.2)) (&& (== net40) (< net20) (>= netstandard1.3)) (&& (== net40) (< net20) (>= netstandard1.4)) (&& (== net40) (< net20) (>= netstandard1.5)) (&& (== net40) (< net20) (>= netstandard1.6)) (&& (== net40) (>= uap10.0)) (&& (== net45) (== netstandard2.0)) (&& (== net45) (< net20)) (&& (== net45) (>= uap10.0)) (== netstandard1.3) (&& (== netstandard2.0) (< netstandard1.1)) (&& (== netstandard2.0) (< portable-net45+win8+wpa81))
      Microsoft.NETCore.Platforms (>= 1.1) - restriction: || (&& (== net35) (>= netstandard1.0)) (&& (== net40) (>= netstandard1.0)) (== netstandard1.3) (== netstandard2.0)
      Microsoft.NETCore.Targets (>= 1.1) - restriction: || (&& (== net35) (>= netstandard1.0)) (&& (== net40) (>= netstandard1.0)) (== netstandard1.3) (== netstandard2.0)
      System.Runtime (>= 4.3) - restriction: || (&& (== net35) (>= netstandard1.0)) (&& (== net40) (>= netstandard1.0)) (== netstandard1.3) (== netstandard2.0)
    System.Resources.ResourceManager (4.3) - content: none, restriction: || (&& (== net35) (== netstandard2.0)) (&& (== net35) (< net20) (>= netstandard1.0)) (&& (== net35) (< net20) (>= netstandard1.1)) (&& (== net35) (< net20) (>= netstandard1.2)) (&& (== net35) (< net20) (>= netstandard1.3)) (&& (== net35) (< net20) (>= netstandard1.4)) (&& (== net35) (< net20) (>= netstandard1.5)) (&& (== net35) (< net20) (>= netstandard1.6)) (&& (== net35) (>= uap10.0)) (&& (== net40) (== netstandard2.0)) (&& (== net40) (< net20) (>= netstandard1.0)) (&& (== net40) (< net20) (>= netstandard1.1)) (&& (== net40) (< net20) (>= netstandard1.2)) (&& (== net40) (< net20) (>= netstandard1.3)) (&& (== net40) (< net20) (>= netstandard1.4)) (&& (== net40) (< net20) (>= netstandard1.5)) (&& (== net40) (< net20) (>= netstandard1.6)) (&& (== net40) (>= uap10.0)) (&& (== net45) (== netstandard2.0)) (&& (== net45) (< net20)) (&& (== net45) (>= uap10.0)) (== netstandard1.3) (&& (== netstandard2.0) (< netstandard1.1)) (&& (== netstandard2.0) (< portable-net45+win8+wpa81))
      Microsoft.NETCore.Platforms (>= 1.1) - restriction: || (&& (== net35) (>= netstandard1.0)) (&& (== net40) (>= netstandard1.0)) (== netstandard1.3) (== netstandard2.0)
      Microsoft.NETCore.Targets (>= 1.1) - restriction: || (&& (== net35) (>= netstandard1.0)) (&& (== net40) (>= netstandard1.0)) (== netstandard1.3) (== netstandard2.0)
      System.Globalization (>= 4.3) - restriction: || (&& (== net35) (>= netstandard1.0)) (&& (== net40) (>= netstandard1.0)) (== netstandard1.3) (== netstandard2.0)
      System.Reflection (>= 4.3) - restriction: || (&& (== net35) (>= netstandard1.0)) (&& (== net40) (>= netstandard1.0)) (== netstandard1.3) (== netstandard2.0)
      System.Runtime (>= 4.3) - restriction: || (&& (== net35) (>= netstandard1.0)) (&& (== net40) (>= netstandard1.0)) (== netstandard1.3) (== netstandard2.0)
    System.Runtime (4.3.1) - content: none, restriction: || (&& (== net35) (== netstandard2.0)) (&& (== net35) (< net20) (>= netstandard1.0)) (&& (== net35) (< net20) (>= netstandard1.1)) (&& (== net35) (< net20) (>= netstandard1.2)) (&& (== net35) (< net20) (>= netstandard1.3)) (&& (== net35) (< net20) (>= netstandard1.4)) (&& (== net35) (< net20) (>= netstandard1.5)) (&& (== net35) (< net20) (>= netstandard1.6)) (&& (== net35) (>= uap10.0)) (&& (== net40) (== netstandard2.0)) (&& (== net40) (< net20) (>= netstandard1.0)) (&& (== net40) (< net20) (>= netstandard1.1)) (&& (== net40) (< net20) (>= netstandard1.2)) (&& (== net40) (< net20) (>= netstandard1.3)) (&& (== net40) (< net20) (>= netstandard1.4)) (&& (== net40) (< net20) (>= netstandard1.5)) (&& (== net40) (< net20) (>= netstandard1.6)) (&& (== net40) (>= uap10.0)) (&& (== net45) (== netstandard2.0)) (&& (== net45) (< net20)) (&& (== net45) (>= uap10.0)) (== netstandard1.3) (&& (== netstandard2.0) (< netstandard1.1)) (&& (== netstandard2.0) (< portable-net45+win8+wpa81))
      Microsoft.NETCore.Platforms (>= 1.1.1) - restriction: || (&& (== net35) (>= netstandard1.0)) (&& (== net35) (>= netstandard1.2)) (&& (== net35) (>= netstandard1.3)) (&& (== net35) (>= netstandard1.5)) (&& (== net40) (>= netstandard1.0)) (&& (== net40) (>= netstandard1.2)) (&& (== net40) (>= netstandard1.3)) (&& (== net40) (>= netstandard1.5)) (== netstandard1.3) (== netstandard2.0)
      Microsoft.NETCore.Targets (>= 1.1.3) - restriction: || (&& (== net35) (>= netstandard1.0)) (&& (== net35) (>= netstandard1.2)) (&& (== net35) (>= netstandard1.3)) (&& (== net35) (>= netstandard1.5)) (&& (== net40) (>= netstandard1.0)) (&& (== net40) (>= netstandard1.2)) (&& (== net40) (>= netstandard1.3)) (&& (== net40) (>= netstandard1.5)) (== netstandard1.3) (== netstandard2.0)
    System.Runtime.CompilerServices.Unsafe (4.6) - content: none, restriction: || (&& (== net35) (== netstandard2.0)) (&& (== net35) (< net20) (>= net46)) (&& (== net35) (< net20) (>= netstandard1.3)) (&& (== net35) (< net20) (>= netstandard1.4)) (&& (== net35) (< net20) (>= netstandard1.5)) (&& (== net35) (< net20) (>= netstandard1.6)) (&& (== net35) (< net20) (>= netstandard2.0)) (&& (== net35) (>= net46) (>= win8)) (&& (== net35) (>= net46) (>= wp8)) (&& (== net35) (>= net46) (>= wpa81)) (&& (== net35) (>= netstandard1.3) (>= win8)) (&& (== net35) (>= netstandard1.3) (>= wp8)) (&& (== net35) (>= netstandard1.3) (>= wpa81)) (&& (== net35) (>= netstandard1.4) (>= win8)) (&& (== net35) (>= netstandard1.4) (>= wp8)) (&& (== net35) (>= netstandard1.4) (>= wpa81)) (&& (== net35) (>= netstandard1.5) (>= win8)) (&& (== net35) (>= netstandard1.5) (>= wp8)) (&& (== net35) (>= netstandard1.5) (>= wpa81)) (&& (== net35) (>= netstandard1.6) (>= win8)) (&& (== net35) (>= netstandard1.6) (>= wp8)) (&& (== net35) (>= netstandard1.6) (>= wpa81)) (&& (== net35) (>= uap10.0)) (&& (== net40) (== netstandard2.0)) (&& (== net40) (< net20) (>= net46)) (&& (== net40) (< net20) (>= netstandard1.3)) (&& (== net40) (< net20) (>= netstandard1.4)) (&& (== net40) (< net20) (>= netstandard1.5)) (&& (== net40) (< net20) (>= netstandard1.6)) (&& (== net40) (< net20) (>= netstandard2.0)) (&& (== net40) (>= net46) (>= win8)) (&& (== net40) (>= net46) (>= wp8)) (&& (== net40) (>= net46) (>= wpa81)) (&& (== net40) (>= netstandard1.3) (>= win8)) (&& (== net40) (>= netstandard1.3) (>= wp8)) (&& (== net40) (>= netstandard1.3) (>= wpa81)) (&& (== net40) (>= netstandard1.4) (>= win8)) (&& (== net40) (>= netstandard1.4) (>= wp8)) (&& (== net40) (>= netstandard1.4) (>= wpa81)) (&& (== net40) (>= netstandard1.5) (>= win8)) (&& (== net40) (>= netstandard1.5) (>= wp8)) (&& (== net40) (>= netstandard1.5) (>= wpa81)) (&& (== net40) (>= netstandard1.6) (>= win8)) (&& (== net40) (>= netstandard1.6) (>= wp8)) (&& (== net40) (>= netstandard1.6) (>= wpa81)) (&& (== net40) (>= uap10.0)) (&& (== net45) (== netstandard2.0)) (&& (== net45) (< net20) (>= netstandard1.3)) (&& (== net45) (< net20) (>= netstandard2.0)) (&& (== net45) (< netstandard1.0) (>= netstandard1.3) (>= win8)) (&& (== net45) (>= netstandard1.3) (>= wp8)) (&& (== net45) (>= netstandard1.3) (>= wpa81)) (&& (== net45) (>= uap10.0)) (== netstandard1.3) (&& (== netstandard2.0) (< netstandard1.0)) (&& (== netstandard2.0) (< netstandard1.1)) (&& (== netstandard2.0) (< portable-net45+win8+wpa81)) (&& (== netstandard2.0) (>= wp8))
      System.Runtime (>= 4.3) - restriction: || (&& (== net35) (>= netstandard1.0)) (&& (== net40) (>= netstandard1.0)) (== netstandard1.3)
    System.Runtime.Extensions (4.3.1) - content: none, restriction: || (&& (== net35) (== netstandard2.0)) (&& (== net35) (< net20) (>= netstandard1.0)) (&& (== net35) (< net20) (>= netstandard1.1)) (&& (== net35) (< net20) (>= netstandard1.2)) (&& (== net35) (< net20) (>= netstandard1.3)) (&& (== net35) (< net20) (>= netstandard1.4)) (&& (== net35) (< net20) (>= netstandard1.5)) (&& (== net35) (< net20) (>= netstandard1.6)) (&& (== net35) (>= uap10.0)) (&& (== net40) (== netstandard2.0)) (&& (== net40) (< net20) (>= netstandard1.0)) (&& (== net40) (< net20) (>= netstandard1.1)) (&& (== net40) (< net20) (>= netstandard1.2)) (&& (== net40) (< net20) (>= netstandard1.3)) (&& (== net40) (< net20) (>= netstandard1.4)) (&& (== net40) (< net20) (>= netstandard1.5)) (&& (== net40) (< net20) (>= netstandard1.6)) (&& (== net40) (>= uap10.0)) (&& (== net45) (== netstandard2.0)) (&& (== net45) (< net20)) (&& (== net45) (>= uap10.0)) (== netstandard1.3) (&& (== netstandard2.0) (< netstandard1.1)) (&& (== netstandard2.0) (< portable-net45+win8+wpa81))
      Microsoft.NETCore.Platforms (>= 1.1.1) - restriction: || (&& (== net35) (>= netstandard1.0)) (&& (== net35) (>= netstandard1.3)) (&& (== net35) (>= netstandard1.5)) (&& (== net40) (>= netstandard1.0)) (&& (== net40) (>= netstandard1.3)) (&& (== net40) (>= netstandard1.5)) (== netstandard1.3) (== netstandard2.0)
      Microsoft.NETCore.Targets (>= 1.1.3) - restriction: || (&& (== net35) (>= netstandard1.0)) (&& (== net35) (>= netstandard1.3)) (&& (== net35) (>= netstandard1.5)) (&& (== net40) (>= netstandard1.0)) (&& (== net40) (>= netstandard1.3)) (&& (== net40) (>= netstandard1.5)) (== netstandard1.3) (== netstandard2.0)
      System.Runtime (>= 4.3.1) - restriction: || (&& (== net35) (>= netstandard1.0)) (&& (== net35) (>= netstandard1.3)) (&& (== net35) (>= netstandard1.5)) (&& (== net40) (>= netstandard1.0)) (&& (== net40) (>= netstandard1.3)) (&& (== net40) (>= netstandard1.5)) (== netstandard1.3) (== netstandard2.0)
    System.Runtime.Handles (4.3) - content: none, restriction: || (&& (== net35) (== netstandard2.0)) (&& (== net35) (< net20) (>= netstandard1.3)) (&& (== net35) (< net20) (>= netstandard1.4)) (&& (== net35) (< net20) (>= netstandard1.5)) (&& (== net35) (< net20) (>= netstandard1.6)) (&& (== net35) (>= uap10.0)) (&& (== net40) (== netstandard2.0)) (&& (== net40) (< net20) (>= netstandard1.3)) (&& (== net40) (< net20) (>= netstandard1.4)) (&& (== net40) (< net20) (>= netstandard1.5)) (&& (== net40) (< net20) (>= netstandard1.6)) (&& (== net40) (>= uap10.0)) (&& (== net45) (== netstandard2.0)) (&& (== net45) (< net20) (>= netstandard1.3)) (&& (== net45) (< net20) (>= netstandard1.4)) (&& (== net45) (< net20) (>= netstandard1.5)) (&& (== net45) (< net20) (>= netstandard1.6)) (&& (== net45) (>= uap10.0)) (== netstandard1.3) (&& (== netstandard2.0) (< netstandard1.1))
      Microsoft.NETCore.Platforms (>= 1.1) - restriction: || (&& (== net35) (>= netstandard1.3)) (&& (== net40) (>= netstandard1.3)) (&& (== net45) (>= netstandard1.3)) (== netstandard1.3) (== netstandard2.0)
      Microsoft.NETCore.Targets (>= 1.1) - restriction: || (&& (== net35) (>= netstandard1.3)) (&& (== net40) (>= netstandard1.3)) (&& (== net45) (>= netstandard1.3)) (== netstandard1.3) (== netstandard2.0)
      System.Runtime (>= 4.3) - restriction: || (&& (== net35) (>= netstandard1.3)) (&& (== net40) (>= netstandard1.3)) (&& (== net45) (>= netstandard1.3)) (== netstandard1.3) (== netstandard2.0)
    System.Runtime.InteropServices (4.3) - content: none, restriction: || (&& (== net35) (== netstandard2.0)) (&& (== net35) (< net20) (>= netstandard1.1)) (&& (== net35) (< net20) (>= netstandard1.2)) (&& (== net35) (< net20) (>= netstandard1.3)) (&& (== net35) (< net20) (>= netstandard1.4)) (&& (== net35) (< net20) (>= netstandard1.5)) (&& (== net35) (< net20) (>= netstandard1.6)) (&& (== net35) (>= uap10.0)) (&& (== net40) (== netstandard2.0)) (&& (== net40) (< net20) (>= netstandard1.1)) (&& (== net40) (< net20) (>= netstandard1.2)) (&& (== net40) (< net20) (>= netstandard1.3)) (&& (== net40) (< net20) (>= netstandard1.4)) (&& (== net40) (< net20) (>= netstandard1.5)) (&& (== net40) (< net20) (>= netstandard1.6)) (&& (== net40) (>= uap10.0)) (&& (== net45) (== netstandard2.0)) (&& (== net45) (< net20)) (&& (== net45) (>= uap10.0)) (== netstandard1.3) (&& (== netstandard2.0) (< netstandard1.1))
      Microsoft.NETCore.Platforms (>= 1.1) - restriction: || (&& (== net35) (>= netcoreapp1.1)) (&& (== net35) (>= netstandard1.1)) (&& (== net35) (>= netstandard1.2)) (&& (== net35) (>= netstandard1.3)) (&& (== net35) (>= netstandard1.5)) (&& (== net40) (>= netcoreapp1.1)) (&& (== net40) (>= netstandard1.1)) (&& (== net40) (>= netstandard1.2)) (&& (== net40) (>= netstandard1.3)) (&& (== net40) (>= netstandard1.5)) (&& (== net45) (>= netcoreapp1.1)) (== netstandard1.3) (== netstandard2.0)
      Microsoft.NETCore.Targets (>= 1.1) - restriction: || (&& (== net35) (>= netcoreapp1.1)) (&& (== net35) (>= netstandard1.1)) (&& (== net35) (>= netstandard1.2)) (&& (== net35) (>= netstandard1.3)) (&& (== net35) (>= netstandard1.5)) (&& (== net40) (>= netcoreapp1.1)) (&& (== net40) (>= netstandard1.1)) (&& (== net40) (>= netstandard1.2)) (&& (== net40) (>= netstandard1.3)) (&& (== net40) (>= netstandard1.5)) (&& (== net45) (>= netcoreapp1.1)) (== netstandard1.3) (== netstandard2.0)
      System.Reflection (>= 4.3) - restriction: || (&& (== net35) (>= netcoreapp1.1)) (&& (== net35) (>= netstandard1.1)) (&& (== net35) (>= netstandard1.2)) (&& (== net35) (>= netstandard1.3)) (&& (== net35) (>= netstandard1.5)) (&& (== net40) (>= netcoreapp1.1)) (&& (== net40) (>= netstandard1.1)) (&& (== net40) (>= netstandard1.2)) (&& (== net40) (>= netstandard1.3)) (&& (== net40) (>= netstandard1.5)) (&& (== net45) (>= netcoreapp1.1)) (== netstandard1.3) (== netstandard2.0)
      System.Reflection.Primitives (>= 4.3) - restriction: || (&& (== net35) (>= netcoreapp1.1)) (&& (== net35) (>= netstandard1.1)) (&& (== net35) (>= netstandard1.2)) (&& (== net35) (>= netstandard1.3)) (&& (== net35) (>= netstandard1.5)) (&& (== net40) (>= netcoreapp1.1)) (&& (== net40) (>= netstandard1.1)) (&& (== net40) (>= netstandard1.2)) (&& (== net40) (>= netstandard1.3)) (&& (== net40) (>= netstandard1.5)) (&& (== net45) (>= netcoreapp1.1)) (== netstandard1.3) (== netstandard2.0)
      System.Runtime (>= 4.3) - restriction: || (&& (== net35) (>= net462)) (&& (== net35) (>= netcoreapp1.1)) (&& (== net35) (>= netstandard1.1)) (&& (== net35) (>= netstandard1.2)) (&& (== net35) (>= netstandard1.3)) (&& (== net35) (>= netstandard1.5)) (&& (== net40) (>= net462)) (&& (== net40) (>= netcoreapp1.1)) (&& (== net40) (>= netstandard1.1)) (&& (== net40) (>= netstandard1.2)) (&& (== net40) (>= netstandard1.3)) (&& (== net40) (>= netstandard1.5)) (&& (== net45) (>= net462)) (&& (== net45) (>= netcoreapp1.1)) (== netstandard1.3) (== netstandard2.0)
      System.Runtime.Handles (>= 4.3) - restriction: || (&& (== net35) (>= netcoreapp1.1)) (&& (== net35) (>= netstandard1.3)) (&& (== net35) (>= netstandard1.5)) (&& (== net40) (>= netcoreapp1.1)) (&& (== net40) (>= netstandard1.3)) (&& (== net40) (>= netstandard1.5)) (&& (== net45) (>= netcoreapp1.1)) (== netstandard1.3) (== netstandard2.0)
    System.Runtime.InteropServices.RuntimeInformation (4.3) - content: none, restriction: || (&& (== net35) (== net45) (>= win8)) (&& (== net35) (== netstandard2.0)) (&& (== net35) (< net20) (>= net45)) (&& (== net35) (< net20) (>= net46)) (&& (== net35) (< net20) (>= netstandard1.0) (>= portable-net45+win8)) (&& (== net35) (< net20) (>= netstandard1.0) (>= portable-net45+win8+wpa81)) (&& (== net35) (< net20) (>= netstandard1.1)) (&& (== net35) (< net20) (>= netstandard1.2)) (&& (== net35) (< net20) (>= netstandard1.3)) (&& (== net35) (< net20) (>= netstandard1.4)) (&& (== net35) (< net20) (>= netstandard1.5)) (&& (== net35) (< net20) (>= netstandard1.6)) (&& (== net35) (>= netstandard1.0) (>= win8)) (&& (== net35) (>= netstandard1.1) (>= win8)) (&& (== net35) (>= uap10.0)) (&& (== net35) (>= wpa81)) (&& (== net40) (== net45) (>= win8)) (&& (== net40) (== netstandard2.0)) (&& (== net40) (< net20) (>= net45)) (&& (== net40) (< net20) (>= net46)) (&& (== net40) (< net20) (>= netstandard1.0) (>= portable-net45+win8)) (&& (== net40) (< net20) (>= netstandard1.0) (>= portable-net45+win8+wpa81)) (&& (== net40) (< net20) (>= netstandard1.1)) (&& (== net40) (< net20) (>= netstandard1.2)) (&& (== net40) (< net20) (>= netstandard1.3)) (&& (== net40) (< net20) (>= netstandard1.4)) (&& (== net40) (< net20) (>= netstandard1.5)) (&& (== net40) (< net20) (>= netstandard1.6)) (&& (== net40) (>= netstandard1.0) (>= win8)) (&& (== net40) (>= netstandard1.1) (>= win8)) (&& (== net40) (>= uap10.0)) (&& (== net40) (>= wpa81)) (&& (== net45) (== netstandard2.0)) (&& (== net45) (< net20)) (&& (== net45) (< netstandard1.0) (>= win8)) (&& (== net45) (>= uap10.0)) (&& (== net45) (>= wpa81)) (== netstandard1.3) (&& (== netstandard2.0) (< netstandard1.0)) (&& (== netstandard2.0) (< netstandard1.1))
      runtime.native.System (>= 4.3) - restriction: || (&& (== net35) (>= netstandard1.1)) (&& (== net40) (>= netstandard1.1)) (== netstandard1.3) (== netstandard2.0)
      System.Reflection (>= 4.3) - restriction: || (&& (== net35) (>= netstandard1.1)) (&& (== net40) (>= netstandard1.1)) (== netstandard1.3) (== netstandard2.0)
      System.Reflection.Extensions (>= 4.3) - restriction: || (&& (== net35) (>= netstandard1.1)) (&& (== net40) (>= netstandard1.1)) (== netstandard1.3) (== netstandard2.0)
      System.Resources.ResourceManager (>= 4.3) - restriction: || (&& (== net35) (>= netstandard1.1)) (&& (== net40) (>= netstandard1.1)) (== netstandard1.3) (== netstandard2.0)
      System.Runtime (>= 4.3) - restriction: || (&& (== net35) (>= netstandard1.1)) (&& (== net40) (>= netstandard1.1)) (== netstandard1.3) (== netstandard2.0)
      System.Runtime.InteropServices (>= 4.3) - restriction: || (&& (== net35) (>= netstandard1.1)) (&& (== net40) (>= netstandard1.1)) (== netstandard1.3) (== netstandard2.0)
      System.Threading (>= 4.3) - restriction: || (&& (== net35) (>= netstandard1.1)) (&& (== net40) (>= netstandard1.1)) (== netstandard1.3) (== netstandard2.0)
    System.Runtime.Numerics (4.3) - content: none, restriction: || (&& (== net35) (== netstandard2.0)) (&& (== net35) (< net20) (>= netstandard1.1)) (&& (== net35) (< net20) (>= netstandard1.2)) (&& (== net35) (< net20) (>= netstandard1.3)) (&& (== net35) (< net20) (>= netstandard1.4)) (&& (== net35) (< net20) (>= netstandard1.5)) (&& (== net35) (< net20) (>= netstandard1.6)) (&& (== net35) (>= uap10.0)) (&& (== net40) (== netstandard2.0)) (&& (== net40) (< net20) (>= netstandard1.1)) (&& (== net40) (< net20) (>= netstandard1.2)) (&& (== net40) (< net20) (>= netstandard1.3)) (&& (== net40) (< net20) (>= netstandard1.4)) (&& (== net40) (< net20) (>= netstandard1.5)) (&& (== net40) (< net20) (>= netstandard1.6)) (&& (== net40) (>= uap10.0)) (&& (== net45) (== netstandard2.0)) (&& (== net45) (< net20)) (&& (== net45) (>= uap10.0)) (== netstandard1.3) (&& (== netstandard2.0) (< netstandard1.1))
      System.Globalization (>= 4.3) - restriction: || (&& (== net35) (>= netstandard1.3)) (&& (== net40) (>= netstandard1.3)) (== netstandard1.3) (== netstandard2.0)
      System.Resources.ResourceManager (>= 4.3) - restriction: || (&& (== net35) (>= netstandard1.3)) (&& (== net40) (>= netstandard1.3)) (== netstandard1.3) (== netstandard2.0)
      System.Runtime (>= 4.3) - restriction: || (&& (== net35) (>= netstandard1.1)) (&& (== net35) (>= netstandard1.3)) (&& (== net40) (>= netstandard1.1)) (&& (== net40) (>= netstandard1.3)) (== netstandard1.3) (== netstandard2.0)
      System.Runtime.Extensions (>= 4.3) - restriction: || (&& (== net35) (>= netstandard1.3)) (&& (== net40) (>= netstandard1.3)) (== netstandard1.3) (== netstandard2.0)
    System.Security.Cryptography.Algorithms (4.3.1) - content: none, restriction: || (&& (== net35) (== netstandard2.0)) (&& (== net35) (< net20) (>= net46)) (&& (== net35) (< net20) (>= netstandard1.3)) (&& (== net35) (< net20) (>= netstandard1.4)) (&& (== net35) (< net20) (>= netstandard1.5)) (&& (== net35) (< net20) (>= netstandard1.6)) (&& (== net35) (>= uap10.0)) (&& (== net40) (== netstandard2.0)) (&& (== net40) (< net20) (>= net46)) (&& (== net40) (< net20) (>= netstandard1.3)) (&& (== net40) (< net20) (>= netstandard1.4)) (&& (== net40) (< net20) (>= netstandard1.5)) (&& (== net40) (< net20) (>= netstandard1.6)) (&& (== net40) (>= uap10.0)) (&& (== net45) (== netstandard2.0)) (&& (== net45) (< net20) (>= net46)) (&& (== net45) (< net20) (>= netstandard1.3)) (&& (== net45) (< net20) (>= netstandard1.4)) (&& (== net45) (< net20) (>= netstandard1.5)) (&& (== net45) (< net20) (>= netstandard1.6)) (&& (== net45) (>= uap10.0)) (== netstandard1.3) (&& (== netstandard2.0) (< netstandard1.1))
      System.IO (>= 4.3) - restriction: || (&& (== net35) (>= net463)) (&& (== net35) (>= netstandard1.3)) (&& (== net35) (>= netstandard1.4)) (&& (== net35) (>= netstandard1.6)) (&& (== net40) (>= net463)) (&& (== net40) (>= netstandard1.3)) (&& (== net40) (>= netstandard1.4)) (&& (== net40) (>= netstandard1.6)) (&& (== net45) (>= net463)) (&& (== net45) (>= netstandard1.3)) (&& (== net45) (>= netstandard1.4)) (&& (== net45) (>= netstandard1.6)) (== netstandard1.3) (== netstandard2.0)
      System.Runtime (>= 4.3) - restriction: || (&& (== net35) (>= net463)) (&& (== net35) (>= netstandard1.3)) (&& (== net35) (>= netstandard1.4)) (&& (== net35) (>= netstandard1.6)) (&& (== net40) (>= net463)) (&& (== net40) (>= netstandard1.3)) (&& (== net40) (>= netstandard1.4)) (&& (== net40) (>= netstandard1.6)) (&& (== net45) (>= net463)) (&& (== net45) (>= netstandard1.3)) (&& (== net45) (>= netstandard1.4)) (&& (== net45) (>= netstandard1.6)) (== netstandard1.3) (== netstandard2.0)
      System.Security.Cryptography.Primitives (>= 4.3) - restriction: || (&& (== net35) (>= net46)) (&& (== net35) (>= net461)) (&& (== net35) (>= net463)) (&& (== net35) (>= netstandard1.3)) (&& (== net35) (>= netstandard1.4)) (&& (== net35) (>= netstandard1.6)) (&& (== net40) (>= net46)) (&& (== net40) (>= net461)) (&& (== net40) (>= net463)) (&& (== net40) (>= netstandard1.3)) (&& (== net40) (>= netstandard1.4)) (&& (== net40) (>= netstandard1.6)) (&& (== net45) (>= net46)) (&& (== net45) (>= net461)) (&& (== net45) (>= net463)) (&& (== net45) (>= netstandard1.3)) (&& (== net45) (>= netstandard1.4)) (&& (== net45) (>= netstandard1.6)) (== netstandard1.3) (== netstandard2.0)
    System.Security.Cryptography.Encoding (4.3) - content: none, restriction: || (&& (== net35) (== netstandard2.0)) (&& (== net35) (< net20) (>= net46)) (&& (== net35) (< net20) (>= netstandard1.3)) (&& (== net35) (< net20) (>= netstandard1.4)) (&& (== net35) (< net20) (>= netstandard1.5)) (&& (== net35) (< net20) (>= netstandard1.6)) (&& (== net35) (>= uap10.0)) (&& (== net40) (== netstandard2.0)) (&& (== net40) (< net20) (>= net46)) (&& (== net40) (< net20) (>= netstandard1.3)) (&& (== net40) (< net20) (>= netstandard1.4)) (&& (== net40) (< net20) (>= netstandard1.5)) (&& (== net40) (< net20) (>= netstandard1.6)) (&& (== net40) (>= uap10.0)) (&& (== net45) (== netstandard2.0)) (&& (== net45) (< net20) (>= net46)) (&& (== net45) (< net20) (>= netstandard1.3)) (&& (== net45) (< net20) (>= netstandard1.4)) (&& (== net45) (< net20) (>= netstandard1.5)) (&& (== net45) (< net20) (>= netstandard1.6)) (&& (== net45) (>= uap10.0)) (== netstandard1.3) (&& (== netstandard2.0) (< netstandard1.1))
      Microsoft.NETCore.Platforms (>= 1.1) - restriction: || (&& (== net35) (>= netstandard1.3)) (&& (== net40) (>= netstandard1.3)) (&& (== net45) (>= netstandard1.3)) (== netstandard1.3) (== netstandard2.0)
      runtime.native.System.Security.Cryptography.OpenSsl (>= 4.3) - restriction: || (&& (== net35) (>= netstandard1.3)) (&& (== net40) (>= netstandard1.3)) (&& (== net45) (>= netstandard1.3)) (== netstandard1.3) (== netstandard2.0)
      System.Collections (>= 4.3) - restriction: || (&& (== net35) (>= netstandard1.3)) (&& (== net40) (>= netstandard1.3)) (&& (== net45) (>= netstandard1.3)) (== netstandard1.3) (== netstandard2.0)
      System.Collections.Concurrent (>= 4.3) - restriction: || (&& (== net35) (>= netstandard1.3)) (&& (== net40) (>= netstandard1.3)) (&& (== net45) (>= netstandard1.3)) (== netstandard1.3) (== netstandard2.0)
      System.Linq (>= 4.3) - restriction: || (&& (== net35) (>= netstandard1.3)) (&& (== net40) (>= netstandard1.3)) (&& (== net45) (>= netstandard1.3)) (== netstandard1.3) (== netstandard2.0)
      System.Resources.ResourceManager (>= 4.3) - restriction: || (&& (== net35) (>= netstandard1.3)) (&& (== net40) (>= netstandard1.3)) (&& (== net45) (>= netstandard1.3)) (== netstandard1.3) (== netstandard2.0)
      System.Runtime (>= 4.3) - restriction: || (&& (== net35) (>= netstandard1.3)) (&& (== net40) (>= netstandard1.3)) (&& (== net45) (>= netstandard1.3)) (== netstandard1.3) (== netstandard2.0)
      System.Runtime.Extensions (>= 4.3) - restriction: || (&& (== net35) (>= netstandard1.3)) (&& (== net40) (>= netstandard1.3)) (&& (== net45) (>= netstandard1.3)) (== netstandard1.3) (== netstandard2.0)
      System.Runtime.Handles (>= 4.3) - restriction: || (&& (== net35) (>= netstandard1.3)) (&& (== net40) (>= netstandard1.3)) (&& (== net45) (>= netstandard1.3)) (== netstandard1.3) (== netstandard2.0)
      System.Runtime.InteropServices (>= 4.3) - restriction: || (&& (== net35) (>= netstandard1.3)) (&& (== net40) (>= netstandard1.3)) (&& (== net45) (>= netstandard1.3)) (== netstandard1.3) (== netstandard2.0)
      System.Security.Cryptography.Primitives (>= 4.3) - restriction: || (&& (== net35) (>= netstandard1.3)) (&& (== net40) (>= netstandard1.3)) (&& (== net45) (>= netstandard1.3)) (== netstandard1.3) (== netstandard2.0)
      System.Text.Encoding (>= 4.3) - restriction: || (&& (== net35) (>= netstandard1.3)) (&& (== net40) (>= netstandard1.3)) (&& (== net45) (>= netstandard1.3)) (== netstandard1.3) (== netstandard2.0)
    System.Security.Cryptography.Primitives (4.3) - content: none, restriction: || (&& (== net35) (== netstandard2.0)) (&& (== net35) (< net20) (>= net46)) (&& (== net35) (< net20) (>= netstandard1.3)) (&& (== net35) (< net20) (>= netstandard1.4)) (&& (== net35) (< net20) (>= netstandard1.5)) (&& (== net35) (< net20) (>= netstandard1.6)) (&& (== net35) (>= uap10.0)) (&& (== net40) (== netstandard2.0)) (&& (== net40) (< net20) (>= net46)) (&& (== net40) (< net20) (>= netstandard1.3)) (&& (== net40) (< net20) (>= netstandard1.4)) (&& (== net40) (< net20) (>= netstandard1.5)) (&& (== net40) (< net20) (>= netstandard1.6)) (&& (== net40) (>= uap10.0)) (&& (== net45) (== netstandard2.0)) (&& (== net45) (< net20) (>= net46)) (&& (== net45) (< net20) (>= netstandard1.3)) (&& (== net45) (< net20) (>= netstandard1.4)) (&& (== net45) (< net20) (>= netstandard1.5)) (&& (== net45) (< net20) (>= netstandard1.6)) (&& (== net45) (>= uap10.0)) (== netstandard1.3) (&& (== netstandard2.0) (< netstandard1.1))
      System.Diagnostics.Debug (>= 4.3) - restriction: || (&& (== net35) (>= netstandard1.3)) (&& (== net40) (>= netstandard1.3)) (&& (== net45) (>= netstandard1.3)) (== netstandard1.3) (== netstandard2.0)
      System.Globalization (>= 4.3) - restriction: || (&& (== net35) (>= netstandard1.3)) (&& (== net40) (>= netstandard1.3)) (&& (== net45) (>= netstandard1.3)) (== netstandard1.3) (== netstandard2.0)
      System.IO (>= 4.3) - restriction: || (&& (== net35) (>= netstandard1.3)) (&& (== net40) (>= netstandard1.3)) (&& (== net45) (>= netstandard1.3)) (== netstandard1.3) (== netstandard2.0)
      System.Resources.ResourceManager (>= 4.3) - restriction: || (&& (== net35) (>= netstandard1.3)) (&& (== net40) (>= netstandard1.3)) (&& (== net45) (>= netstandard1.3)) (== netstandard1.3) (== netstandard2.0)
      System.Runtime (>= 4.3) - restriction: || (&& (== net35) (>= netstandard1.3)) (&& (== net40) (>= netstandard1.3)) (&& (== net45) (>= netstandard1.3)) (== netstandard1.3) (== netstandard2.0)
      System.Threading (>= 4.3) - restriction: || (&& (== net35) (>= netstandard1.3)) (&& (== net40) (>= netstandard1.3)) (&& (== net45) (>= netstandard1.3)) (== netstandard1.3) (== netstandard2.0)
      System.Threading.Tasks (>= 4.3) - restriction: || (&& (== net35) (>= netstandard1.3)) (&& (== net40) (>= netstandard1.3)) (&& (== net45) (>= netstandard1.3)) (== netstandard1.3) (== netstandard2.0)
    System.Security.Cryptography.X509Certificates (4.3.2) - content: none, restriction: || (&& (== net35) (== netstandard2.0)) (&& (== net35) (< net20) (>= net46)) (&& (== net35) (< net20) (>= netstandard1.3)) (&& (== net35) (< net20) (>= netstandard1.4)) (&& (== net35) (< net20) (>= netstandard1.5)) (&& (== net35) (< net20) (>= netstandard1.6)) (&& (== net35) (>= uap10.0)) (&& (== net40) (== netstandard2.0)) (&& (== net40) (< net20) (>= net46)) (&& (== net40) (< net20) (>= netstandard1.3)) (&& (== net40) (< net20) (>= netstandard1.4)) (&& (== net40) (< net20) (>= netstandard1.5)) (&& (== net40) (< net20) (>= netstandard1.6)) (&& (== net40) (>= uap10.0)) (&& (== net45) (== netstandard2.0)) (&& (== net45) (< net20) (>= net46)) (&& (== net45) (< net20) (>= netstandard1.3)) (&& (== net45) (< net20) (>= netstandard1.4)) (&& (== net45) (< net20) (>= netstandard1.5)) (&& (== net45) (< net20) (>= netstandard1.6)) (&& (== net45) (>= uap10.0)) (== netstandard1.3) (&& (== netstandard2.0) (< netstandard1.1))
      System.Runtime (>= 4.3) - restriction: || (&& (== net35) (>= netstandard1.3)) (&& (== net35) (>= netstandard1.4)) (&& (== net35) (>= netstandard1.6)) (&& (== net40) (>= netstandard1.3)) (&& (== net40) (>= netstandard1.4)) (&& (== net40) (>= netstandard1.6)) (&& (== net45) (>= netstandard1.3)) (&& (== net45) (>= netstandard1.4)) (&& (== net45) (>= netstandard1.6)) (== netstandard1.3) (== netstandard2.0)
      System.Runtime.Handles (>= 4.3) - restriction: || (&& (== net35) (>= netstandard1.3)) (&& (== net35) (>= netstandard1.4)) (&& (== net35) (>= netstandard1.6)) (&& (== net40) (>= netstandard1.3)) (&& (== net40) (>= netstandard1.4)) (&& (== net40) (>= netstandard1.6)) (&& (== net45) (>= netstandard1.3)) (&& (== net45) (>= netstandard1.4)) (&& (== net45) (>= netstandard1.6)) (== netstandard1.3) (== netstandard2.0)
      System.Security.Cryptography.Algorithms (>= 4.3) - restriction: || (&& (== net35) (>= net46)) (&& (== net35) (>= net461)) (&& (== net35) (>= netstandard1.3)) (&& (== net35) (>= netstandard1.4)) (&& (== net35) (>= netstandard1.6)) (&& (== net40) (>= net46)) (&& (== net40) (>= net461)) (&& (== net40) (>= netstandard1.3)) (&& (== net40) (>= netstandard1.4)) (&& (== net40) (>= netstandard1.6)) (&& (== net45) (>= net46)) (&& (== net45) (>= net461)) (&& (== net45) (>= netstandard1.3)) (&& (== net45) (>= netstandard1.4)) (&& (== net45) (>= netstandard1.6)) (== netstandard1.3) (== netstandard2.0)
      System.Security.Cryptography.Encoding (>= 4.3) - restriction: || (&& (== net35) (>= net46)) (&& (== net35) (>= net461)) (&& (== net35) (>= netstandard1.3)) (&& (== net35) (>= netstandard1.4)) (&& (== net35) (>= netstandard1.6)) (&& (== net40) (>= net46)) (&& (== net40) (>= net461)) (&& (== net40) (>= netstandard1.3)) (&& (== net40) (>= netstandard1.4)) (&& (== net40) (>= netstandard1.6)) (&& (== net45) (>= net46)) (&& (== net45) (>= net461)) (&& (== net45) (>= netstandard1.3)) (&& (== net45) (>= netstandard1.4)) (&& (== net45) (>= netstandard1.6)) (== netstandard1.3) (== netstandard2.0)
    System.Text.Encoding (4.3) - content: none, restriction: || (&& (== net35) (== netstandard2.0)) (&& (== net35) (< net20) (>= netstandard1.0)) (&& (== net35) (< net20) (>= netstandard1.1)) (&& (== net35) (< net20) (>= netstandard1.2)) (&& (== net35) (< net20) (>= netstandard1.3)) (&& (== net35) (< net20) (>= netstandard1.4)) (&& (== net35) (< net20) (>= netstandard1.5)) (&& (== net35) (< net20) (>= netstandard1.6)) (&& (== net35) (>= uap10.0)) (&& (== net40) (== netstandard2.0)) (&& (== net40) (< net20) (>= netstandard1.0)) (&& (== net40) (< net20) (>= netstandard1.1)) (&& (== net40) (< net20) (>= netstandard1.2)) (&& (== net40) (< net20) (>= netstandard1.3)) (&& (== net40) (< net20) (>= netstandard1.4)) (&& (== net40) (< net20) (>= netstandard1.5)) (&& (== net40) (< net20) (>= netstandard1.6)) (&& (== net40) (>= uap10.0)) (&& (== net45) (== netstandard2.0)) (&& (== net45) (< net20)) (&& (== net45) (>= uap10.0)) (== netstandard1.3) (&& (== netstandard2.0) (< netstandard1.1)) (&& (== netstandard2.0) (< portable-net45+win8+wpa81))
      Microsoft.NETCore.Platforms (>= 1.1) - restriction: || (&& (== net35) (>= netstandard1.0)) (&& (== net35) (>= netstandard1.3)) (&& (== net40) (>= netstandard1.0)) (&& (== net40) (>= netstandard1.3)) (== netstandard1.3) (== netstandard2.0)
      Microsoft.NETCore.Targets (>= 1.1) - restriction: || (&& (== net35) (>= netstandard1.0)) (&& (== net35) (>= netstandard1.3)) (&& (== net40) (>= netstandard1.0)) (&& (== net40) (>= netstandard1.3)) (== netstandard1.3) (== netstandard2.0)
      System.Runtime (>= 4.3) - restriction: || (&& (== net35) (>= netstandard1.0)) (&& (== net35) (>= netstandard1.3)) (&& (== net40) (>= netstandard1.0)) (&& (== net40) (>= netstandard1.3)) (== netstandard1.3) (== netstandard2.0)
    System.Text.Encoding.Extensions (4.3) - content: none, restriction: || (&& (== net35) (== netstandard2.0)) (&& (== net35) (< net20) (>= netstandard1.0)) (&& (== net35) (< net20) (>= netstandard1.1)) (&& (== net35) (< net20) (>= netstandard1.2)) (&& (== net35) (< net20) (>= netstandard1.3)) (&& (== net35) (< net20) (>= netstandard1.4)) (&& (== net35) (< net20) (>= netstandard1.5)) (&& (== net35) (< net20) (>= netstandard1.6)) (&& (== net35) (>= uap10.0)) (&& (== net40) (== netstandard2.0)) (&& (== net40) (< net20) (>= netstandard1.0)) (&& (== net40) (< net20) (>= netstandard1.1)) (&& (== net40) (< net20) (>= netstandard1.2)) (&& (== net40) (< net20) (>= netstandard1.3)) (&& (== net40) (< net20) (>= netstandard1.4)) (&& (== net40) (< net20) (>= netstandard1.5)) (&& (== net40) (< net20) (>= netstandard1.6)) (&& (== net40) (>= uap10.0)) (&& (== net45) (== netstandard2.0)) (&& (== net45) (< net20)) (&& (== net45) (>= uap10.0)) (== netstandard1.3) (&& (== netstandard2.0) (< netstandard1.1)) (&& (== netstandard2.0) (< portable-net45+win8+wpa81))
      Microsoft.NETCore.Platforms (>= 1.1) - restriction: || (&& (== net35) (>= netstandard1.0)) (&& (== net35) (>= netstandard1.3)) (&& (== net40) (>= netstandard1.0)) (&& (== net40) (>= netstandard1.3)) (== netstandard1.3) (== netstandard2.0)
      Microsoft.NETCore.Targets (>= 1.1) - restriction: || (&& (== net35) (>= netstandard1.0)) (&& (== net35) (>= netstandard1.3)) (&& (== net40) (>= netstandard1.0)) (&& (== net40) (>= netstandard1.3)) (== netstandard1.3) (== netstandard2.0)
      System.Runtime (>= 4.3) - restriction: || (&& (== net35) (>= netstandard1.0)) (&& (== net35) (>= netstandard1.3)) (&& (== net40) (>= netstandard1.0)) (&& (== net40) (>= netstandard1.3)) (== netstandard1.3) (== netstandard2.0)
      System.Text.Encoding (>= 4.3) - restriction: || (&& (== net35) (>= netstandard1.0)) (&& (== net35) (>= netstandard1.3)) (&& (== net40) (>= netstandard1.0)) (&& (== net40) (>= netstandard1.3)) (== netstandard1.3) (== netstandard2.0)
    System.Text.RegularExpressions (4.3.1) - content: none, restriction: || (&& (== net35) (== netstandard2.0)) (&& (== net35) (< net20) (>= netstandard1.0)) (&& (== net35) (< net20) (>= netstandard1.1)) (&& (== net35) (< net20) (>= netstandard1.2)) (&& (== net35) (< net20) (>= netstandard1.3)) (&& (== net35) (< net20) (>= netstandard1.4)) (&& (== net35) (< net20) (>= netstandard1.5)) (&& (== net35) (< net20) (>= netstandard1.6)) (&& (== net35) (>= uap10.0)) (&& (== net40) (== netstandard2.0)) (&& (== net40) (< net20) (>= netstandard1.0)) (&& (== net40) (< net20) (>= netstandard1.1)) (&& (== net40) (< net20) (>= netstandard1.2)) (&& (== net40) (< net20) (>= netstandard1.3)) (&& (== net40) (< net20) (>= netstandard1.4)) (&& (== net40) (< net20) (>= netstandard1.5)) (&& (== net40) (< net20) (>= netstandard1.6)) (&& (== net40) (>= uap10.0)) (&& (== net45) (== netstandard2.0)) (&& (== net45) (< net20)) (&& (== net45) (>= uap10.0)) (== netstandard1.3) (&& (== netstandard2.0) (< netstandard1.1)) (&& (== netstandard2.0) (< portable-net45+win8+wpa81))
      System.Runtime (>= 4.3.1) - restriction: || (&& (== net35) (>= netcoreapp1.1)) (&& (== net35) (>= netstandard1.0)) (&& (== net35) (>= netstandard1.3)) (&& (== net35) (>= netstandard1.6)) (&& (== net40) (>= netcoreapp1.1)) (&& (== net40) (>= netstandard1.0)) (&& (== net40) (>= netstandard1.3)) (&& (== net40) (>= netstandard1.6)) (&& (== net45) (>= netcoreapp1.1)) (== netstandard1.3) (== netstandard2.0)
    System.Threading (4.3) - content: none, restriction: || (&& (== net35) (== netstandard2.0)) (&& (== net35) (< net20) (>= netstandard1.0)) (&& (== net35) (< net20) (>= netstandard1.1)) (&& (== net35) (< net20) (>= netstandard1.2)) (&& (== net35) (< net20) (>= netstandard1.3)) (&& (== net35) (< net20) (>= netstandard1.4)) (&& (== net35) (< net20) (>= netstandard1.5)) (&& (== net35) (< net20) (>= netstandard1.6)) (&& (== net35) (>= uap10.0)) (&& (== net40) (== netstandard2.0)) (&& (== net40) (< net20) (>= netstandard1.0)) (&& (== net40) (< net20) (>= netstandard1.1)) (&& (== net40) (< net20) (>= netstandard1.2)) (&& (== net40) (< net20) (>= netstandard1.3)) (&& (== net40) (< net20) (>= netstandard1.4)) (&& (== net40) (< net20) (>= netstandard1.5)) (&& (== net40) (< net20) (>= netstandard1.6)) (&& (== net40) (>= uap10.0)) (&& (== net45) (== netstandard2.0)) (&& (== net45) (< net20)) (&& (== net45) (>= uap10.0)) (== netstandard1.3) (&& (== netstandard2.0) (< netstandard1.1)) (&& (== netstandard2.0) (< portable-net45+win8+wpa81))
      System.Runtime (>= 4.3) - restriction: || (&& (== net35) (>= netstandard1.0)) (&& (== net35) (>= netstandard1.3)) (&& (== net40) (>= netstandard1.0)) (&& (== net40) (>= netstandard1.3)) (== netstandard1.3) (== netstandard2.0)
      System.Threading.Tasks (>= 4.3) - restriction: || (&& (== net35) (>= netstandard1.0)) (&& (== net35) (>= netstandard1.3)) (&& (== net40) (>= netstandard1.0)) (&& (== net40) (>= netstandard1.3)) (== netstandard1.3) (== netstandard2.0)
    System.Threading.Tasks (4.3) - content: none, restriction: || (&& (== net35) (== netstandard2.0)) (&& (== net35) (< net20) (>= netstandard1.0)) (&& (== net35) (< net20) (>= netstandard1.1)) (&& (== net35) (< net20) (>= netstandard1.2)) (&& (== net35) (< net20) (>= netstandard1.3)) (&& (== net35) (< net20) (>= netstandard1.4)) (&& (== net35) (< net20) (>= netstandard1.5)) (&& (== net35) (< net20) (>= netstandard1.6)) (&& (== net35) (>= uap10.0)) (&& (== net40) (== netstandard2.0)) (&& (== net40) (< net20) (>= netstandard1.0)) (&& (== net40) (< net20) (>= netstandard1.1)) (&& (== net40) (< net20) (>= netstandard1.2)) (&& (== net40) (< net20) (>= netstandard1.3)) (&& (== net40) (< net20) (>= netstandard1.4)) (&& (== net40) (< net20) (>= netstandard1.5)) (&& (== net40) (< net20) (>= netstandard1.6)) (&& (== net40) (>= uap10.0)) (&& (== net45) (== netstandard2.0)) (&& (== net45) (< net20)) (&& (== net45) (>= uap10.0)) (== netstandard1.3) (&& (== netstandard2.0) (< netstandard1.1)) (&& (== netstandard2.0) (< portable-net45+win8+wpa81))
      Microsoft.NETCore.Platforms (>= 1.1) - restriction: || (&& (== net35) (>= netstandard1.0)) (&& (== net35) (>= netstandard1.3)) (&& (== net40) (>= netstandard1.0)) (&& (== net40) (>= netstandard1.3)) (== netstandard1.3) (== netstandard2.0)
      Microsoft.NETCore.Targets (>= 1.1) - restriction: || (&& (== net35) (>= netstandard1.0)) (&& (== net35) (>= netstandard1.3)) (&& (== net40) (>= netstandard1.0)) (&& (== net40) (>= netstandard1.3)) (== netstandard1.3) (== netstandard2.0)
      System.Runtime (>= 4.3) - restriction: || (&& (== net35) (>= netstandard1.0)) (&& (== net35) (>= netstandard1.3)) (&& (== net40) (>= netstandard1.0)) (&& (== net40) (>= netstandard1.3)) (== netstandard1.3) (== netstandard2.0)
    System.Threading.Tasks.Extensions (4.5.3) - content: none, restriction: || (&& (== net35) (== netstandard2.0)) (&& (== net35) (< net20) (>= net46)) (&& (== net35) (< net20) (>= netstandard1.3)) (&& (== net35) (< net20) (>= netstandard1.4)) (&& (== net35) (< net20) (>= netstandard1.5)) (&& (== net35) (< net20) (>= netstandard1.6)) (&& (== net35) (>= uap10.0)) (&& (== net40) (== netstandard2.0)) (&& (== net40) (< net20) (>= net46)) (&& (== net40) (< net20) (>= netstandard1.3)) (&& (== net40) (< net20) (>= netstandard1.4)) (&& (== net40) (< net20) (>= netstandard1.5)) (&& (== net40) (< net20) (>= netstandard1.6)) (&& (== net40) (>= uap10.0)) (&& (== net45) (== netstandard2.0)) (&& (== net45) (< net20) (>= netstandard1.3)) (&& (== net45) (>= uap10.0)) (== netstandard1.3) (&& (== netstandard2.0) (< netstandard1.1)) (&& (== netstandard2.0) (< portable-net45+win8+wpa81))
      System.Collections (>= 4.3) - restriction: || (&& (== net35) (>= netstandard1.0)) (&& (== net40) (>= netstandard1.0)) (== netstandard1.3)
      System.Runtime (>= 4.3) - restriction: || (&& (== net35) (>= netstandard1.0)) (&& (== net40) (>= netstandard1.0)) (== netstandard1.3)
      System.Runtime.CompilerServices.Unsafe (>= 4.5.2) - restriction: || (&& (== net35) (>= net45)) (&& (== net35) (>= netstandard1.0)) (&& (== net35) (>= netstandard2.0)) (&& (== net35) (>= portable-net45+win8+wp8+wpa81)) (&& (== net35) (>= win8)) (&& (== net35) (>= wp8)) (&& (== net35) (>= wpa81)) (&& (== net40) (>= net45)) (&& (== net40) (>= netstandard1.0)) (&& (== net40) (>= netstandard2.0)) (&& (== net40) (>= portable-net45+win8+wp8+wpa81)) (&& (== net40) (>= win8)) (&& (== net40) (>= wp8)) (&& (== net40) (>= wpa81)) (== net45) (== netstandard1.3) (== netstandard2.0)
      System.Threading.Tasks (>= 4.3) - restriction: || (&& (== net35) (>= netstandard1.0)) (&& (== net40) (>= netstandard1.0)) (== netstandard1.3)
    System.Threading.Tasks.Unofficial (3.1) - restriction: || (== net35) (&& (== net40) (== netstandard1.3)) (&& (== net40) (== netstandard2.0)) (&& (== net45) (== netstandard1.3) (< netstandard1.0)) (&& (== net45) (== netstandard2.0) (< netstandard1.0)) (&& (== net45) (< net40) (< netstandard1.0)) (&& (== netstandard1.3) (>= net35) (< netstandard1.0)) (&& (== netstandard2.0) (>= net35) (< netstandard1.0))
    System.Threading.Timer (4.3) - content: none, restriction: || (&& (== net35) (== netstandard2.0)) (&& (== net35) (< net20) (>= netstandard1.2)) (&& (== net35) (< net20) (>= netstandard1.3)) (&& (== net35) (< net20) (>= netstandard1.4)) (&& (== net35) (< net20) (>= netstandard1.5)) (&& (== net35) (< net20) (>= netstandard1.6)) (&& (== net35) (>= uap10.0)) (&& (== net40) (== netstandard2.0)) (&& (== net40) (< net20) (>= netstandard1.2)) (&& (== net40) (< net20) (>= netstandard1.3)) (&& (== net40) (< net20) (>= netstandard1.4)) (&& (== net40) (< net20) (>= netstandard1.5)) (&& (== net40) (< net20) (>= netstandard1.6)) (&& (== net40) (>= uap10.0)) (&& (== net45) (== netstandard2.0)) (&& (== net45) (< net20) (>= netstandard1.2)) (&& (== net45) (< net20) (>= netstandard1.3)) (&& (== net45) (< net20) (>= netstandard1.4)) (&& (== net45) (< net20) (>= netstandard1.5)) (&& (== net45) (< net20) (>= netstandard1.6)) (&& (== net45) (>= uap10.0)) (== netstandard1.3) (&& (== netstandard2.0) (< netstandard1.1))
      Microsoft.NETCore.Platforms (>= 1.1) - restriction: || (&& (== net35) (>= netstandard1.2)) (&& (== net40) (>= netstandard1.2)) (&& (== net45) (>= netstandard1.2)) (== netstandard1.3) (== netstandard2.0)
      Microsoft.NETCore.Targets (>= 1.1) - restriction: || (&& (== net35) (>= netstandard1.2)) (&& (== net40) (>= netstandard1.2)) (&& (== net45) (>= netstandard1.2)) (== netstandard1.3) (== netstandard2.0)
      System.Runtime (>= 4.3) - restriction: || (&& (== net35) (>= netstandard1.2)) (&& (== net40) (>= netstandard1.2)) (&& (== net45) (>= netstandard1.2)) (== netstandard1.3) (== netstandard2.0)
    System.Xml.ReaderWriter (4.3.1) - content: none, restriction: || (&& (== net35) (== netstandard2.0)) (&& (== net35) (< net20) (>= net46)) (&& (== net35) (< net20) (>= netstandard1.0)) (&& (== net35) (< net20) (>= netstandard1.1)) (&& (== net35) (< net20) (>= netstandard1.2)) (&& (== net35) (< net20) (>= netstandard1.3)) (&& (== net35) (< net20) (>= netstandard1.4)) (&& (== net35) (< net20) (>= netstandard1.5)) (&& (== net35) (< net20) (>= netstandard1.6)) (&& (== net35) (>= uap10.0)) (&& (== net40) (== netstandard2.0)) (&& (== net40) (< net20) (>= net46)) (&& (== net40) (< net20) (>= netstandard1.0)) (&& (== net40) (< net20) (>= netstandard1.1)) (&& (== net40) (< net20) (>= netstandard1.2)) (&& (== net40) (< net20) (>= netstandard1.3)) (&& (== net40) (< net20) (>= netstandard1.4)) (&& (== net40) (< net20) (>= netstandard1.5)) (&& (== net40) (< net20) (>= netstandard1.6)) (&& (== net40) (>= uap10.0)) (&& (== net45) (== netstandard2.0)) (&& (== net45) (< net20)) (&& (== net45) (>= uap10.0)) (== netstandard1.3) (&& (== netstandard2.0) (< netstandard1.1)) (&& (== netstandard2.0) (< portable-net45+win8+wpa81))
      System.Collections (>= 4.3) - restriction: || (&& (== net35) (>= netstandard1.3)) (&& (== net40) (>= netstandard1.3)) (== netstandard1.3) (== netstandard2.0)
      System.Diagnostics.Debug (>= 4.3) - restriction: || (&& (== net35) (>= netstandard1.3)) (&& (== net40) (>= netstandard1.3)) (== netstandard1.3) (== netstandard2.0)
      System.Globalization (>= 4.3) - restriction: || (&& (== net35) (>= netstandard1.3)) (&& (== net40) (>= netstandard1.3)) (== netstandard1.3) (== netstandard2.0)
      System.IO (>= 4.3) - restriction: || (&& (== net35) (>= netstandard1.0)) (&& (== net35) (>= netstandard1.3)) (&& (== net40) (>= netstandard1.0)) (&& (== net40) (>= netstandard1.3)) (== netstandard1.3) (== netstandard2.0)
      System.IO.FileSystem (>= 4.3) - restriction: || (&& (== net35) (>= netstandard1.3)) (&& (== net40) (>= netstandard1.3)) (== netstandard1.3) (== netstandard2.0)
      System.IO.FileSystem.Primitives (>= 4.3) - restriction: || (&& (== net35) (>= netstandard1.3)) (&& (== net40) (>= netstandard1.3)) (== netstandard1.3) (== netstandard2.0)
      System.Resources.ResourceManager (>= 4.3) - restriction: || (&& (== net35) (>= netstandard1.3)) (&& (== net40) (>= netstandard1.3)) (== netstandard1.3) (== netstandard2.0)
      System.Runtime (>= 4.3) - restriction: || (&& (== net35) (>= netstandard1.0)) (&& (== net35) (>= netstandard1.3)) (&& (== net40) (>= netstandard1.0)) (&& (== net40) (>= netstandard1.3)) (== netstandard1.3) (== netstandard2.0)
      System.Runtime.Extensions (>= 4.3) - restriction: || (&& (== net35) (>= netstandard1.3)) (&& (== net40) (>= netstandard1.3)) (== netstandard1.3) (== netstandard2.0)
      System.Runtime.InteropServices (>= 4.3) - restriction: || (&& (== net35) (>= netstandard1.3)) (&& (== net40) (>= netstandard1.3)) (== netstandard1.3) (== netstandard2.0)
      System.Text.Encoding (>= 4.3) - restriction: || (&& (== net35) (>= netstandard1.0)) (&& (== net35) (>= netstandard1.3)) (&& (== net40) (>= netstandard1.0)) (&& (== net40) (>= netstandard1.3)) (== netstandard1.3) (== netstandard2.0)
      System.Text.Encoding.Extensions (>= 4.3) - restriction: || (&& (== net35) (>= netstandard1.3)) (&& (== net40) (>= netstandard1.3)) (== netstandard1.3) (== netstandard2.0)
      System.Text.RegularExpressions (>= 4.3) - restriction: || (&& (== net35) (>= netstandard1.3)) (&& (== net40) (>= netstandard1.3)) (== netstandard1.3) (== netstandard2.0)
      System.Threading.Tasks (>= 4.3) - restriction: || (&& (== net35) (>= netstandard1.0)) (&& (== net35) (>= netstandard1.3)) (&& (== net40) (>= netstandard1.0)) (&& (== net40) (>= netstandard1.3)) (== netstandard1.3) (== netstandard2.0)
      System.Threading.Tasks.Extensions (>= 4.3) - restriction: || (&& (== net35) (>= netstandard1.3)) (&& (== net40) (>= netstandard1.3)) (== netstandard1.3) (== netstandard2.0)
    System.Xml.XDocument (4.3) - content: none, restriction: || (&& (== net35) (== netstandard2.0)) (&& (== net35) (< net20) (>= netstandard1.0)) (&& (== net35) (< net20) (>= netstandard1.1)) (&& (== net35) (< net20) (>= netstandard1.2)) (&& (== net35) (< net20) (>= netstandard1.3)) (&& (== net35) (< net20) (>= netstandard1.4)) (&& (== net35) (< net20) (>= netstandard1.5)) (&& (== net35) (< net20) (>= netstandard1.6)) (&& (== net35) (>= uap10.0)) (&& (== net40) (== netstandard2.0)) (&& (== net40) (< net20) (>= netstandard1.0)) (&& (== net40) (< net20) (>= netstandard1.1)) (&& (== net40) (< net20) (>= netstandard1.2)) (&& (== net40) (< net20) (>= netstandard1.3)) (&& (== net40) (< net20) (>= netstandard1.4)) (&& (== net40) (< net20) (>= netstandard1.5)) (&& (== net40) (< net20) (>= netstandard1.6)) (&& (== net40) (>= uap10.0)) (&& (== net45) (== netstandard2.0)) (&& (== net45) (< net20)) (&& (== net45) (>= uap10.0)) (== netstandard1.3) (&& (== netstandard2.0) (< netstandard1.1)) (&& (== netstandard2.0) (< portable-net45+win8+wpa81))
      System.Collections (>= 4.3) - restriction: || (&& (== net35) (>= netstandard1.3)) (&& (== net40) (>= netstandard1.3)) (== netstandard1.3) (== netstandard2.0)
      System.Diagnostics.Debug (>= 4.3) - restriction: || (&& (== net35) (>= netstandard1.3)) (&& (== net40) (>= netstandard1.3)) (== netstandard1.3) (== netstandard2.0)
      System.Diagnostics.Tools (>= 4.3) - restriction: || (&& (== net35) (>= netstandard1.3)) (&& (== net40) (>= netstandard1.3)) (== netstandard1.3) (== netstandard2.0)
      System.Globalization (>= 4.3) - restriction: || (&& (== net35) (>= netstandard1.3)) (&& (== net40) (>= netstandard1.3)) (== netstandard1.3) (== netstandard2.0)
      System.IO (>= 4.3) - restriction: || (&& (== net35) (>= netstandard1.0)) (&& (== net35) (>= netstandard1.3)) (&& (== net40) (>= netstandard1.0)) (&& (== net40) (>= netstandard1.3)) (== netstandard1.3) (== netstandard2.0)
      System.Reflection (>= 4.3) - restriction: || (&& (== net35) (>= netstandard1.3)) (&& (== net40) (>= netstandard1.3)) (== netstandard1.3) (== netstandard2.0)
      System.Resources.ResourceManager (>= 4.3) - restriction: || (&& (== net35) (>= netstandard1.3)) (&& (== net40) (>= netstandard1.3)) (== netstandard1.3) (== netstandard2.0)
      System.Runtime (>= 4.3) - restriction: || (&& (== net35) (>= netstandard1.0)) (&& (== net35) (>= netstandard1.3)) (&& (== net40) (>= netstandard1.0)) (&& (== net40) (>= netstandard1.3)) (== netstandard1.3) (== netstandard2.0)
      System.Runtime.Extensions (>= 4.3) - restriction: || (&& (== net35) (>= netstandard1.3)) (&& (== net40) (>= netstandard1.3)) (== netstandard1.3) (== netstandard2.0)
      System.Text.Encoding (>= 4.3) - restriction: || (&& (== net35) (>= netstandard1.3)) (&& (== net40) (>= netstandard1.3)) (== netstandard1.3) (== netstandard2.0)
      System.Threading (>= 4.3) - restriction: || (&& (== net35) (>= netstandard1.3)) (&& (== net40) (>= netstandard1.3)) (== netstandard1.3) (== netstandard2.0)
      System.Xml.ReaderWriter (>= 4.3) - restriction: || (&& (== net35) (>= netstandard1.0)) (&& (== net35) (>= netstandard1.3)) (&& (== net40) (>= netstandard1.0)) (&& (== net40) (>= netstandard1.3)) (== netstandard1.3) (== netstandard2.0)
