STORAGE: NONE
RESTRICTION: || (== net45) (== net46) (== netstandard2.0)
NUGET
  remote: ../../../../dist
    Axle.Application (1.6.2398.24144)
      Axle.Configuration (>= 1.5.2396.13956)
      Axle.Resources (>= 1.5.2396.13956)
    Axle.Configuration (1.6.2398.24144)
      Axle.Core (>= 1.6.2398.24144)
      Microsoft.Extensions.Configuration.Binder (>= 2.2.4) - restriction: || (&& (== net45) (< net35) (>= netstandard2.0)) (&& (== net45) (>= net461)) (&& (== net46) (< net35) (>= netstandard2.0)) (&& (== net46) (>= net461)) (== netstandard2.0)
      Microsoft.Extensions.Configuration.FileExtensions (>= 2.2) - restriction: || (&& (== net45) (< net35) (>= netstandard2.0)) (&& (== net45) (>= net461)) (&& (== net46) (< net35) (>= netstandard2.0)) (&& (== net46) (>= net461)) (== netstandard2.0)
      System.Configuration.ConfigurationManager (>= 4.5) - restriction: || (&& (== net45) (< net35) (>= netstandard2.0)) (&& (== net46) (< net35) (>= netstandard2.0)) (== netstandard2.0)
    Axle.Core (1.6.2398.24144)
    Axle.Data (1.6.2398.24144)
      Axle.Application (>= 1.5.2396.27060)
      System.Data.Common (>= 4.3) - restriction: || (&& (== net45) (< net35) (>= netstandard1.5)) (&& (== net45) (< net35) (>= netstandard1.6)) (&& (== net45) (< net35) (>= netstandard2.0)) (&& (== net46) (< net35) (>= netstandard1.5)) (&& (== net46) (< net35) (>= netstandard1.6)) (&& (== net46) (< net35) (>= netstandard2.0)) (== netstandard2.0)
    Axle.FSharp (1.6.2398.24144)
      Axle.Core (>= 1.6.2398.24144)
      FSharp.Core (>= 4.6.2)
    Axle.Resources (1.6.2398.24144)
      Axle.Core (>= 1.6.2398.24144)
  remote: https://api.nuget.org/v3/index.json
    FSharp.Core (4.6.2)
    Microsoft.Extensions.Configuration (2.2) - restriction: || (&& (== net45) (< net35) (>= netstandard2.0)) (&& (== net45) (>= net461) (>= netstandard2.0)) (&& (== net46) (< net35) (>= netstandard2.0)) (&& (== net46) (>= net461) (>= netstandard2.0)) (== netstandard2.0)
      Microsoft.Extensions.Configuration.Abstractions (>= 2.2) - restriction: || (&& (== net45) (>= netstandard2.0)) (&& (== net46) (>= netstandard2.0)) (== netstandard2.0)
    Microsoft.Extensions.Configuration.Abstractions (2.2) - restriction: || (&& (== net45) (< net35) (>= netstandard2.0)) (&& (== net45) (>= net461) (>= netstandard2.0)) (&& (== net46) (< net35) (>= netstandard2.0)) (&& (== net46) (>= net461) (>= netstandard2.0)) (== netstandard2.0)
      Microsoft.Extensions.Primitives (>= 2.2) - restriction: || (&& (== net45) (>= netstandard2.0)) (&& (== net46) (>= netstandard2.0)) (== netstandard2.0)
    Microsoft.Extensions.Configuration.Binder (2.2.4) - restriction: || (&& (== net45) (< net35) (>= netstandard2.0)) (&& (== net45) (>= net461)) (&& (== net46) (< net35) (>= netstandard2.0)) (&& (== net46) (>= net461)) (== netstandard2.0)
      Microsoft.Extensions.Configuration (>= 2.2) - restriction: || (&& (== net45) (>= netstandard2.0)) (&& (== net46) (>= netstandard2.0)) (== netstandard2.0)
    Microsoft.Extensions.Configuration.FileExtensions (2.2) - restriction: || (&& (== net45) (< net35) (>= netstandard2.0)) (&& (== net45) (>= net461)) (&& (== net46) (< net35) (>= netstandard2.0)) (&& (== net46) (>= net461)) (== netstandard2.0)
      Microsoft.Extensions.Configuration (>= 2.2) - restriction: || (&& (== net45) (>= netstandard2.0)) (&& (== net46) (>= netstandard2.0)) (== netstandard2.0)
      Microsoft.Extensions.FileProviders.Physical (>= 2.2) - restriction: || (&& (== net45) (>= netstandard2.0)) (&& (== net46) (>= netstandard2.0)) (== netstandard2.0)
    Microsoft.Extensions.FileProviders.Abstractions (2.2) - restriction: || (&& (== net45) (< net35) (>= netstandard2.0)) (&& (== net45) (>= net461) (>= netstandard2.0)) (&& (== net46) (< net35) (>= netstandard2.0)) (&& (== net46) (>= net461) (>= netstandard2.0)) (== netstandard2.0)
      Microsoft.Extensions.Primitives (>= 2.2) - restriction: || (&& (== net45) (>= netstandard2.0)) (&& (== net46) (>= netstandard2.0)) (== netstandard2.0)
    Microsoft.Extensions.FileProviders.Physical (2.2) - restriction: || (&& (== net45) (< net35) (>= netstandard2.0)) (&& (== net45) (>= net461) (>= netstandard2.0)) (&& (== net46) (< net35) (>= netstandard2.0)) (&& (== net46) (>= net461) (>= netstandard2.0)) (== netstandard2.0)
      Microsoft.Extensions.FileProviders.Abstractions (>= 2.2) - restriction: || (&& (== net45) (>= netstandard2.0)) (&& (== net46) (>= netstandard2.0)) (== netstandard2.0)
      Microsoft.Extensions.FileSystemGlobbing (>= 2.2) - restriction: || (&& (== net45) (>= netstandard2.0)) (&& (== net46) (>= netstandard2.0)) (== netstandard2.0)
    Microsoft.Extensions.FileSystemGlobbing (2.2) - restriction: || (&& (== net45) (< net35) (>= netstandard2.0)) (&& (== net45) (>= net461) (>= netstandard2.0)) (&& (== net46) (< net35) (>= netstandard2.0)) (&& (== net46) (>= net461) (>= netstandard2.0)) (== netstandard2.0)
    Microsoft.Extensions.Primitives (2.2) - restriction: || (&& (== net45) (< net35) (>= netstandard2.0)) (&& (== net45) (>= net461) (>= netstandard2.0)) (&& (== net46) (< net35) (>= netstandard2.0)) (&& (== net46) (>= net461) (>= netstandard2.0)) (== netstandard2.0)
      System.Memory (>= 4.5.1) - restriction: || (&& (== net45) (>= netstandard2.0)) (&& (== net46) (>= netstandard2.0)) (== netstandard2.0)
      System.Runtime.CompilerServices.Unsafe (>= 4.5.1) - restriction: || (&& (== net45) (>= netstandard2.0)) (&& (== net46) (>= netstandard2.0)) (== netstandard2.0)
    Microsoft.NETCore.Platforms (2.2.2) - restriction: || (&& (== net45) (< net35) (>= netstandard1.5)) (&& (== net45) (< net35) (>= netstandard1.6)) (&& (== net45) (< net35) (>= netstandard2.0)) (&& (== net46) (< net35) (>= netstandard1.5)) (&& (== net46) (< net35) (>= netstandard1.6)) (&& (== net46) (< net35) (>= netstandard2.0)) (== netstandard2.0)
    Microsoft.NETCore.Targets (2.1) - restriction: || (&& (== net45) (< net35) (>= netstandard1.5)) (&& (== net45) (< net35) (>= netstandard1.6)) (&& (== net45) (< net35) (>= netstandard2.0)) (&& (== net46) (< net35) (>= netstandard1.5)) (&& (== net46) (< net35) (>= netstandard1.6)) (&& (== net46) (< net35) (>= netstandard2.0)) (== netstandard2.0)
    System.Buffers (4.5) - restriction: || (&& (== net45) (>= monoandroid) (>= netstandard2.0)) (&& (== net45) (>= monotouch) (>= netstandard2.0)) (&& (== net45) (< net35) (>= netstandard2.0)) (&& (== net45) (< netstandard1.1) (>= netstandard2.0) (>= win8)) (&& (== net45) (>= netstandard2.0) (>= wpa81)) (&& (== net45) (>= netstandard2.0) (>= xamarintvos)) (&& (== net45) (>= netstandard2.0) (>= xamarinwatchos)) (&& (== net45) (>= xamarinios)) (&& (== net45) (>= xamarinmac)) (&& (== net46) (>= monoandroid) (>= netstandard2.0)) (&& (== net46) (>= monotouch) (>= netstandard2.0)) (&& (== net46) (< net35) (>= netstandard2.0)) (&& (== net46) (< netstandard1.1) (>= netstandard2.0) (>= win8)) (&& (== net46) (>= netstandard2.0) (>= wpa81)) (&& (== net46) (>= netstandard2.0) (>= xamarintvos)) (&& (== net46) (>= netstandard2.0) (>= xamarinwatchos)) (&& (== net46) (>= xamarinios)) (&& (== net46) (>= xamarinmac)) (== netstandard2.0)
    System.Collections (4.3) - restriction: || (&& (== net45) (< net35) (>= netstandard1.5)) (&& (== net45) (< net35) (>= netstandard1.6)) (&& (== net45) (< net35) (>= netstandard2.0)) (&& (== net46) (< net35) (>= netstandard1.5)) (&& (== net46) (< net35) (>= netstandard1.6)) (&& (== net46) (< net35) (>= netstandard2.0)) (== netstandard2.0)
      Microsoft.NETCore.Platforms (>= 1.1) - restriction: || (&& (== net46) (< net45)) (== netstandard2.0)
      Microsoft.NETCore.Targets (>= 1.1) - restriction: || (&& (== net46) (< net45)) (== netstandard2.0)
      System.Runtime (>= 4.3) - restriction: || (&& (== net46) (< net45)) (== netstandard2.0)
    System.Configuration.ConfigurationManager (4.5) - restriction: || (&& (== net45) (< net35) (>= netstandard2.0)) (&& (== net46) (< net35) (>= netstandard2.0)) (== netstandard2.0)
      System.Security.Cryptography.ProtectedData (>= 4.5) - restriction: || (&& (== net45) (>= netstandard2.0)) (&& (== net46) (>= netstandard2.0)) (== netstandard2.0)
      System.Security.Permissions (>= 4.5) - restriction: || (&& (== net45) (>= monoandroid)) (&& (== net45) (>= monotouch)) (&& (== net45) (>= net461)) (&& (== net45) (>= netstandard2.0)) (&& (== net45) (>= xamarintvos)) (&& (== net45) (>= xamarinwatchos)) (&& (== net46) (>= monoandroid)) (&& (== net46) (>= monotouch)) (&& (== net46) (>= net461)) (&& (== net46) (>= netstandard2.0)) (&& (== net46) (>= xamarintvos)) (&& (== net46) (>= xamarinwatchos)) (== netstandard2.0)
    System.Data.Common (4.3) - restriction: || (&& (== net45) (< net35) (>= netstandard1.5)) (&& (== net45) (< net35) (>= netstandard1.6)) (&& (== net45) (< net35) (>= netstandard2.0)) (&& (== net46) (< net35) (>= netstandard1.5)) (&& (== net46) (< net35) (>= netstandard1.6)) (&& (== net46) (< net35) (>= netstandard2.0)) (== netstandard2.0)
      System.Collections (>= 4.3) - restriction: || (&& (== net45) (>= netstandard1.2)) (&& (== net46) (< net451)) (== netstandard2.0)
      System.Globalization (>= 4.3) - restriction: || (&& (== net45) (>= netstandard1.2)) (&& (== net46) (< net451)) (== netstandard2.0)
      System.IO (>= 4.3) - restriction: || (&& (== net45) (>= netstandard1.2)) (&& (== net46) (< net451)) (== netstandard2.0)
      System.Resources.ResourceManager (>= 4.3) - restriction: || (&& (== net45) (>= netstandard1.2)) (&& (== net46) (< net451)) (== netstandard2.0)
      System.Runtime (>= 4.3) - restriction: || (&& (== net45) (>= netstandard1.2)) (&& (== net46) (< net451)) (== netstandard2.0)
      System.Runtime.Extensions (>= 4.3) - restriction: || (&& (== net45) (>= netstandard1.2)) (&& (== net46) (< net451)) (== netstandard2.0)
      System.Text.RegularExpressions (>= 4.3) - restriction: || (&& (== net45) (>= netstandard1.2)) (&& (== net46) (< net451)) (== netstandard2.0)
      System.Threading.Tasks (>= 4.3) - restriction: || (&& (== net45) (>= netstandard1.2)) (&& (== net46) (< net451)) (== netstandard2.0)
    System.Globalization (4.3) - restriction: || (&& (== net45) (< net35) (>= netstandard1.5)) (&& (== net45) (< net35) (>= netstandard1.6)) (&& (== net45) (< net35) (>= netstandard2.0)) (&& (== net46) (< net35) (>= netstandard1.5)) (&& (== net46) (< net35) (>= netstandard1.6)) (&& (== net46) (< net35) (>= netstandard2.0)) (== netstandard2.0)
      Microsoft.NETCore.Platforms (>= 1.1) - restriction: || (&& (== net46) (< net45)) (== netstandard2.0)
      Microsoft.NETCore.Targets (>= 1.1) - restriction: || (&& (== net46) (< net45)) (== netstandard2.0)
      System.Runtime (>= 4.3) - restriction: || (&& (== net46) (< net45)) (== netstandard2.0)
    System.IO (4.3) - restriction: || (&& (== net45) (< net35) (>= netstandard1.5)) (&& (== net45) (< net35) (>= netstandard1.6)) (&& (== net45) (< net35) (>= netstandard2.0)) (&& (== net46) (< net35) (>= netstandard1.5)) (&& (== net46) (< net35) (>= netstandard1.6)) (&& (== net46) (< net35) (>= netstandard2.0)) (== netstandard2.0)
      Microsoft.NETCore.Platforms (>= 1.1) - restriction: || (&& (== net46) (< net45)) (== netstandard2.0)
      Microsoft.NETCore.Targets (>= 1.1) - restriction: || (&& (== net46) (< net45)) (== netstandard2.0)
      System.Runtime (>= 4.3) - restriction: || (&& (== net46) (< net45)) (== netstandard2.0)
      System.Text.Encoding (>= 4.3) - restriction: || (&& (== net46) (< net45)) (== netstandard2.0)
      System.Threading.Tasks (>= 4.3) - restriction: || (&& (== net46) (< net45)) (== netstandard2.0)
    System.Memory (4.5.3) - restriction: || (&& (== net45) (< net35) (>= netstandard2.0)) (&& (== net45) (>= net461) (>= netstandard2.0)) (&& (== net46) (< net35) (>= netstandard2.0)) (&& (== net46) (>= net461) (>= netstandard2.0)) (== netstandard2.0)
      System.Buffers (>= 4.4)
      System.Numerics.Vectors (>= 4.4) - restriction: || (&& (== net45) (>= net461)) (&& (== net46) (< net45) (>= netstandard2.0)) (&& (== net46) (>= net461)) (== netstandard2.0)
      System.Runtime.CompilerServices.Unsafe (>= 4.5.2)
    System.Numerics.Vectors (4.5) - restriction: || (&& (== net45) (< net35) (>= netstandard2.0)) (&& (== net46) (< net35) (>= netstandard2.0)) (== netstandard2.0)
    System.Reflection (4.3) - restriction: || (&& (== net45) (< net35) (>= netstandard1.5)) (&& (== net45) (< net35) (>= netstandard1.6)) (&& (== net45) (< net35) (>= netstandard2.0)) (&& (== net46) (< net35) (>= netstandard1.5)) (&& (== net46) (< net35) (>= netstandard1.6)) (&& (== net46) (< net35) (>= netstandard2.0)) (== netstandard2.0)
      Microsoft.NETCore.Platforms (>= 1.1) - restriction: || (&& (== net46) (< net45)) (== netstandard2.0)
      Microsoft.NETCore.Targets (>= 1.1) - restriction: || (&& (== net46) (< net45)) (== netstandard2.0)
      System.IO (>= 4.3) - restriction: || (&& (== net46) (< net45)) (== netstandard2.0)
      System.Reflection.Primitives (>= 4.3) - restriction: || (&& (== net46) (< net45)) (== netstandard2.0)
      System.Runtime (>= 4.3) - restriction: || (&& (== net46) (< net45)) (== netstandard2.0)
    System.Reflection.Primitives (4.3) - restriction: || (&& (== net45) (< net35) (>= netstandard1.5)) (&& (== net45) (< net35) (>= netstandard1.6)) (&& (== net45) (< net35) (>= netstandard2.0)) (&& (== net46) (< net35) (>= netstandard1.5)) (&& (== net46) (< net35) (>= netstandard1.6)) (&& (== net46) (< net35) (>= netstandard2.0)) (== netstandard2.0)
      Microsoft.NETCore.Platforms (>= 1.1) - restriction: || (&& (== net46) (< net45)) (== netstandard2.0)
      Microsoft.NETCore.Targets (>= 1.1) - restriction: || (&& (== net46) (< net45)) (== netstandard2.0)
      System.Runtime (>= 4.3) - restriction: || (&& (== net46) (< net45)) (== netstandard2.0)
    System.Resources.ResourceManager (4.3) - restriction: || (&& (== net45) (< net35) (>= netstandard1.5)) (&& (== net45) (< net35) (>= netstandard1.6)) (&& (== net45) (< net35) (>= netstandard2.0)) (&& (== net46) (< net35) (>= netstandard1.5)) (&& (== net46) (< net35) (>= netstandard1.6)) (&& (== net46) (< net35) (>= netstandard2.0)) (== netstandard2.0)
      Microsoft.NETCore.Platforms (>= 1.1) - restriction: || (&& (== net46) (< net45)) (== netstandard2.0)
      Microsoft.NETCore.Targets (>= 1.1) - restriction: || (&& (== net46) (< net45)) (== netstandard2.0)
      System.Globalization (>= 4.3) - restriction: || (&& (== net46) (< net45)) (== netstandard2.0)
      System.Reflection (>= 4.3) - restriction: || (&& (== net46) (< net45)) (== netstandard2.0)
      System.Runtime (>= 4.3) - restriction: || (&& (== net46) (< net45)) (== netstandard2.0)
    System.Runtime (4.3.1) - restriction: || (&& (== net45) (< net35) (>= netstandard1.5)) (&& (== net45) (< net35) (>= netstandard1.6)) (&& (== net45) (< net35) (>= netstandard2.0)) (&& (== net46) (< net35) (>= netstandard1.5)) (&& (== net46) (< net35) (>= netstandard1.6)) (&& (== net46) (< net35) (>= netstandard2.0)) (== netstandard2.0)
      Microsoft.NETCore.Platforms (>= 1.1.1) - restriction: || (&& (== net46) (< net45)) (== netstandard2.0)
      Microsoft.NETCore.Targets (>= 1.1.3) - restriction: || (&& (== net46) (< net45)) (== netstandard2.0)
    System.Runtime.CompilerServices.Unsafe (4.5.2) - restriction: || (&& (== net45) (>= monoandroid) (>= netstandard2.0)) (&& (== net45) (>= monotouch) (>= netstandard2.0)) (&& (== net45) (< net35) (>= netstandard2.0)) (&& (== net45) (>= netcoreapp2.0)) (&& (== net45) (< netstandard1.1) (>= netstandard2.0) (>= win8)) (&& (== net45) (>= netstandard2.0) (>= uap10.1)) (&& (== net45) (>= netstandard2.0) (>= wpa81)) (&& (== net45) (>= netstandard2.0) (>= xamarintvos)) (&& (== net45) (>= netstandard2.0) (>= xamarinwatchos)) (&& (== net45) (>= xamarinios)) (&& (== net45) (>= xamarinmac)) (&& (== net46) (>= monoandroid) (>= netstandard2.0)) (&& (== net46) (>= monotouch) (>= netstandard2.0)) (&& (== net46) (< net35) (>= netstandard2.0)) (&& (== net46) (>= netcoreapp2.0)) (&& (== net46) (< netstandard1.1) (>= netstandard2.0) (>= win8)) (&& (== net46) (>= netstandard2.0) (>= uap10.1)) (&& (== net46) (>= netstandard2.0) (>= wpa81)) (&& (== net46) (>= netstandard2.0) (>= xamarintvos)) (&& (== net46) (>= netstandard2.0) (>= xamarinwatchos)) (&& (== net46) (>= xamarinios)) (&& (== net46) (>= xamarinmac)) (== netstandard2.0)
    System.Runtime.Extensions (4.3.1) - restriction: || (&& (== net45) (< net35) (>= netstandard1.5)) (&& (== net45) (< net35) (>= netstandard1.6)) (&& (== net45) (< net35) (>= netstandard2.0)) (&& (== net46) (< net35) (>= netstandard1.5)) (&& (== net46) (< net35) (>= netstandard1.6)) (&& (== net46) (< net35) (>= netstandard2.0)) (== netstandard2.0)
      Microsoft.NETCore.Platforms (>= 1.1.1) - restriction: || (&& (== net46) (< net45)) (== netstandard2.0)
      Microsoft.NETCore.Targets (>= 1.1.3) - restriction: || (&& (== net46) (< net45)) (== netstandard2.0)
      System.Runtime (>= 4.3.1) - restriction: || (&& (== net46) (< net45)) (== netstandard2.0)
    System.Security.AccessControl (4.5) - restriction: || (&& (== net45) (>= monoandroid) (>= netstandard2.0)) (&& (== net45) (>= monotouch) (>= netstandard2.0)) (&& (== net45) (< net35) (>= netstandard2.0)) (&& (== net45) (>= netstandard2.0) (>= xamarintvos)) (&& (== net45) (>= netstandard2.0) (>= xamarinwatchos)) (&& (== net46) (>= monoandroid) (>= netstandard2.0)) (&& (== net46) (>= monotouch) (>= netstandard2.0)) (&& (== net46) (< net35) (>= netstandard2.0)) (&& (== net46) (>= netstandard2.0) (>= xamarintvos)) (&& (== net46) (>= netstandard2.0) (>= xamarinwatchos)) (== netstandard2.0)
      System.Security.Principal.Windows (>= 4.5) - restriction: || (&& (== net45) (>= net461)) (&& (== net45) (>= netcoreapp2.0)) (&& (== net45) (>= netstandard2.0)) (&& (== net46) (>= net461)) (&& (== net46) (>= netcoreapp2.0)) (== netstandard2.0)
    System.Security.Cryptography.ProtectedData (4.5) - restriction: || (&& (== net45) (< net35) (>= netstandard2.0)) (&& (== net46) (< net35) (>= netstandard2.0)) (== netstandard2.0)
      System.Memory (>= 4.5) - restriction: || (&& (== net45) (>= netstandard2.0)) (== netstandard2.0)
    System.Security.Permissions (4.5) - restriction: || (&& (== net45) (>= monoandroid) (>= netstandard2.0)) (&& (== net45) (>= monotouch) (>= netstandard2.0)) (&& (== net45) (< net35) (>= netstandard2.0)) (&& (== net45) (>= netstandard2.0) (>= xamarintvos)) (&& (== net45) (>= netstandard2.0) (>= xamarinwatchos)) (&& (== net46) (>= monoandroid) (>= netstandard2.0)) (&& (== net46) (>= monotouch) (>= netstandard2.0)) (&& (== net46) (< net35) (>= netstandard2.0)) (&& (== net46) (>= netstandard2.0) (>= xamarintvos)) (&& (== net46) (>= netstandard2.0) (>= xamarinwatchos)) (== netstandard2.0)
      System.Security.AccessControl (>= 4.5) - restriction: || (&& (== net45) (>= net461)) (&& (== net45) (>= netstandard2.0)) (&& (== net46) (>= net461)) (&& (== net46) (>= netstandard2.0)) (== netstandard2.0)
    System.Security.Principal.Windows (4.5.1) - restriction: || (&& (== net45) (>= monoandroid) (>= netstandard2.0)) (&& (== net45) (>= monotouch) (>= netstandard2.0)) (&& (== net45) (< net35) (>= netstandard2.0)) (&& (== net45) (>= netcoreapp2.0)) (&& (== net45) (>= netstandard2.0) (>= xamarintvos)) (&& (== net45) (>= netstandard2.0) (>= xamarinwatchos)) (&& (== net46) (>= monoandroid) (>= netstandard2.0)) (&& (== net46) (>= monotouch) (>= netstandard2.0)) (&& (== net46) (< net35) (>= netstandard2.0)) (&& (== net46) (>= netcoreapp2.0)) (&& (== net46) (>= netstandard2.0) (>= xamarintvos)) (&& (== net46) (>= netstandard2.0) (>= xamarinwatchos)) (== netstandard2.0)
    System.Text.Encoding (4.3) - restriction: || (&& (== net45) (< net35) (>= netstandard1.5)) (&& (== net45) (< net35) (>= netstandard1.6)) (&& (== net45) (< net35) (>= netstandard2.0)) (&& (== net46) (< net35) (>= netstandard1.5)) (&& (== net46) (< net35) (>= netstandard1.6)) (&& (== net46) (< net35) (>= netstandard2.0)) (== netstandard2.0)
      Microsoft.NETCore.Platforms (>= 1.1) - restriction: || (&& (== net46) (< net45)) (== netstandard2.0)
      Microsoft.NETCore.Targets (>= 1.1) - restriction: || (&& (== net46) (< net45)) (== netstandard2.0)
      System.Runtime (>= 4.3) - restriction: || (&& (== net46) (< net45)) (== netstandard2.0)
    System.Text.RegularExpressions (4.3.1) - restriction: || (&& (== net45) (< net35) (>= netstandard1.5)) (&& (== net45) (< net35) (>= netstandard1.6)) (&& (== net45) (< net35) (>= netstandard2.0)) (&& (== net46) (< net35) (>= netstandard1.5)) (&& (== net46) (< net35) (>= netstandard1.6)) (&& (== net46) (< net35) (>= netstandard2.0)) (== netstandard2.0)
      System.Collections (>= 4.3) - restriction: || (&& (== net46) (< net45) (>= netstandard1.6)) (== netstandard2.0)
      System.Globalization (>= 4.3) - restriction: || (&& (== net46) (< net45) (>= netstandard1.6)) (== netstandard2.0)
      System.Resources.ResourceManager (>= 4.3) - restriction: || (&& (== net46) (< net45) (>= netstandard1.6)) (== netstandard2.0)
      System.Runtime (>= 4.3.1) - restriction: || (&& (== net45) (>= netcoreapp1.1)) (&& (== net46) (< net45)) (&& (== net46) (>= netcoreapp1.1)) (== netstandard2.0)
      System.Runtime.Extensions (>= 4.3.1) - restriction: || (&& (== net46) (< net45) (>= netstandard1.6)) (== netstandard2.0)
      System.Threading (>= 4.3) - restriction: || (&& (== net46) (< net45) (>= netstandard1.6)) (== netstandard2.0)
    System.Threading (4.3) - restriction: || (&& (== net45) (< net35) (>= netstandard1.6)) (&& (== net45) (< net35) (>= netstandard2.0)) (&& (== net46) (< net35) (>= netstandard1.6)) (&& (== net46) (< net35) (>= netstandard2.0)) (== netstandard2.0)
      System.Runtime (>= 4.3) - restriction: || (&& (== net46) (< net45)) (== netstandard2.0)
      System.Threading.Tasks (>= 4.3) - restriction: || (&& (== net46) (< net45)) (== netstandard2.0)
    System.Threading.Tasks (4.3) - restriction: || (&& (== net45) (< net35) (>= netstandard1.5)) (&& (== net45) (< net35) (>= netstandard1.6)) (&& (== net45) (< net35) (>= netstandard2.0)) (&& (== net46) (< net35) (>= netstandard1.5)) (&& (== net46) (< net35) (>= netstandard1.6)) (&& (== net46) (< net35) (>= netstandard2.0)) (== netstandard2.0)
      Microsoft.NETCore.Platforms (>= 1.1) - restriction: || (&& (== net46) (< net45)) (== netstandard2.0)
      Microsoft.NETCore.Targets (>= 1.1) - restriction: || (&& (== net46) (< net45)) (== netstandard2.0)
      System.Runtime (>= 4.3) - restriction: || (&& (== net46) (< net45)) (== netstandard2.0)
