RESTRICTION: || (== net35) (== net40) (== net45) (== netstandard1.0) (== netstandard1.3) (== netstandard1.5) (== netstandard1.6) (== netstandard2.0)
NUGET
  remote: https://www.nuget.org/api/v2
    Microsoft.NETCore.Platforms (2.0.1) - restriction: == netstandard1.6
    Microsoft.NETCore.Targets (2.0) - restriction: == netstandard1.6
    runtime.native.System (4.3) - restriction: == netstandard1.6
      Microsoft.NETCore.Platforms (>= 1.1)
      Microsoft.NETCore.Targets (>= 1.1)
    System.Collections (4.3) - restriction: == netstandard1.6
      Microsoft.NETCore.Platforms (>= 1.1) - restriction: || (== net35) (== net40) (&& (== net45) (< portable-net45+win8+wp8+wpa81)) (== netstandard1.0) (== netstandard1.3) (== netstandard1.5) (== netstandard1.6) (== netstandard2.0)
      Microsoft.NETCore.Targets (>= 1.1) - restriction: || (== net35) (== net40) (&& (== net45) (< portable-net45+win8+wp8+wpa81)) (== netstandard1.0) (== netstandard1.3) (== netstandard1.5) (== netstandard1.6) (== netstandard2.0)
      System.Runtime (>= 4.3) - restriction: || (== net35) (== net40) (&& (== net45) (< portable-net45+win8+wp8+wpa81)) (== netstandard1.0) (== netstandard1.3) (== netstandard1.5) (== netstandard1.6) (== netstandard2.0)
    System.Diagnostics.Debug (4.3) - restriction: == netstandard1.6
      Microsoft.NETCore.Platforms (>= 1.1) - restriction: || (== net35) (== net40) (&& (== net45) (< portable-net45+win8+wp8+wpa81)) (== netstandard1.0) (== netstandard1.3) (== netstandard1.5) (== netstandard1.6) (== netstandard2.0)
      Microsoft.NETCore.Targets (>= 1.1) - restriction: || (== net35) (== net40) (&& (== net45) (< portable-net45+win8+wp8+wpa81)) (== netstandard1.0) (== netstandard1.3) (== netstandard1.5) (== netstandard1.6) (== netstandard2.0)
      System.Runtime (>= 4.3) - restriction: || (== net35) (== net40) (&& (== net45) (< portable-net45+win8+wp8+wpa81)) (== netstandard1.0) (== netstandard1.3) (== netstandard1.5) (== netstandard1.6) (== netstandard2.0)
    System.Diagnostics.TraceSource (4.3) - restriction: == netstandard1.6
      Microsoft.NETCore.Platforms (>= 1.1) - restriction: || (&& (== net35) (>= netstandard1.3)) (&& (== net40) (>= netstandard1.3)) (&& (== net45) (>= netstandard1.3)) (&& (== netstandard1.0) (>= netstandard1.3)) (== netstandard1.3) (== netstandard1.5) (== netstandard1.6) (== netstandard2.0)
      runtime.native.System (>= 4.3) - restriction: || (&& (== net35) (>= netstandard1.3)) (&& (== net40) (>= netstandard1.3)) (&& (== net45) (>= netstandard1.3)) (&& (== netstandard1.0) (>= netstandard1.3)) (== netstandard1.3) (== netstandard1.5) (== netstandard1.6) (== netstandard2.0)
      System.Collections (>= 4.3) - restriction: || (&& (== net35) (>= netstandard1.3)) (&& (== net40) (>= netstandard1.3)) (&& (== net45) (>= netstandard1.3)) (&& (== netstandard1.0) (>= netstandard1.3)) (== netstandard1.3) (== netstandard1.5) (== netstandard1.6) (== netstandard2.0)
      System.Diagnostics.Debug (>= 4.3) - restriction: || (&& (== net35) (>= netstandard1.3)) (&& (== net40) (>= netstandard1.3)) (&& (== net45) (>= netstandard1.3)) (&& (== netstandard1.0) (>= netstandard1.3)) (== netstandard1.3) (== netstandard1.5) (== netstandard1.6) (== netstandard2.0)
      System.Globalization (>= 4.3) - restriction: || (&& (== net35) (>= netstandard1.3)) (&& (== net40) (>= netstandard1.3)) (&& (== net45) (>= netstandard1.3)) (&& (== netstandard1.0) (>= netstandard1.3)) (== netstandard1.3) (== netstandard1.5) (== netstandard1.6) (== netstandard2.0)
      System.Resources.ResourceManager (>= 4.3) - restriction: || (&& (== net35) (>= netstandard1.3)) (&& (== net40) (>= netstandard1.3)) (&& (== net45) (>= netstandard1.3)) (&& (== netstandard1.0) (>= netstandard1.3)) (== netstandard1.3) (== netstandard1.5) (== netstandard1.6) (== netstandard2.0)
      System.Runtime (>= 4.3) - restriction: || (&& (== net35) (>= netstandard1.3)) (&& (== net40) (>= netstandard1.3)) (&& (== net45) (>= netstandard1.3)) (&& (== netstandard1.0) (>= netstandard1.3)) (== netstandard1.3) (== netstandard1.5) (== netstandard1.6) (== netstandard2.0)
      System.Runtime.Extensions (>= 4.3) - restriction: || (&& (== net35) (>= netstandard1.3)) (&& (== net40) (>= netstandard1.3)) (&& (== net45) (>= netstandard1.3)) (&& (== netstandard1.0) (>= netstandard1.3)) (== netstandard1.3) (== netstandard1.5) (== netstandard1.6) (== netstandard2.0)
      System.Threading (>= 4.3) - restriction: || (&& (== net35) (>= netstandard1.3)) (&& (== net40) (>= netstandard1.3)) (&& (== net45) (>= netstandard1.3)) (&& (== netstandard1.0) (>= netstandard1.3)) (== netstandard1.3) (== netstandard1.5) (== netstandard1.6) (== netstandard2.0)
    System.Globalization (4.3) - restriction: == netstandard1.6
      Microsoft.NETCore.Platforms (>= 1.1) - restriction: || (== net35) (== net40) (&& (== net45) (< portable-net45+win8+wp8+wpa81)) (== netstandard1.0) (== netstandard1.3) (== netstandard1.5) (== netstandard1.6) (== netstandard2.0)
      Microsoft.NETCore.Targets (>= 1.1) - restriction: || (== net35) (== net40) (&& (== net45) (< portable-net45+win8+wp8+wpa81)) (== netstandard1.0) (== netstandard1.3) (== netstandard1.5) (== netstandard1.6) (== netstandard2.0)
      System.Runtime (>= 4.3) - restriction: || (== net35) (== net40) (&& (== net45) (< portable-net45+win8+wp8+wpa81)) (== netstandard1.0) (== netstandard1.3) (== netstandard1.5) (== netstandard1.6) (== netstandard2.0)
    System.IO (4.3) - restriction: == netstandard1.6
      Microsoft.NETCore.Platforms (>= 1.1) - restriction: || (== net35) (== net40) (&& (== net45) (< portable-net45+win8+wp8+wpa81)) (== netstandard1.0) (== netstandard1.3) (== netstandard1.5) (== netstandard1.6) (== netstandard2.0)
      Microsoft.NETCore.Targets (>= 1.1) - restriction: || (== net35) (== net40) (&& (== net45) (< portable-net45+win8+wp8+wpa81)) (== netstandard1.0) (== netstandard1.3) (== netstandard1.5) (== netstandard1.6) (== netstandard2.0)
      System.Runtime (>= 4.3) - restriction: || (== net35) (== net40) (&& (== net45) (< portable-net45+win8+wp8+wpa81)) (== netstandard1.0) (== netstandard1.3) (== netstandard1.5) (== netstandard1.6) (== netstandard2.0)
      System.Text.Encoding (>= 4.3) - restriction: || (== net35) (== net40) (&& (== net45) (< portable-net45+win8+wp8+wpa81)) (== netstandard1.0) (== netstandard1.3) (== netstandard1.5) (== netstandard1.6) (== netstandard2.0)
      System.Threading.Tasks (>= 4.3) - restriction: || (== net35) (== net40) (&& (== net45) (< portable-net45+win8+wp8+wpa81)) (== netstandard1.0) (== netstandard1.3) (== netstandard1.5) (== netstandard1.6) (== netstandard2.0)
    System.IO.FileSystem (4.3) - restriction: == netstandard1.6
      Microsoft.NETCore.Platforms (>= 1.1) - restriction: || (&& (== net35) (>= netstandard1.3)) (&& (== net40) (>= netstandard1.3)) (&& (== net45) (>= netstandard1.3)) (&& (== netstandard1.0) (>= netstandard1.3)) (== netstandard1.3) (== netstandard1.5) (== netstandard1.6) (== netstandard2.0)
      Microsoft.NETCore.Targets (>= 1.1) - restriction: || (&& (== net35) (>= netstandard1.3)) (&& (== net40) (>= netstandard1.3)) (&& (== net45) (>= netstandard1.3)) (&& (== netstandard1.0) (>= netstandard1.3)) (== netstandard1.3) (== netstandard1.5) (== netstandard1.6) (== netstandard2.0)
      System.IO (>= 4.3) - restriction: || (&& (== net35) (>= netstandard1.3)) (&& (== net40) (>= netstandard1.3)) (&& (== net45) (>= netstandard1.3)) (&& (== netstandard1.0) (>= netstandard1.3)) (== netstandard1.3) (== netstandard1.5) (== netstandard1.6) (== netstandard2.0)
      System.IO.FileSystem.Primitives (>= 4.3) - restriction: || (&& (== net35) (>= net46)) (&& (== net35) (>= netstandard1.3)) (&& (== net40) (>= net46)) (&& (== net40) (>= netstandard1.3)) (&& (== net45) (>= net46)) (&& (== net45) (>= netstandard1.3)) (&& (== netstandard1.0) (>= net46)) (&& (== netstandard1.0) (>= netstandard1.3)) (== netstandard1.3) (== netstandard1.5) (== netstandard1.6) (== netstandard2.0)
      System.Runtime (>= 4.3) - restriction: || (&& (== net35) (>= netstandard1.3)) (&& (== net40) (>= netstandard1.3)) (&& (== net45) (>= netstandard1.3)) (&& (== netstandard1.0) (>= netstandard1.3)) (== netstandard1.3) (== netstandard1.5) (== netstandard1.6) (== netstandard2.0)
      System.Runtime.Handles (>= 4.3) - restriction: || (&& (== net35) (>= netstandard1.3)) (&& (== net40) (>= netstandard1.3)) (&& (== net45) (>= netstandard1.3)) (&& (== netstandard1.0) (>= netstandard1.3)) (== netstandard1.3) (== netstandard1.5) (== netstandard1.6) (== netstandard2.0)
      System.Text.Encoding (>= 4.3) - restriction: || (&& (== net35) (>= netstandard1.3)) (&& (== net40) (>= netstandard1.3)) (&& (== net45) (>= netstandard1.3)) (&& (== netstandard1.0) (>= netstandard1.3)) (== netstandard1.3) (== netstandard1.5) (== netstandard1.6) (== netstandard2.0)
      System.Threading.Tasks (>= 4.3) - restriction: || (&& (== net35) (>= netstandard1.3)) (&& (== net40) (>= netstandard1.3)) (&& (== net45) (>= netstandard1.3)) (&& (== netstandard1.0) (>= netstandard1.3)) (== netstandard1.3) (== netstandard1.5) (== netstandard1.6) (== netstandard2.0)
    System.IO.FileSystem.Primitives (4.3) - restriction: == netstandard1.6
      System.Runtime (>= 4.3) - restriction: || (&& (== net35) (>= netstandard1.3)) (&& (== net40) (>= netstandard1.3)) (&& (== net45) (>= netstandard1.3)) (&& (== netstandard1.0) (>= netstandard1.3)) (== netstandard1.3) (== netstandard1.5) (== netstandard1.6) (== netstandard2.0)
    System.Linq (4.3) - restriction: == netstandard1.6
      System.Collections (>= 4.3) - restriction: || (== net35) (== net40) (&& (== net45) (< portable-net45+win8+wp8+wpa81)) (== netstandard1.0) (== netstandard1.3) (== netstandard1.5) (== netstandard1.6) (== netstandard2.0)
      System.Diagnostics.Debug (>= 4.3) - restriction: || (== net35) (== net40) (&& (== net45) (< portable-net45+win8+wp8+wpa81)) (&& (== netstandard1.0) (>= netstandard1.6)) (&& (== netstandard1.0) (< portable-net45+win8+wp8+wpa81)) (&& (== netstandard1.3) (>= netstandard1.6)) (&& (== netstandard1.3) (< portable-net45+win8+wp8+wpa81)) (&& (== netstandard1.5) (>= netstandard1.6)) (&& (== netstandard1.5) (< portable-net45+win8+wp8+wpa81)) (== netstandard1.6) (== netstandard2.0)
      System.Resources.ResourceManager (>= 4.3) - restriction: || (== net35) (== net40) (&& (== net45) (< portable-net45+win8+wp8+wpa81)) (&& (== netstandard1.0) (>= netstandard1.6)) (&& (== netstandard1.0) (< portable-net45+win8+wp8+wpa81)) (&& (== netstandard1.3) (>= netstandard1.6)) (&& (== netstandard1.3) (< portable-net45+win8+wp8+wpa81)) (&& (== netstandard1.5) (>= netstandard1.6)) (&& (== netstandard1.5) (< portable-net45+win8+wp8+wpa81)) (== netstandard1.6) (== netstandard2.0)
      System.Runtime (>= 4.3) - restriction: || (== net35) (== net40) (&& (== net45) (< portable-net45+win8+wp8+wpa81)) (== netstandard1.0) (== netstandard1.3) (== netstandard1.5) (== netstandard1.6) (== netstandard2.0)
      System.Runtime.Extensions (>= 4.3) - restriction: || (== net35) (== net40) (&& (== net45) (< portable-net45+win8+wp8+wpa81)) (&& (== netstandard1.0) (>= netstandard1.6)) (&& (== netstandard1.0) (< portable-net45+win8+wp8+wpa81)) (&& (== netstandard1.3) (>= netstandard1.6)) (&& (== netstandard1.3) (< portable-net45+win8+wp8+wpa81)) (&& (== netstandard1.5) (>= netstandard1.6)) (&& (== netstandard1.5) (< portable-net45+win8+wp8+wpa81)) (== netstandard1.6) (== netstandard2.0)
    System.Reflection (4.3) - restriction: == netstandard1.6
      Microsoft.NETCore.Platforms (>= 1.1) - restriction: || (== net35) (== net40) (&& (== net45) (< portable-net45+win8+wp8+wpa81)) (== netstandard1.0) (== netstandard1.3) (== netstandard1.5) (== netstandard1.6) (== netstandard2.0)
      Microsoft.NETCore.Targets (>= 1.1) - restriction: || (== net35) (== net40) (&& (== net45) (< portable-net45+win8+wp8+wpa81)) (== netstandard1.0) (== netstandard1.3) (== netstandard1.5) (== netstandard1.6) (== netstandard2.0)
      System.IO (>= 4.3) - restriction: || (== net35) (== net40) (&& (== net45) (< portable-net45+win8+wp8+wpa81)) (== netstandard1.0) (== netstandard1.3) (== netstandard1.5) (== netstandard1.6) (== netstandard2.0)
      System.Reflection.Primitives (>= 4.3) - restriction: || (== net35) (== net40) (&& (== net45) (< portable-net45+win8+wp8+wpa81)) (== netstandard1.0) (== netstandard1.3) (== netstandard1.5) (== netstandard1.6) (== netstandard2.0)
      System.Runtime (>= 4.3) - restriction: || (== net35) (== net40) (&& (== net45) (< portable-net45+win8+wp8+wpa81)) (== netstandard1.0) (== netstandard1.3) (== netstandard1.5) (== netstandard1.6) (== netstandard2.0)
    System.Reflection.Emit (4.3) - restriction: == netstandard1.6
      System.IO (>= 4.3) - restriction: || (&& (== net35) (>= netstandard1.1)) (&& (== net40) (>= netstandard1.1)) (&& (== netstandard1.0) (>= netstandard1.1)) (== netstandard1.3) (== netstandard1.5) (== netstandard1.6) (== netstandard2.0)
      System.Reflection (>= 4.3) - restriction: || (&& (== net35) (>= netstandard1.1)) (&& (== net40) (>= netstandard1.1)) (&& (== netstandard1.0) (>= netstandard1.1)) (== netstandard1.3) (== netstandard1.5) (== netstandard1.6) (== netstandard2.0)
      System.Reflection.Emit.ILGeneration (>= 4.3) - restriction: || (&& (== net35) (>= netstandard1.1)) (&& (== net40) (>= netstandard1.1)) (&& (== netstandard1.0) (>= netstandard1.1)) (== netstandard1.3) (== netstandard1.5) (== netstandard1.6) (== netstandard2.0)
      System.Reflection.Primitives (>= 4.3) - restriction: || (&& (== net35) (>= netstandard1.1)) (&& (== net40) (>= netstandard1.1)) (&& (== netstandard1.0) (>= netstandard1.1)) (== netstandard1.3) (== netstandard1.5) (== netstandard1.6) (== netstandard2.0)
      System.Runtime (>= 4.3) - restriction: || (&& (== net35) (>= netstandard1.1)) (&& (== net40) (>= netstandard1.1)) (&& (== netstandard1.0) (>= netstandard1.1)) (== netstandard1.3) (== netstandard1.5) (== netstandard1.6) (== netstandard2.0)
    System.Reflection.Emit.ILGeneration (4.3) - restriction: == netstandard1.6
      System.Reflection (>= 4.3) - restriction: || (&& (== net35) (>= netstandard1.0)) (&& (== net40) (>= netstandard1.0)) (== netstandard1.0) (== netstandard1.3) (== netstandard1.5) (== netstandard1.6) (== netstandard2.0)
      System.Reflection.Primitives (>= 4.3) - restriction: || (&& (== net35) (>= netstandard1.0)) (&& (== net40) (>= netstandard1.0)) (== netstandard1.0) (== netstandard1.3) (== netstandard1.5) (== netstandard1.6) (== netstandard2.0)
      System.Runtime (>= 4.3) - restriction: || (&& (== net35) (>= netstandard1.0)) (&& (== net40) (>= netstandard1.0)) (== netstandard1.0) (== netstandard1.3) (== netstandard1.5) (== netstandard1.6) (== netstandard2.0)
    System.Reflection.Extensions (4.3) - restriction: == netstandard1.6
      Microsoft.NETCore.Platforms (>= 1.1) - restriction: || (== net35) (== net40) (&& (== net45) (< portable-net45+win8+wp8+wpa81)) (== netstandard1.0) (== netstandard1.3) (== netstandard1.5) (== netstandard1.6) (== netstandard2.0)
      Microsoft.NETCore.Targets (>= 1.1) - restriction: || (== net35) (== net40) (&& (== net45) (< portable-net45+win8+wp8+wpa81)) (== netstandard1.0) (== netstandard1.3) (== netstandard1.5) (== netstandard1.6) (== netstandard2.0)
      System.Reflection (>= 4.3) - restriction: || (== net35) (== net40) (&& (== net45) (< portable-net45+win8+wp8+wpa81)) (== netstandard1.0) (== netstandard1.3) (== netstandard1.5) (== netstandard1.6) (== netstandard2.0)
      System.Runtime (>= 4.3) - restriction: || (== net35) (== net40) (&& (== net45) (< portable-net45+win8+wp8+wpa81)) (== netstandard1.0) (== netstandard1.3) (== netstandard1.5) (== netstandard1.6) (== netstandard2.0)
    System.Reflection.Primitives (4.3) - restriction: == netstandard1.6
      Microsoft.NETCore.Platforms (>= 1.1) - restriction: || (== net35) (== net40) (&& (== net45) (< portable-net45+win8+wp8+wpa81)) (== netstandard1.0) (== netstandard1.3) (== netstandard1.5) (== netstandard1.6) (== netstandard2.0)
      Microsoft.NETCore.Targets (>= 1.1) - restriction: || (== net35) (== net40) (&& (== net45) (< portable-net45+win8+wp8+wpa81)) (== netstandard1.0) (== netstandard1.3) (== netstandard1.5) (== netstandard1.6) (== netstandard2.0)
      System.Runtime (>= 4.3) - restriction: || (== net35) (== net40) (&& (== net45) (< portable-net45+win8+wp8+wpa81)) (== netstandard1.0) (== netstandard1.3) (== netstandard1.5) (== netstandard1.6) (== netstandard2.0)
    System.Reflection.TypeExtensions (4.4) - restriction: == netstandard1.6
      System.Reflection (>= 4.3) - restriction: || (== net35) (== net40) (== net45) (== netstandard1.0) (== netstandard1.3) (== netstandard1.5) (== netstandard1.6) (&& (== netstandard2.0) (< netstandard1.3)) (&& (== netstandard2.0) (< netstandard1.5))
      System.Resources.ResourceManager (>= 4.3) - restriction: || (== net35) (== net40) (== net45) (== netstandard1.0) (== netstandard1.3) (== netstandard1.5) (== netstandard1.6) (&& (== netstandard2.0) (< netstandard1.3)) (&& (== netstandard2.0) (< netstandard1.5))
      System.Runtime (>= 4.3) - restriction: || (== net35) (== net40) (== net45) (== netstandard1.0) (== netstandard1.3) (== netstandard1.5) (== netstandard1.6) (&& (== netstandard2.0) (< netstandard1.3)) (&& (== netstandard2.0) (< netstandard1.5))
    System.Resources.ResourceManager (4.3) - restriction: == netstandard1.6
      Microsoft.NETCore.Platforms (>= 1.1) - restriction: || (== net35) (== net40) (&& (== net45) (< portable-net45+win8+wp8+wpa81)) (== netstandard1.0) (== netstandard1.3) (== netstandard1.5) (== netstandard1.6) (== netstandard2.0)
      Microsoft.NETCore.Targets (>= 1.1) - restriction: || (== net35) (== net40) (&& (== net45) (< portable-net45+win8+wp8+wpa81)) (== netstandard1.0) (== netstandard1.3) (== netstandard1.5) (== netstandard1.6) (== netstandard2.0)
      System.Globalization (>= 4.3) - restriction: || (== net35) (== net40) (&& (== net45) (< portable-net45+win8+wp8+wpa81)) (== netstandard1.0) (== netstandard1.3) (== netstandard1.5) (== netstandard1.6) (== netstandard2.0)
      System.Reflection (>= 4.3) - restriction: || (== net35) (== net40) (&& (== net45) (< portable-net45+win8+wp8+wpa81)) (== netstandard1.0) (== netstandard1.3) (== netstandard1.5) (== netstandard1.6) (== netstandard2.0)
      System.Runtime (>= 4.3) - restriction: || (== net35) (== net40) (&& (== net45) (< portable-net45+win8+wp8+wpa81)) (== netstandard1.0) (== netstandard1.3) (== netstandard1.5) (== netstandard1.6) (== netstandard2.0)
    System.Runtime (4.3) - restriction: == netstandard1.6
      Microsoft.NETCore.Platforms (>= 1.1) - restriction: || (== net35) (== net40) (&& (== net45) (< portable-net45+win8+wp8+wpa81)) (== netstandard1.0) (== netstandard1.3) (== netstandard1.5) (== netstandard1.6) (== netstandard2.0)
      Microsoft.NETCore.Targets (>= 1.1) - restriction: || (== net35) (== net40) (&& (== net45) (< portable-net45+win8+wp8+wpa81)) (== netstandard1.0) (== netstandard1.3) (== netstandard1.5) (== netstandard1.6) (== netstandard2.0)
    System.Runtime.Extensions (4.3) - restriction: == netstandard1.6
      Microsoft.NETCore.Platforms (>= 1.1) - restriction: || (== net35) (== net40) (&& (== net45) (< portable-net45+win8+wp8+wpa81)) (== netstandard1.0) (== netstandard1.3) (== netstandard1.5) (== netstandard1.6) (== netstandard2.0)
      Microsoft.NETCore.Targets (>= 1.1) - restriction: || (== net35) (== net40) (&& (== net45) (< portable-net45+win8+wp8+wpa81)) (== netstandard1.0) (== netstandard1.3) (== netstandard1.5) (== netstandard1.6) (== netstandard2.0)
      System.Runtime (>= 4.3) - restriction: || (== net35) (== net40) (&& (== net45) (< portable-net45+win8+wp8+wpa81)) (== netstandard1.0) (== netstandard1.3) (== netstandard1.5) (== netstandard1.6) (== netstandard2.0)
    System.Runtime.Handles (4.3) - restriction: == netstandard1.6
      Microsoft.NETCore.Platforms (>= 1.1) - restriction: || (&& (== net35) (>= netstandard1.3)) (&& (== net40) (>= netstandard1.3)) (&& (== net45) (>= netstandard1.3)) (&& (== netstandard1.0) (>= netstandard1.3)) (== netstandard1.3) (== netstandard1.5) (== netstandard1.6) (== netstandard2.0)
      Microsoft.NETCore.Targets (>= 1.1) - restriction: || (&& (== net35) (>= netstandard1.3)) (&& (== net40) (>= netstandard1.3)) (&& (== net45) (>= netstandard1.3)) (&& (== netstandard1.0) (>= netstandard1.3)) (== netstandard1.3) (== netstandard1.5) (== netstandard1.6) (== netstandard2.0)
      System.Runtime (>= 4.3) - restriction: || (&& (== net35) (>= netstandard1.3)) (&& (== net40) (>= netstandard1.3)) (&& (== net45) (>= netstandard1.3)) (&& (== netstandard1.0) (>= netstandard1.3)) (== netstandard1.3) (== netstandard1.5) (== netstandard1.6) (== netstandard2.0)
    System.Runtime.InteropServices (4.3) - restriction: == netstandard1.6
      Microsoft.NETCore.Platforms (>= 1.1) - restriction: || (== net35) (== net40) (&& (== net45) (>= netcoreapp1.1)) (&& (== net45) (< portable-net45+win8+wpa81)) (== netstandard1.0) (== netstandard1.3) (== netstandard1.5) (== netstandard1.6) (== netstandard2.0)
      Microsoft.NETCore.Targets (>= 1.1) - restriction: || (== net35) (== net40) (&& (== net45) (>= netcoreapp1.1)) (&& (== net45) (< portable-net45+win8+wpa81)) (== netstandard1.0) (== netstandard1.3) (== netstandard1.5) (== netstandard1.6) (== netstandard2.0)
      System.Reflection (>= 4.3) - restriction: || (== net35) (== net40) (&& (== net45) (>= netcoreapp1.1)) (&& (== net45) (< portable-net45+win8+wpa81)) (== netstandard1.0) (== netstandard1.3) (== netstandard1.5) (== netstandard1.6) (== netstandard2.0)
      System.Reflection.Primitives (>= 4.3) - restriction: || (== net35) (== net40) (&& (== net45) (>= netcoreapp1.1)) (&& (== net45) (< portable-net45+win8+wpa81)) (== netstandard1.0) (== netstandard1.3) (== netstandard1.5) (== netstandard1.6) (== netstandard2.0)
      System.Runtime (>= 4.3) - restriction: || (== net35) (== net40) (&& (== net45) (>= net462)) (&& (== net45) (>= netcoreapp1.1)) (&& (== net45) (< portable-net45+win8+wpa81)) (== netstandard1.0) (== netstandard1.3) (== netstandard1.5) (== netstandard1.6) (== netstandard2.0)
      System.Runtime.Handles (>= 4.3) - restriction: || (== net35) (== net40) (&& (== net45) (>= netcoreapp1.1)) (&& (== net45) (< portable-net45+win8+wpa81)) (== netstandard1.0) (== netstandard1.3) (== netstandard1.5) (== netstandard1.6) (== netstandard2.0)
    System.Text.Encoding (4.3) - restriction: == netstandard1.6
      Microsoft.NETCore.Platforms (>= 1.1) - restriction: || (== net35) (== net40) (&& (== net45) (< portable-net45+win8+wp8+wpa81)) (== netstandard1.0) (== netstandard1.3) (== netstandard1.5) (== netstandard1.6) (== netstandard2.0)
      Microsoft.NETCore.Targets (>= 1.1) - restriction: || (== net35) (== net40) (&& (== net45) (< portable-net45+win8+wp8+wpa81)) (== netstandard1.0) (== netstandard1.3) (== netstandard1.5) (== netstandard1.6) (== netstandard2.0)
      System.Runtime (>= 4.3) - restriction: || (== net35) (== net40) (&& (== net45) (< portable-net45+win8+wp8+wpa81)) (== netstandard1.0) (== netstandard1.3) (== netstandard1.5) (== netstandard1.6) (== netstandard2.0)
    System.Text.Encoding.Extensions (4.3) - restriction: == netstandard1.6
      Microsoft.NETCore.Platforms (>= 1.1) - restriction: || (== net35) (== net40) (&& (== net45) (< portable-net45+win8+wp8+wpa81)) (== netstandard1.0) (== netstandard1.3) (== netstandard1.5) (== netstandard1.6) (== netstandard2.0)
      Microsoft.NETCore.Targets (>= 1.1) - restriction: || (== net35) (== net40) (&& (== net45) (< portable-net45+win8+wp8+wpa81)) (== netstandard1.0) (== netstandard1.3) (== netstandard1.5) (== netstandard1.6) (== netstandard2.0)
      System.Runtime (>= 4.3) - restriction: || (== net35) (== net40) (&& (== net45) (< portable-net45+win8+wp8+wpa81)) (== netstandard1.0) (== netstandard1.3) (== netstandard1.5) (== netstandard1.6) (== netstandard2.0)
      System.Text.Encoding (>= 4.3) - restriction: || (== net35) (== net40) (&& (== net45) (< portable-net45+win8+wp8+wpa81)) (== netstandard1.0) (== netstandard1.3) (== netstandard1.5) (== netstandard1.6) (== netstandard2.0)
    System.Text.RegularExpressions (4.3) - restriction: == netstandard1.6
      System.Collections (>= 4.3) - restriction: || (== net35) (== net40) (&& (== net45) (< portable-net45+win8+wp8+wpa81)) (&& (== netstandard1.0) (>= netstandard1.6)) (&& (== netstandard1.0) (< portable-net45+win8+wp8+wpa81)) (&& (== netstandard1.3) (>= netstandard1.6)) (&& (== netstandard1.3) (< portable-net45+win8+wp8+wpa81)) (&& (== netstandard1.5) (>= netstandard1.6)) (&& (== netstandard1.5) (< portable-net45+win8+wp8+wpa81)) (== netstandard1.6) (== netstandard2.0)
      System.Globalization (>= 4.3) - restriction: || (== net35) (== net40) (&& (== net45) (< portable-net45+win8+wp8+wpa81)) (&& (== netstandard1.0) (>= netstandard1.6)) (&& (== netstandard1.0) (< portable-net45+win8+wp8+wpa81)) (&& (== netstandard1.3) (>= netstandard1.6)) (&& (== netstandard1.3) (< portable-net45+win8+wp8+wpa81)) (&& (== netstandard1.5) (>= netstandard1.6)) (&& (== netstandard1.5) (< portable-net45+win8+wp8+wpa81)) (== netstandard1.6) (== netstandard2.0)
      System.Resources.ResourceManager (>= 4.3) - restriction: || (== net35) (== net40) (&& (== net45) (< portable-net45+win8+wp8+wpa81)) (&& (== netstandard1.0) (>= netstandard1.6)) (&& (== netstandard1.0) (< portable-net45+win8+wp8+wpa81)) (&& (== netstandard1.3) (>= netstandard1.6)) (&& (== netstandard1.3) (< portable-net45+win8+wp8+wpa81)) (&& (== netstandard1.5) (>= netstandard1.6)) (&& (== netstandard1.5) (< portable-net45+win8+wp8+wpa81)) (== netstandard1.6) (== netstandard2.0)
      System.Runtime (>= 4.3) - restriction: || (== net35) (== net40) (&& (== net45) (>= netcoreapp1.1)) (&& (== net45) (< portable-net45+win8+wp8+wpa81)) (== netstandard1.0) (== netstandard1.3) (== netstandard1.5) (== netstandard1.6) (== netstandard2.0)
      System.Runtime.Extensions (>= 4.3) - restriction: || (== net35) (== net40) (&& (== net45) (< portable-net45+win8+wp8+wpa81)) (&& (== netstandard1.0) (>= netstandard1.6)) (&& (== netstandard1.0) (< portable-net45+win8+wp8+wpa81)) (&& (== netstandard1.3) (>= netstandard1.6)) (&& (== netstandard1.3) (< portable-net45+win8+wp8+wpa81)) (&& (== netstandard1.5) (>= netstandard1.6)) (&& (== netstandard1.5) (< portable-net45+win8+wp8+wpa81)) (== netstandard1.6) (== netstandard2.0)
      System.Threading (>= 4.3) - restriction: || (== net35) (== net40) (&& (== net45) (< portable-net45+win8+wp8+wpa81)) (&& (== netstandard1.0) (>= netstandard1.6)) (&& (== netstandard1.0) (< portable-net45+win8+wp8+wpa81)) (&& (== netstandard1.3) (>= netstandard1.6)) (&& (== netstandard1.3) (< portable-net45+win8+wp8+wpa81)) (&& (== netstandard1.5) (>= netstandard1.6)) (&& (== netstandard1.5) (< portable-net45+win8+wp8+wpa81)) (== netstandard1.6) (== netstandard2.0)
    System.Threading (4.3) - restriction: == netstandard1.6
      System.Runtime (>= 4.3) - restriction: || (== net35) (== net40) (&& (== net45) (< portable-net45+win8+wp8+wpa81)) (== netstandard1.0) (== netstandard1.3) (== netstandard1.5) (== netstandard1.6) (== netstandard2.0)
      System.Threading.Tasks (>= 4.3) - restriction: || (== net35) (== net40) (&& (== net45) (< portable-net45+win8+wp8+wpa81)) (== netstandard1.0) (== netstandard1.3) (== netstandard1.5) (== netstandard1.6) (== netstandard2.0)
    System.Threading.Tasks (4.3) - restriction: == netstandard1.6
      Microsoft.NETCore.Platforms (>= 1.1) - restriction: || (== net35) (== net40) (&& (== net45) (< portable-net45+win8+wp8+wpa81)) (== netstandard1.0) (== netstandard1.3) (== netstandard1.5) (== netstandard1.6) (== netstandard2.0)
      Microsoft.NETCore.Targets (>= 1.1) - restriction: || (== net35) (== net40) (&& (== net45) (< portable-net45+win8+wp8+wpa81)) (== netstandard1.0) (== netstandard1.3) (== netstandard1.5) (== netstandard1.6) (== netstandard2.0)
      System.Runtime (>= 4.3) - restriction: || (== net35) (== net40) (&& (== net45) (< portable-net45+win8+wp8+wpa81)) (== netstandard1.0) (== netstandard1.3) (== netstandard1.5) (== netstandard1.6) (== netstandard2.0)
    System.Threading.Tasks.Extensions (4.4) - restriction: == netstandard1.6
      System.Collections (>= 4.3) - restriction: || (&& (== net35) (>= netstandard1.0)) (&& (== net40) (>= netstandard1.0)) (== net45) (== netstandard1.0) (== netstandard1.3) (== netstandard1.5) (== netstandard1.6)
      System.Runtime (>= 4.3) - restriction: || (&& (== net35) (>= netstandard1.0)) (&& (== net40) (>= netstandard1.0)) (== net45) (== netstandard1.0) (== netstandard1.3) (== netstandard1.5) (== netstandard1.6)
      System.Threading.Tasks (>= 4.3) - restriction: || (&& (== net35) (>= netstandard1.0)) (&& (== net40) (>= netstandard1.0)) (== net45) (== netstandard1.0) (== netstandard1.3) (== netstandard1.5) (== netstandard1.6)
    System.Threading.Thread (4.3) - restriction: == netstandard1.6
      System.Runtime (>= 4.3) - restriction: || (&& (== net35) (>= netstandard1.3)) (&& (== net40) (>= netstandard1.3)) (&& (== net45) (>= netstandard1.3)) (&& (== netstandard1.0) (>= netstandard1.3)) (== netstandard1.3) (== netstandard1.5) (== netstandard1.6) (== netstandard2.0)
    System.Xml.ReaderWriter (4.3.1) - restriction: == netstandard1.6
      System.Collections (>= 4.3) - restriction: || (== net35) (== net40) (&& (== net45) (< portable-net45+win8+wp8+wpa81)) (&& (== netstandard1.0) (>= netstandard1.3)) (&& (== netstandard1.0) (< portable-net45+win8+wp8+wpa81)) (== netstandard1.3) (== netstandard1.5) (== netstandard1.6) (== netstandard2.0)
      System.Diagnostics.Debug (>= 4.3) - restriction: || (== net35) (== net40) (&& (== net45) (< portable-net45+win8+wp8+wpa81)) (&& (== netstandard1.0) (>= netstandard1.3)) (&& (== netstandard1.0) (< portable-net45+win8+wp8+wpa81)) (== netstandard1.3) (== netstandard1.5) (== netstandard1.6) (== netstandard2.0)
      System.Globalization (>= 4.3) - restriction: || (== net35) (== net40) (&& (== net45) (< portable-net45+win8+wp8+wpa81)) (&& (== netstandard1.0) (>= netstandard1.3)) (&& (== netstandard1.0) (< portable-net45+win8+wp8+wpa81)) (== netstandard1.3) (== netstandard1.5) (== netstandard1.6) (== netstandard2.0)
      System.IO (>= 4.3) - restriction: || (== net35) (== net40) (&& (== net45) (< portable-net45+win8+wp8+wpa81)) (== netstandard1.0) (== netstandard1.3) (== netstandard1.5) (== netstandard1.6) (== netstandard2.0)
      System.IO.FileSystem (>= 4.3) - restriction: || (== net35) (== net40) (&& (== net45) (< portable-net45+win8+wp8+wpa81)) (&& (== netstandard1.0) (>= netstandard1.3)) (&& (== netstandard1.0) (< portable-net45+win8+wp8+wpa81)) (== netstandard1.3) (== netstandard1.5) (== netstandard1.6) (== netstandard2.0)
      System.IO.FileSystem.Primitives (>= 4.3) - restriction: || (== net35) (== net40) (&& (== net45) (< portable-net45+win8+wp8+wpa81)) (&& (== netstandard1.0) (>= netstandard1.3)) (&& (== netstandard1.0) (< portable-net45+win8+wp8+wpa81)) (== netstandard1.3) (== netstandard1.5) (== netstandard1.6) (== netstandard2.0)
      System.Resources.ResourceManager (>= 4.3) - restriction: || (== net35) (== net40) (&& (== net45) (< portable-net45+win8+wp8+wpa81)) (&& (== netstandard1.0) (>= netstandard1.3)) (&& (== netstandard1.0) (< portable-net45+win8+wp8+wpa81)) (== netstandard1.3) (== netstandard1.5) (== netstandard1.6) (== netstandard2.0)
      System.Runtime (>= 4.3) - restriction: || (== net35) (== net40) (&& (== net45) (< portable-net45+win8+wp8+wpa81)) (== netstandard1.0) (== netstandard1.3) (== netstandard1.5) (== netstandard1.6) (== netstandard2.0)
      System.Runtime.Extensions (>= 4.3) - restriction: || (== net35) (== net40) (&& (== net45) (< portable-net45+win8+wp8+wpa81)) (&& (== netstandard1.0) (>= netstandard1.3)) (&& (== netstandard1.0) (< portable-net45+win8+wp8+wpa81)) (== netstandard1.3) (== netstandard1.5) (== netstandard1.6) (== netstandard2.0)
      System.Runtime.InteropServices (>= 4.3) - restriction: || (== net35) (== net40) (&& (== net45) (< portable-net45+win8+wp8+wpa81)) (&& (== netstandard1.0) (>= netstandard1.3)) (&& (== netstandard1.0) (< portable-net45+win8+wp8+wpa81)) (== netstandard1.3) (== netstandard1.5) (== netstandard1.6) (== netstandard2.0)
      System.Text.Encoding (>= 4.3) - restriction: || (== net35) (== net40) (&& (== net45) (< portable-net45+win8+wp8+wpa81)) (== netstandard1.0) (== netstandard1.3) (== netstandard1.5) (== netstandard1.6) (== netstandard2.0)
      System.Text.Encoding.Extensions (>= 4.3) - restriction: || (== net35) (== net40) (&& (== net45) (< portable-net45+win8+wp8+wpa81)) (&& (== netstandard1.0) (>= netstandard1.3)) (&& (== netstandard1.0) (< portable-net45+win8+wp8+wpa81)) (== netstandard1.3) (== netstandard1.5) (== netstandard1.6) (== netstandard2.0)
      System.Text.RegularExpressions (>= 4.3) - restriction: || (== net35) (== net40) (&& (== net45) (< portable-net45+win8+wp8+wpa81)) (&& (== netstandard1.0) (>= netstandard1.3)) (&& (== netstandard1.0) (< portable-net45+win8+wp8+wpa81)) (== netstandard1.3) (== netstandard1.5) (== netstandard1.6) (== netstandard2.0)
      System.Threading.Tasks (>= 4.3) - restriction: || (== net35) (== net40) (&& (== net45) (< portable-net45+win8+wp8+wpa81)) (== netstandard1.0) (== netstandard1.3) (== netstandard1.5) (== netstandard1.6) (== netstandard2.0)
      System.Threading.Tasks.Extensions (>= 4.3) - restriction: || (== net35) (== net40) (&& (== net45) (< portable-net45+win8+wp8+wpa81)) (&& (== netstandard1.0) (>= netstandard1.3)) (&& (== netstandard1.0) (< portable-net45+win8+wp8+wpa81)) (== netstandard1.3) (== netstandard1.5) (== netstandard1.6) (== netstandard2.0)
    System.Xml.XmlDocument (4.3) - restriction: == netstandard1.6
      System.Collections (>= 4.3) - restriction: || (&& (== net35) (>= netstandard1.3)) (&& (== net40) (>= netstandard1.3)) (&& (== net45) (>= netstandard1.3)) (&& (== netstandard1.0) (>= netstandard1.3)) (== netstandard1.3) (== netstandard1.5) (== netstandard1.6) (== netstandard2.0)
      System.Diagnostics.Debug (>= 4.3) - restriction: || (&& (== net35) (>= netstandard1.3)) (&& (== net40) (>= netstandard1.3)) (&& (== net45) (>= netstandard1.3)) (&& (== netstandard1.0) (>= netstandard1.3)) (== netstandard1.3) (== netstandard1.5) (== netstandard1.6) (== netstandard2.0)
      System.Globalization (>= 4.3) - restriction: || (&& (== net35) (>= netstandard1.3)) (&& (== net40) (>= netstandard1.3)) (&& (== net45) (>= netstandard1.3)) (&& (== netstandard1.0) (>= netstandard1.3)) (== netstandard1.3) (== netstandard1.5) (== netstandard1.6) (== netstandard2.0)
      System.IO (>= 4.3) - restriction: || (&& (== net35) (>= netstandard1.3)) (&& (== net40) (>= netstandard1.3)) (&& (== net45) (>= netstandard1.3)) (&& (== netstandard1.0) (>= netstandard1.3)) (== netstandard1.3) (== netstandard1.5) (== netstandard1.6) (== netstandard2.0)
      System.Resources.ResourceManager (>= 4.3) - restriction: || (&& (== net35) (>= netstandard1.3)) (&& (== net40) (>= netstandard1.3)) (&& (== net45) (>= netstandard1.3)) (&& (== netstandard1.0) (>= netstandard1.3)) (== netstandard1.3) (== netstandard1.5) (== netstandard1.6) (== netstandard2.0)
      System.Runtime (>= 4.3) - restriction: || (&& (== net35) (>= netstandard1.3)) (&& (== net40) (>= netstandard1.3)) (&& (== net45) (>= netstandard1.3)) (&& (== netstandard1.0) (>= netstandard1.3)) (== netstandard1.3) (== netstandard1.5) (== netstandard1.6) (== netstandard2.0)
      System.Runtime.Extensions (>= 4.3) - restriction: || (&& (== net35) (>= netstandard1.3)) (&& (== net40) (>= netstandard1.3)) (&& (== net45) (>= netstandard1.3)) (&& (== netstandard1.0) (>= netstandard1.3)) (== netstandard1.3) (== netstandard1.5) (== netstandard1.6) (== netstandard2.0)
      System.Text.Encoding (>= 4.3) - restriction: || (&& (== net35) (>= netstandard1.3)) (&& (== net40) (>= netstandard1.3)) (&& (== net45) (>= netstandard1.3)) (&& (== netstandard1.0) (>= netstandard1.3)) (== netstandard1.3) (== netstandard1.5) (== netstandard1.6) (== netstandard2.0)
      System.Threading (>= 4.3) - restriction: || (&& (== net35) (>= netstandard1.3)) (&& (== net40) (>= netstandard1.3)) (&& (== net45) (>= netstandard1.3)) (&& (== netstandard1.0) (>= netstandard1.3)) (== netstandard1.3) (== netstandard1.5) (== netstandard1.6) (== netstandard2.0)
      System.Xml.ReaderWriter (>= 4.3) - restriction: || (&& (== net35) (>= netstandard1.3)) (&& (== net40) (>= netstandard1.3)) (&& (== net45) (>= netstandard1.3)) (&& (== netstandard1.0) (>= netstandard1.3)) (== netstandard1.3) (== netstandard1.5) (== netstandard1.6) (== netstandard2.0)
    System.Xml.XmlSerializer (4.3) - restriction: == netstandard1.6
      System.Collections (>= 4.3) - restriction: || (== net35) (== net40) (&& (== net45) (< portable-net45+win8+wp8+wpa81)) (&& (== netstandard1.0) (>= netstandard1.3)) (&& (== netstandard1.0) (< portable-net45+win8+wp8+wpa81)) (== netstandard1.3) (== netstandard1.5) (== netstandard1.6) (== netstandard2.0)
      System.Globalization (>= 4.3) - restriction: || (== net35) (== net40) (&& (== net45) (< portable-net45+win8+wp8+wpa81)) (&& (== netstandard1.0) (>= netstandard1.3)) (&& (== netstandard1.0) (< portable-net45+win8+wp8+wpa81)) (== netstandard1.3) (== netstandard1.5) (== netstandard1.6) (== netstandard2.0)
      System.IO (>= 4.3) - restriction: || (== net35) (== net40) (&& (== net45) (< portable-net45+win8+wp8+wpa81)) (== netstandard1.0) (== netstandard1.3) (== netstandard1.5) (== netstandard1.6) (== netstandard2.0)
      System.Linq (>= 4.3) - restriction: || (== net35) (== net40) (&& (== net45) (< portable-net45+win8+wp8+wpa81)) (&& (== netstandard1.0) (>= netstandard1.3)) (&& (== netstandard1.0) (< portable-net45+win8+wp8+wpa81)) (== netstandard1.3) (== netstandard1.5) (== netstandard1.6) (== netstandard2.0)
      System.Reflection (>= 4.3) - restriction: || (== net35) (== net40) (&& (== net45) (< portable-net45+win8+wp8+wpa81)) (&& (== netstandard1.0) (>= netstandard1.3)) (&& (== netstandard1.0) (< portable-net45+win8+wp8+wpa81)) (== netstandard1.3) (== netstandard1.5) (== netstandard1.6) (== netstandard2.0)
      System.Reflection.Emit (>= 4.3) - restriction: || (== net35) (== net40) (&& (== net45) (< portable-net45+win8+wp8+wpa81)) (&& (== netstandard1.0) (>= netstandard1.3)) (&& (== netstandard1.0) (< portable-net45+win8+wp8+wpa81)) (== netstandard1.3) (== netstandard1.5) (== netstandard1.6) (== netstandard2.0)
      System.Reflection.Emit.ILGeneration (>= 4.3) - restriction: || (== net35) (== net40) (&& (== net45) (< portable-net45+win8+wp8+wpa81)) (&& (== netstandard1.0) (>= netstandard1.3)) (&& (== netstandard1.0) (< portable-net45+win8+wp8+wpa81)) (== netstandard1.3) (== netstandard1.5) (== netstandard1.6) (== netstandard2.0)
      System.Reflection.Extensions (>= 4.3) - restriction: || (== net35) (== net40) (&& (== net45) (< portable-net45+win8+wp8+wpa81)) (&& (== netstandard1.0) (>= netstandard1.3)) (&& (== netstandard1.0) (< portable-net45+win8+wp8+wpa81)) (== netstandard1.3) (== netstandard1.5) (== netstandard1.6) (== netstandard2.0)
      System.Reflection.Primitives (>= 4.3) - restriction: || (== net35) (== net40) (&& (== net45) (< portable-net45+win8+wp8+wpa81)) (&& (== netstandard1.0) (>= netstandard1.3)) (&& (== netstandard1.0) (< portable-net45+win8+wp8+wpa81)) (== netstandard1.3) (== netstandard1.5) (== netstandard1.6) (== netstandard2.0)
      System.Reflection.TypeExtensions (>= 4.3) - restriction: || (== net35) (== net40) (&& (== net45) (< portable-net45+win8+wp8+wpa81)) (&& (== netstandard1.0) (>= netstandard1.3)) (&& (== netstandard1.0) (< portable-net45+win8+wp8+wpa81)) (== netstandard1.3) (== netstandard1.5) (== netstandard1.6) (== netstandard2.0)
      System.Resources.ResourceManager (>= 4.3) - restriction: || (== net35) (== net40) (&& (== net45) (< portable-net45+win8+wp8+wpa81)) (&& (== netstandard1.0) (>= netstandard1.3)) (&& (== netstandard1.0) (< portable-net45+win8+wp8+wpa81)) (== netstandard1.3) (== netstandard1.5) (== netstandard1.6) (== netstandard2.0)
      System.Runtime (>= 4.3) - restriction: || (== net35) (== net40) (&& (== net45) (< portable-net45+win8+wp8+wpa81)) (== netstandard1.0) (== netstandard1.3) (== netstandard1.5) (== netstandard1.6) (== netstandard2.0)
      System.Runtime.Extensions (>= 4.3) - restriction: || (== net35) (== net40) (&& (== net45) (< portable-net45+win8+wp8+wpa81)) (&& (== netstandard1.0) (>= netstandard1.3)) (&& (== netstandard1.0) (< portable-net45+win8+wp8+wpa81)) (== netstandard1.3) (== netstandard1.5) (== netstandard1.6) (== netstandard2.0)
      System.Text.RegularExpressions (>= 4.3) - restriction: || (== net35) (== net40) (&& (== net45) (< portable-net45+win8+wp8+wpa81)) (&& (== netstandard1.0) (>= netstandard1.3)) (&& (== netstandard1.0) (< portable-net45+win8+wp8+wpa81)) (== netstandard1.3) (== netstandard1.5) (== netstandard1.6) (== netstandard2.0)
      System.Threading (>= 4.3) - restriction: || (== net35) (== net40) (&& (== net45) (< portable-net45+win8+wp8+wpa81)) (&& (== netstandard1.0) (>= netstandard1.3)) (&& (== netstandard1.0) (< portable-net45+win8+wp8+wpa81)) (== netstandard1.3) (== netstandard1.5) (== netstandard1.6) (== netstandard2.0)
      System.Xml.ReaderWriter (>= 4.3) - restriction: || (== net35) (== net40) (&& (== net45) (< portable-net45+win8+wp8+wpa81)) (== netstandard1.0) (== netstandard1.3) (== netstandard1.5) (== netstandard1.6) (== netstandard2.0)
      System.Xml.XmlDocument (>= 4.3) - restriction: || (== net35) (== net40) (&& (== net45) (< portable-net45+win8+wp8+wpa81)) (&& (== netstandard1.0) (>= netstandard1.3)) (&& (== netstandard1.0) (< portable-net45+win8+wp8+wpa81)) (== netstandard1.3) (== netstandard1.5) (== netstandard1.6) (== netstandard2.0)
  remote: ../../../../dist/third-parties
    System.Threading.Tasks.Unofficial (3.1.1) - restriction: == net35

GROUP build
NUGET
  remote: ../../../../submodules/mason/dist
    Mason.Targets.Packager (0.1.1.26)
    Mason.Targets.Preprocessor (0.1.1.13)
    Mason.Targets.Verman (0.1.1.13)
