STORAGE: NONE
RESTRICTION: || (== net20) (== net35) (== net40) (== net45) (== net46) (== netstandard1.0) (== netstandard1.3) (== netstandard1.5) (== netstandard1.6) (== netstandard2.0)
NUGET
  remote: https://api.nuget.org/v3/index.json
    Microsoft.NETCore.Platforms (2.2.1) - restriction: == netstandard1.6
    Microsoft.NETCore.Targets (2.1) - restriction: == netstandard1.6
    runtime.native.System (4.3.1) - restriction: == netstandard1.6
      Microsoft.NETCore.Platforms (>= 1.1.1)
      Microsoft.NETCore.Targets (>= 1.1.3)
    System.Collections (4.3) - restriction: == netstandard1.6
      Microsoft.NETCore.Platforms (>= 1.1) - restriction: || (== net20) (== net35) (== net40) (&& (== net45) (< portable-net45+win8+wp8+wpa81)) (&& (== net46) (< net45)) (&& (== net46) (< portable-net45+win8+wp8+wpa81)) (== netstandard1.0) (== netstandard1.3) (== netstandard1.5) (== netstandard1.6) (== netstandard2.0)
      Microsoft.NETCore.Targets (>= 1.1) - restriction: || (== net20) (== net35) (== net40) (&& (== net45) (< portable-net45+win8+wp8+wpa81)) (&& (== net46) (< net45)) (&& (== net46) (< portable-net45+win8+wp8+wpa81)) (== netstandard1.0) (== netstandard1.3) (== netstandard1.5) (== netstandard1.6) (== netstandard2.0)
      System.Runtime (>= 4.3) - restriction: || (== net20) (== net35) (== net40) (&& (== net45) (< portable-net45+win8+wp8+wpa81)) (&& (== net46) (< net45)) (&& (== net46) (< portable-net45+win8+wp8+wpa81)) (== netstandard1.0) (== netstandard1.3) (== netstandard1.5) (== netstandard1.6) (== netstandard2.0)
    System.Diagnostics.Debug (4.3) - restriction: == netstandard1.6
      Microsoft.NETCore.Platforms (>= 1.1) - restriction: || (== net20) (== net35) (== net40) (&& (== net45) (< portable-net45+win8+wp8+wpa81)) (&& (== net46) (< net45)) (&& (== net46) (< portable-net45+win8+wp8+wpa81)) (== netstandard1.0) (== netstandard1.3) (== netstandard1.5) (== netstandard1.6) (== netstandard2.0)
      Microsoft.NETCore.Targets (>= 1.1) - restriction: || (== net20) (== net35) (== net40) (&& (== net45) (< portable-net45+win8+wp8+wpa81)) (&& (== net46) (< net45)) (&& (== net46) (< portable-net45+win8+wp8+wpa81)) (== netstandard1.0) (== netstandard1.3) (== netstandard1.5) (== netstandard1.6) (== netstandard2.0)
      System.Runtime (>= 4.3) - restriction: || (== net20) (== net35) (== net40) (&& (== net45) (< portable-net45+win8+wp8+wpa81)) (&& (== net46) (< net45)) (&& (== net46) (< portable-net45+win8+wp8+wpa81)) (== netstandard1.0) (== netstandard1.3) (== netstandard1.5) (== netstandard1.6) (== netstandard2.0)
    System.Diagnostics.TraceSource (4.3) - restriction: == netstandard1.6
      Microsoft.NETCore.Platforms (>= 1.1) - restriction: || (&& (== net20) (>= netstandard1.3)) (&& (== net35) (>= netstandard1.3)) (&& (== net40) (>= netstandard1.3)) (&& (== net45) (>= netstandard1.3)) (&& (== netstandard1.0) (>= netstandard1.3)) (== netstandard1.3) (== netstandard1.5) (== netstandard1.6) (== netstandard2.0)
      runtime.native.System (>= 4.3) - restriction: || (&& (== net20) (>= netstandard1.3)) (&& (== net35) (>= netstandard1.3)) (&& (== net40) (>= netstandard1.3)) (&& (== net45) (>= netstandard1.3)) (&& (== netstandard1.0) (>= netstandard1.3)) (== netstandard1.3) (== netstandard1.5) (== netstandard1.6) (== netstandard2.0)
      System.Collections (>= 4.3) - restriction: || (&& (== net20) (>= netstandard1.3)) (&& (== net35) (>= netstandard1.3)) (&& (== net40) (>= netstandard1.3)) (&& (== net45) (>= netstandard1.3)) (&& (== netstandard1.0) (>= netstandard1.3)) (== netstandard1.3) (== netstandard1.5) (== netstandard1.6) (== netstandard2.0)
      System.Diagnostics.Debug (>= 4.3) - restriction: || (&& (== net20) (>= netstandard1.3)) (&& (== net35) (>= netstandard1.3)) (&& (== net40) (>= netstandard1.3)) (&& (== net45) (>= netstandard1.3)) (&& (== netstandard1.0) (>= netstandard1.3)) (== netstandard1.3) (== netstandard1.5) (== netstandard1.6) (== netstandard2.0)
      System.Globalization (>= 4.3) - restriction: || (&& (== net20) (>= netstandard1.3)) (&& (== net35) (>= netstandard1.3)) (&& (== net40) (>= netstandard1.3)) (&& (== net45) (>= netstandard1.3)) (&& (== netstandard1.0) (>= netstandard1.3)) (== netstandard1.3) (== netstandard1.5) (== netstandard1.6) (== netstandard2.0)
      System.Resources.ResourceManager (>= 4.3) - restriction: || (&& (== net20) (>= netstandard1.3)) (&& (== net35) (>= netstandard1.3)) (&& (== net40) (>= netstandard1.3)) (&& (== net45) (>= netstandard1.3)) (&& (== netstandard1.0) (>= netstandard1.3)) (== netstandard1.3) (== netstandard1.5) (== netstandard1.6) (== netstandard2.0)
      System.Runtime (>= 4.3) - restriction: || (&& (== net20) (>= netstandard1.3)) (&& (== net35) (>= netstandard1.3)) (&& (== net40) (>= netstandard1.3)) (&& (== net45) (>= netstandard1.3)) (&& (== netstandard1.0) (>= netstandard1.3)) (== netstandard1.3) (== netstandard1.5) (== netstandard1.6) (== netstandard2.0)
      System.Runtime.Extensions (>= 4.3) - restriction: || (&& (== net20) (>= netstandard1.3)) (&& (== net35) (>= netstandard1.3)) (&& (== net40) (>= netstandard1.3)) (&& (== net45) (>= netstandard1.3)) (&& (== netstandard1.0) (>= netstandard1.3)) (== netstandard1.3) (== netstandard1.5) (== netstandard1.6) (== netstandard2.0)
      System.Threading (>= 4.3) - restriction: || (&& (== net20) (>= netstandard1.3)) (&& (== net35) (>= netstandard1.3)) (&& (== net40) (>= netstandard1.3)) (&& (== net45) (>= netstandard1.3)) (&& (== netstandard1.0) (>= netstandard1.3)) (== netstandard1.3) (== netstandard1.5) (== netstandard1.6) (== netstandard2.0)
    System.Globalization (4.3) - restriction: == netstandard1.6
      Microsoft.NETCore.Platforms (>= 1.1) - restriction: || (== net20) (== net35) (== net40) (&& (== net45) (< portable-net45+win8+wp8+wpa81)) (&& (== net46) (< net45)) (&& (== net46) (< portable-net45+win8+wp8+wpa81)) (== netstandard1.0) (== netstandard1.3) (== netstandard1.5) (== netstandard1.6) (== netstandard2.0)
      Microsoft.NETCore.Targets (>= 1.1) - restriction: || (== net20) (== net35) (== net40) (&& (== net45) (< portable-net45+win8+wp8+wpa81)) (&& (== net46) (< net45)) (&& (== net46) (< portable-net45+win8+wp8+wpa81)) (== netstandard1.0) (== netstandard1.3) (== netstandard1.5) (== netstandard1.6) (== netstandard2.0)
      System.Runtime (>= 4.3) - restriction: || (== net20) (== net35) (== net40) (&& (== net45) (< portable-net45+win8+wp8+wpa81)) (&& (== net46) (< net45)) (&& (== net46) (< portable-net45+win8+wp8+wpa81)) (== netstandard1.0) (== netstandard1.3) (== netstandard1.5) (== netstandard1.6) (== netstandard2.0)
    System.IO (4.3) - restriction: == netstandard1.6
      Microsoft.NETCore.Platforms (>= 1.1) - restriction: || (== net20) (== net35) (== net40) (&& (== net45) (< portable-net45+win8+wp8+wpa81)) (&& (== net46) (< net45)) (&& (== net46) (< portable-net45+win8+wp8+wpa81)) (== netstandard1.0) (== netstandard1.3) (== netstandard1.5) (== netstandard1.6) (== netstandard2.0)
      Microsoft.NETCore.Targets (>= 1.1) - restriction: || (== net20) (== net35) (== net40) (&& (== net45) (< portable-net45+win8+wp8+wpa81)) (&& (== net46) (< net45)) (&& (== net46) (< portable-net45+win8+wp8+wpa81)) (== netstandard1.0) (== netstandard1.3) (== netstandard1.5) (== netstandard1.6) (== netstandard2.0)
      System.Runtime (>= 4.3) - restriction: || (== net20) (== net35) (== net40) (&& (== net45) (< portable-net45+win8+wp8+wpa81)) (&& (== net46) (< net45)) (&& (== net46) (< portable-net45+win8+wp8+wpa81)) (== netstandard1.0) (== netstandard1.3) (== netstandard1.5) (== netstandard1.6) (== netstandard2.0)
      System.Text.Encoding (>= 4.3) - restriction: || (== net20) (== net35) (== net40) (&& (== net45) (< portable-net45+win8+wp8+wpa81)) (&& (== net46) (< net45)) (&& (== net46) (< portable-net45+win8+wp8+wpa81)) (== netstandard1.0) (== netstandard1.3) (== netstandard1.5) (== netstandard1.6) (== netstandard2.0)
      System.Threading.Tasks (>= 4.3) - restriction: || (== net20) (== net35) (== net40) (&& (== net45) (< portable-net45+win8+wp8+wpa81)) (&& (== net46) (< net45)) (&& (== net46) (< portable-net45+win8+wp8+wpa81)) (== netstandard1.0) (== netstandard1.3) (== netstandard1.5) (== netstandard1.6) (== netstandard2.0)
    System.IO.FileSystem (4.3) - restriction: == netstandard1.6
      Microsoft.NETCore.Platforms (>= 1.1) - restriction: || (&& (== net20) (>= netstandard1.3)) (&& (== net35) (>= netstandard1.3)) (&& (== net40) (>= netstandard1.3)) (&& (== net45) (>= netstandard1.3)) (&& (== netstandard1.0) (>= netstandard1.3)) (== netstandard1.3) (== netstandard1.5) (== netstandard1.6) (== netstandard2.0)
      Microsoft.NETCore.Targets (>= 1.1) - restriction: || (&& (== net20) (>= netstandard1.3)) (&& (== net35) (>= netstandard1.3)) (&& (== net40) (>= netstandard1.3)) (&& (== net45) (>= netstandard1.3)) (&& (== netstandard1.0) (>= netstandard1.3)) (== netstandard1.3) (== netstandard1.5) (== netstandard1.6) (== netstandard2.0)
      System.IO (>= 4.3) - restriction: || (&& (== net20) (>= netstandard1.3)) (&& (== net35) (>= netstandard1.3)) (&& (== net40) (>= netstandard1.3)) (&& (== net45) (>= netstandard1.3)) (&& (== netstandard1.0) (>= netstandard1.3)) (== netstandard1.3) (== netstandard1.5) (== netstandard1.6) (== netstandard2.0)
      System.IO.FileSystem.Primitives (>= 4.3) - restriction: || (&& (== net20) (>= net46)) (&& (== net20) (>= netstandard1.3)) (&& (== net35) (>= net46)) (&& (== net35) (>= netstandard1.3)) (&& (== net40) (>= net46)) (&& (== net40) (>= netstandard1.3)) (&& (== net45) (>= net46)) (&& (== net45) (>= netstandard1.3)) (== net46) (&& (== netstandard1.0) (>= net46)) (&& (== netstandard1.0) (>= netstandard1.3)) (== netstandard1.3) (== netstandard1.5) (== netstandard1.6) (== netstandard2.0)
      System.Runtime (>= 4.3) - restriction: || (&& (== net20) (>= netstandard1.3)) (&& (== net35) (>= netstandard1.3)) (&& (== net40) (>= netstandard1.3)) (&& (== net45) (>= netstandard1.3)) (&& (== netstandard1.0) (>= netstandard1.3)) (== netstandard1.3) (== netstandard1.5) (== netstandard1.6) (== netstandard2.0)
      System.Runtime.Handles (>= 4.3) - restriction: || (&& (== net20) (>= netstandard1.3)) (&& (== net35) (>= netstandard1.3)) (&& (== net40) (>= netstandard1.3)) (&& (== net45) (>= netstandard1.3)) (&& (== netstandard1.0) (>= netstandard1.3)) (== netstandard1.3) (== netstandard1.5) (== netstandard1.6) (== netstandard2.0)
      System.Text.Encoding (>= 4.3) - restriction: || (&& (== net20) (>= netstandard1.3)) (&& (== net35) (>= netstandard1.3)) (&& (== net40) (>= netstandard1.3)) (&& (== net45) (>= netstandard1.3)) (&& (== netstandard1.0) (>= netstandard1.3)) (== netstandard1.3) (== netstandard1.5) (== netstandard1.6) (== netstandard2.0)
      System.Threading.Tasks (>= 4.3) - restriction: || (&& (== net20) (>= netstandard1.3)) (&& (== net35) (>= netstandard1.3)) (&& (== net40) (>= netstandard1.3)) (&& (== net45) (>= netstandard1.3)) (&& (== netstandard1.0) (>= netstandard1.3)) (== netstandard1.3) (== netstandard1.5) (== netstandard1.6) (== netstandard2.0)
    System.IO.FileSystem.Primitives (4.3) - restriction: == netstandard1.6
      System.Runtime (>= 4.3) - restriction: || (&& (== net20) (>= netstandard1.3)) (&& (== net35) (>= netstandard1.3)) (&& (== net40) (>= netstandard1.3)) (&& (== net45) (>= netstandard1.3)) (&& (== netstandard1.0) (>= netstandard1.3)) (== netstandard1.3) (== netstandard1.5) (== netstandard1.6) (== netstandard2.0)
    System.Linq (4.3) - restriction: == netstandard1.6
      System.Collections (>= 4.3) - restriction: || (== net20) (== net35) (== net40) (&& (== net45) (< portable-net45+win8+wp8+wpa81)) (&& (== net46) (< net45)) (&& (== net46) (< portable-net45+win8+wp8+wpa81)) (== netstandard1.0) (== netstandard1.3) (== netstandard1.5) (== netstandard1.6) (== netstandard2.0)
      System.Diagnostics.Debug (>= 4.3) - restriction: || (== net20) (== net35) (== net40) (&& (== net45) (< portable-net45+win8+wp8+wpa81)) (&& (== net46) (< net45) (>= netstandard1.6)) (&& (== net46) (< portable-net45+win8+wp8+wpa81)) (&& (== netstandard1.0) (>= netstandard1.6)) (&& (== netstandard1.0) (< portable-net45+win8+wp8+wpa81)) (&& (== netstandard1.3) (>= netstandard1.6)) (&& (== netstandard1.3) (< portable-net45+win8+wp8+wpa81)) (&& (== netstandard1.5) (>= netstandard1.6)) (&& (== netstandard1.5) (< portable-net45+win8+wp8+wpa81)) (== netstandard1.6) (== netstandard2.0)
      System.Resources.ResourceManager (>= 4.3) - restriction: || (== net20) (== net35) (== net40) (&& (== net45) (< portable-net45+win8+wp8+wpa81)) (&& (== net46) (< net45) (>= netstandard1.6)) (&& (== net46) (< portable-net45+win8+wp8+wpa81)) (&& (== netstandard1.0) (>= netstandard1.6)) (&& (== netstandard1.0) (< portable-net45+win8+wp8+wpa81)) (&& (== netstandard1.3) (>= netstandard1.6)) (&& (== netstandard1.3) (< portable-net45+win8+wp8+wpa81)) (&& (== netstandard1.5) (>= netstandard1.6)) (&& (== netstandard1.5) (< portable-net45+win8+wp8+wpa81)) (== netstandard1.6) (== netstandard2.0)
      System.Runtime (>= 4.3) - restriction: || (== net20) (== net35) (== net40) (&& (== net45) (< portable-net45+win8+wp8+wpa81)) (&& (== net46) (< net45)) (&& (== net46) (< portable-net45+win8+wp8+wpa81)) (== netstandard1.0) (== netstandard1.3) (== netstandard1.5) (== netstandard1.6) (== netstandard2.0)
      System.Runtime.Extensions (>= 4.3) - restriction: || (== net20) (== net35) (== net40) (&& (== net45) (< portable-net45+win8+wp8+wpa81)) (&& (== net46) (< net45) (>= netstandard1.6)) (&& (== net46) (< portable-net45+win8+wp8+wpa81)) (&& (== netstandard1.0) (>= netstandard1.6)) (&& (== netstandard1.0) (< portable-net45+win8+wp8+wpa81)) (&& (== netstandard1.3) (>= netstandard1.6)) (&& (== netstandard1.3) (< portable-net45+win8+wp8+wpa81)) (&& (== netstandard1.5) (>= netstandard1.6)) (&& (== netstandard1.5) (< portable-net45+win8+wp8+wpa81)) (== netstandard1.6) (== netstandard2.0)
    System.Reflection (4.3) - restriction: == netstandard1.6
      Microsoft.NETCore.Platforms (>= 1.1) - restriction: || (== net20) (== net35) (== net40) (&& (== net45) (< portable-net45+win8+wp8+wpa81)) (&& (== net46) (< net45)) (&& (== net46) (< portable-net45+win8+wp8+wpa81)) (== netstandard1.0) (== netstandard1.3) (== netstandard1.5) (== netstandard1.6) (== netstandard2.0)
      Microsoft.NETCore.Targets (>= 1.1) - restriction: || (== net20) (== net35) (== net40) (&& (== net45) (< portable-net45+win8+wp8+wpa81)) (&& (== net46) (< net45)) (&& (== net46) (< portable-net45+win8+wp8+wpa81)) (== netstandard1.0) (== netstandard1.3) (== netstandard1.5) (== netstandard1.6) (== netstandard2.0)
      System.IO (>= 4.3) - restriction: || (== net20) (== net35) (== net40) (&& (== net45) (< portable-net45+win8+wp8+wpa81)) (&& (== net46) (< net45)) (&& (== net46) (< portable-net45+win8+wp8+wpa81)) (== netstandard1.0) (== netstandard1.3) (== netstandard1.5) (== netstandard1.6) (== netstandard2.0)
      System.Reflection.Primitives (>= 4.3) - restriction: || (== net20) (== net35) (== net40) (&& (== net45) (< portable-net45+win8+wp8+wpa81)) (&& (== net46) (< net45)) (&& (== net46) (< portable-net45+win8+wp8+wpa81)) (== netstandard1.0) (== netstandard1.3) (== netstandard1.5) (== netstandard1.6) (== netstandard2.0)
      System.Runtime (>= 4.3) - restriction: || (== net20) (== net35) (== net40) (&& (== net45) (< portable-net45+win8+wp8+wpa81)) (&& (== net46) (< net45)) (&& (== net46) (< portable-net45+win8+wp8+wpa81)) (== netstandard1.0) (== netstandard1.3) (== netstandard1.5) (== netstandard1.6) (== netstandard2.0)
    System.Reflection.Emit (4.3) - restriction: == netstandard1.6
      System.IO (>= 4.3) - restriction: || (&& (== net20) (>= netstandard1.1)) (&& (== net35) (>= netstandard1.1)) (&& (== net40) (>= netstandard1.1)) (&& (== net46) (< net45)) (&& (== netstandard1.0) (>= netstandard1.1)) (== netstandard1.3) (== netstandard1.5) (== netstandard1.6) (== netstandard2.0)
      System.Reflection (>= 4.3) - restriction: || (&& (== net20) (>= netstandard1.1)) (&& (== net35) (>= netstandard1.1)) (&& (== net40) (>= netstandard1.1)) (&& (== net46) (< net45)) (&& (== netstandard1.0) (>= netstandard1.1)) (== netstandard1.3) (== netstandard1.5) (== netstandard1.6) (== netstandard2.0)
      System.Reflection.Emit.ILGeneration (>= 4.3) - restriction: || (&& (== net20) (>= netstandard1.1)) (&& (== net35) (>= netstandard1.1)) (&& (== net40) (>= netstandard1.1)) (&& (== net46) (< net45)) (&& (== netstandard1.0) (>= netstandard1.1)) (== netstandard1.3) (== netstandard1.5) (== netstandard1.6) (== netstandard2.0)
      System.Reflection.Primitives (>= 4.3) - restriction: || (&& (== net20) (>= netstandard1.1)) (&& (== net35) (>= netstandard1.1)) (&& (== net40) (>= netstandard1.1)) (&& (== net46) (< net45)) (&& (== netstandard1.0) (>= netstandard1.1)) (== netstandard1.3) (== netstandard1.5) (== netstandard1.6) (== netstandard2.0)
      System.Runtime (>= 4.3) - restriction: || (&& (== net20) (>= netstandard1.1)) (&& (== net35) (>= netstandard1.1)) (&& (== net40) (>= netstandard1.1)) (&& (== net46) (< net45)) (&& (== netstandard1.0) (>= netstandard1.1)) (== netstandard1.3) (== netstandard1.5) (== netstandard1.6) (== netstandard2.0)
    System.Reflection.Emit.ILGeneration (4.3) - restriction: == netstandard1.6
      System.Reflection (>= 4.3) - restriction: || (&& (== net20) (>= netstandard1.0)) (&& (== net35) (>= netstandard1.0)) (&& (== net40) (>= netstandard1.0)) (&& (== net46) (< net45)) (== netstandard1.0) (== netstandard1.3) (== netstandard1.5) (== netstandard1.6) (== netstandard2.0)
      System.Reflection.Primitives (>= 4.3) - restriction: || (&& (== net20) (>= netstandard1.0)) (&& (== net35) (>= netstandard1.0)) (&& (== net40) (>= netstandard1.0)) (&& (== net46) (< net45)) (== netstandard1.0) (== netstandard1.3) (== netstandard1.5) (== netstandard1.6) (== netstandard2.0)
      System.Runtime (>= 4.3) - restriction: || (&& (== net20) (>= netstandard1.0)) (&& (== net35) (>= netstandard1.0)) (&& (== net40) (>= netstandard1.0)) (&& (== net46) (< net45)) (== netstandard1.0) (== netstandard1.3) (== netstandard1.5) (== netstandard1.6) (== netstandard2.0)
    System.Reflection.Extensions (4.3) - restriction: == netstandard1.6
      Microsoft.NETCore.Platforms (>= 1.1) - restriction: || (== net20) (== net35) (== net40) (&& (== net45) (< portable-net45+win8+wp8+wpa81)) (&& (== net46) (< net45)) (&& (== net46) (< portable-net45+win8+wp8+wpa81)) (== netstandard1.0) (== netstandard1.3) (== netstandard1.5) (== netstandard1.6) (== netstandard2.0)
      Microsoft.NETCore.Targets (>= 1.1) - restriction: || (== net20) (== net35) (== net40) (&& (== net45) (< portable-net45+win8+wp8+wpa81)) (&& (== net46) (< net45)) (&& (== net46) (< portable-net45+win8+wp8+wpa81)) (== netstandard1.0) (== netstandard1.3) (== netstandard1.5) (== netstandard1.6) (== netstandard2.0)
      System.Reflection (>= 4.3) - restriction: || (== net20) (== net35) (== net40) (&& (== net45) (< portable-net45+win8+wp8+wpa81)) (&& (== net46) (< net45)) (&& (== net46) (< portable-net45+win8+wp8+wpa81)) (== netstandard1.0) (== netstandard1.3) (== netstandard1.5) (== netstandard1.6) (== netstandard2.0)
      System.Runtime (>= 4.3) - restriction: || (== net20) (== net35) (== net40) (&& (== net45) (< portable-net45+win8+wp8+wpa81)) (&& (== net46) (< net45)) (&& (== net46) (< portable-net45+win8+wp8+wpa81)) (== netstandard1.0) (== netstandard1.3) (== netstandard1.5) (== netstandard1.6) (== netstandard2.0)
    System.Reflection.Primitives (4.3) - restriction: == netstandard1.6
      Microsoft.NETCore.Platforms (>= 1.1) - restriction: || (== net20) (== net35) (== net40) (&& (== net45) (< portable-net45+win8+wp8+wpa81)) (&& (== net46) (< net45)) (&& (== net46) (< portable-net45+win8+wp8+wpa81)) (== netstandard1.0) (== netstandard1.3) (== netstandard1.5) (== netstandard1.6) (== netstandard2.0)
      Microsoft.NETCore.Targets (>= 1.1) - restriction: || (== net20) (== net35) (== net40) (&& (== net45) (< portable-net45+win8+wp8+wpa81)) (&& (== net46) (< net45)) (&& (== net46) (< portable-net45+win8+wp8+wpa81)) (== netstandard1.0) (== netstandard1.3) (== netstandard1.5) (== netstandard1.6) (== netstandard2.0)
      System.Runtime (>= 4.3) - restriction: || (== net20) (== net35) (== net40) (&& (== net45) (< portable-net45+win8+wp8+wpa81)) (&& (== net46) (< net45)) (&& (== net46) (< portable-net45+win8+wp8+wpa81)) (== netstandard1.0) (== netstandard1.3) (== netstandard1.5) (== netstandard1.6) (== netstandard2.0)
    System.Reflection.TypeExtensions (4.5.1) - restriction: == netstandard1.6
      System.Reflection (>= 4.3) - restriction: || (== net20) (== net35) (== net40) (== net45) (&& (== net46) (< netstandard1.3)) (== netstandard1.0) (== netstandard1.3) (== netstandard1.5) (== netstandard1.6) (&& (== netstandard2.0) (< netstandard1.3)) (&& (== netstandard2.0) (< netstandard1.5))
      System.Resources.ResourceManager (>= 4.3) - restriction: || (== net20) (== net35) (== net40) (== net45) (&& (== net46) (< netstandard1.3)) (== netstandard1.0) (== netstandard1.3) (== netstandard1.5) (== netstandard1.6) (&& (== netstandard2.0) (< netstandard1.3)) (&& (== netstandard2.0) (< netstandard1.5))
      System.Runtime (>= 4.3) - restriction: || (== net20) (== net35) (== net40) (== net45) (&& (== net46) (< netstandard1.3)) (== netstandard1.0) (== netstandard1.3) (== netstandard1.5) (== netstandard1.6) (&& (== netstandard2.0) (< netstandard1.3)) (&& (== netstandard2.0) (< netstandard1.5))
    System.Resources.ResourceManager (4.3) - restriction: == netstandard1.6
      Microsoft.NETCore.Platforms (>= 1.1) - restriction: || (== net20) (== net35) (== net40) (&& (== net45) (< portable-net45+win8+wp8+wpa81)) (&& (== net46) (< net45)) (&& (== net46) (< portable-net45+win8+wp8+wpa81)) (== netstandard1.0) (== netstandard1.3) (== netstandard1.5) (== netstandard1.6) (== netstandard2.0)
      Microsoft.NETCore.Targets (>= 1.1) - restriction: || (== net20) (== net35) (== net40) (&& (== net45) (< portable-net45+win8+wp8+wpa81)) (&& (== net46) (< net45)) (&& (== net46) (< portable-net45+win8+wp8+wpa81)) (== netstandard1.0) (== netstandard1.3) (== netstandard1.5) (== netstandard1.6) (== netstandard2.0)
      System.Globalization (>= 4.3) - restriction: || (== net20) (== net35) (== net40) (&& (== net45) (< portable-net45+win8+wp8+wpa81)) (&& (== net46) (< net45)) (&& (== net46) (< portable-net45+win8+wp8+wpa81)) (== netstandard1.0) (== netstandard1.3) (== netstandard1.5) (== netstandard1.6) (== netstandard2.0)
      System.Reflection (>= 4.3) - restriction: || (== net20) (== net35) (== net40) (&& (== net45) (< portable-net45+win8+wp8+wpa81)) (&& (== net46) (< net45)) (&& (== net46) (< portable-net45+win8+wp8+wpa81)) (== netstandard1.0) (== netstandard1.3) (== netstandard1.5) (== netstandard1.6) (== netstandard2.0)
      System.Runtime (>= 4.3) - restriction: || (== net20) (== net35) (== net40) (&& (== net45) (< portable-net45+win8+wp8+wpa81)) (&& (== net46) (< net45)) (&& (== net46) (< portable-net45+win8+wp8+wpa81)) (== netstandard1.0) (== netstandard1.3) (== netstandard1.5) (== netstandard1.6) (== netstandard2.0)
    System.Runtime (4.3.1) - restriction: == netstandard1.6
      Microsoft.NETCore.Platforms (>= 1.1.1) - restriction: || (== net20) (== net35) (== net40) (&& (== net45) (< portable-net45+win8+wp8+wpa81)) (&& (== net46) (< net45)) (&& (== net46) (< portable-net45+win8+wp8+wpa81)) (== netstandard1.0) (== netstandard1.3) (== netstandard1.5) (== netstandard1.6) (== netstandard2.0)
      Microsoft.NETCore.Targets (>= 1.1.3) - restriction: || (== net20) (== net35) (== net40) (&& (== net45) (< portable-net45+win8+wp8+wpa81)) (&& (== net46) (< net45)) (&& (== net46) (< portable-net45+win8+wp8+wpa81)) (== netstandard1.0) (== netstandard1.3) (== netstandard1.5) (== netstandard1.6) (== netstandard2.0)
    System.Runtime.CompilerServices.Unsafe (4.5.2) - restriction: == netstandard1.6
      System.Runtime (>= 4.3) - restriction: || (&& (== net20) (>= netstandard1.0)) (&& (== net35) (>= netstandard1.0)) (&& (== net40) (>= netstandard1.0)) (&& (== net46) (< net45)) (== netstandard1.0) (== netstandard1.3) (== netstandard1.5) (== netstandard1.6)
    System.Runtime.Extensions (4.3.1) - restriction: == netstandard1.6
      Microsoft.NETCore.Platforms (>= 1.1.1) - restriction: || (== net20) (== net35) (== net40) (&& (== net45) (< portable-net45+win8+wp8+wpa81)) (&& (== net46) (< net45)) (&& (== net46) (< portable-net45+win8+wp8+wpa81)) (== netstandard1.0) (== netstandard1.3) (== netstandard1.5) (== netstandard1.6) (== netstandard2.0)
      Microsoft.NETCore.Targets (>= 1.1.3) - restriction: || (== net20) (== net35) (== net40) (&& (== net45) (< portable-net45+win8+wp8+wpa81)) (&& (== net46) (< net45)) (&& (== net46) (< portable-net45+win8+wp8+wpa81)) (== netstandard1.0) (== netstandard1.3) (== netstandard1.5) (== netstandard1.6) (== netstandard2.0)
      System.Runtime (>= 4.3.1) - restriction: || (== net20) (== net35) (== net40) (&& (== net45) (< portable-net45+win8+wp8+wpa81)) (&& (== net46) (< net45)) (&& (== net46) (< portable-net45+win8+wp8+wpa81)) (== netstandard1.0) (== netstandard1.3) (== netstandard1.5) (== netstandard1.6) (== netstandard2.0)
    System.Runtime.Handles (4.3) - restriction: == netstandard1.6
      Microsoft.NETCore.Platforms (>= 1.1) - restriction: || (&& (== net20) (>= netstandard1.3)) (&& (== net35) (>= netstandard1.3)) (&& (== net40) (>= netstandard1.3)) (&& (== net45) (>= netstandard1.3)) (&& (== netstandard1.0) (>= netstandard1.3)) (== netstandard1.3) (== netstandard1.5) (== netstandard1.6) (== netstandard2.0)
      Microsoft.NETCore.Targets (>= 1.1) - restriction: || (&& (== net20) (>= netstandard1.3)) (&& (== net35) (>= netstandard1.3)) (&& (== net40) (>= netstandard1.3)) (&& (== net45) (>= netstandard1.3)) (&& (== netstandard1.0) (>= netstandard1.3)) (== netstandard1.3) (== netstandard1.5) (== netstandard1.6) (== netstandard2.0)
      System.Runtime (>= 4.3) - restriction: || (&& (== net20) (>= netstandard1.3)) (&& (== net35) (>= netstandard1.3)) (&& (== net40) (>= netstandard1.3)) (&& (== net45) (>= netstandard1.3)) (&& (== netstandard1.0) (>= netstandard1.3)) (== netstandard1.3) (== netstandard1.5) (== netstandard1.6) (== netstandard2.0)
    System.Runtime.InteropServices (4.3) - restriction: == netstandard1.6
      Microsoft.NETCore.Platforms (>= 1.1) - restriction: || (== net20) (== net35) (== net40) (&& (== net45) (>= netcoreapp1.1)) (&& (== net45) (< portable-net45+win8+wpa81)) (&& (== net46) (< net45)) (&& (== net46) (>= netcoreapp1.1)) (&& (== net46) (< portable-net45+win8+wpa81)) (== netstandard1.0) (== netstandard1.3) (== netstandard1.5) (== netstandard1.6) (== netstandard2.0)
      Microsoft.NETCore.Targets (>= 1.1) - restriction: || (== net20) (== net35) (== net40) (&& (== net45) (>= netcoreapp1.1)) (&& (== net45) (< portable-net45+win8+wpa81)) (&& (== net46) (< net45)) (&& (== net46) (>= netcoreapp1.1)) (&& (== net46) (< portable-net45+win8+wpa81)) (== netstandard1.0) (== netstandard1.3) (== netstandard1.5) (== netstandard1.6) (== netstandard2.0)
      System.Reflection (>= 4.3) - restriction: || (== net20) (== net35) (== net40) (&& (== net45) (>= netcoreapp1.1)) (&& (== net45) (< portable-net45+win8+wpa81)) (&& (== net46) (< net45)) (&& (== net46) (>= netcoreapp1.1)) (&& (== net46) (< portable-net45+win8+wpa81)) (== netstandard1.0) (== netstandard1.3) (== netstandard1.5) (== netstandard1.6) (== netstandard2.0)
      System.Reflection.Primitives (>= 4.3) - restriction: || (== net20) (== net35) (== net40) (&& (== net45) (>= netcoreapp1.1)) (&& (== net45) (< portable-net45+win8+wpa81)) (&& (== net46) (< net45)) (&& (== net46) (>= netcoreapp1.1)) (&& (== net46) (< portable-net45+win8+wpa81)) (== netstandard1.0) (== netstandard1.3) (== netstandard1.5) (== netstandard1.6) (== netstandard2.0)
      System.Runtime (>= 4.3) - restriction: || (== net20) (== net35) (== net40) (&& (== net45) (>= net462)) (&& (== net45) (>= netcoreapp1.1)) (&& (== net45) (< portable-net45+win8+wpa81)) (&& (== net46) (< net45)) (&& (== net46) (>= net462)) (&& (== net46) (>= netcoreapp1.1)) (&& (== net46) (< portable-net45+win8+wpa81)) (== netstandard1.0) (== netstandard1.3) (== netstandard1.5) (== netstandard1.6) (== netstandard2.0)
      System.Runtime.Handles (>= 4.3) - restriction: || (== net20) (== net35) (== net40) (&& (== net45) (>= netcoreapp1.1)) (&& (== net45) (< portable-net45+win8+wpa81)) (&& (== net46) (< net45)) (&& (== net46) (>= netcoreapp1.1)) (&& (== net46) (< portable-net45+win8+wpa81)) (== netstandard1.0) (== netstandard1.3) (== netstandard1.5) (== netstandard1.6) (== netstandard2.0)
    System.Text.Encoding (4.3) - restriction: == netstandard1.6
      Microsoft.NETCore.Platforms (>= 1.1) - restriction: || (== net20) (== net35) (== net40) (&& (== net45) (< portable-net45+win8+wp8+wpa81)) (&& (== net46) (< net45)) (&& (== net46) (< portable-net45+win8+wp8+wpa81)) (== netstandard1.0) (== netstandard1.3) (== netstandard1.5) (== netstandard1.6) (== netstandard2.0)
      Microsoft.NETCore.Targets (>= 1.1) - restriction: || (== net20) (== net35) (== net40) (&& (== net45) (< portable-net45+win8+wp8+wpa81)) (&& (== net46) (< net45)) (&& (== net46) (< portable-net45+win8+wp8+wpa81)) (== netstandard1.0) (== netstandard1.3) (== netstandard1.5) (== netstandard1.6) (== netstandard2.0)
      System.Runtime (>= 4.3) - restriction: || (== net20) (== net35) (== net40) (&& (== net45) (< portable-net45+win8+wp8+wpa81)) (&& (== net46) (< net45)) (&& (== net46) (< portable-net45+win8+wp8+wpa81)) (== netstandard1.0) (== netstandard1.3) (== netstandard1.5) (== netstandard1.6) (== netstandard2.0)
    System.Text.Encoding.Extensions (4.3) - restriction: == netstandard1.6
      Microsoft.NETCore.Platforms (>= 1.1) - restriction: || (== net20) (== net35) (== net40) (&& (== net45) (< portable-net45+win8+wp8+wpa81)) (&& (== net46) (< net45)) (&& (== net46) (< portable-net45+win8+wp8+wpa81)) (== netstandard1.0) (== netstandard1.3) (== netstandard1.5) (== netstandard1.6) (== netstandard2.0)
      Microsoft.NETCore.Targets (>= 1.1) - restriction: || (== net20) (== net35) (== net40) (&& (== net45) (< portable-net45+win8+wp8+wpa81)) (&& (== net46) (< net45)) (&& (== net46) (< portable-net45+win8+wp8+wpa81)) (== netstandard1.0) (== netstandard1.3) (== netstandard1.5) (== netstandard1.6) (== netstandard2.0)
      System.Runtime (>= 4.3) - restriction: || (== net20) (== net35) (== net40) (&& (== net45) (< portable-net45+win8+wp8+wpa81)) (&& (== net46) (< net45)) (&& (== net46) (< portable-net45+win8+wp8+wpa81)) (== netstandard1.0) (== netstandard1.3) (== netstandard1.5) (== netstandard1.6) (== netstandard2.0)
      System.Text.Encoding (>= 4.3) - restriction: || (== net20) (== net35) (== net40) (&& (== net45) (< portable-net45+win8+wp8+wpa81)) (&& (== net46) (< net45)) (&& (== net46) (< portable-net45+win8+wp8+wpa81)) (== netstandard1.0) (== netstandard1.3) (== netstandard1.5) (== netstandard1.6) (== netstandard2.0)
    System.Text.RegularExpressions (4.3.1) - restriction: == netstandard1.6
      System.Collections (>= 4.3) - restriction: || (&& (== net20) (>= netstandard1.6)) (&& (== net35) (>= netstandard1.6)) (&& (== net40) (>= netstandard1.6)) (&& (== net46) (< net45) (>= netstandard1.6)) (&& (== netstandard1.0) (>= netstandard1.6)) (&& (== netstandard1.3) (>= netstandard1.6)) (&& (== netstandard1.5) (>= netstandard1.6)) (== netstandard1.6) (== netstandard2.0)
      System.Globalization (>= 4.3) - restriction: || (&& (== net20) (>= netstandard1.6)) (&& (== net35) (>= netstandard1.6)) (&& (== net40) (>= netstandard1.6)) (&& (== net46) (< net45) (>= netstandard1.6)) (&& (== netstandard1.0) (>= netstandard1.6)) (&& (== netstandard1.3) (>= netstandard1.6)) (&& (== netstandard1.5) (>= netstandard1.6)) (== netstandard1.6) (== netstandard2.0)
      System.Resources.ResourceManager (>= 4.3) - restriction: || (&& (== net20) (>= netstandard1.6)) (&& (== net35) (>= netstandard1.6)) (&& (== net40) (>= netstandard1.6)) (&& (== net46) (< net45) (>= netstandard1.6)) (&& (== netstandard1.0) (>= netstandard1.6)) (&& (== netstandard1.3) (>= netstandard1.6)) (&& (== netstandard1.5) (>= netstandard1.6)) (== netstandard1.6) (== netstandard2.0)
      System.Runtime (>= 4.3.1) - restriction: || (&& (== net20) (>= netcoreapp1.1)) (&& (== net20) (>= netstandard1.0)) (&& (== net20) (>= netstandard1.3)) (&& (== net20) (>= netstandard1.6)) (&& (== net35) (>= netcoreapp1.1)) (&& (== net35) (>= netstandard1.0)) (&& (== net35) (>= netstandard1.3)) (&& (== net35) (>= netstandard1.6)) (&& (== net40) (>= netcoreapp1.1)) (&& (== net40) (>= netstandard1.0)) (&& (== net40) (>= netstandard1.3)) (&& (== net40) (>= netstandard1.6)) (&& (== net45) (>= netcoreapp1.1)) (&& (== net46) (< net45)) (&& (== net46) (>= netcoreapp1.1)) (== netstandard1.0) (== netstandard1.3) (== netstandard1.5) (== netstandard1.6) (== netstandard2.0)
      System.Runtime.Extensions (>= 4.3.1) - restriction: || (&& (== net20) (>= netstandard1.6)) (&& (== net35) (>= netstandard1.6)) (&& (== net40) (>= netstandard1.6)) (&& (== net46) (< net45) (>= netstandard1.6)) (&& (== netstandard1.0) (>= netstandard1.6)) (&& (== netstandard1.3) (>= netstandard1.6)) (&& (== netstandard1.5) (>= netstandard1.6)) (== netstandard1.6) (== netstandard2.0)
      System.Threading (>= 4.3) - restriction: || (&& (== net20) (>= netstandard1.6)) (&& (== net35) (>= netstandard1.6)) (&& (== net40) (>= netstandard1.6)) (&& (== net46) (< net45) (>= netstandard1.6)) (&& (== netstandard1.0) (>= netstandard1.6)) (&& (== netstandard1.3) (>= netstandard1.6)) (&& (== netstandard1.5) (>= netstandard1.6)) (== netstandard1.6) (== netstandard2.0)
    System.Threading (4.3) - restriction: == netstandard1.6
      System.Runtime (>= 4.3) - restriction: || (== net20) (== net35) (== net40) (&& (== net45) (< portable-net45+win8+wp8+wpa81)) (&& (== net46) (< net45)) (&& (== net46) (< portable-net45+win8+wp8+wpa81)) (== netstandard1.0) (== netstandard1.3) (== netstandard1.5) (== netstandard1.6) (== netstandard2.0)
      System.Threading.Tasks (>= 4.3) - restriction: || (== net20) (== net35) (== net40) (&& (== net45) (< portable-net45+win8+wp8+wpa81)) (&& (== net46) (< net45)) (&& (== net46) (< portable-net45+win8+wp8+wpa81)) (== netstandard1.0) (== netstandard1.3) (== netstandard1.5) (== netstandard1.6) (== netstandard2.0)
    System.Threading.Tasks (4.3) - restriction: == netstandard1.6
      Microsoft.NETCore.Platforms (>= 1.1) - restriction: || (== net20) (== net35) (== net40) (&& (== net45) (< portable-net45+win8+wp8+wpa81)) (&& (== net46) (< net45)) (&& (== net46) (< portable-net45+win8+wp8+wpa81)) (== netstandard1.0) (== netstandard1.3) (== netstandard1.5) (== netstandard1.6) (== netstandard2.0)
      Microsoft.NETCore.Targets (>= 1.1) - restriction: || (== net20) (== net35) (== net40) (&& (== net45) (< portable-net45+win8+wp8+wpa81)) (&& (== net46) (< net45)) (&& (== net46) (< portable-net45+win8+wp8+wpa81)) (== netstandard1.0) (== netstandard1.3) (== netstandard1.5) (== netstandard1.6) (== netstandard2.0)
      System.Runtime (>= 4.3) - restriction: || (== net20) (== net35) (== net40) (&& (== net45) (< portable-net45+win8+wp8+wpa81)) (&& (== net46) (< net45)) (&& (== net46) (< portable-net45+win8+wp8+wpa81)) (== netstandard1.0) (== netstandard1.3) (== netstandard1.5) (== netstandard1.6) (== netstandard2.0)
    System.Threading.Tasks.Extensions (4.5.2) - restriction: == netstandard1.6
      System.Collections (>= 4.3) - restriction: || (&& (== net20) (>= netstandard1.0)) (&& (== net35) (>= netstandard1.0)) (&& (== net40) (>= netstandard1.0)) (&& (== net46) (< net45)) (== netstandard1.0) (== netstandard1.3) (== netstandard1.5) (== netstandard1.6)
      System.Runtime (>= 4.3) - restriction: || (&& (== net20) (>= netstandard1.0)) (&& (== net35) (>= netstandard1.0)) (&& (== net40) (>= netstandard1.0)) (&& (== net46) (< net45)) (== netstandard1.0) (== netstandard1.3) (== netstandard1.5) (== netstandard1.6)
      System.Runtime.CompilerServices.Unsafe (>= 4.5.2) - restriction: || (&& (== net20) (>= net45)) (&& (== net20) (>= netstandard1.0)) (&& (== net20) (>= netstandard2.0)) (&& (== net20) (>= portable-net45+win8+wp8+wpa81)) (&& (== net20) (>= win8)) (&& (== net20) (>= wp8)) (&& (== net20) (>= wpa81)) (&& (== net35) (>= net45)) (&& (== net35) (>= netstandard1.0)) (&& (== net35) (>= netstandard2.0)) (&& (== net35) (>= portable-net45+win8+wp8+wpa81)) (&& (== net35) (>= win8)) (&& (== net35) (>= wp8)) (&& (== net35) (>= wpa81)) (&& (== net40) (>= net45)) (&& (== net40) (>= netstandard1.0)) (&& (== net40) (>= netstandard2.0)) (&& (== net40) (>= portable-net45+win8+wp8+wpa81)) (&& (== net40) (>= win8)) (&& (== net40) (>= wp8)) (&& (== net40) (>= wpa81)) (== net45) (== net46) (== netstandard1.0) (== netstandard1.3) (== netstandard1.5) (== netstandard1.6) (== netstandard2.0)
      System.Threading.Tasks (>= 4.3) - restriction: || (&& (== net20) (>= netstandard1.0)) (&& (== net35) (>= netstandard1.0)) (&& (== net40) (>= netstandard1.0)) (&& (== net46) (< net45)) (== netstandard1.0) (== netstandard1.3) (== netstandard1.5) (== netstandard1.6)
    System.Threading.Thread (4.3) - restriction: == netstandard1.6
      System.Runtime (>= 4.3) - restriction: || (&& (== net20) (>= netstandard1.3)) (&& (== net35) (>= netstandard1.3)) (&& (== net40) (>= netstandard1.3)) (&& (== net45) (>= netstandard1.3)) (&& (== netstandard1.0) (>= netstandard1.3)) (== netstandard1.3) (== netstandard1.5) (== netstandard1.6) (== netstandard2.0)
    System.Xml.ReaderWriter (4.3.1) - restriction: == netstandard1.6
      System.Collections (>= 4.3) - restriction: || (== net20) (== net35) (== net40) (&& (== net45) (< portable-net45+win8+wp8+wpa81)) (&& (== net46) (< net45)) (&& (== net46) (< portable-net45+win8+wp8+wpa81)) (&& (== netstandard1.0) (>= netstandard1.3)) (&& (== netstandard1.0) (< portable-net45+win8+wp8+wpa81)) (== netstandard1.3) (== netstandard1.5) (== netstandard1.6) (== netstandard2.0)
      System.Diagnostics.Debug (>= 4.3) - restriction: || (== net20) (== net35) (== net40) (&& (== net45) (< portable-net45+win8+wp8+wpa81)) (&& (== net46) (< net45)) (&& (== net46) (< portable-net45+win8+wp8+wpa81)) (&& (== netstandard1.0) (>= netstandard1.3)) (&& (== netstandard1.0) (< portable-net45+win8+wp8+wpa81)) (== netstandard1.3) (== netstandard1.5) (== netstandard1.6) (== netstandard2.0)
      System.Globalization (>= 4.3) - restriction: || (== net20) (== net35) (== net40) (&& (== net45) (< portable-net45+win8+wp8+wpa81)) (&& (== net46) (< net45)) (&& (== net46) (< portable-net45+win8+wp8+wpa81)) (&& (== netstandard1.0) (>= netstandard1.3)) (&& (== netstandard1.0) (< portable-net45+win8+wp8+wpa81)) (== netstandard1.3) (== netstandard1.5) (== netstandard1.6) (== netstandard2.0)
      System.IO (>= 4.3) - restriction: || (== net20) (== net35) (== net40) (&& (== net45) (< portable-net45+win8+wp8+wpa81)) (&& (== net46) (< net45)) (&& (== net46) (< portable-net45+win8+wp8+wpa81)) (== netstandard1.0) (== netstandard1.3) (== netstandard1.5) (== netstandard1.6) (== netstandard2.0)
      System.IO.FileSystem (>= 4.3) - restriction: || (== net20) (== net35) (== net40) (&& (== net45) (< portable-net45+win8+wp8+wpa81)) (&& (== net46) (< net45)) (&& (== net46) (< portable-net45+win8+wp8+wpa81)) (&& (== netstandard1.0) (>= netstandard1.3)) (&& (== netstandard1.0) (< portable-net45+win8+wp8+wpa81)) (== netstandard1.3) (== netstandard1.5) (== netstandard1.6) (== netstandard2.0)
      System.IO.FileSystem.Primitives (>= 4.3) - restriction: || (== net20) (== net35) (== net40) (&& (== net45) (< portable-net45+win8+wp8+wpa81)) (&& (== net46) (< net45)) (&& (== net46) (< portable-net45+win8+wp8+wpa81)) (&& (== netstandard1.0) (>= netstandard1.3)) (&& (== netstandard1.0) (< portable-net45+win8+wp8+wpa81)) (== netstandard1.3) (== netstandard1.5) (== netstandard1.6) (== netstandard2.0)
      System.Resources.ResourceManager (>= 4.3) - restriction: || (== net20) (== net35) (== net40) (&& (== net45) (< portable-net45+win8+wp8+wpa81)) (&& (== net46) (< net45)) (&& (== net46) (< portable-net45+win8+wp8+wpa81)) (&& (== netstandard1.0) (>= netstandard1.3)) (&& (== netstandard1.0) (< portable-net45+win8+wp8+wpa81)) (== netstandard1.3) (== netstandard1.5) (== netstandard1.6) (== netstandard2.0)
      System.Runtime (>= 4.3) - restriction: || (== net20) (== net35) (== net40) (&& (== net45) (< portable-net45+win8+wp8+wpa81)) (&& (== net46) (< net45)) (&& (== net46) (< portable-net45+win8+wp8+wpa81)) (== netstandard1.0) (== netstandard1.3) (== netstandard1.5) (== netstandard1.6) (== netstandard2.0)
      System.Runtime.Extensions (>= 4.3) - restriction: || (== net20) (== net35) (== net40) (&& (== net45) (< portable-net45+win8+wp8+wpa81)) (&& (== net46) (< net45)) (&& (== net46) (< portable-net45+win8+wp8+wpa81)) (&& (== netstandard1.0) (>= netstandard1.3)) (&& (== netstandard1.0) (< portable-net45+win8+wp8+wpa81)) (== netstandard1.3) (== netstandard1.5) (== netstandard1.6) (== netstandard2.0)
      System.Runtime.InteropServices (>= 4.3) - restriction: || (== net20) (== net35) (== net40) (&& (== net45) (< portable-net45+win8+wp8+wpa81)) (&& (== net46) (< net45)) (&& (== net46) (< portable-net45+win8+wp8+wpa81)) (&& (== netstandard1.0) (>= netstandard1.3)) (&& (== netstandard1.0) (< portable-net45+win8+wp8+wpa81)) (== netstandard1.3) (== netstandard1.5) (== netstandard1.6) (== netstandard2.0)
      System.Text.Encoding (>= 4.3) - restriction: || (== net20) (== net35) (== net40) (&& (== net45) (< portable-net45+win8+wp8+wpa81)) (&& (== net46) (< net45)) (&& (== net46) (< portable-net45+win8+wp8+wpa81)) (== netstandard1.0) (== netstandard1.3) (== netstandard1.5) (== netstandard1.6) (== netstandard2.0)
      System.Text.Encoding.Extensions (>= 4.3) - restriction: || (== net20) (== net35) (== net40) (&& (== net45) (< portable-net45+win8+wp8+wpa81)) (&& (== net46) (< net45)) (&& (== net46) (< portable-net45+win8+wp8+wpa81)) (&& (== netstandard1.0) (>= netstandard1.3)) (&& (== netstandard1.0) (< portable-net45+win8+wp8+wpa81)) (== netstandard1.3) (== netstandard1.5) (== netstandard1.6) (== netstandard2.0)
      System.Text.RegularExpressions (>= 4.3) - restriction: || (== net20) (== net35) (== net40) (&& (== net45) (< portable-net45+win8+wp8+wpa81)) (&& (== net46) (< net45)) (&& (== net46) (< portable-net45+win8+wp8+wpa81)) (&& (== netstandard1.0) (>= netstandard1.3)) (&& (== netstandard1.0) (< portable-net45+win8+wp8+wpa81)) (== netstandard1.3) (== netstandard1.5) (== netstandard1.6) (== netstandard2.0)
      System.Threading.Tasks (>= 4.3) - restriction: || (== net20) (== net35) (== net40) (&& (== net45) (< portable-net45+win8+wp8+wpa81)) (&& (== net46) (< net45)) (&& (== net46) (< portable-net45+win8+wp8+wpa81)) (== netstandard1.0) (== netstandard1.3) (== netstandard1.5) (== netstandard1.6) (== netstandard2.0)
      System.Threading.Tasks.Extensions (>= 4.3) - restriction: || (== net20) (== net35) (== net40) (&& (== net45) (< portable-net45+win8+wp8+wpa81)) (&& (== net46) (< net45)) (&& (== net46) (< portable-net45+win8+wp8+wpa81)) (&& (== netstandard1.0) (>= netstandard1.3)) (&& (== netstandard1.0) (< portable-net45+win8+wp8+wpa81)) (== netstandard1.3) (== netstandard1.5) (== netstandard1.6) (== netstandard2.0)
    System.Xml.XmlDocument (4.3) - restriction: == netstandard1.6
      System.Collections (>= 4.3) - restriction: || (&& (== net20) (>= netstandard1.3)) (&& (== net35) (>= netstandard1.3)) (&& (== net40) (>= netstandard1.3)) (&& (== net45) (>= netstandard1.3)) (&& (== netstandard1.0) (>= netstandard1.3)) (== netstandard1.3) (== netstandard1.5) (== netstandard1.6) (== netstandard2.0)
      System.Diagnostics.Debug (>= 4.3) - restriction: || (&& (== net20) (>= netstandard1.3)) (&& (== net35) (>= netstandard1.3)) (&& (== net40) (>= netstandard1.3)) (&& (== net45) (>= netstandard1.3)) (&& (== netstandard1.0) (>= netstandard1.3)) (== netstandard1.3) (== netstandard1.5) (== netstandard1.6) (== netstandard2.0)
      System.Globalization (>= 4.3) - restriction: || (&& (== net20) (>= netstandard1.3)) (&& (== net35) (>= netstandard1.3)) (&& (== net40) (>= netstandard1.3)) (&& (== net45) (>= netstandard1.3)) (&& (== netstandard1.0) (>= netstandard1.3)) (== netstandard1.3) (== netstandard1.5) (== netstandard1.6) (== netstandard2.0)
      System.IO (>= 4.3) - restriction: || (&& (== net20) (>= netstandard1.3)) (&& (== net35) (>= netstandard1.3)) (&& (== net40) (>= netstandard1.3)) (&& (== net45) (>= netstandard1.3)) (&& (== netstandard1.0) (>= netstandard1.3)) (== netstandard1.3) (== netstandard1.5) (== netstandard1.6) (== netstandard2.0)
      System.Resources.ResourceManager (>= 4.3) - restriction: || (&& (== net20) (>= netstandard1.3)) (&& (== net35) (>= netstandard1.3)) (&& (== net40) (>= netstandard1.3)) (&& (== net45) (>= netstandard1.3)) (&& (== netstandard1.0) (>= netstandard1.3)) (== netstandard1.3) (== netstandard1.5) (== netstandard1.6) (== netstandard2.0)
      System.Runtime (>= 4.3) - restriction: || (&& (== net20) (>= netstandard1.3)) (&& (== net35) (>= netstandard1.3)) (&& (== net40) (>= netstandard1.3)) (&& (== net45) (>= netstandard1.3)) (&& (== netstandard1.0) (>= netstandard1.3)) (== netstandard1.3) (== netstandard1.5) (== netstandard1.6) (== netstandard2.0)
      System.Runtime.Extensions (>= 4.3) - restriction: || (&& (== net20) (>= netstandard1.3)) (&& (== net35) (>= netstandard1.3)) (&& (== net40) (>= netstandard1.3)) (&& (== net45) (>= netstandard1.3)) (&& (== netstandard1.0) (>= netstandard1.3)) (== netstandard1.3) (== netstandard1.5) (== netstandard1.6) (== netstandard2.0)
      System.Text.Encoding (>= 4.3) - restriction: || (&& (== net20) (>= netstandard1.3)) (&& (== net35) (>= netstandard1.3)) (&& (== net40) (>= netstandard1.3)) (&& (== net45) (>= netstandard1.3)) (&& (== netstandard1.0) (>= netstandard1.3)) (== netstandard1.3) (== netstandard1.5) (== netstandard1.6) (== netstandard2.0)
      System.Threading (>= 4.3) - restriction: || (&& (== net20) (>= netstandard1.3)) (&& (== net35) (>= netstandard1.3)) (&& (== net40) (>= netstandard1.3)) (&& (== net45) (>= netstandard1.3)) (&& (== netstandard1.0) (>= netstandard1.3)) (== netstandard1.3) (== netstandard1.5) (== netstandard1.6) (== netstandard2.0)
      System.Xml.ReaderWriter (>= 4.3) - restriction: || (&& (== net20) (>= netstandard1.3)) (&& (== net35) (>= netstandard1.3)) (&& (== net40) (>= netstandard1.3)) (&& (== net45) (>= netstandard1.3)) (&& (== netstandard1.0) (>= netstandard1.3)) (== netstandard1.3) (== netstandard1.5) (== netstandard1.6) (== netstandard2.0)
    System.Xml.XmlSerializer (4.3) - restriction: == netstandard1.6
      System.Collections (>= 4.3) - restriction: || (== net20) (== net35) (== net40) (&& (== net45) (< portable-net45+win8+wp8+wpa81)) (&& (== net46) (< net45)) (&& (== net46) (< portable-net45+win8+wp8+wpa81)) (&& (== netstandard1.0) (>= netstandard1.3)) (&& (== netstandard1.0) (< portable-net45+win8+wp8+wpa81)) (== netstandard1.3) (== netstandard1.5) (== netstandard1.6) (== netstandard2.0)
      System.Globalization (>= 4.3) - restriction: || (== net20) (== net35) (== net40) (&& (== net45) (< portable-net45+win8+wp8+wpa81)) (&& (== net46) (< net45)) (&& (== net46) (< portable-net45+win8+wp8+wpa81)) (&& (== netstandard1.0) (>= netstandard1.3)) (&& (== netstandard1.0) (< portable-net45+win8+wp8+wpa81)) (== netstandard1.3) (== netstandard1.5) (== netstandard1.6) (== netstandard2.0)
      System.IO (>= 4.3) - restriction: || (== net20) (== net35) (== net40) (&& (== net45) (< portable-net45+win8+wp8+wpa81)) (&& (== net46) (< net45)) (&& (== net46) (< portable-net45+win8+wp8+wpa81)) (== netstandard1.0) (== netstandard1.3) (== netstandard1.5) (== netstandard1.6) (== netstandard2.0)
      System.Linq (>= 4.3) - restriction: || (== net20) (== net35) (== net40) (&& (== net45) (< portable-net45+win8+wp8+wpa81)) (&& (== net46) (< net45)) (&& (== net46) (< portable-net45+win8+wp8+wpa81)) (&& (== netstandard1.0) (>= netstandard1.3)) (&& (== netstandard1.0) (< portable-net45+win8+wp8+wpa81)) (== netstandard1.3) (== netstandard1.5) (== netstandard1.6) (== netstandard2.0)
      System.Reflection (>= 4.3) - restriction: || (== net20) (== net35) (== net40) (&& (== net45) (< portable-net45+win8+wp8+wpa81)) (&& (== net46) (< net45)) (&& (== net46) (< portable-net45+win8+wp8+wpa81)) (&& (== netstandard1.0) (>= netstandard1.3)) (&& (== netstandard1.0) (< portable-net45+win8+wp8+wpa81)) (== netstandard1.3) (== netstandard1.5) (== netstandard1.6) (== netstandard2.0)
      System.Reflection.Emit (>= 4.3) - restriction: || (== net20) (== net35) (== net40) (&& (== net45) (< portable-net45+win8+wp8+wpa81)) (&& (== net46) (< net45)) (&& (== net46) (< portable-net45+win8+wp8+wpa81)) (&& (== netstandard1.0) (>= netstandard1.3)) (&& (== netstandard1.0) (< portable-net45+win8+wp8+wpa81)) (== netstandard1.3) (== netstandard1.5) (== netstandard1.6) (== netstandard2.0)
      System.Reflection.Emit.ILGeneration (>= 4.3) - restriction: || (== net20) (== net35) (== net40) (&& (== net45) (< portable-net45+win8+wp8+wpa81)) (&& (== net46) (< net45)) (&& (== net46) (< portable-net45+win8+wp8+wpa81)) (&& (== netstandard1.0) (>= netstandard1.3)) (&& (== netstandard1.0) (< portable-net45+win8+wp8+wpa81)) (== netstandard1.3) (== netstandard1.5) (== netstandard1.6) (== netstandard2.0)
      System.Reflection.Extensions (>= 4.3) - restriction: || (== net20) (== net35) (== net40) (&& (== net45) (< portable-net45+win8+wp8+wpa81)) (&& (== net46) (< net45)) (&& (== net46) (< portable-net45+win8+wp8+wpa81)) (&& (== netstandard1.0) (>= netstandard1.3)) (&& (== netstandard1.0) (< portable-net45+win8+wp8+wpa81)) (== netstandard1.3) (== netstandard1.5) (== netstandard1.6) (== netstandard2.0)
      System.Reflection.Primitives (>= 4.3) - restriction: || (== net20) (== net35) (== net40) (&& (== net45) (< portable-net45+win8+wp8+wpa81)) (&& (== net46) (< net45)) (&& (== net46) (< portable-net45+win8+wp8+wpa81)) (&& (== netstandard1.0) (>= netstandard1.3)) (&& (== netstandard1.0) (< portable-net45+win8+wp8+wpa81)) (== netstandard1.3) (== netstandard1.5) (== netstandard1.6) (== netstandard2.0)
      System.Reflection.TypeExtensions (>= 4.3) - restriction: || (== net20) (== net35) (== net40) (&& (== net45) (< portable-net45+win8+wp8+wpa81)) (&& (== net46) (< net45)) (&& (== net46) (< portable-net45+win8+wp8+wpa81)) (&& (== netstandard1.0) (>= netstandard1.3)) (&& (== netstandard1.0) (< portable-net45+win8+wp8+wpa81)) (== netstandard1.3) (== netstandard1.5) (== netstandard1.6) (== netstandard2.0)
      System.Resources.ResourceManager (>= 4.3) - restriction: || (== net20) (== net35) (== net40) (&& (== net45) (< portable-net45+win8+wp8+wpa81)) (&& (== net46) (< net45)) (&& (== net46) (< portable-net45+win8+wp8+wpa81)) (&& (== netstandard1.0) (>= netstandard1.3)) (&& (== netstandard1.0) (< portable-net45+win8+wp8+wpa81)) (== netstandard1.3) (== netstandard1.5) (== netstandard1.6) (== netstandard2.0)
      System.Runtime (>= 4.3) - restriction: || (== net20) (== net35) (== net40) (&& (== net45) (< portable-net45+win8+wp8+wpa81)) (&& (== net46) (< net45)) (&& (== net46) (< portable-net45+win8+wp8+wpa81)) (== netstandard1.0) (== netstandard1.3) (== netstandard1.5) (== netstandard1.6) (== netstandard2.0)
      System.Runtime.Extensions (>= 4.3) - restriction: || (== net20) (== net35) (== net40) (&& (== net45) (< portable-net45+win8+wp8+wpa81)) (&& (== net46) (< net45)) (&& (== net46) (< portable-net45+win8+wp8+wpa81)) (&& (== netstandard1.0) (>= netstandard1.3)) (&& (== netstandard1.0) (< portable-net45+win8+wp8+wpa81)) (== netstandard1.3) (== netstandard1.5) (== netstandard1.6) (== netstandard2.0)
      System.Text.RegularExpressions (>= 4.3) - restriction: || (== net20) (== net35) (== net40) (&& (== net45) (< portable-net45+win8+wp8+wpa81)) (&& (== net46) (< net45)) (&& (== net46) (< portable-net45+win8+wp8+wpa81)) (&& (== netstandard1.0) (>= netstandard1.3)) (&& (== netstandard1.0) (< portable-net45+win8+wp8+wpa81)) (== netstandard1.3) (== netstandard1.5) (== netstandard1.6) (== netstandard2.0)
      System.Threading (>= 4.3) - restriction: || (== net20) (== net35) (== net40) (&& (== net45) (< portable-net45+win8+wp8+wpa81)) (&& (== net46) (< net45)) (&& (== net46) (< portable-net45+win8+wp8+wpa81)) (&& (== netstandard1.0) (>= netstandard1.3)) (&& (== netstandard1.0) (< portable-net45+win8+wp8+wpa81)) (== netstandard1.3) (== netstandard1.5) (== netstandard1.6) (== netstandard2.0)
      System.Xml.ReaderWriter (>= 4.3) - restriction: || (== net20) (== net35) (== net40) (&& (== net45) (< portable-net45+win8+wp8+wpa81)) (&& (== net46) (< net45)) (&& (== net46) (< portable-net45+win8+wp8+wpa81)) (== netstandard1.0) (== netstandard1.3) (== netstandard1.5) (== netstandard1.6) (== netstandard2.0)
      System.Xml.XmlDocument (>= 4.3) - restriction: || (== net20) (== net35) (== net40) (&& (== net45) (< portable-net45+win8+wp8+wpa81)) (&& (== net46) (< net45)) (&& (== net46) (< portable-net45+win8+wp8+wpa81)) (&& (== netstandard1.0) (>= netstandard1.3)) (&& (== netstandard1.0) (< portable-net45+win8+wp8+wpa81)) (== netstandard1.3) (== netstandard1.5) (== netstandard1.6) (== netstandard2.0)

GROUP net20
NUGET
  remote: https://api.nuget.org/v3/index.json
    LinqBridge (1.3) - restriction: == net20

GROUP net35
NUGET
  remote: https://api.nuget.org/v3/index.json
    System.Threading.Tasks.Unofficial (3.1) - restriction: == net35
