RESTRICTION: || (== net35) (== net40) (== net45) (== netstandard1.6) (== netstandard2.0)
NUGET
  remote: ../../../../dist
    Axle.Core (1.5.1.22)
      System.Diagnostics.TraceSource (>= 4.0) - restriction: || (&& (== net35) (< net20) (>= netstandard1.6)) (&& (== net40) (< net20) (>= netstandard1.6)) (&& (== net45) (< net20) (>= netstandard1.6)) (== netstandard1.6)
      System.Threading.Tasks.Unofficial (>= 3.1) - restriction: || (== net35) (&& (== net45) (< net40) (< netstandard1.0)) (&& (== netstandard1.6) (>= net35) (< netstandard1.0)) (&& (== netstandard2.0) (>= net35) (< netstandard1.0))
      System.Threading.Thread (>= 4.0) - restriction: || (&& (== net35) (< net20) (>= netstandard1.6)) (&& (== net40) (< net20) (>= netstandard1.6)) (&& (== net45) (< net20) (>= netstandard1.6)) (== netstandard1.6)
      System.Xml.XmlSerializer (>= 4.0.10) - restriction: || (&& (== net35) (< net20) (>= netstandard1.6)) (&& (== net40) (< net20) (>= netstandard1.6)) (&& (== net45) (< net20) (>= netstandard1.6)) (== netstandard1.6)
    System.Threading.Tasks.Unofficial (3.1.0) - restriction: || (== net35) (&& (== net40) (== netstandard1.6)) (&& (== net40) (== netstandard2.0)) (&& (== net45) (== netstandard1.6) (< netstandard1.0)) (&& (== net45) (== netstandard2.0) (< netstandard1.0)) (&& (== net45) (< net40) (< netstandard1.0)) (&& (== netstandard1.6) (>= net35) (< netstandard1.0)) (&& (== netstandard2.0) (>= net35) (< netstandard1.0))
  remote: https://www.nuget.org/api/v2
    Microsoft.NETCore.Platforms (2.1) - restriction: == netstandard1.6
    Microsoft.NETCore.Targets (2.1) - restriction: == netstandard1.6
    Microsoft.Win32.Primitives (4.3) - restriction: == netstandard1.6
      Microsoft.NETCore.Platforms (>= 1.1) - restriction: || (&& (== net35) (>= netstandard1.3)) (&& (== net40) (>= netstandard1.3)) (&& (== net45) (>= netstandard1.3)) (== netstandard1.6) (== netstandard2.0)
      Microsoft.NETCore.Targets (>= 1.1) - restriction: || (&& (== net35) (>= netstandard1.3)) (&& (== net40) (>= netstandard1.3)) (&& (== net45) (>= netstandard1.3)) (== netstandard1.6) (== netstandard2.0)
      System.Runtime (>= 4.3) - restriction: || (&& (== net35) (>= netstandard1.3)) (&& (== net40) (>= netstandard1.3)) (&& (== net45) (>= netstandard1.3)) (== netstandard1.6) (== netstandard2.0)
    runtime.debian.8-x64.runtime.native.System.Security.Cryptography.OpenSsl (4.3.2) - restriction: == netstandard1.6
    runtime.fedora.23-x64.runtime.native.System.Security.Cryptography.OpenSsl (4.3.2) - restriction: == netstandard1.6
    runtime.fedora.24-x64.runtime.native.System.Security.Cryptography.OpenSsl (4.3.2) - restriction: == netstandard1.6
    runtime.native.System (4.3) - restriction: == netstandard1.6
      Microsoft.NETCore.Platforms (>= 1.1)
      Microsoft.NETCore.Targets (>= 1.1)
    runtime.native.System.Net.Http (4.3) - restriction: == netstandard1.6
      Microsoft.NETCore.Platforms (>= 1.1)
      Microsoft.NETCore.Targets (>= 1.1)
    runtime.native.System.Net.Security (4.3) - restriction: == netstandard1.6
      Microsoft.NETCore.Platforms (>= 1.1)
      Microsoft.NETCore.Targets (>= 1.1)
    runtime.native.System.Security.Cryptography.Apple (4.3.1) - restriction: == netstandard1.6
      runtime.osx.10.10-x64.runtime.native.System.Security.Cryptography.Apple (>= 4.3.1)
    runtime.native.System.Security.Cryptography.OpenSsl (4.3.2) - restriction: == netstandard1.6
      runtime.debian.8-x64.runtime.native.System.Security.Cryptography.OpenSsl (>= 4.3.2)
      runtime.fedora.23-x64.runtime.native.System.Security.Cryptography.OpenSsl (>= 4.3.2)
      runtime.fedora.24-x64.runtime.native.System.Security.Cryptography.OpenSsl (>= 4.3.2)
      runtime.opensuse.13.2-x64.runtime.native.System.Security.Cryptography.OpenSsl (>= 4.3.2)
      runtime.opensuse.42.1-x64.runtime.native.System.Security.Cryptography.OpenSsl (>= 4.3.2)
      runtime.osx.10.10-x64.runtime.native.System.Security.Cryptography.OpenSsl (>= 4.3.2)
      runtime.rhel.7-x64.runtime.native.System.Security.Cryptography.OpenSsl (>= 4.3.2)
      runtime.ubuntu.14.04-x64.runtime.native.System.Security.Cryptography.OpenSsl (>= 4.3.2)
      runtime.ubuntu.16.04-x64.runtime.native.System.Security.Cryptography.OpenSsl (>= 4.3.2)
      runtime.ubuntu.16.10-x64.runtime.native.System.Security.Cryptography.OpenSsl (>= 4.3.2)
    runtime.opensuse.13.2-x64.runtime.native.System.Security.Cryptography.OpenSsl (4.3.2) - restriction: == netstandard1.6
    runtime.opensuse.42.1-x64.runtime.native.System.Security.Cryptography.OpenSsl (4.3.2) - restriction: == netstandard1.6
    runtime.osx.10.10-x64.runtime.native.System.Security.Cryptography.Apple (4.3.1) - restriction: == netstandard1.6
    runtime.osx.10.10-x64.runtime.native.System.Security.Cryptography.OpenSsl (4.3.2) - restriction: == netstandard1.6
    runtime.rhel.7-x64.runtime.native.System.Security.Cryptography.OpenSsl (4.3.2) - restriction: == netstandard1.6
    runtime.ubuntu.14.04-x64.runtime.native.System.Security.Cryptography.OpenSsl (4.3.2) - restriction: == netstandard1.6
    runtime.ubuntu.16.04-x64.runtime.native.System.Security.Cryptography.OpenSsl (4.3.2) - restriction: == netstandard1.6
    runtime.ubuntu.16.10-x64.runtime.native.System.Security.Cryptography.OpenSsl (4.3.2) - restriction: == netstandard1.6
    System.Collections (4.3) - restriction: == netstandard1.6
      Microsoft.NETCore.Platforms (>= 1.1) - restriction: || (== net35) (== net40) (&& (== net45) (< portable-net45+win8+wp8+wpa81)) (== netstandard1.6) (== netstandard2.0)
      Microsoft.NETCore.Targets (>= 1.1) - restriction: || (== net35) (== net40) (&& (== net45) (< portable-net45+win8+wp8+wpa81)) (== netstandard1.6) (== netstandard2.0)
      System.Runtime (>= 4.3) - restriction: || (== net35) (== net40) (&& (== net45) (< portable-net45+win8+wp8+wpa81)) (== netstandard1.6) (== netstandard2.0)
    System.Collections.Concurrent (4.3) - restriction: == netstandard1.6
      System.Collections (>= 4.3) - restriction: || (== net35) (== net40) (&& (== net45) (< portable-net45+win8+wpa81)) (== netstandard1.6) (== netstandard2.0)
      System.Diagnostics.Debug (>= 4.3) - restriction: || (== net35) (== net40) (&& (== net45) (< portable-net45+win8+wpa81)) (== netstandard1.6) (== netstandard2.0)
      System.Diagnostics.Tracing (>= 4.3) - restriction: || (== net35) (== net40) (&& (== net45) (< portable-net45+win8+wpa81)) (== netstandard1.6) (== netstandard2.0)
      System.Globalization (>= 4.3) - restriction: || (== net35) (== net40) (&& (== net45) (< portable-net45+win8+wpa81)) (== netstandard1.6) (== netstandard2.0)
      System.Reflection (>= 4.3) - restriction: || (&& (== net35) (>= netstandard1.3)) (&& (== net40) (>= netstandard1.3)) (== netstandard1.6) (== netstandard2.0)
      System.Resources.ResourceManager (>= 4.3) - restriction: || (== net35) (== net40) (&& (== net45) (< portable-net45+win8+wpa81)) (== netstandard1.6) (== netstandard2.0)
      System.Runtime (>= 4.3) - restriction: || (== net35) (== net40) (&& (== net45) (< portable-net45+win8+wpa81)) (== netstandard1.6) (== netstandard2.0)
      System.Runtime.Extensions (>= 4.3) - restriction: || (== net35) (== net40) (&& (== net45) (< portable-net45+win8+wpa81)) (== netstandard1.6) (== netstandard2.0)
      System.Threading (>= 4.3) - restriction: || (== net35) (== net40) (&& (== net45) (< portable-net45+win8+wpa81)) (== netstandard1.6) (== netstandard2.0)
      System.Threading.Tasks (>= 4.3) - restriction: || (== net35) (== net40) (&& (== net45) (< portable-net45+win8+wpa81)) (== netstandard1.6) (== netstandard2.0)
    System.Diagnostics.Debug (4.3) - restriction: == netstandard1.6
      Microsoft.NETCore.Platforms (>= 1.1) - restriction: || (== net35) (== net40) (&& (== net45) (< portable-net45+win8+wp8+wpa81)) (== netstandard1.6) (== netstandard2.0)
      Microsoft.NETCore.Targets (>= 1.1) - restriction: || (== net35) (== net40) (&& (== net45) (< portable-net45+win8+wp8+wpa81)) (== netstandard1.6) (== netstandard2.0)
      System.Runtime (>= 4.3) - restriction: || (== net35) (== net40) (&& (== net45) (< portable-net45+win8+wp8+wpa81)) (== netstandard1.6) (== netstandard2.0)
    System.Diagnostics.TraceSource (4.3) - restriction: == netstandard1.6
      Microsoft.NETCore.Platforms (>= 1.1) - restriction: || (&& (== net35) (>= netstandard1.3)) (&& (== net40) (>= netstandard1.3)) (&& (== net45) (>= netstandard1.3)) (== netstandard1.6) (== netstandard2.0)
      runtime.native.System (>= 4.3) - restriction: || (&& (== net35) (>= netstandard1.3)) (&& (== net40) (>= netstandard1.3)) (&& (== net45) (>= netstandard1.3)) (== netstandard1.6) (== netstandard2.0)
      System.Collections (>= 4.3) - restriction: || (&& (== net35) (>= netstandard1.3)) (&& (== net40) (>= netstandard1.3)) (&& (== net45) (>= netstandard1.3)) (== netstandard1.6) (== netstandard2.0)
      System.Diagnostics.Debug (>= 4.3) - restriction: || (&& (== net35) (>= netstandard1.3)) (&& (== net40) (>= netstandard1.3)) (&& (== net45) (>= netstandard1.3)) (== netstandard1.6) (== netstandard2.0)
      System.Globalization (>= 4.3) - restriction: || (&& (== net35) (>= netstandard1.3)) (&& (== net40) (>= netstandard1.3)) (&& (== net45) (>= netstandard1.3)) (== netstandard1.6) (== netstandard2.0)
      System.Resources.ResourceManager (>= 4.3) - restriction: || (&& (== net35) (>= netstandard1.3)) (&& (== net40) (>= netstandard1.3)) (&& (== net45) (>= netstandard1.3)) (== netstandard1.6) (== netstandard2.0)
      System.Runtime (>= 4.3) - restriction: || (&& (== net35) (>= netstandard1.3)) (&& (== net40) (>= netstandard1.3)) (&& (== net45) (>= netstandard1.3)) (== netstandard1.6) (== netstandard2.0)
      System.Runtime.Extensions (>= 4.3) - restriction: || (&& (== net35) (>= netstandard1.3)) (&& (== net40) (>= netstandard1.3)) (&& (== net45) (>= netstandard1.3)) (== netstandard1.6) (== netstandard2.0)
      System.Threading (>= 4.3) - restriction: || (&& (== net35) (>= netstandard1.3)) (&& (== net40) (>= netstandard1.3)) (&& (== net45) (>= netstandard1.3)) (== netstandard1.6) (== netstandard2.0)
    System.Diagnostics.Tracing (4.3) - restriction: == netstandard1.6
      Microsoft.NETCore.Platforms (>= 1.1) - restriction: || (== net35) (== net40) (&& (== net45) (< portable-net45+win8+wpa81)) (== netstandard1.6) (== netstandard2.0)
      Microsoft.NETCore.Targets (>= 1.1) - restriction: || (== net35) (== net40) (&& (== net45) (< portable-net45+win8+wpa81)) (== netstandard1.6) (== netstandard2.0)
      System.Runtime (>= 4.3) - restriction: || (== net35) (== net40) (&& (== net45) (< portable-net45+win8+wpa81)) (== netstandard1.6) (== netstandard2.0)
    System.Globalization (4.3) - restriction: == netstandard1.6
      Microsoft.NETCore.Platforms (>= 1.1) - restriction: || (== net35) (== net40) (&& (== net45) (< portable-net45+win8+wp8+wpa81)) (== netstandard1.6) (== netstandard2.0)
      Microsoft.NETCore.Targets (>= 1.1) - restriction: || (== net35) (== net40) (&& (== net45) (< portable-net45+win8+wp8+wpa81)) (== netstandard1.6) (== netstandard2.0)
      System.Runtime (>= 4.3) - restriction: || (== net35) (== net40) (&& (== net45) (< portable-net45+win8+wp8+wpa81)) (== netstandard1.6) (== netstandard2.0)
    System.Globalization.Calendars (4.3) - restriction: == netstandard1.6
      Microsoft.NETCore.Platforms (>= 1.1) - restriction: || (&& (== net35) (>= netstandard1.3)) (&& (== net40) (>= netstandard1.3)) (&& (== net45) (>= netstandard1.3)) (== netstandard1.6) (== netstandard2.0)
      Microsoft.NETCore.Targets (>= 1.1) - restriction: || (&& (== net35) (>= netstandard1.3)) (&& (== net40) (>= netstandard1.3)) (&& (== net45) (>= netstandard1.3)) (== netstandard1.6) (== netstandard2.0)
      System.Globalization (>= 4.3) - restriction: || (&& (== net35) (>= netstandard1.3)) (&& (== net40) (>= netstandard1.3)) (&& (== net45) (>= netstandard1.3)) (== netstandard1.6) (== netstandard2.0)
      System.Runtime (>= 4.3) - restriction: || (&& (== net35) (>= netstandard1.3)) (&& (== net40) (>= netstandard1.3)) (&& (== net45) (>= netstandard1.3)) (== netstandard1.6) (== netstandard2.0)
    System.Globalization.Extensions (4.3) - restriction: == netstandard1.6
      Microsoft.NETCore.Platforms (>= 1.1) - restriction: || (&& (== net35) (>= netstandard1.3)) (&& (== net40) (>= netstandard1.3)) (&& (== net45) (>= netstandard1.3)) (== netstandard1.6) (== netstandard2.0)
      System.Globalization (>= 4.3) - restriction: || (&& (== net35) (>= netstandard1.3)) (&& (== net40) (>= netstandard1.3)) (&& (== net45) (>= netstandard1.3)) (== netstandard1.6) (== netstandard2.0)
      System.Resources.ResourceManager (>= 4.3) - restriction: || (&& (== net35) (>= netstandard1.3)) (&& (== net40) (>= netstandard1.3)) (&& (== net45) (>= netstandard1.3)) (== netstandard1.6) (== netstandard2.0)
      System.Runtime (>= 4.3) - restriction: || (&& (== net35) (>= netstandard1.3)) (&& (== net40) (>= netstandard1.3)) (&& (== net45) (>= netstandard1.3)) (== netstandard1.6) (== netstandard2.0)
      System.Runtime.Extensions (>= 4.3) - restriction: || (&& (== net35) (>= netstandard1.3)) (&& (== net40) (>= netstandard1.3)) (&& (== net45) (>= netstandard1.3)) (== netstandard1.6) (== netstandard2.0)
      System.Runtime.InteropServices (>= 4.3) - restriction: || (&& (== net35) (>= netstandard1.3)) (&& (== net40) (>= netstandard1.3)) (&& (== net45) (>= netstandard1.3)) (== netstandard1.6) (== netstandard2.0)
    System.IO (4.3) - restriction: == netstandard1.6
      Microsoft.NETCore.Platforms (>= 1.1) - restriction: || (== net35) (== net40) (&& (== net45) (< portable-net45+win8+wp8+wpa81)) (== netstandard1.6) (== netstandard2.0)
      Microsoft.NETCore.Targets (>= 1.1) - restriction: || (== net35) (== net40) (&& (== net45) (< portable-net45+win8+wp8+wpa81)) (== netstandard1.6) (== netstandard2.0)
      System.Runtime (>= 4.3) - restriction: || (== net35) (== net40) (&& (== net45) (< portable-net45+win8+wp8+wpa81)) (== netstandard1.6) (== netstandard2.0)
      System.Text.Encoding (>= 4.3) - restriction: || (== net35) (== net40) (&& (== net45) (< portable-net45+win8+wp8+wpa81)) (== netstandard1.6) (== netstandard2.0)
      System.Threading.Tasks (>= 4.3) - restriction: || (== net35) (== net40) (&& (== net45) (< portable-net45+win8+wp8+wpa81)) (== netstandard1.6) (== netstandard2.0)
    System.IO.FileSystem (4.3) - restriction: == netstandard1.6
      Microsoft.NETCore.Platforms (>= 1.1) - restriction: || (&& (== net35) (>= netstandard1.3)) (&& (== net40) (>= netstandard1.3)) (&& (== net45) (>= netstandard1.3)) (== netstandard1.6) (== netstandard2.0)
      Microsoft.NETCore.Targets (>= 1.1) - restriction: || (&& (== net35) (>= netstandard1.3)) (&& (== net40) (>= netstandard1.3)) (&& (== net45) (>= netstandard1.3)) (== netstandard1.6) (== netstandard2.0)
      System.IO (>= 4.3) - restriction: || (&& (== net35) (>= netstandard1.3)) (&& (== net40) (>= netstandard1.3)) (&& (== net45) (>= netstandard1.3)) (== netstandard1.6) (== netstandard2.0)
      System.IO.FileSystem.Primitives (>= 4.3) - restriction: || (&& (== net35) (>= net46)) (&& (== net35) (>= netstandard1.3)) (&& (== net40) (>= net46)) (&& (== net40) (>= netstandard1.3)) (&& (== net45) (>= net46)) (&& (== net45) (>= netstandard1.3)) (== netstandard1.6) (== netstandard2.0)
      System.Runtime (>= 4.3) - restriction: || (&& (== net35) (>= netstandard1.3)) (&& (== net40) (>= netstandard1.3)) (&& (== net45) (>= netstandard1.3)) (== netstandard1.6) (== netstandard2.0)
      System.Runtime.Handles (>= 4.3) - restriction: || (&& (== net35) (>= netstandard1.3)) (&& (== net40) (>= netstandard1.3)) (&& (== net45) (>= netstandard1.3)) (== netstandard1.6) (== netstandard2.0)
      System.Text.Encoding (>= 4.3) - restriction: || (&& (== net35) (>= netstandard1.3)) (&& (== net40) (>= netstandard1.3)) (&& (== net45) (>= netstandard1.3)) (== netstandard1.6) (== netstandard2.0)
      System.Threading.Tasks (>= 4.3) - restriction: || (&& (== net35) (>= netstandard1.3)) (&& (== net40) (>= netstandard1.3)) (&& (== net45) (>= netstandard1.3)) (== netstandard1.6) (== netstandard2.0)
    System.IO.FileSystem.Primitives (4.3) - restriction: == netstandard1.6
      System.Runtime (>= 4.3) - restriction: || (&& (== net35) (>= netstandard1.3)) (&& (== net40) (>= netstandard1.3)) (&& (== net45) (>= netstandard1.3)) (== netstandard1.6) (== netstandard2.0)
    System.Linq (4.3) - restriction: == netstandard1.6
      System.Collections (>= 4.3) - restriction: || (== net35) (== net40) (&& (== net45) (< portable-net45+win8+wp8+wpa81)) (== netstandard1.6) (== netstandard2.0)
      System.Diagnostics.Debug (>= 4.3) - restriction: || (== net35) (== net40) (&& (== net45) (< portable-net45+win8+wp8+wpa81)) (== netstandard1.6) (== netstandard2.0)
      System.Resources.ResourceManager (>= 4.3) - restriction: || (== net35) (== net40) (&& (== net45) (< portable-net45+win8+wp8+wpa81)) (== netstandard1.6) (== netstandard2.0)
      System.Runtime (>= 4.3) - restriction: || (== net35) (== net40) (&& (== net45) (< portable-net45+win8+wp8+wpa81)) (== netstandard1.6) (== netstandard2.0)
      System.Runtime.Extensions (>= 4.3) - restriction: || (== net35) (== net40) (&& (== net45) (< portable-net45+win8+wp8+wpa81)) (== netstandard1.6) (== netstandard2.0)
    System.Net.Primitives (4.3) - restriction: == netstandard1.6
      Microsoft.NETCore.Platforms (>= 1.1) - restriction: || (== net35) (== net40) (&& (== net45) (< netstandard1.1)) (&& (== net45) (< portable-net45+win8+wp8+wpa81)) (== netstandard1.6) (== netstandard2.0)
      Microsoft.NETCore.Targets (>= 1.1) - restriction: || (== net35) (== net40) (&& (== net45) (< netstandard1.1)) (&& (== net45) (< portable-net45+win8+wp8+wpa81)) (== netstandard1.6) (== netstandard2.0)
      System.Runtime (>= 4.3) - restriction: || (== net35) (== net40) (&& (== net45) (< netstandard1.1)) (&& (== net45) (< portable-net45+win8+wp8+wpa81)) (== netstandard1.6) (== netstandard2.0)
      System.Runtime.Handles (>= 4.3) - restriction: || (== net35) (== net40) (&& (== net45) (< portable-net45+win8+wp8+wpa81)) (== netstandard1.6) (== netstandard2.0)
    System.Net.Security (4.3.2) - restriction: == netstandard1.6
      Microsoft.NETCore.Platforms (>= 1.1) - restriction: || (&& (== net35) (>= netstandard1.3)) (&& (== net35) (>= netstandard1.6)) (&& (== net40) (>= netstandard1.3)) (&& (== net40) (>= netstandard1.6)) (&& (== net45) (>= netstandard1.3)) (&& (== net45) (>= netstandard1.6)) (== netstandard1.6) (== netstandard2.0)
      Microsoft.Win32.Primitives (>= 4.3) - restriction: || (&& (== net35) (>= netstandard1.3)) (&& (== net35) (>= netstandard1.6)) (&& (== net40) (>= netstandard1.3)) (&& (== net40) (>= netstandard1.6)) (&& (== net45) (>= netstandard1.3)) (&& (== net45) (>= netstandard1.6)) (== netstandard1.6) (== netstandard2.0)
      runtime.native.System (>= 4.3) - restriction: || (&& (== net35) (>= netstandard1.6)) (&& (== net40) (>= netstandard1.6)) (&& (== net45) (>= netstandard1.6)) (== netstandard1.6) (== netstandard2.0)
      runtime.native.System.Net.Security (>= 4.3) - restriction: || (&& (== net35) (>= netstandard1.6)) (&& (== net40) (>= netstandard1.6)) (&& (== net45) (>= netstandard1.6)) (== netstandard1.6) (== netstandard2.0)
      runtime.native.System.Security.Cryptography.OpenSsl (>= 4.3.2) - restriction: || (&& (== net35) (>= netstandard1.6)) (&& (== net40) (>= netstandard1.6)) (&& (== net45) (>= netstandard1.6)) (== netstandard1.6) (== netstandard2.0)
      System.Collections (>= 4.3) - restriction: || (&& (== net35) (>= netstandard1.3)) (&& (== net35) (>= netstandard1.6)) (&& (== net40) (>= netstandard1.3)) (&& (== net40) (>= netstandard1.6)) (&& (== net45) (>= netstandard1.3)) (&& (== net45) (>= netstandard1.6)) (== netstandard1.6) (== netstandard2.0)
      System.Collections.Concurrent (>= 4.3) - restriction: || (&& (== net35) (>= netstandard1.3)) (&& (== net35) (>= netstandard1.6)) (&& (== net40) (>= netstandard1.3)) (&& (== net40) (>= netstandard1.6)) (&& (== net45) (>= netstandard1.3)) (&& (== net45) (>= netstandard1.6)) (== netstandard1.6) (== netstandard2.0)
      System.Diagnostics.Tracing (>= 4.3) - restriction: || (&& (== net35) (>= netstandard1.3)) (&& (== net35) (>= netstandard1.6)) (&& (== net40) (>= netstandard1.3)) (&& (== net40) (>= netstandard1.6)) (&& (== net45) (>= netstandard1.3)) (&& (== net45) (>= netstandard1.6)) (== netstandard1.6) (== netstandard2.0)
      System.Globalization (>= 4.3) - restriction: || (&& (== net35) (>= netstandard1.3)) (&& (== net35) (>= netstandard1.6)) (&& (== net40) (>= netstandard1.3)) (&& (== net40) (>= netstandard1.6)) (&& (== net45) (>= netstandard1.3)) (&& (== net45) (>= netstandard1.6)) (== netstandard1.6) (== netstandard2.0)
      System.Globalization.Extensions (>= 4.3) - restriction: || (&& (== net35) (>= netstandard1.6)) (&& (== net40) (>= netstandard1.6)) (&& (== net45) (>= netstandard1.6)) (== netstandard1.6) (== netstandard2.0)
      System.IO (>= 4.3) - restriction: || (&& (== net35) (>= netstandard1.3)) (&& (== net35) (>= netstandard1.6)) (&& (== net40) (>= netstandard1.3)) (&& (== net40) (>= netstandard1.6)) (&& (== net45) (>= netstandard1.3)) (&& (== net45) (>= netstandard1.6)) (== netstandard1.6) (== netstandard2.0)
      System.Net.Primitives (>= 4.3) - restriction: || (&& (== net35) (>= netstandard1.3)) (&& (== net35) (>= netstandard1.6)) (&& (== net40) (>= netstandard1.3)) (&& (== net40) (>= netstandard1.6)) (&& (== net45) (>= netstandard1.3)) (&& (== net45) (>= netstandard1.6)) (== netstandard1.6) (== netstandard2.0)
      System.Resources.ResourceManager (>= 4.3) - restriction: || (&& (== net35) (>= netstandard1.3)) (&& (== net35) (>= netstandard1.6)) (&& (== net40) (>= netstandard1.3)) (&& (== net40) (>= netstandard1.6)) (&& (== net45) (>= netstandard1.3)) (&& (== net45) (>= netstandard1.6)) (== netstandard1.6) (== netstandard2.0)
      System.Runtime (>= 4.3) - restriction: || (&& (== net35) (>= netstandard1.3)) (&& (== net35) (>= netstandard1.6)) (&& (== net40) (>= netstandard1.3)) (&& (== net40) (>= netstandard1.6)) (&& (== net45) (>= netstandard1.3)) (&& (== net45) (>= netstandard1.6)) (== netstandard1.6) (== netstandard2.0)
      System.Runtime.Extensions (>= 4.3) - restriction: || (&& (== net35) (>= netstandard1.3)) (&& (== net35) (>= netstandard1.6)) (&& (== net40) (>= netstandard1.3)) (&& (== net40) (>= netstandard1.6)) (&& (== net45) (>= netstandard1.3)) (&& (== net45) (>= netstandard1.6)) (== netstandard1.6) (== netstandard2.0)
      System.Runtime.Handles (>= 4.3) - restriction: || (&& (== net35) (>= netstandard1.3)) (&& (== net35) (>= netstandard1.6)) (&& (== net40) (>= netstandard1.3)) (&& (== net40) (>= netstandard1.6)) (&& (== net45) (>= netstandard1.3)) (&& (== net45) (>= netstandard1.6)) (== netstandard1.6) (== netstandard2.0)
      System.Runtime.InteropServices (>= 4.3) - restriction: || (&& (== net35) (>= netstandard1.3)) (&& (== net35) (>= netstandard1.6)) (&& (== net40) (>= netstandard1.3)) (&& (== net40) (>= netstandard1.6)) (&& (== net45) (>= netstandard1.3)) (&& (== net45) (>= netstandard1.6)) (== netstandard1.6) (== netstandard2.0)
      System.Security.Claims (>= 4.3) - restriction: || (&& (== net35) (>= netstandard1.3)) (&& (== net35) (>= netstandard1.6)) (&& (== net40) (>= netstandard1.3)) (&& (== net40) (>= netstandard1.6)) (&& (== net45) (>= netstandard1.3)) (&& (== net45) (>= netstandard1.6)) (== netstandard1.6) (== netstandard2.0)
      System.Security.Cryptography.Algorithms (>= 4.3) - restriction: || (&& (== net35) (>= netstandard1.6)) (&& (== net40) (>= netstandard1.6)) (&& (== net45) (>= netstandard1.6)) (== netstandard1.6) (== netstandard2.0)
      System.Security.Cryptography.Encoding (>= 4.3) - restriction: || (&& (== net35) (>= netstandard1.3)) (&& (== net35) (>= netstandard1.6)) (&& (== net40) (>= netstandard1.3)) (&& (== net40) (>= netstandard1.6)) (&& (== net45) (>= netstandard1.3)) (&& (== net45) (>= netstandard1.6)) (== netstandard1.6) (== netstandard2.0)
      System.Security.Cryptography.OpenSsl (>= 4.3) - restriction: || (&& (== net35) (>= netstandard1.6)) (&& (== net40) (>= netstandard1.6)) (&& (== net45) (>= netstandard1.6)) (== netstandard1.6) (== netstandard2.0)
      System.Security.Cryptography.Primitives (>= 4.3) - restriction: || (&& (== net35) (>= netstandard1.3)) (&& (== net35) (>= netstandard1.6)) (&& (== net40) (>= netstandard1.3)) (&& (== net40) (>= netstandard1.6)) (&& (== net45) (>= netstandard1.3)) (&& (== net45) (>= netstandard1.6)) (== netstandard1.6) (== netstandard2.0)
      System.Security.Cryptography.X509Certificates (>= 4.3) - restriction: || (&& (== net35) (>= net46)) (&& (== net35) (>= netstandard1.3)) (&& (== net35) (>= netstandard1.6)) (&& (== net40) (>= net46)) (&& (== net40) (>= netstandard1.3)) (&& (== net40) (>= netstandard1.6)) (&& (== net45) (>= net46)) (&& (== net45) (>= netstandard1.3)) (&& (== net45) (>= netstandard1.6)) (== netstandard1.6) (== netstandard2.0)
      System.Security.Principal (>= 4.3) - restriction: || (&& (== net35) (>= netstandard1.3)) (&& (== net35) (>= netstandard1.6)) (&& (== net40) (>= netstandard1.3)) (&& (== net40) (>= netstandard1.6)) (&& (== net45) (>= netstandard1.3)) (&& (== net45) (>= netstandard1.6)) (== netstandard1.6) (== netstandard2.0)
      System.Text.Encoding (>= 4.3) - restriction: || (&& (== net35) (>= netstandard1.6)) (&& (== net40) (>= netstandard1.6)) (&& (== net45) (>= netstandard1.6)) (== netstandard1.6) (== netstandard2.0)
      System.Threading (>= 4.3) - restriction: || (&& (== net35) (>= netstandard1.3)) (&& (== net35) (>= netstandard1.6)) (&& (== net40) (>= netstandard1.3)) (&& (== net40) (>= netstandard1.6)) (&& (== net45) (>= netstandard1.3)) (&& (== net45) (>= netstandard1.6)) (== netstandard1.6) (== netstandard2.0)
      System.Threading.Tasks (>= 4.3) - restriction: || (&& (== net35) (>= netstandard1.3)) (&& (== net35) (>= netstandard1.6)) (&& (== net40) (>= netstandard1.3)) (&& (== net40) (>= netstandard1.6)) (&& (== net45) (>= netstandard1.3)) (&& (== net45) (>= netstandard1.6)) (== netstandard1.6) (== netstandard2.0)
      System.Threading.ThreadPool (>= 4.3) - restriction: || (&& (== net35) (>= netstandard1.3)) (&& (== net35) (>= netstandard1.6)) (&& (== net40) (>= netstandard1.3)) (&& (== net40) (>= netstandard1.6)) (&& (== net45) (>= netstandard1.3)) (&& (== net45) (>= netstandard1.6)) (== netstandard1.6) (== netstandard2.0)
    System.Reflection (4.3) - restriction: == netstandard1.6
      Microsoft.NETCore.Platforms (>= 1.1) - restriction: || (== net35) (== net40) (&& (== net45) (< portable-net45+win8+wp8+wpa81)) (== netstandard1.6) (== netstandard2.0)
      Microsoft.NETCore.Targets (>= 1.1) - restriction: || (== net35) (== net40) (&& (== net45) (< portable-net45+win8+wp8+wpa81)) (== netstandard1.6) (== netstandard2.0)
      System.IO (>= 4.3) - restriction: || (== net35) (== net40) (&& (== net45) (< portable-net45+win8+wp8+wpa81)) (== netstandard1.6) (== netstandard2.0)
      System.Reflection.Primitives (>= 4.3) - restriction: || (== net35) (== net40) (&& (== net45) (< portable-net45+win8+wp8+wpa81)) (== netstandard1.6) (== netstandard2.0)
      System.Runtime (>= 4.3) - restriction: || (== net35) (== net40) (&& (== net45) (< portable-net45+win8+wp8+wpa81)) (== netstandard1.6) (== netstandard2.0)
    System.Reflection.Emit (4.3) - restriction: == netstandard1.6
      System.IO (>= 4.3) - restriction: || (&& (== net35) (>= netstandard1.1)) (&& (== net40) (>= netstandard1.1)) (== netstandard1.6) (== netstandard2.0)
      System.Reflection (>= 4.3) - restriction: || (&& (== net35) (>= netstandard1.1)) (&& (== net40) (>= netstandard1.1)) (== netstandard1.6) (== netstandard2.0)
      System.Reflection.Emit.ILGeneration (>= 4.3) - restriction: || (&& (== net35) (>= netstandard1.1)) (&& (== net40) (>= netstandard1.1)) (== netstandard1.6) (== netstandard2.0)
      System.Reflection.Primitives (>= 4.3) - restriction: || (&& (== net35) (>= netstandard1.1)) (&& (== net40) (>= netstandard1.1)) (== netstandard1.6) (== netstandard2.0)
      System.Runtime (>= 4.3) - restriction: || (&& (== net35) (>= netstandard1.1)) (&& (== net40) (>= netstandard1.1)) (== netstandard1.6) (== netstandard2.0)
    System.Reflection.Emit.ILGeneration (4.3) - restriction: == netstandard1.6
      System.Reflection (>= 4.3) - restriction: || (&& (== net35) (>= netstandard1.0)) (&& (== net40) (>= netstandard1.0)) (== netstandard1.6) (== netstandard2.0)
      System.Reflection.Primitives (>= 4.3) - restriction: || (&& (== net35) (>= netstandard1.0)) (&& (== net40) (>= netstandard1.0)) (== netstandard1.6) (== netstandard2.0)
      System.Runtime (>= 4.3) - restriction: || (&& (== net35) (>= netstandard1.0)) (&& (== net40) (>= netstandard1.0)) (== netstandard1.6) (== netstandard2.0)
    System.Reflection.Extensions (4.3) - restriction: == netstandard1.6
      Microsoft.NETCore.Platforms (>= 1.1) - restriction: || (== net35) (== net40) (&& (== net45) (< portable-net45+win8+wp8+wpa81)) (== netstandard1.6) (== netstandard2.0)
      Microsoft.NETCore.Targets (>= 1.1) - restriction: || (== net35) (== net40) (&& (== net45) (< portable-net45+win8+wp8+wpa81)) (== netstandard1.6) (== netstandard2.0)
      System.Reflection (>= 4.3) - restriction: || (== net35) (== net40) (&& (== net45) (< portable-net45+win8+wp8+wpa81)) (== netstandard1.6) (== netstandard2.0)
      System.Runtime (>= 4.3) - restriction: || (== net35) (== net40) (&& (== net45) (< portable-net45+win8+wp8+wpa81)) (== netstandard1.6) (== netstandard2.0)
    System.Reflection.Primitives (4.3) - restriction: == netstandard1.6
      Microsoft.NETCore.Platforms (>= 1.1) - restriction: || (== net35) (== net40) (&& (== net45) (< portable-net45+win8+wp8+wpa81)) (== netstandard1.6) (== netstandard2.0)
      Microsoft.NETCore.Targets (>= 1.1) - restriction: || (== net35) (== net40) (&& (== net45) (< portable-net45+win8+wp8+wpa81)) (== netstandard1.6) (== netstandard2.0)
      System.Runtime (>= 4.3) - restriction: || (== net35) (== net40) (&& (== net45) (< portable-net45+win8+wp8+wpa81)) (== netstandard1.6) (== netstandard2.0)
    System.Reflection.TypeExtensions (4.5) - restriction: == netstandard1.6
      System.Reflection (>= 4.3) - restriction: || (== net35) (== net40) (== net45) (== netstandard1.6) (&& (== netstandard2.0) (< netstandard1.3)) (&& (== netstandard2.0) (< netstandard1.5))
      System.Resources.ResourceManager (>= 4.3) - restriction: || (== net35) (== net40) (== net45) (== netstandard1.6) (&& (== netstandard2.0) (< netstandard1.3)) (&& (== netstandard2.0) (< netstandard1.5))
      System.Runtime (>= 4.3) - restriction: || (== net35) (== net40) (== net45) (== netstandard1.6) (&& (== netstandard2.0) (< netstandard1.3)) (&& (== netstandard2.0) (< netstandard1.5))
    System.Resources.ResourceManager (4.3) - restriction: == netstandard1.6
      Microsoft.NETCore.Platforms (>= 1.1) - restriction: || (== net35) (== net40) (&& (== net45) (< portable-net45+win8+wp8+wpa81)) (== netstandard1.6) (== netstandard2.0)
      Microsoft.NETCore.Targets (>= 1.1) - restriction: || (== net35) (== net40) (&& (== net45) (< portable-net45+win8+wp8+wpa81)) (== netstandard1.6) (== netstandard2.0)
      System.Globalization (>= 4.3) - restriction: || (== net35) (== net40) (&& (== net45) (< portable-net45+win8+wp8+wpa81)) (== netstandard1.6) (== netstandard2.0)
      System.Reflection (>= 4.3) - restriction: || (== net35) (== net40) (&& (== net45) (< portable-net45+win8+wp8+wpa81)) (== netstandard1.6) (== netstandard2.0)
      System.Runtime (>= 4.3) - restriction: || (== net35) (== net40) (&& (== net45) (< portable-net45+win8+wp8+wpa81)) (== netstandard1.6) (== netstandard2.0)
    System.Runtime (4.3) - restriction: == netstandard1.6
      Microsoft.NETCore.Platforms (>= 1.1) - restriction: || (== net35) (== net40) (&& (== net45) (< portable-net45+win8+wp8+wpa81)) (== netstandard1.6) (== netstandard2.0)
      Microsoft.NETCore.Targets (>= 1.1) - restriction: || (== net35) (== net40) (&& (== net45) (< portable-net45+win8+wp8+wpa81)) (== netstandard1.6) (== netstandard2.0)
    System.Runtime.CompilerServices.Unsafe (4.5.1) - restriction: == netstandard1.6
      System.Runtime (>= 4.3) - restriction: || (&& (== net35) (>= netstandard1.0)) (&& (== net40) (>= netstandard1.0)) (== netstandard1.6)
    System.Runtime.Extensions (4.3) - restriction: == netstandard1.6
      Microsoft.NETCore.Platforms (>= 1.1) - restriction: || (== net35) (== net40) (&& (== net45) (< portable-net45+win8+wp8+wpa81)) (== netstandard1.6) (== netstandard2.0)
      Microsoft.NETCore.Targets (>= 1.1) - restriction: || (== net35) (== net40) (&& (== net45) (< portable-net45+win8+wp8+wpa81)) (== netstandard1.6) (== netstandard2.0)
      System.Runtime (>= 4.3) - restriction: || (== net35) (== net40) (&& (== net45) (< portable-net45+win8+wp8+wpa81)) (== netstandard1.6) (== netstandard2.0)
    System.Runtime.Handles (4.3) - restriction: == netstandard1.6
      Microsoft.NETCore.Platforms (>= 1.1) - restriction: || (&& (== net35) (>= netstandard1.3)) (&& (== net40) (>= netstandard1.3)) (&& (== net45) (>= netstandard1.3)) (== netstandard1.6) (== netstandard2.0)
      Microsoft.NETCore.Targets (>= 1.1) - restriction: || (&& (== net35) (>= netstandard1.3)) (&& (== net40) (>= netstandard1.3)) (&& (== net45) (>= netstandard1.3)) (== netstandard1.6) (== netstandard2.0)
      System.Runtime (>= 4.3) - restriction: || (&& (== net35) (>= netstandard1.3)) (&& (== net40) (>= netstandard1.3)) (&& (== net45) (>= netstandard1.3)) (== netstandard1.6) (== netstandard2.0)
    System.Runtime.InteropServices (4.3) - restriction: == netstandard1.6
      Microsoft.NETCore.Platforms (>= 1.1) - restriction: || (== net35) (== net40) (&& (== net45) (>= netcoreapp1.1)) (&& (== net45) (< portable-net45+win8+wpa81)) (== netstandard1.6) (== netstandard2.0)
      Microsoft.NETCore.Targets (>= 1.1) - restriction: || (== net35) (== net40) (&& (== net45) (>= netcoreapp1.1)) (&& (== net45) (< portable-net45+win8+wpa81)) (== netstandard1.6) (== netstandard2.0)
      System.Reflection (>= 4.3) - restriction: || (== net35) (== net40) (&& (== net45) (>= netcoreapp1.1)) (&& (== net45) (< portable-net45+win8+wpa81)) (== netstandard1.6) (== netstandard2.0)
      System.Reflection.Primitives (>= 4.3) - restriction: || (== net35) (== net40) (&& (== net45) (>= netcoreapp1.1)) (&& (== net45) (< portable-net45+win8+wpa81)) (== netstandard1.6) (== netstandard2.0)
      System.Runtime (>= 4.3) - restriction: || (== net35) (== net40) (&& (== net45) (>= net462)) (&& (== net45) (>= netcoreapp1.1)) (&& (== net45) (< portable-net45+win8+wpa81)) (== netstandard1.6) (== netstandard2.0)
      System.Runtime.Handles (>= 4.3) - restriction: || (== net35) (== net40) (&& (== net45) (>= netcoreapp1.1)) (&& (== net45) (< portable-net45+win8+wpa81)) (== netstandard1.6) (== netstandard2.0)
    System.Runtime.Numerics (4.3) - restriction: == netstandard1.6
      System.Globalization (>= 4.3) - restriction: || (== net35) (== net40) (&& (== net45) (< portable-net45+win8+wpa81)) (== netstandard1.6) (== netstandard2.0)
      System.Resources.ResourceManager (>= 4.3) - restriction: || (== net35) (== net40) (&& (== net45) (< portable-net45+win8+wpa81)) (== netstandard1.6) (== netstandard2.0)
      System.Runtime (>= 4.3) - restriction: || (== net35) (== net40) (&& (== net45) (< portable-net45+win8+wpa81)) (== netstandard1.6) (== netstandard2.0)
      System.Runtime.Extensions (>= 4.3) - restriction: || (== net35) (== net40) (&& (== net45) (< portable-net45+win8+wpa81)) (== netstandard1.6) (== netstandard2.0)
    System.Security.Claims (4.3) - restriction: == netstandard1.6
      System.Collections (>= 4.3) - restriction: || (&& (== net35) (>= netstandard1.3)) (&& (== net40) (>= netstandard1.3)) (&& (== net45) (>= netstandard1.3)) (== netstandard1.6) (== netstandard2.0)
      System.Globalization (>= 4.3) - restriction: || (&& (== net35) (>= netstandard1.3)) (&& (== net40) (>= netstandard1.3)) (&& (== net45) (>= netstandard1.3)) (== netstandard1.6) (== netstandard2.0)
      System.IO (>= 4.3) - restriction: || (&& (== net35) (>= netstandard1.3)) (&& (== net40) (>= netstandard1.3)) (&& (== net45) (>= netstandard1.3)) (== netstandard1.6) (== netstandard2.0)
      System.Resources.ResourceManager (>= 4.3) - restriction: || (&& (== net35) (>= netstandard1.3)) (&& (== net40) (>= netstandard1.3)) (&& (== net45) (>= netstandard1.3)) (== netstandard1.6) (== netstandard2.0)
      System.Runtime (>= 4.3) - restriction: || (&& (== net35) (>= netstandard1.3)) (&& (== net40) (>= netstandard1.3)) (&& (== net45) (>= netstandard1.3)) (== netstandard1.6) (== netstandard2.0)
      System.Runtime.Extensions (>= 4.3) - restriction: || (&& (== net35) (>= netstandard1.3)) (&& (== net40) (>= netstandard1.3)) (&& (== net45) (>= netstandard1.3)) (== netstandard1.6) (== netstandard2.0)
      System.Security.Principal (>= 4.3) - restriction: || (&& (== net35) (>= netstandard1.3)) (&& (== net40) (>= netstandard1.3)) (&& (== net45) (>= netstandard1.3)) (== netstandard1.6) (== netstandard2.0)
    System.Security.Cryptography.Algorithms (4.3.1) - restriction: == netstandard1.6
      Microsoft.NETCore.Platforms (>= 1.1)
      runtime.native.System.Security.Cryptography.Apple (>= 4.3.1) - restriction: || (&& (== net35) (>= netstandard1.6)) (&& (== net40) (>= netstandard1.6)) (&& (== net45) (>= netstandard1.6)) (== netstandard1.6) (== netstandard2.0)
      runtime.native.System.Security.Cryptography.OpenSsl (>= 4.3.2) - restriction: || (&& (== net35) (>= netstandard1.6)) (&& (== net40) (>= netstandard1.6)) (&& (== net45) (>= netstandard1.6)) (== netstandard1.6) (== netstandard2.0)
      System.Collections (>= 4.3) - restriction: || (&& (== net35) (>= netstandard1.6)) (&& (== net40) (>= netstandard1.6)) (&& (== net45) (>= netstandard1.6)) (== netstandard1.6) (== netstandard2.0)
      System.IO (>= 4.3)
      System.Resources.ResourceManager (>= 4.3)
      System.Runtime (>= 4.3)
      System.Runtime.Extensions (>= 4.3)
      System.Runtime.Handles (>= 4.3)
      System.Runtime.InteropServices (>= 4.3)
      System.Runtime.Numerics (>= 4.3) - restriction: || (&& (== net35) (>= netstandard1.6)) (&& (== net40) (>= netstandard1.6)) (&& (== net45) (>= netstandard1.6)) (== netstandard1.6) (== netstandard2.0)
      System.Security.Cryptography.Encoding (>= 4.3)
      System.Security.Cryptography.Primitives (>= 4.3)
      System.Text.Encoding (>= 4.3)
    System.Security.Cryptography.Cng (4.5) - restriction: == netstandard1.6
      System.IO (>= 4.3) - restriction: || (&& (== net35) (>= netstandard1.3)) (&& (== net35) (>= netstandard1.4)) (&& (== net35) (>= netstandard1.6)) (&& (== net40) (>= netstandard1.3)) (&& (== net40) (>= netstandard1.4)) (&& (== net40) (>= netstandard1.6)) (&& (== net45) (>= netstandard1.3)) (&& (== net45) (>= netstandard1.4)) (&& (== net45) (>= netstandard1.6)) (== netstandard1.6) (&& (== netstandard2.0) (< netstandard1.4)) (&& (== netstandard2.0) (< netstandard1.6))
      System.Resources.ResourceManager (>= 4.3) - restriction: || (&& (== net35) (>= netstandard1.3)) (&& (== net35) (>= netstandard1.4)) (&& (== net35) (>= netstandard1.6)) (&& (== net40) (>= netstandard1.3)) (&& (== net40) (>= netstandard1.4)) (&& (== net40) (>= netstandard1.6)) (&& (== net45) (>= netstandard1.3)) (&& (== net45) (>= netstandard1.4)) (&& (== net45) (>= netstandard1.6)) (== netstandard1.6) (&& (== netstandard2.0) (< netstandard1.4)) (&& (== netstandard2.0) (< netstandard1.6))
      System.Runtime (>= 4.3) - restriction: || (&& (== net35) (>= netstandard1.3)) (&& (== net35) (>= netstandard1.4)) (&& (== net35) (>= netstandard1.6)) (&& (== net40) (>= netstandard1.3)) (&& (== net40) (>= netstandard1.4)) (&& (== net40) (>= netstandard1.6)) (&& (== net45) (>= netstandard1.3)) (&& (== net45) (>= netstandard1.4)) (&& (== net45) (>= netstandard1.6)) (== netstandard1.6) (&& (== netstandard2.0) (< netstandard1.4)) (&& (== netstandard2.0) (< netstandard1.6))
      System.Runtime.Extensions (>= 4.3) - restriction: || (&& (== net35) (>= netstandard1.4)) (&& (== net35) (>= netstandard1.6)) (&& (== net40) (>= netstandard1.4)) (&& (== net40) (>= netstandard1.6)) (&& (== net45) (>= netstandard1.4)) (&& (== net45) (>= netstandard1.6)) (== netstandard1.6) (&& (== netstandard2.0) (< netstandard1.6))
      System.Runtime.Handles (>= 4.3) - restriction: || (&& (== net35) (>= netstandard1.3)) (&& (== net35) (>= netstandard1.4)) (&& (== net35) (>= netstandard1.6)) (&& (== net40) (>= netstandard1.3)) (&& (== net40) (>= netstandard1.4)) (&& (== net40) (>= netstandard1.6)) (&& (== net45) (>= netstandard1.3)) (&& (== net45) (>= netstandard1.4)) (&& (== net45) (>= netstandard1.6)) (== netstandard1.6) (&& (== netstandard2.0) (< netstandard1.4)) (&& (== netstandard2.0) (< netstandard1.6))
      System.Runtime.InteropServices (>= 4.3) - restriction: || (&& (== net35) (>= netstandard1.3)) (&& (== net35) (>= netstandard1.4)) (&& (== net35) (>= netstandard1.6)) (&& (== net40) (>= netstandard1.3)) (&& (== net40) (>= netstandard1.4)) (&& (== net40) (>= netstandard1.6)) (&& (== net45) (>= netstandard1.3)) (&& (== net45) (>= netstandard1.4)) (&& (== net45) (>= netstandard1.6)) (== netstandard1.6) (&& (== netstandard2.0) (< netstandard1.4)) (&& (== netstandard2.0) (< netstandard1.6))
      System.Security.Cryptography.Algorithms (>= 4.3) - restriction: || (&& (== net35) (>= net46)) (&& (== net35) (>= netstandard1.3)) (&& (== net35) (>= netstandard1.4)) (&& (== net35) (>= netstandard1.6)) (&& (== net40) (>= net46)) (&& (== net40) (>= netstandard1.3)) (&& (== net40) (>= netstandard1.4)) (&& (== net40) (>= netstandard1.6)) (&& (== net45) (>= net46)) (&& (== net45) (>= netstandard1.3)) (&& (== net45) (>= netstandard1.4)) (&& (== net45) (>= netstandard1.6)) (== netstandard1.6) (&& (== netstandard2.0) (< netstandard1.4)) (&& (== netstandard2.0) (< netstandard1.6))
      System.Security.Cryptography.Encoding (>= 4.3) - restriction: || (&& (== net35) (>= netstandard1.4)) (&& (== net35) (>= netstandard1.6)) (&& (== net40) (>= netstandard1.4)) (&& (== net40) (>= netstandard1.6)) (&& (== net45) (>= netstandard1.4)) (&& (== net45) (>= netstandard1.6)) (== netstandard1.6) (&& (== netstandard2.0) (< netstandard1.6))
      System.Security.Cryptography.Primitives (>= 4.3) - restriction: || (&& (== net35) (>= net46)) (&& (== net35) (>= netstandard1.3)) (&& (== net35) (>= netstandard1.4)) (&& (== net35) (>= netstandard1.6)) (&& (== net40) (>= net46)) (&& (== net40) (>= netstandard1.3)) (&& (== net40) (>= netstandard1.4)) (&& (== net40) (>= netstandard1.6)) (&& (== net45) (>= net46)) (&& (== net45) (>= netstandard1.3)) (&& (== net45) (>= netstandard1.4)) (&& (== net45) (>= netstandard1.6)) (== netstandard1.6) (&& (== netstandard2.0) (< netstandard1.4)) (&& (== netstandard2.0) (< netstandard1.6))
      System.Text.Encoding (>= 4.3) - restriction: || (&& (== net35) (>= netstandard1.4)) (&& (== net35) (>= netstandard1.6)) (&& (== net40) (>= netstandard1.4)) (&& (== net40) (>= netstandard1.6)) (&& (== net45) (>= netstandard1.4)) (&& (== net45) (>= netstandard1.6)) (== netstandard1.6) (&& (== netstandard2.0) (< netstandard1.6))
    System.Security.Cryptography.Csp (4.3) - restriction: == netstandard1.6
      Microsoft.NETCore.Platforms (>= 1.1) - restriction: || (&& (== net35) (>= netstandard1.3)) (&& (== net40) (>= netstandard1.3)) (&& (== net45) (>= netstandard1.3)) (== netstandard1.6) (== netstandard2.0)
      System.IO (>= 4.3) - restriction: || (&& (== net35) (>= netstandard1.3)) (&& (== net40) (>= netstandard1.3)) (&& (== net45) (>= netstandard1.3)) (== netstandard1.6) (== netstandard2.0)
      System.Reflection (>= 4.3) - restriction: || (&& (== net35) (>= netstandard1.3)) (&& (== net40) (>= netstandard1.3)) (&& (== net45) (>= netstandard1.3)) (== netstandard1.6) (== netstandard2.0)
      System.Resources.ResourceManager (>= 4.3) - restriction: || (&& (== net35) (>= netstandard1.3)) (&& (== net40) (>= netstandard1.3)) (&& (== net45) (>= netstandard1.3)) (== netstandard1.6) (== netstandard2.0)
      System.Runtime (>= 4.3) - restriction: || (&& (== net35) (>= netstandard1.3)) (&& (== net40) (>= netstandard1.3)) (&& (== net45) (>= netstandard1.3)) (== netstandard1.6) (== netstandard2.0)
      System.Runtime.Extensions (>= 4.3) - restriction: || (&& (== net35) (>= netstandard1.3)) (&& (== net40) (>= netstandard1.3)) (&& (== net45) (>= netstandard1.3)) (== netstandard1.6) (== netstandard2.0)
      System.Runtime.Handles (>= 4.3) - restriction: || (&& (== net35) (>= netstandard1.3)) (&& (== net40) (>= netstandard1.3)) (&& (== net45) (>= netstandard1.3)) (== netstandard1.6) (== netstandard2.0)
      System.Runtime.InteropServices (>= 4.3) - restriction: || (&& (== net35) (>= netstandard1.3)) (&& (== net40) (>= netstandard1.3)) (&& (== net45) (>= netstandard1.3)) (== netstandard1.6) (== netstandard2.0)
      System.Security.Cryptography.Algorithms (>= 4.3) - restriction: || (&& (== net35) (>= net46)) (&& (== net35) (>= netstandard1.3)) (&& (== net40) (>= net46)) (&& (== net40) (>= netstandard1.3)) (&& (== net45) (>= net46)) (&& (== net45) (>= netstandard1.3)) (== netstandard1.6) (== netstandard2.0)
      System.Security.Cryptography.Encoding (>= 4.3) - restriction: || (&& (== net35) (>= netstandard1.3)) (&& (== net40) (>= netstandard1.3)) (&& (== net45) (>= netstandard1.3)) (== netstandard1.6) (== netstandard2.0)
      System.Security.Cryptography.Primitives (>= 4.3) - restriction: || (&& (== net35) (>= net46)) (&& (== net35) (>= netstandard1.3)) (&& (== net40) (>= net46)) (&& (== net40) (>= netstandard1.3)) (&& (== net45) (>= net46)) (&& (== net45) (>= netstandard1.3)) (== netstandard1.6) (== netstandard2.0)
      System.Text.Encoding (>= 4.3) - restriction: || (&& (== net35) (>= netstandard1.3)) (&& (== net40) (>= netstandard1.3)) (&& (== net45) (>= netstandard1.3)) (== netstandard1.6) (== netstandard2.0)
      System.Threading (>= 4.3) - restriction: || (&& (== net35) (>= netstandard1.3)) (&& (== net40) (>= netstandard1.3)) (&& (== net45) (>= netstandard1.3)) (== netstandard1.6) (== netstandard2.0)
    System.Security.Cryptography.Encoding (4.3) - restriction: == netstandard1.6
      Microsoft.NETCore.Platforms (>= 1.1) - restriction: || (&& (== net35) (>= netstandard1.3)) (&& (== net40) (>= netstandard1.3)) (&& (== net45) (>= netstandard1.3)) (== netstandard1.6) (== netstandard2.0)
      runtime.native.System.Security.Cryptography.OpenSsl (>= 4.3) - restriction: || (&& (== net35) (>= netstandard1.3)) (&& (== net40) (>= netstandard1.3)) (&& (== net45) (>= netstandard1.3)) (== netstandard1.6) (== netstandard2.0)
      System.Collections (>= 4.3) - restriction: || (&& (== net35) (>= netstandard1.3)) (&& (== net40) (>= netstandard1.3)) (&& (== net45) (>= netstandard1.3)) (== netstandard1.6) (== netstandard2.0)
      System.Collections.Concurrent (>= 4.3) - restriction: || (&& (== net35) (>= netstandard1.3)) (&& (== net40) (>= netstandard1.3)) (&& (== net45) (>= netstandard1.3)) (== netstandard1.6) (== netstandard2.0)
      System.Linq (>= 4.3) - restriction: || (&& (== net35) (>= netstandard1.3)) (&& (== net40) (>= netstandard1.3)) (&& (== net45) (>= netstandard1.3)) (== netstandard1.6) (== netstandard2.0)
      System.Resources.ResourceManager (>= 4.3) - restriction: || (&& (== net35) (>= netstandard1.3)) (&& (== net40) (>= netstandard1.3)) (&& (== net45) (>= netstandard1.3)) (== netstandard1.6) (== netstandard2.0)
      System.Runtime (>= 4.3) - restriction: || (&& (== net35) (>= netstandard1.3)) (&& (== net40) (>= netstandard1.3)) (&& (== net45) (>= netstandard1.3)) (== netstandard1.6) (== netstandard2.0)
      System.Runtime.Extensions (>= 4.3) - restriction: || (&& (== net35) (>= netstandard1.3)) (&& (== net40) (>= netstandard1.3)) (&& (== net45) (>= netstandard1.3)) (== netstandard1.6) (== netstandard2.0)
      System.Runtime.Handles (>= 4.3) - restriction: || (&& (== net35) (>= netstandard1.3)) (&& (== net40) (>= netstandard1.3)) (&& (== net45) (>= netstandard1.3)) (== netstandard1.6) (== netstandard2.0)
      System.Runtime.InteropServices (>= 4.3) - restriction: || (&& (== net35) (>= netstandard1.3)) (&& (== net40) (>= netstandard1.3)) (&& (== net45) (>= netstandard1.3)) (== netstandard1.6) (== netstandard2.0)
      System.Security.Cryptography.Primitives (>= 4.3) - restriction: || (&& (== net35) (>= netstandard1.3)) (&& (== net40) (>= netstandard1.3)) (&& (== net45) (>= netstandard1.3)) (== netstandard1.6) (== netstandard2.0)
      System.Text.Encoding (>= 4.3) - restriction: || (&& (== net35) (>= netstandard1.3)) (&& (== net40) (>= netstandard1.3)) (&& (== net45) (>= netstandard1.3)) (== netstandard1.6) (== netstandard2.0)
    System.Security.Cryptography.OpenSsl (4.5) - restriction: == netstandard1.6
      System.Collections (>= 4.3) - restriction: || (&& (== net35) (>= netstandard1.6)) (&& (== net40) (>= netstandard1.6)) (&& (== net45) (>= netstandard1.6)) (== netstandard1.6)
      System.IO (>= 4.3) - restriction: || (&& (== net35) (>= netstandard1.6)) (&& (== net40) (>= netstandard1.6)) (&& (== net45) (>= netstandard1.6)) (== netstandard1.6)
      System.Resources.ResourceManager (>= 4.3) - restriction: || (&& (== net35) (>= netstandard1.6)) (&& (== net40) (>= netstandard1.6)) (&& (== net45) (>= netstandard1.6)) (== netstandard1.6)
      System.Runtime (>= 4.3) - restriction: || (&& (== net35) (>= netstandard1.6)) (&& (== net40) (>= netstandard1.6)) (&& (== net45) (>= netstandard1.6)) (== netstandard1.6)
      System.Runtime.Extensions (>= 4.3) - restriction: || (&& (== net35) (>= netstandard1.6)) (&& (== net40) (>= netstandard1.6)) (&& (== net45) (>= netstandard1.6)) (== netstandard1.6)
      System.Runtime.Handles (>= 4.3) - restriction: || (&& (== net35) (>= netstandard1.6)) (&& (== net40) (>= netstandard1.6)) (&& (== net45) (>= netstandard1.6)) (== netstandard1.6)
      System.Runtime.InteropServices (>= 4.3) - restriction: || (&& (== net35) (>= netstandard1.6)) (&& (== net40) (>= netstandard1.6)) (&& (== net45) (>= netstandard1.6)) (== netstandard1.6)
      System.Runtime.Numerics (>= 4.3) - restriction: || (&& (== net35) (>= netstandard1.6)) (&& (== net40) (>= netstandard1.6)) (&& (== net45) (>= netstandard1.6)) (== netstandard1.6)
      System.Security.Cryptography.Algorithms (>= 4.3) - restriction: || (&& (== net35) (>= netstandard1.6)) (&& (== net40) (>= netstandard1.6)) (&& (== net45) (>= netstandard1.6)) (== netstandard1.6)
      System.Security.Cryptography.Encoding (>= 4.3) - restriction: || (&& (== net35) (>= netstandard1.6)) (&& (== net40) (>= netstandard1.6)) (&& (== net45) (>= netstandard1.6)) (== netstandard1.6)
      System.Security.Cryptography.Primitives (>= 4.3) - restriction: || (&& (== net35) (>= netstandard1.6)) (&& (== net40) (>= netstandard1.6)) (&& (== net45) (>= netstandard1.6)) (== netstandard1.6)
      System.Text.Encoding (>= 4.3) - restriction: || (&& (== net35) (>= netstandard1.6)) (&& (== net40) (>= netstandard1.6)) (&& (== net45) (>= netstandard1.6)) (== netstandard1.6)
    System.Security.Cryptography.Primitives (4.3) - restriction: == netstandard1.6
      System.Diagnostics.Debug (>= 4.3) - restriction: || (&& (== net35) (>= netstandard1.3)) (&& (== net40) (>= netstandard1.3)) (&& (== net45) (>= netstandard1.3)) (== netstandard1.6) (== netstandard2.0)
      System.Globalization (>= 4.3) - restriction: || (&& (== net35) (>= netstandard1.3)) (&& (== net40) (>= netstandard1.3)) (&& (== net45) (>= netstandard1.3)) (== netstandard1.6) (== netstandard2.0)
      System.IO (>= 4.3) - restriction: || (&& (== net35) (>= netstandard1.3)) (&& (== net40) (>= netstandard1.3)) (&& (== net45) (>= netstandard1.3)) (== netstandard1.6) (== netstandard2.0)
      System.Resources.ResourceManager (>= 4.3) - restriction: || (&& (== net35) (>= netstandard1.3)) (&& (== net40) (>= netstandard1.3)) (&& (== net45) (>= netstandard1.3)) (== netstandard1.6) (== netstandard2.0)
      System.Runtime (>= 4.3) - restriction: || (&& (== net35) (>= netstandard1.3)) (&& (== net40) (>= netstandard1.3)) (&& (== net45) (>= netstandard1.3)) (== netstandard1.6) (== netstandard2.0)
      System.Threading (>= 4.3) - restriction: || (&& (== net35) (>= netstandard1.3)) (&& (== net40) (>= netstandard1.3)) (&& (== net45) (>= netstandard1.3)) (== netstandard1.6) (== netstandard2.0)
      System.Threading.Tasks (>= 4.3) - restriction: || (&& (== net35) (>= netstandard1.3)) (&& (== net40) (>= netstandard1.3)) (&& (== net45) (>= netstandard1.3)) (== netstandard1.6) (== netstandard2.0)
    System.Security.Cryptography.X509Certificates (4.3.2) - restriction: == netstandard1.6
      Microsoft.NETCore.Platforms (>= 1.1)
      runtime.native.System (>= 4.3) - restriction: || (&& (== net35) (>= netstandard1.6)) (&& (== net40) (>= netstandard1.6)) (&& (== net45) (>= netstandard1.6)) (== netstandard1.6) (== netstandard2.0)
      runtime.native.System.Net.Http (>= 4.3) - restriction: || (&& (== net35) (>= netstandard1.6)) (&& (== net40) (>= netstandard1.6)) (&& (== net45) (>= netstandard1.6)) (== netstandard1.6) (== netstandard2.0)
      runtime.native.System.Security.Cryptography.OpenSsl (>= 4.3.2) - restriction: || (&& (== net35) (>= netstandard1.6)) (&& (== net40) (>= netstandard1.6)) (&& (== net45) (>= netstandard1.6)) (== netstandard1.6) (== netstandard2.0)
      System.Collections (>= 4.3)
      System.Diagnostics.Debug (>= 4.3) - restriction: || (&& (== net35) (>= netstandard1.6)) (&& (== net40) (>= netstandard1.6)) (&& (== net45) (>= netstandard1.6)) (== netstandard1.6) (== netstandard2.0)
      System.Globalization (>= 4.3)
      System.Globalization.Calendars (>= 4.3)
      System.IO (>= 4.3)
      System.IO.FileSystem (>= 4.3)
      System.IO.FileSystem.Primitives (>= 4.3) - restriction: || (&& (== net35) (>= netstandard1.6)) (&& (== net40) (>= netstandard1.6)) (&& (== net45) (>= netstandard1.6)) (== netstandard1.6) (== netstandard2.0)
      System.Resources.ResourceManager (>= 4.3)
      System.Runtime (>= 4.3)
      System.Runtime.Extensions (>= 4.3)
      System.Runtime.Handles (>= 4.3)
      System.Runtime.InteropServices (>= 4.3)
      System.Runtime.Numerics (>= 4.3)
      System.Security.Cryptography.Algorithms (>= 4.3)
      System.Security.Cryptography.Cng (>= 4.3)
      System.Security.Cryptography.Csp (>= 4.3) - restriction: || (&& (== net35) (>= netstandard1.6)) (&& (== net40) (>= netstandard1.6)) (&& (== net45) (>= netstandard1.6)) (== netstandard1.6) (== netstandard2.0)
      System.Security.Cryptography.Encoding (>= 4.3)
      System.Security.Cryptography.OpenSsl (>= 4.3) - restriction: || (&& (== net35) (>= netstandard1.6)) (&& (== net40) (>= netstandard1.6)) (&& (== net45) (>= netstandard1.6)) (== netstandard1.6) (== netstandard2.0)
      System.Security.Cryptography.Primitives (>= 4.3)
      System.Text.Encoding (>= 4.3)
      System.Threading (>= 4.3)
    System.Security.Principal (4.3) - restriction: == netstandard1.6
      System.Runtime (>= 4.3) - restriction: || (== net35) (== net40) (&& (== net45) (< portable-net45+win8+wp8+wpa81)) (== netstandard1.6) (== netstandard2.0)
    System.Text.Encoding (4.3) - restriction: == netstandard1.6
      Microsoft.NETCore.Platforms (>= 1.1) - restriction: || (== net35) (== net40) (&& (== net45) (< portable-net45+win8+wp8+wpa81)) (== netstandard1.6) (== netstandard2.0)
      Microsoft.NETCore.Targets (>= 1.1) - restriction: || (== net35) (== net40) (&& (== net45) (< portable-net45+win8+wp8+wpa81)) (== netstandard1.6) (== netstandard2.0)
      System.Runtime (>= 4.3) - restriction: || (== net35) (== net40) (&& (== net45) (< portable-net45+win8+wp8+wpa81)) (== netstandard1.6) (== netstandard2.0)
    System.Text.Encoding.Extensions (4.3) - restriction: == netstandard1.6
      Microsoft.NETCore.Platforms (>= 1.1) - restriction: || (== net35) (== net40) (&& (== net45) (< portable-net45+win8+wp8+wpa81)) (== netstandard1.6) (== netstandard2.0)
      Microsoft.NETCore.Targets (>= 1.1) - restriction: || (== net35) (== net40) (&& (== net45) (< portable-net45+win8+wp8+wpa81)) (== netstandard1.6) (== netstandard2.0)
      System.Runtime (>= 4.3) - restriction: || (== net35) (== net40) (&& (== net45) (< portable-net45+win8+wp8+wpa81)) (== netstandard1.6) (== netstandard2.0)
      System.Text.Encoding (>= 4.3) - restriction: || (== net35) (== net40) (&& (== net45) (< portable-net45+win8+wp8+wpa81)) (== netstandard1.6) (== netstandard2.0)
    System.Text.RegularExpressions (4.3) - restriction: == netstandard1.6
      System.Collections (>= 4.3) - restriction: || (== net35) (== net40) (&& (== net45) (< portable-net45+win8+wp8+wpa81)) (== netstandard1.6) (== netstandard2.0)
      System.Globalization (>= 4.3) - restriction: || (== net35) (== net40) (&& (== net45) (< portable-net45+win8+wp8+wpa81)) (== netstandard1.6) (== netstandard2.0)
      System.Resources.ResourceManager (>= 4.3) - restriction: || (== net35) (== net40) (&& (== net45) (< portable-net45+win8+wp8+wpa81)) (== netstandard1.6) (== netstandard2.0)
      System.Runtime (>= 4.3) - restriction: || (== net35) (== net40) (&& (== net45) (>= netcoreapp1.1)) (&& (== net45) (< portable-net45+win8+wp8+wpa81)) (== netstandard1.6) (== netstandard2.0)
      System.Runtime.Extensions (>= 4.3) - restriction: || (== net35) (== net40) (&& (== net45) (< portable-net45+win8+wp8+wpa81)) (== netstandard1.6) (== netstandard2.0)
      System.Threading (>= 4.3) - restriction: || (== net35) (== net40) (&& (== net45) (< portable-net45+win8+wp8+wpa81)) (== netstandard1.6) (== netstandard2.0)
    System.Threading (4.3) - restriction: == netstandard1.6
      System.Runtime (>= 4.3) - restriction: || (== net35) (== net40) (&& (== net45) (< portable-net45+win8+wp8+wpa81)) (== netstandard1.6) (== netstandard2.0)
      System.Threading.Tasks (>= 4.3) - restriction: || (== net35) (== net40) (&& (== net45) (< portable-net45+win8+wp8+wpa81)) (== netstandard1.6) (== netstandard2.0)
    System.Threading.Tasks (4.3) - restriction: == netstandard1.6
      Microsoft.NETCore.Platforms (>= 1.1) - restriction: || (== net35) (== net40) (&& (== net45) (< portable-net45+win8+wp8+wpa81)) (== netstandard1.6) (== netstandard2.0)
      Microsoft.NETCore.Targets (>= 1.1) - restriction: || (== net35) (== net40) (&& (== net45) (< portable-net45+win8+wp8+wpa81)) (== netstandard1.6) (== netstandard2.0)
      System.Runtime (>= 4.3) - restriction: || (== net35) (== net40) (&& (== net45) (< portable-net45+win8+wp8+wpa81)) (== netstandard1.6) (== netstandard2.0)
    System.Threading.Tasks.Extensions (4.5.1) - restriction: == netstandard1.6
      System.Collections (>= 4.3) - restriction: || (&& (== net35) (>= netstandard1.0)) (&& (== net40) (>= netstandard1.0)) (== netstandard1.6)
      System.Runtime (>= 4.3) - restriction: || (&& (== net35) (>= netstandard1.0)) (&& (== net40) (>= netstandard1.0)) (== netstandard1.6)
      System.Runtime.CompilerServices.Unsafe (>= 4.5) - restriction: || (&& (== net35) (>= net45)) (&& (== net35) (>= netstandard1.0)) (&& (== net35) (>= netstandard2.0)) (&& (== net35) (>= portable-net45+win8+wp8+wpa81)) (&& (== net35) (>= win8)) (&& (== net35) (>= wp8)) (&& (== net35) (>= wpa81)) (&& (== net40) (>= net45)) (&& (== net40) (>= netstandard1.0)) (&& (== net40) (>= netstandard2.0)) (&& (== net40) (>= portable-net45+win8+wp8+wpa81)) (&& (== net40) (>= win8)) (&& (== net40) (>= wp8)) (&& (== net40) (>= wpa81)) (== net45) (== netstandard1.6) (== netstandard2.0)
      System.Threading.Tasks (>= 4.3) - restriction: || (&& (== net35) (>= netstandard1.0)) (&& (== net40) (>= netstandard1.0)) (== netstandard1.6)
    System.Threading.Thread (4.3) - restriction: == netstandard1.6
      System.Runtime (>= 4.3) - restriction: || (&& (== net35) (>= netstandard1.3)) (&& (== net40) (>= netstandard1.3)) (&& (== net45) (>= netstandard1.3)) (== netstandard1.6) (== netstandard2.0)
    System.Threading.ThreadPool (4.3) - restriction: == netstandard1.6
      System.Runtime (>= 4.3) - restriction: || (&& (== net35) (>= netstandard1.3)) (&& (== net40) (>= netstandard1.3)) (&& (== net45) (>= netstandard1.3)) (== netstandard1.6) (== netstandard2.0)
      System.Runtime.Handles (>= 4.3) - restriction: || (&& (== net35) (>= netstandard1.3)) (&& (== net40) (>= netstandard1.3)) (&& (== net45) (>= netstandard1.3)) (== netstandard1.6) (== netstandard2.0)
    System.Xml.ReaderWriter (4.3.1) - restriction: == netstandard1.6
      System.Collections (>= 4.3) - restriction: || (== net35) (== net40) (&& (== net45) (< portable-net45+win8+wp8+wpa81)) (== netstandard1.6) (== netstandard2.0)
      System.Diagnostics.Debug (>= 4.3) - restriction: || (== net35) (== net40) (&& (== net45) (< portable-net45+win8+wp8+wpa81)) (== netstandard1.6) (== netstandard2.0)
      System.Globalization (>= 4.3) - restriction: || (== net35) (== net40) (&& (== net45) (< portable-net45+win8+wp8+wpa81)) (== netstandard1.6) (== netstandard2.0)
      System.IO (>= 4.3) - restriction: || (== net35) (== net40) (&& (== net45) (< portable-net45+win8+wp8+wpa81)) (== netstandard1.6) (== netstandard2.0)
      System.IO.FileSystem (>= 4.3) - restriction: || (== net35) (== net40) (&& (== net45) (< portable-net45+win8+wp8+wpa81)) (== netstandard1.6) (== netstandard2.0)
      System.IO.FileSystem.Primitives (>= 4.3) - restriction: || (== net35) (== net40) (&& (== net45) (< portable-net45+win8+wp8+wpa81)) (== netstandard1.6) (== netstandard2.0)
      System.Resources.ResourceManager (>= 4.3) - restriction: || (== net35) (== net40) (&& (== net45) (< portable-net45+win8+wp8+wpa81)) (== netstandard1.6) (== netstandard2.0)
      System.Runtime (>= 4.3) - restriction: || (== net35) (== net40) (&& (== net45) (< portable-net45+win8+wp8+wpa81)) (== netstandard1.6) (== netstandard2.0)
      System.Runtime.Extensions (>= 4.3) - restriction: || (== net35) (== net40) (&& (== net45) (< portable-net45+win8+wp8+wpa81)) (== netstandard1.6) (== netstandard2.0)
      System.Runtime.InteropServices (>= 4.3) - restriction: || (== net35) (== net40) (&& (== net45) (< portable-net45+win8+wp8+wpa81)) (== netstandard1.6) (== netstandard2.0)
      System.Text.Encoding (>= 4.3) - restriction: || (== net35) (== net40) (&& (== net45) (< portable-net45+win8+wp8+wpa81)) (== netstandard1.6) (== netstandard2.0)
      System.Text.Encoding.Extensions (>= 4.3) - restriction: || (== net35) (== net40) (&& (== net45) (< portable-net45+win8+wp8+wpa81)) (== netstandard1.6) (== netstandard2.0)
      System.Text.RegularExpressions (>= 4.3) - restriction: || (== net35) (== net40) (&& (== net45) (< portable-net45+win8+wp8+wpa81)) (== netstandard1.6) (== netstandard2.0)
      System.Threading.Tasks (>= 4.3) - restriction: || (== net35) (== net40) (&& (== net45) (< portable-net45+win8+wp8+wpa81)) (== netstandard1.6) (== netstandard2.0)
      System.Threading.Tasks.Extensions (>= 4.3) - restriction: || (== net35) (== net40) (&& (== net45) (< portable-net45+win8+wp8+wpa81)) (== netstandard1.6) (== netstandard2.0)
    System.Xml.XmlDocument (4.3) - restriction: == netstandard1.6
      System.Collections (>= 4.3) - restriction: || (&& (== net35) (>= netstandard1.3)) (&& (== net40) (>= netstandard1.3)) (&& (== net45) (>= netstandard1.3)) (== netstandard1.6) (== netstandard2.0)
      System.Diagnostics.Debug (>= 4.3) - restriction: || (&& (== net35) (>= netstandard1.3)) (&& (== net40) (>= netstandard1.3)) (&& (== net45) (>= netstandard1.3)) (== netstandard1.6) (== netstandard2.0)
      System.Globalization (>= 4.3) - restriction: || (&& (== net35) (>= netstandard1.3)) (&& (== net40) (>= netstandard1.3)) (&& (== net45) (>= netstandard1.3)) (== netstandard1.6) (== netstandard2.0)
      System.IO (>= 4.3) - restriction: || (&& (== net35) (>= netstandard1.3)) (&& (== net40) (>= netstandard1.3)) (&& (== net45) (>= netstandard1.3)) (== netstandard1.6) (== netstandard2.0)
      System.Resources.ResourceManager (>= 4.3) - restriction: || (&& (== net35) (>= netstandard1.3)) (&& (== net40) (>= netstandard1.3)) (&& (== net45) (>= netstandard1.3)) (== netstandard1.6) (== netstandard2.0)
      System.Runtime (>= 4.3) - restriction: || (&& (== net35) (>= netstandard1.3)) (&& (== net40) (>= netstandard1.3)) (&& (== net45) (>= netstandard1.3)) (== netstandard1.6) (== netstandard2.0)
      System.Runtime.Extensions (>= 4.3) - restriction: || (&& (== net35) (>= netstandard1.3)) (&& (== net40) (>= netstandard1.3)) (&& (== net45) (>= netstandard1.3)) (== netstandard1.6) (== netstandard2.0)
      System.Text.Encoding (>= 4.3) - restriction: || (&& (== net35) (>= netstandard1.3)) (&& (== net40) (>= netstandard1.3)) (&& (== net45) (>= netstandard1.3)) (== netstandard1.6) (== netstandard2.0)
      System.Threading (>= 4.3) - restriction: || (&& (== net35) (>= netstandard1.3)) (&& (== net40) (>= netstandard1.3)) (&& (== net45) (>= netstandard1.3)) (== netstandard1.6) (== netstandard2.0)
      System.Xml.ReaderWriter (>= 4.3) - restriction: || (&& (== net35) (>= netstandard1.3)) (&& (== net40) (>= netstandard1.3)) (&& (== net45) (>= netstandard1.3)) (== netstandard1.6) (== netstandard2.0)
    System.Xml.XmlSerializer (4.3) - restriction: == netstandard1.6
      System.Collections (>= 4.3) - restriction: || (== net35) (== net40) (&& (== net45) (< portable-net45+win8+wp8+wpa81)) (== netstandard1.6) (== netstandard2.0)
      System.Globalization (>= 4.3) - restriction: || (== net35) (== net40) (&& (== net45) (< portable-net45+win8+wp8+wpa81)) (== netstandard1.6) (== netstandard2.0)
      System.IO (>= 4.3) - restriction: || (== net35) (== net40) (&& (== net45) (< portable-net45+win8+wp8+wpa81)) (== netstandard1.6) (== netstandard2.0)
      System.Linq (>= 4.3) - restriction: || (== net35) (== net40) (&& (== net45) (< portable-net45+win8+wp8+wpa81)) (== netstandard1.6) (== netstandard2.0)
      System.Reflection (>= 4.3) - restriction: || (== net35) (== net40) (&& (== net45) (< portable-net45+win8+wp8+wpa81)) (== netstandard1.6) (== netstandard2.0)
      System.Reflection.Emit (>= 4.3) - restriction: || (== net35) (== net40) (&& (== net45) (< portable-net45+win8+wp8+wpa81)) (== netstandard1.6) (== netstandard2.0)
      System.Reflection.Emit.ILGeneration (>= 4.3) - restriction: || (== net35) (== net40) (&& (== net45) (< portable-net45+win8+wp8+wpa81)) (== netstandard1.6) (== netstandard2.0)
      System.Reflection.Extensions (>= 4.3) - restriction: || (== net35) (== net40) (&& (== net45) (< portable-net45+win8+wp8+wpa81)) (== netstandard1.6) (== netstandard2.0)
      System.Reflection.Primitives (>= 4.3) - restriction: || (== net35) (== net40) (&& (== net45) (< portable-net45+win8+wp8+wpa81)) (== netstandard1.6) (== netstandard2.0)
      System.Reflection.TypeExtensions (>= 4.3) - restriction: || (== net35) (== net40) (&& (== net45) (< portable-net45+win8+wp8+wpa81)) (== netstandard1.6) (== netstandard2.0)
      System.Resources.ResourceManager (>= 4.3) - restriction: || (== net35) (== net40) (&& (== net45) (< portable-net45+win8+wp8+wpa81)) (== netstandard1.6) (== netstandard2.0)
      System.Runtime (>= 4.3) - restriction: || (== net35) (== net40) (&& (== net45) (< portable-net45+win8+wp8+wpa81)) (== netstandard1.6) (== netstandard2.0)
      System.Runtime.Extensions (>= 4.3) - restriction: || (== net35) (== net40) (&& (== net45) (< portable-net45+win8+wp8+wpa81)) (== netstandard1.6) (== netstandard2.0)
      System.Text.RegularExpressions (>= 4.3) - restriction: || (== net35) (== net40) (&& (== net45) (< portable-net45+win8+wp8+wpa81)) (== netstandard1.6) (== netstandard2.0)
      System.Threading (>= 4.3) - restriction: || (== net35) (== net40) (&& (== net45) (< portable-net45+win8+wp8+wpa81)) (== netstandard1.6) (== netstandard2.0)
      System.Xml.ReaderWriter (>= 4.3) - restriction: || (== net35) (== net40) (&& (== net45) (< portable-net45+win8+wp8+wpa81)) (== netstandard1.6) (== netstandard2.0)
      System.Xml.XmlDocument (>= 4.3) - restriction: || (== net35) (== net40) (&& (== net45) (< portable-net45+win8+wp8+wpa81)) (== netstandard1.6) (== netstandard2.0)

GROUP build
NUGET
  remote: ../../../../submodules/mason/dist
    Mason.Targets.Packager (0.1.1.26)
    Mason.Targets.Preprocessor (0.1.1.13)
    Mason.Targets.Verman (0.1.1.13)
