REDIRECTS: ON
STORAGE: NONE
RESTRICTION: == net461
NUGET
  remote: ../../../../dist
    Axle.Application (1.6.2462.22955)
      Axle.Configuration (>= 1.6.2462.21445)
      Axle.Resources (>= 1.6.2462.21445)
    Axle.Configuration (1.6.2462.22955)
      Axle.Core (>= 1.6.2462.22955)
      Microsoft.Extensions.Configuration.Binder (>= 3.0)
      Microsoft.Extensions.Configuration.FileExtensions (>= 3.0)
    Axle.Core (1.6.2462.22955)
    Axle.Data (1.6.2462.22955)
      Axle.Application (>= 1.6.2462.21445)
    Axle.Data.SqlClient (1.6.2462.22955)
      Axle.Data (>= 1.6.2462.22955)
    Axle.Resources (1.6.2462.22955)
      Axle.Core (>= 1.6.2462.22955)
  remote: https://api.nuget.org/v3/index.json
    Microsoft.Extensions.Configuration.Binder (3.0)
    Microsoft.Extensions.Configuration.FileExtensions (3.0)
    NUnit (3.12)
    NUnit3TestAdapter (3.15.1)
    System.Configuration.ConfigurationManager (4.6)
      System.Security.Permissions (>= 4.6)
    System.Security.AccessControl (4.6)
      System.Security.Principal.Windows (>= 4.6)
    System.Security.Permissions (4.6)
      System.Security.AccessControl (>= 4.6)
    System.Security.Principal.Windows (4.6)
