STORAGE: NONE
RESTRICTION: == net461
NUGET
  remote: https://api.nuget.org/v3/index.json
    Axle.Application (1.5.2396.27060)
      Axle.Configuration (>= 1.5.2396.13956)
      Axle.Resources (>= 1.5.2396.13956)
    Axle.Configuration (1.5.2396.13956)
      Axle.Core (>= 1.5.2396.13956)
      Microsoft.Extensions.Configuration.Binder (>= 2.2.4)
      Microsoft.Extensions.Configuration.FileExtensions (>= 2.2)
    Axle.Core (1.5.2396.13956)
    Axle.Resources (1.5.2396.13956)
      Axle.Core (>= 1.5.2396.13956)
    Microsoft.Extensions.Configuration.Binder (2.2.4)
    Microsoft.Extensions.Configuration.FileExtensions (2.2)
  remote: ../../../../dist
    Axle.Data (1.5.2398.23146)
      Axle.Application (>= 1.5.2396.27060)
    Axle.Data.SqlClient (1.5.2398.23461)
      Axle.Data (>= 1.5.2398.23146)

GROUP test
STORAGE: NONE
RESTRICTION: == net461
NUGET
  remote: https://api.nuget.org/v3/index.json
    NUnit (3.12)
    NUnit3TestAdapter (3.13)
    System.Configuration.ConfigurationManager (4.5)
      System.Security.Permissions (>= 4.5)
    System.Security.AccessControl (4.5)
      System.Security.Principal.Windows (>= 4.5)
    System.Security.Permissions (4.5)
      System.Security.AccessControl (>= 4.5)
    System.Security.Principal.Windows (4.5.1)
