STORAGE: NONE
RESTRICTION: == net45
NUGET
  remote: ../../../../dist
    Axle.Application (1.5.2387.20280)
      Axle.Resources (>= 1.5.2387.20280)
    Axle.Core (1.5.2387.20280)
    Axle.Data (1.5.2387.20280)
      Axle.Application (>= 1.5.2383.23057)
    Axle.Data.MySql (1.5.2387.20280)
      Axle.Data (>= 1.5.2383.23057)
      MySqlConnector (>= 0.56)
    Axle.Resources (1.5.2387.20280)
      Axle.Core (>= 1.5.2387.20280)
  remote: https://api.nuget.org/v3/index.json
    MySqlConnector (0.56)
      System.Buffers (>= 4.4)
      System.Memory (>= 4.5)
      System.Threading.Tasks.Extensions (>= 4.3)
    System.Buffers (4.5)
    System.Memory (4.5.3)
      System.Buffers (>= 4.4)
      System.Runtime.CompilerServices.Unsafe (>= 4.5.2)
    System.Runtime.CompilerServices.Unsafe (4.5.2)
    System.Threading.Tasks.Extensions (4.5.3)
      System.Runtime.CompilerServices.Unsafe (>= 4.5.2)

GROUP test
STORAGE: NONE
RESTRICTION: == net45
NUGET
  remote: https://api.nuget.org/v3/index.json
    NUnit (3.12)
    NUnit3TestAdapter (3.13)
