REDIRECTS: ON
STORAGE: NONE
RESTRICTION: == net461
NUGET
  remote: ../../../../dist
    Axle.Application (1.6.2462.18735)
      Axle.Configuration (>= 1.6.2462.18735)
      Axle.Resources (>= 1.6.2462.18735)
    Axle.Configuration (1.6.2462.18735)
      Axle.Core (>= 1.6.2462.18735)
      Microsoft.Extensions.Configuration.Binder (>= 3.0)
      Microsoft.Extensions.Configuration.FileExtensions (>= 3.0)
    Axle.Core (1.6.2462.18735)
    Axle.Data (1.6.2462.18735)
      Axle.Application (>= 1.6.2462.18735)
    Axle.Data.MySql (1.6.2462.18735)
      Axle.Data (>= 1.6.2462.18735)
      MySqlConnector (>= 0.59)
    Axle.Resources (1.6.2462.18735)
      Axle.Core (>= 1.6.2462.18735)
  remote: https://api.nuget.org/v3/index.json
    Microsoft.Extensions.Configuration.Binder (3.0)
    Microsoft.Extensions.Configuration.FileExtensions (3.0)
    MySqlConnector (0.59)
      System.Buffers (>= 4.4)
      System.Memory (>= 4.5)
      System.Threading.Tasks.Extensions (>= 4.3)
    NUnit (3.12)
    NUnit3TestAdapter (3.15.1)
    System.Buffers (4.5)
    System.Memory (4.5.3)
      System.Buffers (>= 4.4)
      System.Numerics.Vectors (>= 4.4)
      System.Runtime.CompilerServices.Unsafe (>= 4.5.2)
    System.Numerics.Vectors (4.5)
    System.Runtime.CompilerServices.Unsafe (4.6)
    System.Threading.Tasks.Extensions (4.5.3)
      System.Runtime.CompilerServices.Unsafe (>= 4.5.2)
