STORAGE: NONE
RESTRICTION: || (== net35) (== net40) (== net45)
NUGET
  remote: ../../../../dist
    Axle.Application (1.6.2462.18735)
      Axle.Configuration (>= 1.6.2462.18735)
      Axle.Resources (>= 1.6.2462.18735)
    Axle.Configuration (1.6.2462.18735)
      Axle.Core (>= 1.6.2462.18735)
    Axle.Core (1.6.2462.18735)
      System.Threading.Tasks.Unofficial (>= 3.1) - restriction: || (== net35) (&& (== net45) (< net40) (< netstandard1.0))
    Axle.Data (1.6.2462.18735)
      Axle.Application (>= 1.6.2462.18735)
    Axle.Resources (1.6.2462.18735)
      Axle.Core (>= 1.6.2462.18735)
  remote: https://api.nuget.org/v3/index.json
    System.Threading.Tasks.Unofficial (3.1) - restriction: || (== net35) (&& (== net45) (< net40) (< netstandard1.0))
