STORAGE: NONE
RESTRICTION: || (== net35) (== net40) (== net45)
NUGET
  remote: https://api.nuget.org/v3/index.json
    Axle.Application (1.5.2396.27060)
      Axle.Configuration (>= 1.5.2396.13956)
      Axle.Resources (>= 1.5.2396.13956)
    Axle.Configuration (1.5.2396.13956)
      Axle.Core (>= 1.5.2396.13956)
    Axle.Core (1.5.2396.13956)
      System.Threading.Tasks.Unofficial (>= 3.1) - restriction: || (== net35) (&& (== net45) (< net40) (< netstandard1.0))
    Axle.Resources (1.5.2396.13956)
      Axle.Core (>= 1.5.2396.13956)
    System.Threading.Tasks.Unofficial (3.1) - restriction: || (== net35) (&& (== net45) (< net40) (< netstandard1.0))
  remote: ../../../../dist
    Axle.Data (1.5.2398.23146)
      Axle.Application (>= 1.5.2396.27060)
