RESTRICTION: || (== net35) (== net40) (== net45) (== netstandard1.3) (== netstandard2.0)
NUGET
  remote: ../../../../dist
    Axle.Core (1.5.1.15)
      System.Threading.Tasks.Unofficial (>= 3.1) - restriction: || (== net35) (&& (== net45) (< net40) (< netstandard1.0)) (&& (== netstandard1.3) (>= net35) (< netstandard1.0)) (&& (== netstandard2.0) (>= net35) (< netstandard1.0))
    System.Threading.Tasks.Unofficial (3.1.1) - restriction: == net35
  remote: https://www.nuget.org/api/v2
    Microsoft.NETCore.Platforms (2.0.1) - restriction: || (&& (== net35) (== netstandard1.4)) (&& (== net35) (== netstandard1.5)) (&& (== net35) (== netstandard1.6)) (&& (== net40) (== netstandard1.4)) (&& (== net40) (== netstandard1.5)) (&& (== net40) (== netstandard1.6)) (&& (== net45) (== netstandard1.4)) (&& (== net45) (== netstandard1.5)) (&& (== net45) (== netstandard1.6)) (== netstandard1.3) (&& (== netstandard1.4) (== netstandard2.0)) (&& (== netstandard1.5) (== netstandard2.0)) (&& (== netstandard1.6) (== netstandard2.0))
    Microsoft.NETCore.Targets (2.0) - restriction: || (&& (== net35) (== netstandard1.4)) (&& (== net35) (== netstandard1.5)) (&& (== net35) (== netstandard1.6)) (&& (== net40) (== netstandard1.4)) (&& (== net40) (== netstandard1.5)) (&& (== net40) (== netstandard1.6)) (&& (== net45) (== netstandard1.4)) (&& (== net45) (== netstandard1.5)) (&& (== net45) (== netstandard1.6)) (== netstandard1.3) (&& (== netstandard1.4) (== netstandard2.0)) (&& (== netstandard1.5) (== netstandard2.0)) (&& (== netstandard1.6) (== netstandard2.0))
    System.Diagnostics.TraceSource (4.3) - restriction: || (&& (== net35) (== netstandard1.6)) (&& (== net40) (== netstandard1.6)) (&& (== net45) (== netstandard1.6)) (&& (== netstandard1.3) (== netstandard1.6)) (&& (== netstandard1.6) (== netstandard2.0))
    System.Globalization (4.3) - restriction: || (&& (== net35) (== netstandard1.4)) (&& (== net35) (== netstandard1.5)) (&& (== net35) (== netstandard1.6)) (&& (== net40) (== netstandard1.4)) (&& (== net40) (== netstandard1.5)) (&& (== net40) (== netstandard1.6)) (&& (== net45) (== netstandard1.4)) (&& (== net45) (== netstandard1.5)) (&& (== net45) (== netstandard1.6)) (== netstandard1.3) (&& (== netstandard1.4) (== netstandard2.0)) (&& (== netstandard1.5) (== netstandard2.0)) (&& (== netstandard1.6) (== netstandard2.0))
      Microsoft.NETCore.Platforms (>= 1.1) - restriction: || (== net35) (== net40) (&& (== net45) (< portable-net45+win8+wp8+wpa81)) (== netstandard1.3) (== netstandard2.0)
      Microsoft.NETCore.Targets (>= 1.1) - restriction: || (== net35) (== net40) (&& (== net45) (< portable-net45+win8+wp8+wpa81)) (== netstandard1.3) (== netstandard2.0)
      System.Runtime (>= 4.3) - restriction: || (== net35) (== net40) (&& (== net45) (< portable-net45+win8+wp8+wpa81)) (== netstandard1.3) (== netstandard2.0)
    System.IO (4.3) - restriction: || (&& (== net35) (== netstandard1.4)) (&& (== net35) (== netstandard1.5)) (&& (== net35) (== netstandard1.6)) (&& (== net40) (== netstandard1.4)) (&& (== net40) (== netstandard1.5)) (&& (== net40) (== netstandard1.6)) (&& (== net45) (== netstandard1.4)) (&& (== net45) (== netstandard1.5)) (&& (== net45) (== netstandard1.6)) (== netstandard1.3) (&& (== netstandard1.4) (== netstandard2.0)) (&& (== netstandard1.5) (== netstandard2.0)) (&& (== netstandard1.6) (== netstandard2.0))
      Microsoft.NETCore.Platforms (>= 1.1) - restriction: || (== net35) (== net40) (&& (== net45) (< portable-net45+win8+wp8+wpa81)) (== netstandard1.3) (== netstandard2.0)
      Microsoft.NETCore.Targets (>= 1.1) - restriction: || (== net35) (== net40) (&& (== net45) (< portable-net45+win8+wp8+wpa81)) (== netstandard1.3) (== netstandard2.0)
      System.Runtime (>= 4.3) - restriction: || (== net35) (== net40) (&& (== net45) (< portable-net45+win8+wp8+wpa81)) (== netstandard1.3) (== netstandard2.0)
      System.Text.Encoding (>= 4.3) - restriction: || (== net35) (== net40) (&& (== net45) (< portable-net45+win8+wp8+wpa81)) (== netstandard1.3) (== netstandard2.0)
      System.Threading.Tasks (>= 4.3) - restriction: || (== net35) (== net40) (&& (== net45) (< portable-net45+win8+wp8+wpa81)) (== netstandard1.3) (== netstandard2.0)
    System.Reflection (4.3) - restriction: || (&& (== net35) (== netstandard1.4)) (&& (== net35) (== netstandard1.5)) (&& (== net35) (== netstandard1.6)) (&& (== net40) (== netstandard1.4)) (&& (== net40) (== netstandard1.5)) (&& (== net40) (== netstandard1.6)) (&& (== net45) (== netstandard1.4)) (&& (== net45) (== netstandard1.5)) (&& (== net45) (== netstandard1.6)) (== netstandard1.3) (&& (== netstandard1.4) (== netstandard2.0)) (&& (== netstandard1.5) (== netstandard2.0)) (&& (== netstandard1.6) (== netstandard2.0))
      Microsoft.NETCore.Platforms (>= 1.1) - restriction: || (== net35) (== net40) (&& (== net45) (< portable-net45+win8+wp8+wpa81)) (== netstandard1.3) (== netstandard2.0)
      Microsoft.NETCore.Targets (>= 1.1) - restriction: || (== net35) (== net40) (&& (== net45) (< portable-net45+win8+wp8+wpa81)) (== netstandard1.3) (== netstandard2.0)
      System.IO (>= 4.3) - restriction: || (== net35) (== net40) (&& (== net45) (< portable-net45+win8+wp8+wpa81)) (== netstandard1.3) (== netstandard2.0)
      System.Reflection.Primitives (>= 4.3) - restriction: || (== net35) (== net40) (&& (== net45) (< portable-net45+win8+wp8+wpa81)) (== netstandard1.3) (== netstandard2.0)
      System.Runtime (>= 4.3) - restriction: || (== net35) (== net40) (&& (== net45) (< portable-net45+win8+wp8+wpa81)) (== netstandard1.3) (== netstandard2.0)
    System.Reflection.Primitives (4.3) - restriction: || (&& (== net35) (== netstandard1.4)) (&& (== net35) (== netstandard1.5)) (&& (== net35) (== netstandard1.6)) (&& (== net40) (== netstandard1.4)) (&& (== net40) (== netstandard1.5)) (&& (== net40) (== netstandard1.6)) (&& (== net45) (== netstandard1.4)) (&& (== net45) (== netstandard1.5)) (&& (== net45) (== netstandard1.6)) (== netstandard1.3) (&& (== netstandard1.4) (== netstandard2.0)) (&& (== netstandard1.5) (== netstandard2.0)) (&& (== netstandard1.6) (== netstandard2.0))
      Microsoft.NETCore.Platforms (>= 1.1) - restriction: || (== net35) (== net40) (&& (== net45) (< portable-net45+win8+wp8+wpa81)) (== netstandard1.3) (== netstandard2.0)
      Microsoft.NETCore.Targets (>= 1.1) - restriction: || (== net35) (== net40) (&& (== net45) (< portable-net45+win8+wp8+wpa81)) (== netstandard1.3) (== netstandard2.0)
      System.Runtime (>= 4.3) - restriction: || (== net35) (== net40) (&& (== net45) (< portable-net45+win8+wp8+wpa81)) (== netstandard1.3) (== netstandard2.0)
    System.Resources.ResourceManager (4.3) - restriction: || (&& (== net35) (== netstandard1.4)) (&& (== net35) (== netstandard1.5)) (&& (== net35) (== netstandard1.6)) (&& (== net40) (== netstandard1.4)) (&& (== net40) (== netstandard1.5)) (&& (== net40) (== netstandard1.6)) (&& (== net45) (== netstandard1.4)) (&& (== net45) (== netstandard1.5)) (&& (== net45) (== netstandard1.6)) (== netstandard1.3) (&& (== netstandard1.4) (== netstandard2.0)) (&& (== netstandard1.5) (== netstandard2.0)) (&& (== netstandard1.6) (== netstandard2.0))
      Microsoft.NETCore.Platforms (>= 1.1) - restriction: || (== net35) (== net40) (&& (== net45) (< portable-net45+win8+wp8+wpa81)) (== netstandard1.3) (== netstandard2.0)
      Microsoft.NETCore.Targets (>= 1.1) - restriction: || (== net35) (== net40) (&& (== net45) (< portable-net45+win8+wp8+wpa81)) (== netstandard1.3) (== netstandard2.0)
      System.Globalization (>= 4.3) - restriction: || (== net35) (== net40) (&& (== net45) (< portable-net45+win8+wp8+wpa81)) (== netstandard1.3) (== netstandard2.0)
      System.Reflection (>= 4.3) - restriction: || (== net35) (== net40) (&& (== net45) (< portable-net45+win8+wp8+wpa81)) (== netstandard1.3) (== netstandard2.0)
      System.Runtime (>= 4.3) - restriction: || (== net35) (== net40) (&& (== net45) (< portable-net45+win8+wp8+wpa81)) (== netstandard1.3) (== netstandard2.0)
    System.Runtime (4.3) - restriction: || (&& (== net35) (== netstandard1.4)) (&& (== net35) (== netstandard1.5)) (&& (== net35) (== netstandard1.6)) (&& (== net40) (== netstandard1.4)) (&& (== net40) (== netstandard1.5)) (&& (== net40) (== netstandard1.6)) (&& (== net45) (== netstandard1.4)) (&& (== net45) (== netstandard1.5)) (&& (== net45) (== netstandard1.6)) (== netstandard1.3) (&& (== netstandard1.4) (== netstandard2.0)) (&& (== netstandard1.5) (== netstandard2.0)) (&& (== netstandard1.6) (== netstandard2.0))
      Microsoft.NETCore.Platforms (>= 1.1) - restriction: || (== net35) (== net40) (&& (== net45) (< portable-net45+win8+wp8+wpa81)) (== netstandard1.3) (== netstandard2.0)
      Microsoft.NETCore.Targets (>= 1.1) - restriction: || (== net35) (== net40) (&& (== net45) (< portable-net45+win8+wp8+wpa81)) (== netstandard1.3) (== netstandard2.0)
    System.Text.Encoding (4.3) - restriction: || (&& (== net35) (== netstandard1.4)) (&& (== net35) (== netstandard1.5)) (&& (== net35) (== netstandard1.6)) (&& (== net40) (== netstandard1.4)) (&& (== net40) (== netstandard1.5)) (&& (== net40) (== netstandard1.6)) (&& (== net45) (== netstandard1.4)) (&& (== net45) (== netstandard1.5)) (&& (== net45) (== netstandard1.6)) (== netstandard1.3) (&& (== netstandard1.4) (== netstandard2.0)) (&& (== netstandard1.5) (== netstandard2.0)) (&& (== netstandard1.6) (== netstandard2.0))
      Microsoft.NETCore.Platforms (>= 1.1) - restriction: || (== net35) (== net40) (&& (== net45) (< portable-net45+win8+wp8+wpa81)) (== netstandard1.3) (== netstandard2.0)
      Microsoft.NETCore.Targets (>= 1.1) - restriction: || (== net35) (== net40) (&& (== net45) (< portable-net45+win8+wp8+wpa81)) (== netstandard1.3) (== netstandard2.0)
      System.Runtime (>= 4.3) - restriction: || (== net35) (== net40) (&& (== net45) (< portable-net45+win8+wp8+wpa81)) (== netstandard1.3) (== netstandard2.0)
    System.Threading.Tasks (4.3) - restriction: || (&& (== net35) (== netstandard1.4)) (&& (== net35) (== netstandard1.5)) (&& (== net35) (== netstandard1.6)) (&& (== net40) (== netstandard1.4)) (&& (== net40) (== netstandard1.5)) (&& (== net40) (== netstandard1.6)) (&& (== net45) (== netstandard1.4)) (&& (== net45) (== netstandard1.5)) (&& (== net45) (== netstandard1.6)) (== netstandard1.3) (&& (== netstandard1.4) (== netstandard2.0)) (&& (== netstandard1.5) (== netstandard2.0)) (&& (== netstandard1.6) (== netstandard2.0))
      Microsoft.NETCore.Platforms (>= 1.1) - restriction: || (== net35) (== net40) (&& (== net45) (< portable-net45+win8+wp8+wpa81)) (== netstandard1.3) (== netstandard2.0)
      Microsoft.NETCore.Targets (>= 1.1) - restriction: || (== net35) (== net40) (&& (== net45) (< portable-net45+win8+wp8+wpa81)) (== netstandard1.3) (== netstandard2.0)
      System.Runtime (>= 4.3) - restriction: || (== net35) (== net40) (&& (== net45) (< portable-net45+win8+wp8+wpa81)) (== netstandard1.3) (== netstandard2.0)
    System.Threading.Thread (4.3) - restriction: || (&& (== net35) (== netstandard1.6)) (&& (== net40) (== netstandard1.6)) (&& (== net45) (== netstandard1.6)) (&& (== netstandard1.3) (== netstandard1.6)) (&& (== netstandard1.6) (== netstandard2.0))
    System.Xml.XmlSerializer (4.3) - restriction: || (&& (== net35) (== netstandard1.6)) (&& (== net40) (== netstandard1.6)) (&& (== net45) (== netstandard1.6)) (&& (== netstandard1.3) (== netstandard1.6)) (&& (== netstandard1.6) (== netstandard2.0))

GROUP build
NUGET
  remote: ../../../../submodules/mason/dist
    Mason.Targets.Packager (0.1.1.26)
    Mason.Targets.Preprocessor (0.1.1.13)
    Mason.Targets.Verman (0.1.1.13)
