STORAGE: NONE
RESTRICTION: || (== net35) (== net40) (== net45) (== net46) (== netstandard1.2) (== netstandard2.0)
NUGET
  remote: ../../../../dist
    Axle.Core (1.5.2345.19207)
      NETStandard.Library (>= 1.6.1) - restriction: || (&& (== net35) (< net20) (>= netstandard1.0)) (&& (== net35) (< net20) (>= netstandard1.3)) (&& (== net35) (< net20) (>= netstandard1.5)) (&& (== net35) (< net20) (>= netstandard1.6)) (&& (== net40) (< net20) (>= netstandard1.0)) (&& (== net40) (< net20) (>= netstandard1.3)) (&& (== net40) (< net20) (>= netstandard1.5)) (&& (== net40) (< net20) (>= netstandard1.6)) (&& (== net45) (< net20)) (&& (== net46) (< net20)) (== netstandard1.2) (&& (== netstandard2.0) (< netstandard1.3)) (&& (== netstandard2.0) (< netstandard1.5)) (&& (== netstandard2.0) (< netstandard1.6))
      System.Threading.Tasks.Unofficial (>= 3.1) - restriction: || (== net35) (&& (== net45) (< net40) (< netstandard1.0)) (&& (== net46) (< net40) (< netstandard1.0)) (&& (== netstandard1.2) (>= net35) (< netstandard1.0)) (&& (== netstandard2.0) (>= net35) (< netstandard1.0))
  remote: https://api.nuget.org/v3/index.json
    Microsoft.NETCore.Platforms (2.2.1) - restriction: || (&& (== net35) (== netstandard2.0)) (&& (== net35) (< net20) (>= netstandard1.0)) (&& (== net35) (< net20) (>= netstandard1.1)) (&& (== net35) (< net20) (>= netstandard1.2)) (&& (== net35) (< net20) (>= netstandard1.3)) (&& (== net35) (< net20) (>= netstandard1.4)) (&& (== net35) (< net20) (>= netstandard1.5)) (&& (== net35) (< net20) (>= netstandard1.6)) (&& (== net35) (>= uap10.0)) (&& (== net40) (== netstandard2.0)) (&& (== net40) (< net20) (>= netstandard1.0)) (&& (== net40) (< net20) (>= netstandard1.1)) (&& (== net40) (< net20) (>= netstandard1.2)) (&& (== net40) (< net20) (>= netstandard1.3)) (&& (== net40) (< net20) (>= netstandard1.4)) (&& (== net40) (< net20) (>= netstandard1.5)) (&& (== net40) (< net20) (>= netstandard1.6)) (&& (== net40) (>= uap10.0)) (&& (== net45) (== netstandard2.0)) (&& (== net45) (< net20)) (&& (== net45) (>= uap10.0)) (&& (== net46) (== netstandard2.0)) (&& (== net46) (< net20)) (&& (== net46) (>= uap10.0)) (== netstandard1.2) (&& (== netstandard2.0) (< netstandard1.1)) (&& (== netstandard2.0) (< netstandard1.2)) (&& (== netstandard2.0) (< netstandard1.3)) (&& (== netstandard2.0) (< netstandard1.4)) (&& (== netstandard2.0) (< netstandard1.5)) (&& (== netstandard2.0) (< netstandard1.6)) (&& (== netstandard2.0) (< portable-net45+win8+wpa81))
    Microsoft.NETCore.Targets (2.1) - restriction: || (&& (== net35) (== netstandard2.0)) (&& (== net35) (< net20) (>= netstandard1.0)) (&& (== net35) (< net20) (>= netstandard1.1)) (&& (== net35) (< net20) (>= netstandard1.2)) (&& (== net35) (< net20) (>= netstandard1.3)) (&& (== net35) (< net20) (>= netstandard1.4)) (&& (== net35) (< net20) (>= netstandard1.5)) (&& (== net35) (< net20) (>= netstandard1.6)) (&& (== net35) (>= uap10.0)) (&& (== net40) (== netstandard2.0)) (&& (== net40) (< net20) (>= netstandard1.0)) (&& (== net40) (< net20) (>= netstandard1.1)) (&& (== net40) (< net20) (>= netstandard1.2)) (&& (== net40) (< net20) (>= netstandard1.3)) (&& (== net40) (< net20) (>= netstandard1.4)) (&& (== net40) (< net20) (>= netstandard1.5)) (&& (== net40) (< net20) (>= netstandard1.6)) (&& (== net40) (>= uap10.0)) (&& (== net45) (== netstandard2.0)) (&& (== net45) (< net20)) (&& (== net45) (>= uap10.0)) (&& (== net46) (== netstandard2.0)) (&& (== net46) (< net20)) (&& (== net46) (>= uap10.0)) (== netstandard1.2) (&& (== netstandard2.0) (< netstandard1.1)) (&& (== netstandard2.0) (< netstandard1.2)) (&& (== netstandard2.0) (< netstandard1.3)) (&& (== netstandard2.0) (< netstandard1.4)) (&& (== netstandard2.0) (< netstandard1.5)) (&& (== netstandard2.0) (< netstandard1.6)) (&& (== netstandard2.0) (< portable-net45+win8+wpa81))
    NETStandard.Library (2.0.3) - restriction: || (&& (== net35) (== netstandard2.0)) (&& (== net35) (< net20) (>= netstandard1.0)) (&& (== net35) (< net20) (>= netstandard1.3)) (&& (== net35) (< net20) (>= netstandard1.5)) (&& (== net35) (< net20) (>= netstandard1.6)) (&& (== net40) (== netstandard2.0)) (&& (== net40) (< net20) (>= netstandard1.0)) (&& (== net40) (< net20) (>= netstandard1.3)) (&& (== net40) (< net20) (>= netstandard1.5)) (&& (== net40) (< net20) (>= netstandard1.6)) (&& (== net45) (== netstandard2.0)) (&& (== net45) (< net20)) (&& (== net46) (== netstandard2.0)) (&& (== net46) (< net20)) (== netstandard1.2) (&& (== netstandard2.0) (< netstandard1.3)) (&& (== netstandard2.0) (< netstandard1.5)) (&& (== netstandard2.0) (< netstandard1.6))
      Microsoft.NETCore.Platforms (>= 1.1) - restriction: || (&& (== net35) (>= net45)) (&& (== net35) (>= net46)) (&& (== net35) (>= net461)) (&& (== net35) (>= netcoreapp2.0)) (&& (== net35) (>= netstandard1.0)) (&& (== net35) (>= netstandard1.1)) (&& (== net35) (>= netstandard1.2)) (&& (== net35) (>= netstandard1.3)) (&& (== net35) (>= netstandard1.4)) (&& (== net35) (>= netstandard1.5)) (&& (== net35) (>= netstandard1.6)) (&& (== net35) (>= netstandard2.0)) (&& (== net35) (>= portable-net45+win8)) (&& (== net35) (>= portable-net45+win8+wp8+wpa81)) (&& (== net35) (>= portable-net45+win8+wpa81)) (&& (== net35) (>= uap10.0)) (&& (== net35) (>= win8)) (&& (== net35) (>= wp8)) (&& (== net35) (>= wpa81)) (&& (== net40) (>= net45)) (&& (== net40) (>= net46)) (&& (== net40) (>= net461)) (&& (== net40) (>= netcoreapp2.0)) (&& (== net40) (>= netstandard1.0)) (&& (== net40) (>= netstandard1.1)) (&& (== net40) (>= netstandard1.2)) (&& (== net40) (>= netstandard1.3)) (&& (== net40) (>= netstandard1.4)) (&& (== net40) (>= netstandard1.5)) (&& (== net40) (>= netstandard1.6)) (&& (== net40) (>= netstandard2.0)) (&& (== net40) (>= portable-net45+win8)) (&& (== net40) (>= portable-net45+win8+wp8+wpa81)) (&& (== net40) (>= portable-net45+win8+wpa81)) (&& (== net40) (>= uap10.0)) (&& (== net40) (>= win8)) (&& (== net40) (>= wp8)) (&& (== net40) (>= wpa81)) (== net45) (== net46) (== netstandard1.2) (== netstandard2.0)
      System.Collections (>= 4.3) - restriction: || (&& (== net35) (>= netstandard1.0)) (&& (== net35) (>= netstandard1.1)) (&& (== net35) (>= netstandard1.2)) (&& (== net35) (>= netstandard1.3)) (&& (== net35) (>= netstandard1.4)) (&& (== net35) (>= netstandard1.5)) (&& (== net35) (>= netstandard1.6)) (&& (== net35) (>= uap10.0)) (&& (== net40) (>= netstandard1.0)) (&& (== net40) (>= netstandard1.1)) (&& (== net40) (>= netstandard1.2)) (&& (== net40) (>= netstandard1.3)) (&& (== net40) (>= netstandard1.4)) (&& (== net40) (>= netstandard1.5)) (&& (== net40) (>= netstandard1.6)) (&& (== net40) (>= uap10.0)) (&& (== net45) (< portable-net45+win8+wpa81)) (&& (== net45) (>= uap10.0)) (&& (== net46) (< net45)) (&& (== net46) (< portable-net45+win8+wpa81)) (&& (== net46) (>= uap10.0)) (== netstandard1.2) (&& (== netstandard2.0) (< netstandard1.2)) (&& (== netstandard2.0) (< netstandard1.3)) (&& (== netstandard2.0) (< netstandard1.4)) (&& (== netstandard2.0) (< netstandard1.5)) (&& (== netstandard2.0) (< netstandard1.6)) (&& (== netstandard2.0) (< portable-net45+win8+wpa81)) (&& (== netstandard2.0) (>= uap10.0))
      System.Collections.Concurrent (>= 4.3) - restriction: || (&& (== net35) (>= netstandard1.1)) (&& (== net35) (>= netstandard1.2)) (&& (== net35) (>= netstandard1.3)) (&& (== net35) (>= netstandard1.4)) (&& (== net35) (>= netstandard1.5)) (&& (== net35) (>= netstandard1.6)) (&& (== net35) (>= uap10.0)) (&& (== net40) (>= netstandard1.1)) (&& (== net40) (>= netstandard1.2)) (&& (== net40) (>= netstandard1.3)) (&& (== net40) (>= netstandard1.4)) (&& (== net40) (>= netstandard1.5)) (&& (== net40) (>= netstandard1.6)) (&& (== net40) (>= uap10.0)) (&& (== net45) (>= uap10.0)) (&& (== net46) (< net45)) (&& (== net46) (>= uap10.0)) (== netstandard1.2) (&& (== netstandard2.0) (< netstandard1.2)) (&& (== netstandard2.0) (< netstandard1.3)) (&& (== netstandard2.0) (< netstandard1.4)) (&& (== netstandard2.0) (< netstandard1.5)) (&& (== netstandard2.0) (< netstandard1.6)) (&& (== netstandard2.0) (>= uap10.0))
      System.Diagnostics.Debug (>= 4.3) - restriction: || (&& (== net35) (>= netstandard1.0)) (&& (== net35) (>= netstandard1.1)) (&& (== net35) (>= netstandard1.2)) (&& (== net35) (>= netstandard1.3)) (&& (== net35) (>= netstandard1.4)) (&& (== net35) (>= netstandard1.5)) (&& (== net35) (>= netstandard1.6)) (&& (== net35) (>= uap10.0)) (&& (== net40) (>= netstandard1.0)) (&& (== net40) (>= netstandard1.1)) (&& (== net40) (>= netstandard1.2)) (&& (== net40) (>= netstandard1.3)) (&& (== net40) (>= netstandard1.4)) (&& (== net40) (>= netstandard1.5)) (&& (== net40) (>= netstandard1.6)) (&& (== net40) (>= uap10.0)) (&& (== net45) (< portable-net45+win8+wpa81)) (&& (== net45) (>= uap10.0)) (&& (== net46) (< net45)) (&& (== net46) (< portable-net45+win8+wpa81)) (&& (== net46) (>= uap10.0)) (== netstandard1.2) (&& (== netstandard2.0) (< netstandard1.2)) (&& (== netstandard2.0) (< netstandard1.3)) (&& (== netstandard2.0) (< netstandard1.4)) (&& (== netstandard2.0) (< netstandard1.5)) (&& (== netstandard2.0) (< netstandard1.6)) (&& (== netstandard2.0) (< portable-net45+win8+wpa81)) (&& (== netstandard2.0) (>= uap10.0))
      System.Diagnostics.Tools (>= 4.3) - restriction: || (&& (== net35) (>= netstandard1.0)) (&& (== net35) (>= netstandard1.1)) (&& (== net35) (>= netstandard1.2)) (&& (== net35) (>= netstandard1.3)) (&& (== net35) (>= netstandard1.4)) (&& (== net35) (>= netstandard1.5)) (&& (== net35) (>= netstandard1.6)) (&& (== net35) (>= uap10.0)) (&& (== net40) (>= netstandard1.0)) (&& (== net40) (>= netstandard1.1)) (&& (== net40) (>= netstandard1.2)) (&& (== net40) (>= netstandard1.3)) (&& (== net40) (>= netstandard1.4)) (&& (== net40) (>= netstandard1.5)) (&& (== net40) (>= netstandard1.6)) (&& (== net40) (>= uap10.0)) (&& (== net45) (< portable-net45+win8+wpa81)) (&& (== net45) (>= uap10.0)) (&& (== net46) (< net45)) (&& (== net46) (< portable-net45+win8+wpa81)) (&& (== net46) (>= uap10.0)) (== netstandard1.2) (&& (== netstandard2.0) (< netstandard1.2)) (&& (== netstandard2.0) (< netstandard1.3)) (&& (== netstandard2.0) (< netstandard1.4)) (&& (== netstandard2.0) (< netstandard1.5)) (&& (== netstandard2.0) (< netstandard1.6)) (&& (== netstandard2.0) (< portable-net45+win8+wpa81)) (&& (== netstandard2.0) (>= uap10.0))
      System.Diagnostics.Tracing (>= 4.3) - restriction: || (&& (== net35) (>= netstandard1.1)) (&& (== net35) (>= netstandard1.2)) (&& (== net35) (>= netstandard1.3)) (&& (== net35) (>= netstandard1.4)) (&& (== net35) (>= netstandard1.5)) (&& (== net35) (>= netstandard1.6)) (&& (== net35) (>= uap10.0)) (&& (== net40) (>= netstandard1.1)) (&& (== net40) (>= netstandard1.2)) (&& (== net40) (>= netstandard1.3)) (&& (== net40) (>= netstandard1.4)) (&& (== net40) (>= netstandard1.5)) (&& (== net40) (>= netstandard1.6)) (&& (== net40) (>= uap10.0)) (&& (== net45) (>= uap10.0)) (&& (== net46) (< net45)) (&& (== net46) (>= uap10.0)) (== netstandard1.2) (&& (== netstandard2.0) (< netstandard1.2)) (&& (== netstandard2.0) (< netstandard1.3)) (&& (== netstandard2.0) (< netstandard1.4)) (&& (== netstandard2.0) (< netstandard1.5)) (&& (== netstandard2.0) (< netstandard1.6)) (&& (== netstandard2.0) (>= uap10.0))
      System.Globalization (>= 4.3) - restriction: || (&& (== net35) (>= netstandard1.0)) (&& (== net35) (>= netstandard1.1)) (&& (== net35) (>= netstandard1.2)) (&& (== net35) (>= netstandard1.3)) (&& (== net35) (>= netstandard1.4)) (&& (== net35) (>= netstandard1.5)) (&& (== net35) (>= netstandard1.6)) (&& (== net35) (>= uap10.0)) (&& (== net40) (>= netstandard1.0)) (&& (== net40) (>= netstandard1.1)) (&& (== net40) (>= netstandard1.2)) (&& (== net40) (>= netstandard1.3)) (&& (== net40) (>= netstandard1.4)) (&& (== net40) (>= netstandard1.5)) (&& (== net40) (>= netstandard1.6)) (&& (== net40) (>= uap10.0)) (&& (== net45) (< portable-net45+win8+wpa81)) (&& (== net45) (>= uap10.0)) (&& (== net46) (< net45)) (&& (== net46) (< portable-net45+win8+wpa81)) (&& (== net46) (>= uap10.0)) (== netstandard1.2) (&& (== netstandard2.0) (< netstandard1.2)) (&& (== netstandard2.0) (< netstandard1.3)) (&& (== netstandard2.0) (< netstandard1.4)) (&& (== netstandard2.0) (< netstandard1.5)) (&& (== netstandard2.0) (< netstandard1.6)) (&& (== netstandard2.0) (< portable-net45+win8+wpa81)) (&& (== netstandard2.0) (>= uap10.0))
      System.IO (>= 4.3) - restriction: || (&& (== net35) (>= netstandard1.0)) (&& (== net35) (>= netstandard1.1)) (&& (== net35) (>= netstandard1.2)) (&& (== net35) (>= netstandard1.3)) (&& (== net35) (>= netstandard1.4)) (&& (== net35) (>= netstandard1.5)) (&& (== net35) (>= netstandard1.6)) (&& (== net35) (>= uap10.0)) (&& (== net40) (>= netstandard1.0)) (&& (== net40) (>= netstandard1.1)) (&& (== net40) (>= netstandard1.2)) (&& (== net40) (>= netstandard1.3)) (&& (== net40) (>= netstandard1.4)) (&& (== net40) (>= netstandard1.5)) (&& (== net40) (>= netstandard1.6)) (&& (== net40) (>= uap10.0)) (&& (== net45) (< portable-net45+win8+wpa81)) (&& (== net45) (>= uap10.0)) (&& (== net46) (< net45)) (&& (== net46) (< portable-net45+win8+wpa81)) (&& (== net46) (>= uap10.0)) (== netstandard1.2) (&& (== netstandard2.0) (< netstandard1.2)) (&& (== netstandard2.0) (< netstandard1.3)) (&& (== netstandard2.0) (< netstandard1.4)) (&& (== netstandard2.0) (< netstandard1.5)) (&& (== netstandard2.0) (< netstandard1.6)) (&& (== netstandard2.0) (< portable-net45+win8+wpa81)) (&& (== netstandard2.0) (>= uap10.0))
      System.IO.Compression (>= 4.3) - restriction: || (&& (== net35) (>= net46)) (&& (== net35) (>= netstandard1.1)) (&& (== net35) (>= netstandard1.2)) (&& (== net35) (>= netstandard1.3)) (&& (== net35) (>= netstandard1.4)) (&& (== net35) (>= netstandard1.5)) (&& (== net35) (>= netstandard1.6)) (&& (== net35) (>= uap10.0)) (&& (== net40) (>= net46)) (&& (== net40) (>= netstandard1.1)) (&& (== net40) (>= netstandard1.2)) (&& (== net40) (>= netstandard1.3)) (&& (== net40) (>= netstandard1.4)) (&& (== net40) (>= netstandard1.5)) (&& (== net40) (>= netstandard1.6)) (&& (== net40) (>= uap10.0)) (&& (== net45) (>= net46)) (&& (== net45) (>= uap10.0)) (== net46) (== netstandard1.2) (&& (== netstandard2.0) (< netstandard1.2)) (&& (== netstandard2.0) (< netstandard1.3)) (&& (== netstandard2.0) (< netstandard1.4)) (&& (== netstandard2.0) (< netstandard1.5)) (&& (== netstandard2.0) (< netstandard1.6)) (&& (== netstandard2.0) (>= uap10.0))
      System.Linq (>= 4.3) - restriction: || (&& (== net35) (>= netstandard1.0)) (&& (== net35) (>= netstandard1.1)) (&& (== net35) (>= netstandard1.2)) (&& (== net35) (>= netstandard1.3)) (&& (== net35) (>= netstandard1.4)) (&& (== net35) (>= netstandard1.5)) (&& (== net35) (>= netstandard1.6)) (&& (== net35) (>= uap10.0)) (&& (== net40) (>= netstandard1.0)) (&& (== net40) (>= netstandard1.1)) (&& (== net40) (>= netstandard1.2)) (&& (== net40) (>= netstandard1.3)) (&& (== net40) (>= netstandard1.4)) (&& (== net40) (>= netstandard1.5)) (&& (== net40) (>= netstandard1.6)) (&& (== net40) (>= uap10.0)) (&& (== net45) (< portable-net45+win8+wpa81)) (&& (== net45) (>= uap10.0)) (&& (== net46) (< net45)) (&& (== net46) (< portable-net45+win8+wpa81)) (&& (== net46) (>= uap10.0)) (== netstandard1.2) (&& (== netstandard2.0) (< netstandard1.2)) (&& (== netstandard2.0) (< netstandard1.3)) (&& (== netstandard2.0) (< netstandard1.4)) (&& (== netstandard2.0) (< netstandard1.5)) (&& (== netstandard2.0) (< netstandard1.6)) (&& (== netstandard2.0) (< portable-net45+win8+wpa81)) (&& (== netstandard2.0) (>= uap10.0))
      System.Linq.Expressions (>= 4.3) - restriction: || (&& (== net35) (>= netstandard1.0)) (&& (== net35) (>= netstandard1.1)) (&& (== net35) (>= netstandard1.2)) (&& (== net35) (>= netstandard1.3)) (&& (== net35) (>= netstandard1.4)) (&& (== net35) (>= netstandard1.5)) (&& (== net35) (>= netstandard1.6)) (&& (== net35) (>= uap10.0)) (&& (== net40) (>= netstandard1.0)) (&& (== net40) (>= netstandard1.1)) (&& (== net40) (>= netstandard1.2)) (&& (== net40) (>= netstandard1.3)) (&& (== net40) (>= netstandard1.4)) (&& (== net40) (>= netstandard1.5)) (&& (== net40) (>= netstandard1.6)) (&& (== net40) (>= uap10.0)) (&& (== net45) (< portable-net45+win8+wpa81)) (&& (== net45) (>= uap10.0)) (&& (== net46) (< net45)) (&& (== net46) (< portable-net45+win8+wpa81)) (&& (== net46) (>= uap10.0)) (== netstandard1.2) (&& (== netstandard2.0) (< netstandard1.2)) (&& (== netstandard2.0) (< netstandard1.3)) (&& (== netstandard2.0) (< netstandard1.4)) (&& (== netstandard2.0) (< netstandard1.5)) (&& (== netstandard2.0) (< netstandard1.6)) (&& (== netstandard2.0) (< portable-net45+win8+wpa81)) (&& (== netstandard2.0) (>= uap10.0))
      System.Net.Http (>= 4.3.2) - restriction: || (&& (== net35) (>= net46)) (&& (== net35) (>= netstandard1.1)) (&& (== net35) (>= netstandard1.2)) (&& (== net35) (>= netstandard1.3)) (&& (== net35) (>= netstandard1.4)) (&& (== net35) (>= netstandard1.5)) (&& (== net35) (>= netstandard1.6)) (&& (== net35) (>= uap10.0)) (&& (== net40) (>= net46)) (&& (== net40) (>= netstandard1.1)) (&& (== net40) (>= netstandard1.2)) (&& (== net40) (>= netstandard1.3)) (&& (== net40) (>= netstandard1.4)) (&& (== net40) (>= netstandard1.5)) (&& (== net40) (>= netstandard1.6)) (&& (== net40) (>= uap10.0)) (&& (== net45) (>= net46)) (&& (== net45) (>= uap10.0)) (== net46) (== netstandard1.2) (&& (== netstandard2.0) (< netstandard1.2)) (&& (== netstandard2.0) (< netstandard1.3)) (&& (== netstandard2.0) (< netstandard1.4)) (&& (== netstandard2.0) (< netstandard1.5)) (&& (== netstandard2.0) (< netstandard1.6)) (&& (== netstandard2.0) (>= uap10.0))
      System.Net.Primitives (>= 4.3) - restriction: || (&& (== net35) (>= netstandard1.0)) (&& (== net35) (>= netstandard1.1)) (&& (== net35) (>= netstandard1.2)) (&& (== net35) (>= netstandard1.3)) (&& (== net35) (>= netstandard1.4)) (&& (== net35) (>= netstandard1.5)) (&& (== net35) (>= netstandard1.6)) (&& (== net35) (>= uap10.0)) (&& (== net40) (>= netstandard1.0)) (&& (== net40) (>= netstandard1.1)) (&& (== net40) (>= netstandard1.2)) (&& (== net40) (>= netstandard1.3)) (&& (== net40) (>= netstandard1.4)) (&& (== net40) (>= netstandard1.5)) (&& (== net40) (>= netstandard1.6)) (&& (== net40) (>= uap10.0)) (&& (== net45) (< portable-net45+win8+wpa81)) (&& (== net45) (>= uap10.0)) (&& (== net46) (< net45)) (&& (== net46) (< portable-net45+win8+wpa81)) (&& (== net46) (>= uap10.0)) (== netstandard1.2) (&& (== netstandard2.0) (< netstandard1.2)) (&& (== netstandard2.0) (< netstandard1.3)) (&& (== netstandard2.0) (< netstandard1.4)) (&& (== netstandard2.0) (< netstandard1.5)) (&& (== netstandard2.0) (< netstandard1.6)) (&& (== netstandard2.0) (< portable-net45+win8+wpa81)) (&& (== netstandard2.0) (>= uap10.0))
      System.ObjectModel (>= 4.3) - restriction: || (&& (== net35) (>= netstandard1.0)) (&& (== net35) (>= netstandard1.1)) (&& (== net35) (>= netstandard1.2)) (&& (== net35) (>= netstandard1.3)) (&& (== net35) (>= netstandard1.4)) (&& (== net35) (>= netstandard1.5)) (&& (== net35) (>= netstandard1.6)) (&& (== net35) (>= uap10.0)) (&& (== net40) (>= netstandard1.0)) (&& (== net40) (>= netstandard1.1)) (&& (== net40) (>= netstandard1.2)) (&& (== net40) (>= netstandard1.3)) (&& (== net40) (>= netstandard1.4)) (&& (== net40) (>= netstandard1.5)) (&& (== net40) (>= netstandard1.6)) (&& (== net40) (>= uap10.0)) (&& (== net45) (< portable-net45+win8+wpa81)) (&& (== net45) (>= uap10.0)) (&& (== net46) (< net45)) (&& (== net46) (< portable-net45+win8+wpa81)) (&& (== net46) (>= uap10.0)) (== netstandard1.2) (&& (== netstandard2.0) (< netstandard1.2)) (&& (== netstandard2.0) (< netstandard1.3)) (&& (== netstandard2.0) (< netstandard1.4)) (&& (== netstandard2.0) (< netstandard1.5)) (&& (== netstandard2.0) (< netstandard1.6)) (&& (== netstandard2.0) (< portable-net45+win8+wpa81)) (&& (== netstandard2.0) (>= uap10.0))
      System.Reflection (>= 4.3) - restriction: || (&& (== net35) (>= netstandard1.0)) (&& (== net35) (>= netstandard1.1)) (&& (== net35) (>= netstandard1.2)) (&& (== net35) (>= netstandard1.3)) (&& (== net35) (>= netstandard1.4)) (&& (== net35) (>= netstandard1.5)) (&& (== net35) (>= netstandard1.6)) (&& (== net35) (>= uap10.0)) (&& (== net40) (>= netstandard1.0)) (&& (== net40) (>= netstandard1.1)) (&& (== net40) (>= netstandard1.2)) (&& (== net40) (>= netstandard1.3)) (&& (== net40) (>= netstandard1.4)) (&& (== net40) (>= netstandard1.5)) (&& (== net40) (>= netstandard1.6)) (&& (== net40) (>= uap10.0)) (&& (== net45) (< portable-net45+win8+wpa81)) (&& (== net45) (>= uap10.0)) (&& (== net46) (< net45)) (&& (== net46) (< portable-net45+win8+wpa81)) (&& (== net46) (>= uap10.0)) (== netstandard1.2) (&& (== netstandard2.0) (< netstandard1.2)) (&& (== netstandard2.0) (< netstandard1.3)) (&& (== netstandard2.0) (< netstandard1.4)) (&& (== netstandard2.0) (< netstandard1.5)) (&& (== netstandard2.0) (< netstandard1.6)) (&& (== netstandard2.0) (< portable-net45+win8+wpa81)) (&& (== netstandard2.0) (>= uap10.0))
      System.Reflection.Extensions (>= 4.3) - restriction: || (&& (== net35) (>= netstandard1.0)) (&& (== net35) (>= netstandard1.1)) (&& (== net35) (>= netstandard1.2)) (&& (== net35) (>= netstandard1.3)) (&& (== net35) (>= netstandard1.4)) (&& (== net35) (>= netstandard1.5)) (&& (== net35) (>= netstandard1.6)) (&& (== net35) (>= uap10.0)) (&& (== net40) (>= netstandard1.0)) (&& (== net40) (>= netstandard1.1)) (&& (== net40) (>= netstandard1.2)) (&& (== net40) (>= netstandard1.3)) (&& (== net40) (>= netstandard1.4)) (&& (== net40) (>= netstandard1.5)) (&& (== net40) (>= netstandard1.6)) (&& (== net40) (>= uap10.0)) (&& (== net45) (< portable-net45+win8+wpa81)) (&& (== net45) (>= uap10.0)) (&& (== net46) (< net45)) (&& (== net46) (< portable-net45+win8+wpa81)) (&& (== net46) (>= uap10.0)) (== netstandard1.2) (&& (== netstandard2.0) (< netstandard1.2)) (&& (== netstandard2.0) (< netstandard1.3)) (&& (== netstandard2.0) (< netstandard1.4)) (&& (== netstandard2.0) (< netstandard1.5)) (&& (== netstandard2.0) (< netstandard1.6)) (&& (== netstandard2.0) (< portable-net45+win8+wpa81)) (&& (== netstandard2.0) (>= uap10.0))
      System.Reflection.Primitives (>= 4.3) - restriction: || (&& (== net35) (>= netstandard1.0)) (&& (== net35) (>= netstandard1.1)) (&& (== net35) (>= netstandard1.2)) (&& (== net35) (>= netstandard1.3)) (&& (== net35) (>= netstandard1.4)) (&& (== net35) (>= netstandard1.5)) (&& (== net35) (>= netstandard1.6)) (&& (== net35) (>= uap10.0)) (&& (== net40) (>= netstandard1.0)) (&& (== net40) (>= netstandard1.1)) (&& (== net40) (>= netstandard1.2)) (&& (== net40) (>= netstandard1.3)) (&& (== net40) (>= netstandard1.4)) (&& (== net40) (>= netstandard1.5)) (&& (== net40) (>= netstandard1.6)) (&& (== net40) (>= uap10.0)) (&& (== net45) (< portable-net45+win8+wpa81)) (&& (== net45) (>= uap10.0)) (&& (== net46) (< net45)) (&& (== net46) (< portable-net45+win8+wpa81)) (&& (== net46) (>= uap10.0)) (== netstandard1.2) (&& (== netstandard2.0) (< netstandard1.2)) (&& (== netstandard2.0) (< netstandard1.3)) (&& (== netstandard2.0) (< netstandard1.4)) (&& (== netstandard2.0) (< netstandard1.5)) (&& (== netstandard2.0) (< netstandard1.6)) (&& (== netstandard2.0) (< portable-net45+win8+wpa81)) (&& (== netstandard2.0) (>= uap10.0))
      System.Resources.ResourceManager (>= 4.3) - restriction: || (&& (== net35) (>= netstandard1.0)) (&& (== net35) (>= netstandard1.1)) (&& (== net35) (>= netstandard1.2)) (&& (== net35) (>= netstandard1.3)) (&& (== net35) (>= netstandard1.4)) (&& (== net35) (>= netstandard1.5)) (&& (== net35) (>= netstandard1.6)) (&& (== net35) (>= uap10.0)) (&& (== net40) (>= netstandard1.0)) (&& (== net40) (>= netstandard1.1)) (&& (== net40) (>= netstandard1.2)) (&& (== net40) (>= netstandard1.3)) (&& (== net40) (>= netstandard1.4)) (&& (== net40) (>= netstandard1.5)) (&& (== net40) (>= netstandard1.6)) (&& (== net40) (>= uap10.0)) (&& (== net45) (< portable-net45+win8+wpa81)) (&& (== net45) (>= uap10.0)) (&& (== net46) (< net45)) (&& (== net46) (< portable-net45+win8+wpa81)) (&& (== net46) (>= uap10.0)) (== netstandard1.2) (&& (== netstandard2.0) (< netstandard1.2)) (&& (== netstandard2.0) (< netstandard1.3)) (&& (== netstandard2.0) (< netstandard1.4)) (&& (== netstandard2.0) (< netstandard1.5)) (&& (== netstandard2.0) (< netstandard1.6)) (&& (== netstandard2.0) (< portable-net45+win8+wpa81)) (&& (== netstandard2.0) (>= uap10.0))
      System.Runtime (>= 4.3) - restriction: || (&& (== net35) (>= netstandard1.0)) (&& (== net35) (>= netstandard1.1)) (&& (== net35) (>= netstandard1.2)) (&& (== net35) (>= netstandard1.3)) (&& (== net35) (>= netstandard1.4)) (&& (== net35) (>= netstandard1.5)) (&& (== net35) (>= netstandard1.6)) (&& (== net35) (>= uap10.0)) (&& (== net40) (>= netstandard1.0)) (&& (== net40) (>= netstandard1.1)) (&& (== net40) (>= netstandard1.2)) (&& (== net40) (>= netstandard1.3)) (&& (== net40) (>= netstandard1.4)) (&& (== net40) (>= netstandard1.5)) (&& (== net40) (>= netstandard1.6)) (&& (== net40) (>= uap10.0)) (&& (== net45) (< portable-net45+win8+wpa81)) (&& (== net45) (>= uap10.0)) (&& (== net46) (< net45)) (&& (== net46) (< portable-net45+win8+wpa81)) (&& (== net46) (>= uap10.0)) (== netstandard1.2) (&& (== netstandard2.0) (< netstandard1.2)) (&& (== netstandard2.0) (< netstandard1.3)) (&& (== netstandard2.0) (< netstandard1.4)) (&& (== netstandard2.0) (< netstandard1.5)) (&& (== netstandard2.0) (< netstandard1.6)) (&& (== netstandard2.0) (< portable-net45+win8+wpa81)) (&& (== netstandard2.0) (>= uap10.0))
      System.Runtime.Extensions (>= 4.3) - restriction: || (&& (== net35) (>= netstandard1.0)) (&& (== net35) (>= netstandard1.1)) (&& (== net35) (>= netstandard1.2)) (&& (== net35) (>= netstandard1.3)) (&& (== net35) (>= netstandard1.4)) (&& (== net35) (>= netstandard1.5)) (&& (== net35) (>= netstandard1.6)) (&& (== net35) (>= uap10.0)) (&& (== net40) (>= netstandard1.0)) (&& (== net40) (>= netstandard1.1)) (&& (== net40) (>= netstandard1.2)) (&& (== net40) (>= netstandard1.3)) (&& (== net40) (>= netstandard1.4)) (&& (== net40) (>= netstandard1.5)) (&& (== net40) (>= netstandard1.6)) (&& (== net40) (>= uap10.0)) (&& (== net45) (< portable-net45+win8+wpa81)) (&& (== net45) (>= uap10.0)) (&& (== net46) (< net45)) (&& (== net46) (< portable-net45+win8+wpa81)) (&& (== net46) (>= uap10.0)) (== netstandard1.2) (&& (== netstandard2.0) (< netstandard1.2)) (&& (== netstandard2.0) (< netstandard1.3)) (&& (== netstandard2.0) (< netstandard1.4)) (&& (== netstandard2.0) (< netstandard1.5)) (&& (== netstandard2.0) (< netstandard1.6)) (&& (== netstandard2.0) (< portable-net45+win8+wpa81)) (&& (== netstandard2.0) (>= uap10.0))
      System.Runtime.InteropServices (>= 4.3) - restriction: || (&& (== net35) (>= netstandard1.1)) (&& (== net35) (>= netstandard1.2)) (&& (== net35) (>= netstandard1.3)) (&& (== net35) (>= netstandard1.4)) (&& (== net35) (>= netstandard1.5)) (&& (== net35) (>= netstandard1.6)) (&& (== net35) (>= uap10.0)) (&& (== net40) (>= netstandard1.1)) (&& (== net40) (>= netstandard1.2)) (&& (== net40) (>= netstandard1.3)) (&& (== net40) (>= netstandard1.4)) (&& (== net40) (>= netstandard1.5)) (&& (== net40) (>= netstandard1.6)) (&& (== net40) (>= uap10.0)) (&& (== net45) (>= uap10.0)) (&& (== net46) (< net45)) (&& (== net46) (>= uap10.0)) (== netstandard1.2) (&& (== netstandard2.0) (< netstandard1.2)) (&& (== netstandard2.0) (< netstandard1.3)) (&& (== netstandard2.0) (< netstandard1.4)) (&& (== netstandard2.0) (< netstandard1.5)) (&& (== netstandard2.0) (< netstandard1.6)) (&& (== netstandard2.0) (>= uap10.0))
      System.Runtime.InteropServices.RuntimeInformation (>= 4.3) - restriction: || (&& (== net35) (>= net45)) (&& (== net35) (>= net46)) (&& (== net35) (>= netstandard1.1)) (&& (== net35) (>= netstandard1.2)) (&& (== net35) (>= netstandard1.3)) (&& (== net35) (>= netstandard1.4)) (&& (== net35) (>= netstandard1.5)) (&& (== net35) (>= netstandard1.6)) (&& (== net35) (>= portable-net45+win8)) (&& (== net35) (>= portable-net45+win8+wpa81)) (&& (== net35) (>= uap10.0)) (&& (== net35) (>= win8)) (&& (== net35) (>= wpa81)) (&& (== net40) (>= net45)) (&& (== net40) (>= net46)) (&& (== net40) (>= netstandard1.1)) (&& (== net40) (>= netstandard1.2)) (&& (== net40) (>= netstandard1.3)) (&& (== net40) (>= netstandard1.4)) (&& (== net40) (>= netstandard1.5)) (&& (== net40) (>= netstandard1.6)) (&& (== net40) (>= portable-net45+win8)) (&& (== net40) (>= portable-net45+win8+wpa81)) (&& (== net40) (>= uap10.0)) (&& (== net40) (>= win8)) (&& (== net40) (>= wpa81)) (== net45) (== net46) (== netstandard1.2) (&& (== netstandard2.0) (< netstandard1.0)) (&& (== netstandard2.0) (< netstandard1.2)) (&& (== netstandard2.0) (< netstandard1.3)) (&& (== netstandard2.0) (< netstandard1.4)) (&& (== netstandard2.0) (< netstandard1.5)) (&& (== netstandard2.0) (< netstandard1.6)) (&& (== netstandard2.0) (>= uap10.0))
      System.Runtime.Numerics (>= 4.3) - restriction: || (&& (== net35) (>= netstandard1.1)) (&& (== net35) (>= netstandard1.2)) (&& (== net35) (>= netstandard1.3)) (&& (== net35) (>= netstandard1.4)) (&& (== net35) (>= netstandard1.5)) (&& (== net35) (>= netstandard1.6)) (&& (== net35) (>= uap10.0)) (&& (== net40) (>= netstandard1.1)) (&& (== net40) (>= netstandard1.2)) (&& (== net40) (>= netstandard1.3)) (&& (== net40) (>= netstandard1.4)) (&& (== net40) (>= netstandard1.5)) (&& (== net40) (>= netstandard1.6)) (&& (== net40) (>= uap10.0)) (&& (== net45) (>= uap10.0)) (&& (== net46) (< net45)) (&& (== net46) (>= uap10.0)) (== netstandard1.2) (&& (== netstandard2.0) (< netstandard1.2)) (&& (== netstandard2.0) (< netstandard1.3)) (&& (== netstandard2.0) (< netstandard1.4)) (&& (== netstandard2.0) (< netstandard1.5)) (&& (== netstandard2.0) (< netstandard1.6)) (&& (== netstandard2.0) (>= uap10.0))
      System.Text.Encoding (>= 4.3) - restriction: || (&& (== net35) (>= netstandard1.0)) (&& (== net35) (>= netstandard1.1)) (&& (== net35) (>= netstandard1.2)) (&& (== net35) (>= netstandard1.3)) (&& (== net35) (>= netstandard1.4)) (&& (== net35) (>= netstandard1.5)) (&& (== net35) (>= netstandard1.6)) (&& (== net35) (>= uap10.0)) (&& (== net40) (>= netstandard1.0)) (&& (== net40) (>= netstandard1.1)) (&& (== net40) (>= netstandard1.2)) (&& (== net40) (>= netstandard1.3)) (&& (== net40) (>= netstandard1.4)) (&& (== net40) (>= netstandard1.5)) (&& (== net40) (>= netstandard1.6)) (&& (== net40) (>= uap10.0)) (&& (== net45) (< portable-net45+win8+wpa81)) (&& (== net45) (>= uap10.0)) (&& (== net46) (< net45)) (&& (== net46) (< portable-net45+win8+wpa81)) (&& (== net46) (>= uap10.0)) (== netstandard1.2) (&& (== netstandard2.0) (< netstandard1.2)) (&& (== netstandard2.0) (< netstandard1.3)) (&& (== netstandard2.0) (< netstandard1.4)) (&& (== netstandard2.0) (< netstandard1.5)) (&& (== netstandard2.0) (< netstandard1.6)) (&& (== netstandard2.0) (< portable-net45+win8+wpa81)) (&& (== netstandard2.0) (>= uap10.0))
      System.Text.Encoding.Extensions (>= 4.3) - restriction: || (&& (== net35) (>= netstandard1.0)) (&& (== net35) (>= netstandard1.1)) (&& (== net35) (>= netstandard1.2)) (&& (== net35) (>= netstandard1.3)) (&& (== net35) (>= netstandard1.4)) (&& (== net35) (>= netstandard1.5)) (&& (== net35) (>= netstandard1.6)) (&& (== net35) (>= uap10.0)) (&& (== net40) (>= netstandard1.0)) (&& (== net40) (>= netstandard1.1)) (&& (== net40) (>= netstandard1.2)) (&& (== net40) (>= netstandard1.3)) (&& (== net40) (>= netstandard1.4)) (&& (== net40) (>= netstandard1.5)) (&& (== net40) (>= netstandard1.6)) (&& (== net40) (>= uap10.0)) (&& (== net45) (< portable-net45+win8+wpa81)) (&& (== net45) (>= uap10.0)) (&& (== net46) (< net45)) (&& (== net46) (< portable-net45+win8+wpa81)) (&& (== net46) (>= uap10.0)) (== netstandard1.2) (&& (== netstandard2.0) (< netstandard1.2)) (&& (== netstandard2.0) (< netstandard1.3)) (&& (== netstandard2.0) (< netstandard1.4)) (&& (== netstandard2.0) (< netstandard1.5)) (&& (== netstandard2.0) (< netstandard1.6)) (&& (== netstandard2.0) (< portable-net45+win8+wpa81)) (&& (== netstandard2.0) (>= uap10.0))
      System.Text.RegularExpressions (>= 4.3) - restriction: || (&& (== net35) (>= netstandard1.0)) (&& (== net35) (>= netstandard1.1)) (&& (== net35) (>= netstandard1.2)) (&& (== net35) (>= netstandard1.3)) (&& (== net35) (>= netstandard1.4)) (&& (== net35) (>= netstandard1.5)) (&& (== net35) (>= netstandard1.6)) (&& (== net35) (>= uap10.0)) (&& (== net40) (>= netstandard1.0)) (&& (== net40) (>= netstandard1.1)) (&& (== net40) (>= netstandard1.2)) (&& (== net40) (>= netstandard1.3)) (&& (== net40) (>= netstandard1.4)) (&& (== net40) (>= netstandard1.5)) (&& (== net40) (>= netstandard1.6)) (&& (== net40) (>= uap10.0)) (&& (== net45) (< portable-net45+win8+wpa81)) (&& (== net45) (>= uap10.0)) (&& (== net46) (< net45)) (&& (== net46) (< portable-net45+win8+wpa81)) (&& (== net46) (>= uap10.0)) (== netstandard1.2) (&& (== netstandard2.0) (< netstandard1.2)) (&& (== netstandard2.0) (< netstandard1.3)) (&& (== netstandard2.0) (< netstandard1.4)) (&& (== netstandard2.0) (< netstandard1.5)) (&& (== netstandard2.0) (< netstandard1.6)) (&& (== netstandard2.0) (< portable-net45+win8+wpa81)) (&& (== netstandard2.0) (>= uap10.0))
      System.Threading (>= 4.3) - restriction: || (&& (== net35) (>= netstandard1.0)) (&& (== net35) (>= netstandard1.1)) (&& (== net35) (>= netstandard1.2)) (&& (== net35) (>= netstandard1.3)) (&& (== net35) (>= netstandard1.4)) (&& (== net35) (>= netstandard1.5)) (&& (== net35) (>= netstandard1.6)) (&& (== net35) (>= uap10.0)) (&& (== net40) (>= netstandard1.0)) (&& (== net40) (>= netstandard1.1)) (&& (== net40) (>= netstandard1.2)) (&& (== net40) (>= netstandard1.3)) (&& (== net40) (>= netstandard1.4)) (&& (== net40) (>= netstandard1.5)) (&& (== net40) (>= netstandard1.6)) (&& (== net40) (>= uap10.0)) (&& (== net45) (< portable-net45+win8+wpa81)) (&& (== net45) (>= uap10.0)) (&& (== net46) (< net45)) (&& (== net46) (< portable-net45+win8+wpa81)) (&& (== net46) (>= uap10.0)) (== netstandard1.2) (&& (== netstandard2.0) (< netstandard1.2)) (&& (== netstandard2.0) (< netstandard1.3)) (&& (== netstandard2.0) (< netstandard1.4)) (&& (== netstandard2.0) (< netstandard1.5)) (&& (== netstandard2.0) (< netstandard1.6)) (&& (== netstandard2.0) (< portable-net45+win8+wpa81)) (&& (== netstandard2.0) (>= uap10.0))
      System.Threading.Tasks (>= 4.3) - restriction: || (&& (== net35) (>= netstandard1.0)) (&& (== net35) (>= netstandard1.1)) (&& (== net35) (>= netstandard1.2)) (&& (== net35) (>= netstandard1.3)) (&& (== net35) (>= netstandard1.4)) (&& (== net35) (>= netstandard1.5)) (&& (== net35) (>= netstandard1.6)) (&& (== net35) (>= uap10.0)) (&& (== net40) (>= netstandard1.0)) (&& (== net40) (>= netstandard1.1)) (&& (== net40) (>= netstandard1.2)) (&& (== net40) (>= netstandard1.3)) (&& (== net40) (>= netstandard1.4)) (&& (== net40) (>= netstandard1.5)) (&& (== net40) (>= netstandard1.6)) (&& (== net40) (>= uap10.0)) (&& (== net45) (< portable-net45+win8+wpa81)) (&& (== net45) (>= uap10.0)) (&& (== net46) (< net45)) (&& (== net46) (< portable-net45+win8+wpa81)) (&& (== net46) (>= uap10.0)) (== netstandard1.2) (&& (== netstandard2.0) (< netstandard1.2)) (&& (== netstandard2.0) (< netstandard1.3)) (&& (== netstandard2.0) (< netstandard1.4)) (&& (== netstandard2.0) (< netstandard1.5)) (&& (== netstandard2.0) (< netstandard1.6)) (&& (== netstandard2.0) (< portable-net45+win8+wpa81)) (&& (== netstandard2.0) (>= uap10.0))
      System.Threading.Timer (>= 4.3) - restriction: || (&& (== net35) (>= netstandard1.2)) (&& (== net35) (>= netstandard1.3)) (&& (== net35) (>= netstandard1.4)) (&& (== net35) (>= netstandard1.5)) (&& (== net35) (>= netstandard1.6)) (&& (== net35) (>= uap10.0)) (&& (== net40) (>= netstandard1.2)) (&& (== net40) (>= netstandard1.3)) (&& (== net40) (>= netstandard1.4)) (&& (== net40) (>= netstandard1.5)) (&& (== net40) (>= netstandard1.6)) (&& (== net40) (>= uap10.0)) (&& (== net45) (>= uap10.0)) (&& (== net46) (< net45)) (&& (== net46) (>= uap10.0)) (== netstandard1.2) (&& (== netstandard2.0) (< netstandard1.3)) (&& (== netstandard2.0) (< netstandard1.4)) (&& (== netstandard2.0) (< netstandard1.5)) (&& (== netstandard2.0) (< netstandard1.6)) (&& (== netstandard2.0) (>= uap10.0))
      System.Xml.ReaderWriter (>= 4.3) - restriction: || (&& (== net35) (>= net46)) (&& (== net35) (>= netstandard1.0)) (&& (== net35) (>= netstandard1.1)) (&& (== net35) (>= netstandard1.2)) (&& (== net35) (>= netstandard1.3)) (&& (== net35) (>= netstandard1.4)) (&& (== net35) (>= netstandard1.5)) (&& (== net35) (>= netstandard1.6)) (&& (== net35) (>= uap10.0)) (&& (== net40) (>= net46)) (&& (== net40) (>= netstandard1.0)) (&& (== net40) (>= netstandard1.1)) (&& (== net40) (>= netstandard1.2)) (&& (== net40) (>= netstandard1.3)) (&& (== net40) (>= netstandard1.4)) (&& (== net40) (>= netstandard1.5)) (&& (== net40) (>= netstandard1.6)) (&& (== net40) (>= uap10.0)) (&& (== net45) (>= net46)) (&& (== net45) (< portable-net45+win8+wpa81)) (&& (== net45) (>= uap10.0)) (== net46) (== netstandard1.2) (&& (== netstandard2.0) (< netstandard1.2)) (&& (== netstandard2.0) (< netstandard1.3)) (&& (== netstandard2.0) (< netstandard1.4)) (&& (== netstandard2.0) (< netstandard1.5)) (&& (== netstandard2.0) (< netstandard1.6)) (&& (== netstandard2.0) (< portable-net45+win8+wpa81)) (&& (== netstandard2.0) (>= uap10.0))
      System.Xml.XDocument (>= 4.3) - restriction: || (&& (== net35) (>= netstandard1.0)) (&& (== net35) (>= netstandard1.1)) (&& (== net35) (>= netstandard1.2)) (&& (== net35) (>= netstandard1.3)) (&& (== net35) (>= netstandard1.4)) (&& (== net35) (>= netstandard1.5)) (&& (== net35) (>= netstandard1.6)) (&& (== net35) (>= uap10.0)) (&& (== net40) (>= netstandard1.0)) (&& (== net40) (>= netstandard1.1)) (&& (== net40) (>= netstandard1.2)) (&& (== net40) (>= netstandard1.3)) (&& (== net40) (>= netstandard1.4)) (&& (== net40) (>= netstandard1.5)) (&& (== net40) (>= netstandard1.6)) (&& (== net40) (>= uap10.0)) (&& (== net45) (< portable-net45+win8+wpa81)) (&& (== net45) (>= uap10.0)) (&& (== net46) (< net45)) (&& (== net46) (< portable-net45+win8+wpa81)) (&& (== net46) (>= uap10.0)) (== netstandard1.2) (&& (== netstandard2.0) (< netstandard1.2)) (&& (== netstandard2.0) (< netstandard1.3)) (&& (== netstandard2.0) (< netstandard1.4)) (&& (== netstandard2.0) (< netstandard1.5)) (&& (== netstandard2.0) (< netstandard1.6)) (&& (== netstandard2.0) (< portable-net45+win8+wpa81)) (&& (== netstandard2.0) (>= uap10.0))
    runtime.native.System (4.3.1) - restriction: || (&& (== net35) (== net45) (>= win8)) (&& (== net35) (== net46) (>= win8)) (&& (== net35) (== netstandard2.0)) (&& (== net35) (< net20) (>= net45)) (&& (== net35) (< net20) (>= net46)) (&& (== net35) (< net20) (>= netstandard1.1)) (&& (== net35) (< net20) (>= netstandard1.2)) (&& (== net35) (< net20) (>= netstandard1.3)) (&& (== net35) (< net20) (>= netstandard1.4)) (&& (== net35) (< net20) (>= netstandard1.5)) (&& (== net35) (< net20) (>= netstandard1.6)) (&& (== net35) (>= netstandard1.1) (>= win8)) (&& (== net35) (>= netstandard1.3) (>= win8)) (&& (== net35) (>= netstandard1.5) (>= win8)) (&& (== net35) (>= netstandard1.6) (>= win8)) (&& (== net35) (>= uap10.0)) (&& (== net35) (>= wpa81)) (&& (== net40) (== net45) (>= win8)) (&& (== net40) (== net46) (>= win8)) (&& (== net40) (== netstandard2.0)) (&& (== net40) (< net20) (>= net45)) (&& (== net40) (< net20) (>= net46)) (&& (== net40) (< net20) (>= netstandard1.1)) (&& (== net40) (< net20) (>= netstandard1.2)) (&& (== net40) (< net20) (>= netstandard1.3)) (&& (== net40) (< net20) (>= netstandard1.4)) (&& (== net40) (< net20) (>= netstandard1.5)) (&& (== net40) (< net20) (>= netstandard1.6)) (&& (== net40) (>= netstandard1.1) (>= win8)) (&& (== net40) (>= netstandard1.3) (>= win8)) (&& (== net40) (>= netstandard1.5) (>= win8)) (&& (== net40) (>= netstandard1.6) (>= win8)) (&& (== net40) (>= uap10.0)) (&& (== net40) (>= wpa81)) (&& (== net45) (== netstandard2.0)) (&& (== net45) (< net20)) (&& (== net45) (< netstandard1.0) (>= win8)) (&& (== net45) (>= uap10.0)) (&& (== net45) (>= wpa81)) (&& (== net46) (== netstandard2.0)) (&& (== net46) (< net20)) (&& (== net46) (< netstandard1.0) (>= win8)) (&& (== net46) (< netstandard1.3) (>= wpa81)) (&& (== net46) (>= uap10.0)) (== netstandard1.2) (&& (== netstandard2.0) (< netstandard1.0)) (&& (== netstandard2.0) (< netstandard1.2)) (&& (== netstandard2.0) (< netstandard1.3)) (&& (== netstandard2.0) (< netstandard1.4)) (&& (== netstandard2.0) (< netstandard1.5)) (&& (== netstandard2.0) (< netstandard1.6))
      Microsoft.NETCore.Platforms (>= 1.1.1)
      Microsoft.NETCore.Targets (>= 1.1.3)
    System.Collections (4.3) - restriction: || (&& (== net35) (== netstandard2.0)) (&& (== net35) (< net20) (>= netstandard1.0)) (&& (== net35) (< net20) (>= netstandard1.1)) (&& (== net35) (< net20) (>= netstandard1.2)) (&& (== net35) (< net20) (>= netstandard1.3)) (&& (== net35) (< net20) (>= netstandard1.4)) (&& (== net35) (< net20) (>= netstandard1.5)) (&& (== net35) (< net20) (>= netstandard1.6)) (&& (== net35) (>= uap10.0)) (&& (== net40) (== netstandard2.0)) (&& (== net40) (< net20) (>= netstandard1.0)) (&& (== net40) (< net20) (>= netstandard1.1)) (&& (== net40) (< net20) (>= netstandard1.2)) (&& (== net40) (< net20) (>= netstandard1.3)) (&& (== net40) (< net20) (>= netstandard1.4)) (&& (== net40) (< net20) (>= netstandard1.5)) (&& (== net40) (< net20) (>= netstandard1.6)) (&& (== net40) (>= uap10.0)) (&& (== net45) (== netstandard2.0)) (&& (== net45) (< net20)) (&& (== net45) (>= uap10.0)) (&& (== net46) (== netstandard2.0)) (&& (== net46) (< net20)) (&& (== net46) (>= uap10.0)) (== netstandard1.2) (&& (== netstandard2.0) (< netstandard1.2)) (&& (== netstandard2.0) (< netstandard1.3)) (&& (== netstandard2.0) (< netstandard1.4)) (&& (== netstandard2.0) (< netstandard1.5)) (&& (== netstandard2.0) (< netstandard1.6)) (&& (== netstandard2.0) (< portable-net45+win8+wpa81))
      Microsoft.NETCore.Platforms (>= 1.1) - restriction: || (&& (== net35) (>= netstandard1.0)) (&& (== net35) (>= netstandard1.3)) (&& (== net40) (>= netstandard1.0)) (&& (== net40) (>= netstandard1.3)) (&& (== net46) (< net45)) (== netstandard1.2) (== netstandard2.0)
      Microsoft.NETCore.Targets (>= 1.1) - restriction: || (&& (== net35) (>= netstandard1.0)) (&& (== net35) (>= netstandard1.3)) (&& (== net40) (>= netstandard1.0)) (&& (== net40) (>= netstandard1.3)) (&& (== net46) (< net45)) (== netstandard1.2) (== netstandard2.0)
      System.Runtime (>= 4.3) - restriction: || (&& (== net35) (>= netstandard1.0)) (&& (== net35) (>= netstandard1.3)) (&& (== net40) (>= netstandard1.0)) (&& (== net40) (>= netstandard1.3)) (&& (== net46) (< net45)) (== netstandard1.2) (== netstandard2.0)
    System.Collections.Concurrent (4.3) - restriction: || (&& (== net35) (== netstandard2.0)) (&& (== net35) (< net20) (>= netstandard1.1)) (&& (== net35) (< net20) (>= netstandard1.2)) (&& (== net35) (< net20) (>= netstandard1.3)) (&& (== net35) (< net20) (>= netstandard1.4)) (&& (== net35) (< net20) (>= netstandard1.5)) (&& (== net35) (< net20) (>= netstandard1.6)) (&& (== net35) (>= uap10.0)) (&& (== net40) (== netstandard2.0)) (&& (== net40) (< net20) (>= netstandard1.1)) (&& (== net40) (< net20) (>= netstandard1.2)) (&& (== net40) (< net20) (>= netstandard1.3)) (&& (== net40) (< net20) (>= netstandard1.4)) (&& (== net40) (< net20) (>= netstandard1.5)) (&& (== net40) (< net20) (>= netstandard1.6)) (&& (== net40) (>= uap10.0)) (&& (== net45) (== netstandard2.0)) (&& (== net45) (< net20)) (&& (== net45) (>= uap10.0)) (&& (== net46) (== netstandard2.0)) (&& (== net46) (< net20)) (&& (== net46) (>= uap10.0)) (== netstandard1.2) (&& (== netstandard2.0) (< netstandard1.2)) (&& (== netstandard2.0) (< netstandard1.3)) (&& (== netstandard2.0) (< netstandard1.4)) (&& (== netstandard2.0) (< netstandard1.5)) (&& (== netstandard2.0) (< netstandard1.6))
      System.Runtime (>= 4.3) - restriction: || (&& (== net35) (>= netstandard1.1)) (&& (== net35) (>= netstandard1.3)) (&& (== net40) (>= netstandard1.1)) (&& (== net40) (>= netstandard1.3)) (&& (== net46) (< net45)) (== netstandard1.2) (== netstandard2.0)
      System.Threading.Tasks (>= 4.3) - restriction: || (&& (== net35) (>= netstandard1.1)) (&& (== net35) (>= netstandard1.3)) (&& (== net40) (>= netstandard1.1)) (&& (== net40) (>= netstandard1.3)) (&& (== net46) (< net45)) (== netstandard1.2) (== netstandard2.0)
    System.Diagnostics.Debug (4.3) - restriction: || (&& (== net35) (== netstandard2.0)) (&& (== net35) (< net20) (>= netstandard1.0)) (&& (== net35) (< net20) (>= netstandard1.1)) (&& (== net35) (< net20) (>= netstandard1.2)) (&& (== net35) (< net20) (>= netstandard1.3)) (&& (== net35) (< net20) (>= netstandard1.4)) (&& (== net35) (< net20) (>= netstandard1.5)) (&& (== net35) (< net20) (>= netstandard1.6)) (&& (== net35) (>= uap10.0)) (&& (== net40) (== netstandard2.0)) (&& (== net40) (< net20) (>= netstandard1.0)) (&& (== net40) (< net20) (>= netstandard1.1)) (&& (== net40) (< net20) (>= netstandard1.2)) (&& (== net40) (< net20) (>= netstandard1.3)) (&& (== net40) (< net20) (>= netstandard1.4)) (&& (== net40) (< net20) (>= netstandard1.5)) (&& (== net40) (< net20) (>= netstandard1.6)) (&& (== net40) (>= uap10.0)) (&& (== net45) (== netstandard2.0)) (&& (== net45) (< net20)) (&& (== net45) (>= uap10.0)) (&& (== net46) (== netstandard2.0)) (&& (== net46) (< net20)) (&& (== net46) (>= uap10.0)) (== netstandard1.2) (&& (== netstandard2.0) (< netstandard1.2)) (&& (== netstandard2.0) (< netstandard1.3)) (&& (== netstandard2.0) (< netstandard1.4)) (&& (== netstandard2.0) (< netstandard1.5)) (&& (== netstandard2.0) (< netstandard1.6)) (&& (== netstandard2.0) (< portable-net45+win8+wpa81))
      Microsoft.NETCore.Platforms (>= 1.1) - restriction: || (&& (== net35) (>= netstandard1.0)) (&& (== net35) (>= netstandard1.3)) (&& (== net40) (>= netstandard1.0)) (&& (== net40) (>= netstandard1.3)) (&& (== net46) (< net45)) (== netstandard1.2) (== netstandard2.0)
      Microsoft.NETCore.Targets (>= 1.1) - restriction: || (&& (== net35) (>= netstandard1.0)) (&& (== net35) (>= netstandard1.3)) (&& (== net40) (>= netstandard1.0)) (&& (== net40) (>= netstandard1.3)) (&& (== net46) (< net45)) (== netstandard1.2) (== netstandard2.0)
      System.Runtime (>= 4.3) - restriction: || (&& (== net35) (>= netstandard1.0)) (&& (== net35) (>= netstandard1.3)) (&& (== net40) (>= netstandard1.0)) (&& (== net40) (>= netstandard1.3)) (&& (== net46) (< net45)) (== netstandard1.2) (== netstandard2.0)
    System.Diagnostics.Tools (4.3) - restriction: || (&& (== net35) (== netstandard2.0)) (&& (== net35) (< net20) (>= netstandard1.0)) (&& (== net35) (< net20) (>= netstandard1.1)) (&& (== net35) (< net20) (>= netstandard1.2)) (&& (== net35) (< net20) (>= netstandard1.3)) (&& (== net35) (< net20) (>= netstandard1.4)) (&& (== net35) (< net20) (>= netstandard1.5)) (&& (== net35) (< net20) (>= netstandard1.6)) (&& (== net35) (>= uap10.0)) (&& (== net40) (== netstandard2.0)) (&& (== net40) (< net20) (>= netstandard1.0)) (&& (== net40) (< net20) (>= netstandard1.1)) (&& (== net40) (< net20) (>= netstandard1.2)) (&& (== net40) (< net20) (>= netstandard1.3)) (&& (== net40) (< net20) (>= netstandard1.4)) (&& (== net40) (< net20) (>= netstandard1.5)) (&& (== net40) (< net20) (>= netstandard1.6)) (&& (== net40) (>= uap10.0)) (&& (== net45) (== netstandard2.0)) (&& (== net45) (< net20)) (&& (== net45) (>= uap10.0)) (&& (== net46) (== netstandard2.0)) (&& (== net46) (< net20)) (&& (== net46) (>= uap10.0)) (== netstandard1.2) (&& (== netstandard2.0) (< netstandard1.2)) (&& (== netstandard2.0) (< netstandard1.3)) (&& (== netstandard2.0) (< netstandard1.4)) (&& (== netstandard2.0) (< netstandard1.5)) (&& (== netstandard2.0) (< netstandard1.6)) (&& (== netstandard2.0) (< portable-net45+win8+wpa81))
      Microsoft.NETCore.Platforms (>= 1.1) - restriction: || (&& (== net35) (>= netstandard1.0)) (&& (== net40) (>= netstandard1.0)) (&& (== net46) (< net45)) (== netstandard1.2) (== netstandard2.0)
      Microsoft.NETCore.Targets (>= 1.1) - restriction: || (&& (== net35) (>= netstandard1.0)) (&& (== net40) (>= netstandard1.0)) (&& (== net46) (< net45)) (== netstandard1.2) (== netstandard2.0)
      System.Runtime (>= 4.3) - restriction: || (&& (== net35) (>= netstandard1.0)) (&& (== net40) (>= netstandard1.0)) (&& (== net46) (< net45)) (== netstandard1.2) (== netstandard2.0)
    System.Diagnostics.Tracing (4.3) - restriction: || (&& (== net35) (== netstandard2.0)) (&& (== net35) (< net20) (>= netstandard1.1)) (&& (== net35) (< net20) (>= netstandard1.2)) (&& (== net35) (< net20) (>= netstandard1.3)) (&& (== net35) (< net20) (>= netstandard1.4)) (&& (== net35) (< net20) (>= netstandard1.5)) (&& (== net35) (< net20) (>= netstandard1.6)) (&& (== net35) (>= uap10.0)) (&& (== net40) (== netstandard2.0)) (&& (== net40) (< net20) (>= netstandard1.1)) (&& (== net40) (< net20) (>= netstandard1.2)) (&& (== net40) (< net20) (>= netstandard1.3)) (&& (== net40) (< net20) (>= netstandard1.4)) (&& (== net40) (< net20) (>= netstandard1.5)) (&& (== net40) (< net20) (>= netstandard1.6)) (&& (== net40) (>= uap10.0)) (&& (== net45) (== netstandard2.0)) (&& (== net45) (< net20)) (&& (== net45) (>= uap10.0)) (&& (== net46) (== netstandard2.0)) (&& (== net46) (< net20)) (&& (== net46) (>= uap10.0)) (== netstandard1.2) (&& (== netstandard2.0) (< netstandard1.2)) (&& (== netstandard2.0) (< netstandard1.3)) (&& (== netstandard2.0) (< netstandard1.4)) (&& (== netstandard2.0) (< netstandard1.5)) (&& (== netstandard2.0) (< netstandard1.6))
      Microsoft.NETCore.Platforms (>= 1.1) - restriction: || (&& (== net35) (>= netstandard1.1)) (&& (== net35) (>= netstandard1.2)) (&& (== net35) (>= netstandard1.3)) (&& (== net35) (>= netstandard1.5)) (&& (== net40) (>= netstandard1.1)) (&& (== net40) (>= netstandard1.2)) (&& (== net40) (>= netstandard1.3)) (&& (== net40) (>= netstandard1.5)) (&& (== net46) (< net45)) (== netstandard1.2) (== netstandard2.0)
      Microsoft.NETCore.Targets (>= 1.1) - restriction: || (&& (== net35) (>= netstandard1.1)) (&& (== net35) (>= netstandard1.2)) (&& (== net35) (>= netstandard1.3)) (&& (== net35) (>= netstandard1.5)) (&& (== net40) (>= netstandard1.1)) (&& (== net40) (>= netstandard1.2)) (&& (== net40) (>= netstandard1.3)) (&& (== net40) (>= netstandard1.5)) (&& (== net46) (< net45)) (== netstandard1.2) (== netstandard2.0)
      System.Runtime (>= 4.3) - restriction: || (&& (== net35) (>= netstandard1.1)) (&& (== net35) (>= netstandard1.2)) (&& (== net35) (>= netstandard1.3)) (&& (== net35) (>= netstandard1.5)) (&& (== net40) (>= netstandard1.1)) (&& (== net40) (>= netstandard1.2)) (&& (== net40) (>= netstandard1.3)) (&& (== net40) (>= netstandard1.5)) (&& (== net46) (< net45)) (== netstandard1.2) (== netstandard2.0)
    System.Globalization (4.3) - restriction: || (&& (== net35) (== netstandard2.0)) (&& (== net35) (< net20) (>= netstandard1.0)) (&& (== net35) (< net20) (>= netstandard1.1)) (&& (== net35) (< net20) (>= netstandard1.2)) (&& (== net35) (< net20) (>= netstandard1.3)) (&& (== net35) (< net20) (>= netstandard1.4)) (&& (== net35) (< net20) (>= netstandard1.5)) (&& (== net35) (< net20) (>= netstandard1.6)) (&& (== net35) (>= uap10.0)) (&& (== net40) (== netstandard2.0)) (&& (== net40) (< net20) (>= netstandard1.0)) (&& (== net40) (< net20) (>= netstandard1.1)) (&& (== net40) (< net20) (>= netstandard1.2)) (&& (== net40) (< net20) (>= netstandard1.3)) (&& (== net40) (< net20) (>= netstandard1.4)) (&& (== net40) (< net20) (>= netstandard1.5)) (&& (== net40) (< net20) (>= netstandard1.6)) (&& (== net40) (>= uap10.0)) (&& (== net45) (== netstandard2.0)) (&& (== net45) (< net20)) (&& (== net45) (>= uap10.0)) (&& (== net46) (== netstandard2.0)) (&& (== net46) (< net20)) (&& (== net46) (>= uap10.0)) (== netstandard1.2) (&& (== netstandard2.0) (< netstandard1.2)) (&& (== netstandard2.0) (< netstandard1.3)) (&& (== netstandard2.0) (< netstandard1.4)) (&& (== netstandard2.0) (< netstandard1.5)) (&& (== netstandard2.0) (< netstandard1.6)) (&& (== netstandard2.0) (< portable-net45+win8+wpa81))
      Microsoft.NETCore.Platforms (>= 1.1) - restriction: || (&& (== net35) (>= netstandard1.0)) (&& (== net35) (>= netstandard1.3)) (&& (== net40) (>= netstandard1.0)) (&& (== net40) (>= netstandard1.3)) (&& (== net46) (< net45)) (== netstandard1.2) (== netstandard2.0)
      Microsoft.NETCore.Targets (>= 1.1) - restriction: || (&& (== net35) (>= netstandard1.0)) (&& (== net35) (>= netstandard1.3)) (&& (== net40) (>= netstandard1.0)) (&& (== net40) (>= netstandard1.3)) (&& (== net46) (< net45)) (== netstandard1.2) (== netstandard2.0)
      System.Runtime (>= 4.3) - restriction: || (&& (== net35) (>= netstandard1.0)) (&& (== net35) (>= netstandard1.3)) (&& (== net40) (>= netstandard1.0)) (&& (== net40) (>= netstandard1.3)) (&& (== net46) (< net45)) (== netstandard1.2) (== netstandard2.0)
    System.IO (4.3) - restriction: || (&& (== net35) (== netstandard2.0)) (&& (== net35) (< net20) (>= netstandard1.0)) (&& (== net35) (< net20) (>= netstandard1.1)) (&& (== net35) (< net20) (>= netstandard1.2)) (&& (== net35) (< net20) (>= netstandard1.3)) (&& (== net35) (< net20) (>= netstandard1.4)) (&& (== net35) (< net20) (>= netstandard1.5)) (&& (== net35) (< net20) (>= netstandard1.6)) (&& (== net35) (>= uap10.0)) (&& (== net40) (== netstandard2.0)) (&& (== net40) (< net20) (>= netstandard1.0)) (&& (== net40) (< net20) (>= netstandard1.1)) (&& (== net40) (< net20) (>= netstandard1.2)) (&& (== net40) (< net20) (>= netstandard1.3)) (&& (== net40) (< net20) (>= netstandard1.4)) (&& (== net40) (< net20) (>= netstandard1.5)) (&& (== net40) (< net20) (>= netstandard1.6)) (&& (== net40) (>= uap10.0)) (&& (== net45) (== netstandard2.0)) (&& (== net45) (< net20)) (&& (== net45) (>= uap10.0)) (&& (== net46) (== netstandard2.0)) (&& (== net46) (< net20)) (&& (== net46) (>= uap10.0)) (== netstandard1.2) (&& (== netstandard2.0) (< netstandard1.2)) (&& (== netstandard2.0) (< netstandard1.3)) (&& (== netstandard2.0) (< netstandard1.4)) (&& (== netstandard2.0) (< netstandard1.5)) (&& (== netstandard2.0) (< netstandard1.6)) (&& (== netstandard2.0) (< portable-net45+win8+wpa81))
      Microsoft.NETCore.Platforms (>= 1.1) - restriction: || (&& (== net35) (>= netstandard1.0)) (&& (== net35) (>= netstandard1.3)) (&& (== net35) (>= netstandard1.5)) (&& (== net40) (>= netstandard1.0)) (&& (== net40) (>= netstandard1.3)) (&& (== net40) (>= netstandard1.5)) (&& (== net46) (< net45)) (== netstandard1.2) (== netstandard2.0)
      Microsoft.NETCore.Targets (>= 1.1) - restriction: || (&& (== net35) (>= netstandard1.0)) (&& (== net35) (>= netstandard1.3)) (&& (== net35) (>= netstandard1.5)) (&& (== net40) (>= netstandard1.0)) (&& (== net40) (>= netstandard1.3)) (&& (== net40) (>= netstandard1.5)) (&& (== net46) (< net45)) (== netstandard1.2) (== netstandard2.0)
      System.Runtime (>= 4.3) - restriction: || (&& (== net35) (>= netstandard1.0)) (&& (== net35) (>= netstandard1.3)) (&& (== net35) (>= netstandard1.5)) (&& (== net40) (>= netstandard1.0)) (&& (== net40) (>= netstandard1.3)) (&& (== net40) (>= netstandard1.5)) (&& (== net46) (< net45)) (== netstandard1.2) (== netstandard2.0)
      System.Text.Encoding (>= 4.3) - restriction: || (&& (== net35) (>= netstandard1.0)) (&& (== net35) (>= netstandard1.3)) (&& (== net35) (>= netstandard1.5)) (&& (== net40) (>= netstandard1.0)) (&& (== net40) (>= netstandard1.3)) (&& (== net40) (>= netstandard1.5)) (&& (== net46) (< net45)) (== netstandard1.2) (== netstandard2.0)
      System.Threading.Tasks (>= 4.3) - restriction: || (&& (== net35) (>= netstandard1.0)) (&& (== net35) (>= netstandard1.3)) (&& (== net35) (>= netstandard1.5)) (&& (== net40) (>= netstandard1.0)) (&& (== net40) (>= netstandard1.3)) (&& (== net40) (>= netstandard1.5)) (&& (== net46) (< net45)) (== netstandard1.2) (== netstandard2.0)
    System.IO.Compression (4.3) - restriction: || (&& (== net35) (== netstandard2.0)) (&& (== net35) (< net20) (>= net46)) (&& (== net35) (< net20) (>= netstandard1.1)) (&& (== net35) (< net20) (>= netstandard1.2)) (&& (== net35) (< net20) (>= netstandard1.3)) (&& (== net35) (< net20) (>= netstandard1.4)) (&& (== net35) (< net20) (>= netstandard1.5)) (&& (== net35) (< net20) (>= netstandard1.6)) (&& (== net35) (>= uap10.0)) (&& (== net40) (== netstandard2.0)) (&& (== net40) (< net20) (>= net46)) (&& (== net40) (< net20) (>= netstandard1.1)) (&& (== net40) (< net20) (>= netstandard1.2)) (&& (== net40) (< net20) (>= netstandard1.3)) (&& (== net40) (< net20) (>= netstandard1.4)) (&& (== net40) (< net20) (>= netstandard1.5)) (&& (== net40) (< net20) (>= netstandard1.6)) (&& (== net40) (>= uap10.0)) (&& (== net45) (== netstandard2.0)) (&& (== net45) (< net20)) (&& (== net45) (>= uap10.0)) (&& (== net46) (== netstandard2.0)) (&& (== net46) (< net20)) (&& (== net46) (>= uap10.0)) (== netstandard1.2) (&& (== netstandard2.0) (< netstandard1.2)) (&& (== netstandard2.0) (< netstandard1.3)) (&& (== netstandard2.0) (< netstandard1.4)) (&& (== netstandard2.0) (< netstandard1.5)) (&& (== netstandard2.0) (< netstandard1.6))
      System.IO (>= 4.3) - restriction: || (&& (== net35) (>= netstandard1.1)) (&& (== net35) (>= netstandard1.3)) (&& (== net40) (>= netstandard1.1)) (&& (== net40) (>= netstandard1.3)) (&& (== net46) (< net45)) (== netstandard1.2) (== netstandard2.0)
      System.Runtime (>= 4.3) - restriction: || (&& (== net35) (>= netstandard1.1)) (&& (== net35) (>= netstandard1.3)) (&& (== net40) (>= netstandard1.1)) (&& (== net40) (>= netstandard1.3)) (&& (== net46) (< net45)) (== netstandard1.2) (== netstandard2.0)
      System.Text.Encoding (>= 4.3) - restriction: || (&& (== net35) (>= netstandard1.1)) (&& (== net35) (>= netstandard1.3)) (&& (== net40) (>= netstandard1.1)) (&& (== net40) (>= netstandard1.3)) (&& (== net46) (< net45)) (== netstandard1.2) (== netstandard2.0)
    System.Linq (4.3) - restriction: || (&& (== net35) (== netstandard2.0)) (&& (== net35) (< net20) (>= netstandard1.0)) (&& (== net35) (< net20) (>= netstandard1.1)) (&& (== net35) (< net20) (>= netstandard1.2)) (&& (== net35) (< net20) (>= netstandard1.3)) (&& (== net35) (< net20) (>= netstandard1.4)) (&& (== net35) (< net20) (>= netstandard1.5)) (&& (== net35) (< net20) (>= netstandard1.6)) (&& (== net35) (>= uap10.0)) (&& (== net40) (== netstandard2.0)) (&& (== net40) (< net20) (>= netstandard1.0)) (&& (== net40) (< net20) (>= netstandard1.1)) (&& (== net40) (< net20) (>= netstandard1.2)) (&& (== net40) (< net20) (>= netstandard1.3)) (&& (== net40) (< net20) (>= netstandard1.4)) (&& (== net40) (< net20) (>= netstandard1.5)) (&& (== net40) (< net20) (>= netstandard1.6)) (&& (== net40) (>= uap10.0)) (&& (== net45) (== netstandard2.0)) (&& (== net45) (< net20)) (&& (== net45) (>= uap10.0)) (&& (== net46) (== netstandard2.0)) (&& (== net46) (< net20)) (&& (== net46) (>= uap10.0)) (== netstandard1.2) (&& (== netstandard2.0) (< netstandard1.2)) (&& (== netstandard2.0) (< netstandard1.3)) (&& (== netstandard2.0) (< netstandard1.4)) (&& (== netstandard2.0) (< netstandard1.5)) (&& (== netstandard2.0) (< netstandard1.6)) (&& (== netstandard2.0) (< portable-net45+win8+wpa81))
      System.Collections (>= 4.3) - restriction: || (&& (== net35) (>= netstandard1.0)) (&& (== net35) (>= netstandard1.6)) (&& (== net40) (>= netstandard1.0)) (&& (== net40) (>= netstandard1.6)) (&& (== net46) (< net45)) (== netstandard1.2) (== netstandard2.0)
      System.Runtime (>= 4.3) - restriction: || (&& (== net35) (>= netstandard1.0)) (&& (== net35) (>= netstandard1.6)) (&& (== net40) (>= netstandard1.0)) (&& (== net40) (>= netstandard1.6)) (&& (== net46) (< net45)) (== netstandard1.2) (== netstandard2.0)
    System.Linq.Expressions (4.3) - restriction: || (&& (== net35) (== netstandard2.0)) (&& (== net35) (< net20) (>= netstandard1.0)) (&& (== net35) (< net20) (>= netstandard1.1)) (&& (== net35) (< net20) (>= netstandard1.2)) (&& (== net35) (< net20) (>= netstandard1.3)) (&& (== net35) (< net20) (>= netstandard1.4)) (&& (== net35) (< net20) (>= netstandard1.5)) (&& (== net35) (< net20) (>= netstandard1.6)) (&& (== net35) (>= uap10.0)) (&& (== net40) (== netstandard2.0)) (&& (== net40) (< net20) (>= netstandard1.0)) (&& (== net40) (< net20) (>= netstandard1.1)) (&& (== net40) (< net20) (>= netstandard1.2)) (&& (== net40) (< net20) (>= netstandard1.3)) (&& (== net40) (< net20) (>= netstandard1.4)) (&& (== net40) (< net20) (>= netstandard1.5)) (&& (== net40) (< net20) (>= netstandard1.6)) (&& (== net40) (>= uap10.0)) (&& (== net45) (== netstandard2.0)) (&& (== net45) (< net20)) (&& (== net45) (>= uap10.0)) (&& (== net46) (== netstandard2.0)) (&& (== net46) (< net20)) (&& (== net46) (>= uap10.0)) (== netstandard1.2) (&& (== netstandard2.0) (< netstandard1.2)) (&& (== netstandard2.0) (< netstandard1.3)) (&& (== netstandard2.0) (< netstandard1.4)) (&& (== netstandard2.0) (< netstandard1.5)) (&& (== netstandard2.0) (< netstandard1.6)) (&& (== netstandard2.0) (< portable-net45+win8+wpa81))
      System.Reflection (>= 4.3) - restriction: || (&& (== net35) (>= netstandard1.0)) (&& (== net35) (>= netstandard1.3)) (&& (== net35) (>= netstandard1.6)) (&& (== net40) (>= netstandard1.0)) (&& (== net40) (>= netstandard1.3)) (&& (== net40) (>= netstandard1.6)) (&& (== net46) (< net45)) (== netstandard1.2) (== netstandard2.0)
      System.Runtime (>= 4.3) - restriction: || (&& (== net35) (>= netstandard1.0)) (&& (== net35) (>= netstandard1.3)) (&& (== net35) (>= netstandard1.6)) (&& (== net40) (>= netstandard1.0)) (&& (== net40) (>= netstandard1.3)) (&& (== net40) (>= netstandard1.6)) (&& (== net46) (< net45)) (== netstandard1.2) (== netstandard2.0)
    System.Net.Http (4.3.4) - restriction: || (&& (== net35) (== netstandard2.0)) (&& (== net35) (< net20) (>= net46)) (&& (== net35) (< net20) (>= netstandard1.1)) (&& (== net35) (< net20) (>= netstandard1.2)) (&& (== net35) (< net20) (>= netstandard1.3)) (&& (== net35) (< net20) (>= netstandard1.4)) (&& (== net35) (< net20) (>= netstandard1.5)) (&& (== net35) (< net20) (>= netstandard1.6)) (&& (== net35) (>= uap10.0)) (&& (== net40) (== netstandard2.0)) (&& (== net40) (< net20) (>= net46)) (&& (== net40) (< net20) (>= netstandard1.1)) (&& (== net40) (< net20) (>= netstandard1.2)) (&& (== net40) (< net20) (>= netstandard1.3)) (&& (== net40) (< net20) (>= netstandard1.4)) (&& (== net40) (< net20) (>= netstandard1.5)) (&& (== net40) (< net20) (>= netstandard1.6)) (&& (== net40) (>= uap10.0)) (&& (== net45) (== netstandard2.0)) (&& (== net45) (< net20)) (&& (== net45) (>= uap10.0)) (&& (== net46) (== netstandard2.0)) (&& (== net46) (< net20)) (&& (== net46) (>= uap10.0)) (== netstandard1.2) (&& (== netstandard2.0) (< netstandard1.2)) (&& (== netstandard2.0) (< netstandard1.3)) (&& (== netstandard2.0) (< netstandard1.4)) (&& (== netstandard2.0) (< netstandard1.5)) (&& (== netstandard2.0) (< netstandard1.6))
      System.IO (>= 4.3) - restriction: || (&& (== net35) (>= netstandard1.1)) (&& (== net35) (>= netstandard1.3)) (&& (== net35) (>= netstandard1.6)) (&& (== net40) (>= netstandard1.1)) (&& (== net40) (>= netstandard1.3)) (&& (== net40) (>= netstandard1.6)) (&& (== net46) (< net45)) (== netstandard1.2) (== netstandard2.0)
      System.Net.Primitives (>= 4.3) - restriction: || (&& (== net35) (>= netstandard1.1)) (&& (== net35) (>= netstandard1.3)) (&& (== net35) (>= netstandard1.6)) (&& (== net40) (>= netstandard1.1)) (&& (== net40) (>= netstandard1.3)) (&& (== net40) (>= netstandard1.6)) (&& (== net46) (< net45)) (== netstandard1.2) (== netstandard2.0)
      System.Runtime (>= 4.3) - restriction: || (&& (== net35) (>= netstandard1.1)) (&& (== net35) (>= netstandard1.3)) (&& (== net35) (>= netstandard1.6)) (&& (== net40) (>= netstandard1.1)) (&& (== net40) (>= netstandard1.3)) (&& (== net40) (>= netstandard1.6)) (&& (== net46) (< net45)) (== netstandard1.2) (== netstandard2.0)
      System.Text.Encoding (>= 4.3) - restriction: || (&& (== net35) (>= netstandard1.1)) (&& (== net35) (>= netstandard1.3)) (&& (== net35) (>= netstandard1.6)) (&& (== net40) (>= netstandard1.1)) (&& (== net40) (>= netstandard1.3)) (&& (== net40) (>= netstandard1.6)) (&& (== net46) (< net45)) (== netstandard1.2) (== netstandard2.0)
      System.Threading.Tasks (>= 4.3) - restriction: || (&& (== net35) (>= netstandard1.1)) (&& (== net35) (>= netstandard1.3)) (&& (== net35) (>= netstandard1.6)) (&& (== net40) (>= netstandard1.1)) (&& (== net40) (>= netstandard1.3)) (&& (== net40) (>= netstandard1.6)) (&& (== net46) (< net45)) (== netstandard1.2) (== netstandard2.0)
    System.Net.Primitives (4.3.1) - restriction: || (&& (== net35) (== netstandard2.0)) (&& (== net35) (< net20) (>= netstandard1.0)) (&& (== net35) (< net20) (>= netstandard1.1)) (&& (== net35) (< net20) (>= netstandard1.2)) (&& (== net35) (< net20) (>= netstandard1.3)) (&& (== net35) (< net20) (>= netstandard1.4)) (&& (== net35) (< net20) (>= netstandard1.5)) (&& (== net35) (< net20) (>= netstandard1.6)) (&& (== net35) (>= uap10.0)) (&& (== net40) (== netstandard2.0)) (&& (== net40) (< net20) (>= netstandard1.0)) (&& (== net40) (< net20) (>= netstandard1.1)) (&& (== net40) (< net20) (>= netstandard1.2)) (&& (== net40) (< net20) (>= netstandard1.3)) (&& (== net40) (< net20) (>= netstandard1.4)) (&& (== net40) (< net20) (>= netstandard1.5)) (&& (== net40) (< net20) (>= netstandard1.6)) (&& (== net40) (>= uap10.0)) (&& (== net45) (== netstandard2.0)) (&& (== net45) (< net20)) (&& (== net45) (>= uap10.0)) (&& (== net46) (== netstandard2.0)) (&& (== net46) (< net20)) (&& (== net46) (>= uap10.0)) (== netstandard1.2) (&& (== netstandard2.0) (< netstandard1.2)) (&& (== netstandard2.0) (< netstandard1.3)) (&& (== netstandard2.0) (< netstandard1.4)) (&& (== netstandard2.0) (< netstandard1.5)) (&& (== netstandard2.0) (< netstandard1.6)) (&& (== netstandard2.0) (< portable-net45+win8+wpa81))
      Microsoft.NETCore.Platforms (>= 1.1.1) - restriction: || (&& (== net35) (>= netstandard1.0)) (&& (== net35) (>= netstandard1.1)) (&& (== net35) (>= netstandard1.3)) (&& (== net40) (>= netstandard1.0)) (&& (== net40) (>= netstandard1.1)) (&& (== net40) (>= netstandard1.3)) (&& (== net45) (< netstandard1.1)) (&& (== net46) (< net45)) (&& (== net46) (< netstandard1.1)) (== netstandard1.2) (== netstandard2.0)
      Microsoft.NETCore.Targets (>= 1.1.3) - restriction: || (&& (== net35) (>= netstandard1.0)) (&& (== net35) (>= netstandard1.1)) (&& (== net35) (>= netstandard1.3)) (&& (== net40) (>= netstandard1.0)) (&& (== net40) (>= netstandard1.1)) (&& (== net40) (>= netstandard1.3)) (&& (== net45) (< netstandard1.1)) (&& (== net46) (< net45)) (&& (== net46) (< netstandard1.1)) (== netstandard1.2) (== netstandard2.0)
      System.Runtime (>= 4.3.1) - restriction: || (&& (== net35) (>= netstandard1.0)) (&& (== net35) (>= netstandard1.1)) (&& (== net35) (>= netstandard1.3)) (&& (== net40) (>= netstandard1.0)) (&& (== net40) (>= netstandard1.1)) (&& (== net40) (>= netstandard1.3)) (&& (== net45) (< netstandard1.1)) (&& (== net46) (< net45)) (&& (== net46) (< netstandard1.1)) (== netstandard1.2) (== netstandard2.0)
    System.ObjectModel (4.3) - restriction: || (&& (== net35) (== netstandard2.0)) (&& (== net35) (< net20) (>= netstandard1.0)) (&& (== net35) (< net20) (>= netstandard1.1)) (&& (== net35) (< net20) (>= netstandard1.2)) (&& (== net35) (< net20) (>= netstandard1.3)) (&& (== net35) (< net20) (>= netstandard1.4)) (&& (== net35) (< net20) (>= netstandard1.5)) (&& (== net35) (< net20) (>= netstandard1.6)) (&& (== net35) (>= uap10.0)) (&& (== net40) (== netstandard2.0)) (&& (== net40) (< net20) (>= netstandard1.0)) (&& (== net40) (< net20) (>= netstandard1.1)) (&& (== net40) (< net20) (>= netstandard1.2)) (&& (== net40) (< net20) (>= netstandard1.3)) (&& (== net40) (< net20) (>= netstandard1.4)) (&& (== net40) (< net20) (>= netstandard1.5)) (&& (== net40) (< net20) (>= netstandard1.6)) (&& (== net40) (>= uap10.0)) (&& (== net45) (== netstandard2.0)) (&& (== net45) (< net20)) (&& (== net45) (>= uap10.0)) (&& (== net46) (== netstandard2.0)) (&& (== net46) (< net20)) (&& (== net46) (>= uap10.0)) (== netstandard1.2) (&& (== netstandard2.0) (< netstandard1.2)) (&& (== netstandard2.0) (< netstandard1.3)) (&& (== netstandard2.0) (< netstandard1.4)) (&& (== netstandard2.0) (< netstandard1.5)) (&& (== netstandard2.0) (< netstandard1.6)) (&& (== netstandard2.0) (< portable-net45+win8+wpa81))
      System.Runtime (>= 4.3) - restriction: || (&& (== net35) (>= netstandard1.0)) (&& (== net35) (>= netstandard1.3)) (&& (== net40) (>= netstandard1.0)) (&& (== net40) (>= netstandard1.3)) (&& (== net46) (< net45)) (== netstandard1.2) (== netstandard2.0)
    System.Reflection (4.3) - restriction: || (&& (== net35) (== netstandard2.0)) (&& (== net35) (< net20) (>= netstandard1.0)) (&& (== net35) (< net20) (>= netstandard1.1)) (&& (== net35) (< net20) (>= netstandard1.2)) (&& (== net35) (< net20) (>= netstandard1.3)) (&& (== net35) (< net20) (>= netstandard1.4)) (&& (== net35) (< net20) (>= netstandard1.5)) (&& (== net35) (< net20) (>= netstandard1.6)) (&& (== net35) (>= uap10.0)) (&& (== net40) (== netstandard2.0)) (&& (== net40) (< net20) (>= netstandard1.0)) (&& (== net40) (< net20) (>= netstandard1.1)) (&& (== net40) (< net20) (>= netstandard1.2)) (&& (== net40) (< net20) (>= netstandard1.3)) (&& (== net40) (< net20) (>= netstandard1.4)) (&& (== net40) (< net20) (>= netstandard1.5)) (&& (== net40) (< net20) (>= netstandard1.6)) (&& (== net40) (>= uap10.0)) (&& (== net45) (== netstandard2.0)) (&& (== net45) (< net20)) (&& (== net45) (>= uap10.0)) (&& (== net46) (== netstandard2.0)) (&& (== net46) (< net20)) (&& (== net46) (>= uap10.0)) (== netstandard1.2) (&& (== netstandard2.0) (< netstandard1.2)) (&& (== netstandard2.0) (< netstandard1.3)) (&& (== netstandard2.0) (< netstandard1.4)) (&& (== netstandard2.0) (< netstandard1.5)) (&& (== netstandard2.0) (< netstandard1.6)) (&& (== netstandard2.0) (< portable-net45+win8+wpa81))
      Microsoft.NETCore.Platforms (>= 1.1) - restriction: || (&& (== net35) (>= netstandard1.0)) (&& (== net35) (>= netstandard1.3)) (&& (== net35) (>= netstandard1.5)) (&& (== net40) (>= netstandard1.0)) (&& (== net40) (>= netstandard1.3)) (&& (== net40) (>= netstandard1.5)) (&& (== net46) (< net45)) (== netstandard1.2) (== netstandard2.0)
      Microsoft.NETCore.Targets (>= 1.1) - restriction: || (&& (== net35) (>= netstandard1.0)) (&& (== net35) (>= netstandard1.3)) (&& (== net35) (>= netstandard1.5)) (&& (== net40) (>= netstandard1.0)) (&& (== net40) (>= netstandard1.3)) (&& (== net40) (>= netstandard1.5)) (&& (== net46) (< net45)) (== netstandard1.2) (== netstandard2.0)
      System.IO (>= 4.3) - restriction: || (&& (== net35) (>= netstandard1.0)) (&& (== net35) (>= netstandard1.3)) (&& (== net35) (>= netstandard1.5)) (&& (== net40) (>= netstandard1.0)) (&& (== net40) (>= netstandard1.3)) (&& (== net40) (>= netstandard1.5)) (&& (== net46) (< net45)) (== netstandard1.2) (== netstandard2.0)
      System.Reflection.Primitives (>= 4.3) - restriction: || (&& (== net35) (>= netstandard1.0)) (&& (== net35) (>= netstandard1.3)) (&& (== net35) (>= netstandard1.5)) (&& (== net40) (>= netstandard1.0)) (&& (== net40) (>= netstandard1.3)) (&& (== net40) (>= netstandard1.5)) (&& (== net46) (< net45)) (== netstandard1.2) (== netstandard2.0)
      System.Runtime (>= 4.3) - restriction: || (&& (== net35) (>= netstandard1.0)) (&& (== net35) (>= netstandard1.3)) (&& (== net35) (>= netstandard1.5)) (&& (== net40) (>= netstandard1.0)) (&& (== net40) (>= netstandard1.3)) (&& (== net40) (>= netstandard1.5)) (&& (== net46) (< net45)) (== netstandard1.2) (== netstandard2.0)
    System.Reflection.Extensions (4.3) - restriction: || (&& (== net35) (== netstandard2.0)) (&& (== net35) (< net20) (>= netstandard1.0)) (&& (== net35) (< net20) (>= netstandard1.1)) (&& (== net35) (< net20) (>= netstandard1.2)) (&& (== net35) (< net20) (>= netstandard1.3)) (&& (== net35) (< net20) (>= netstandard1.4)) (&& (== net35) (< net20) (>= netstandard1.5)) (&& (== net35) (< net20) (>= netstandard1.6)) (&& (== net35) (>= uap10.0)) (&& (== net40) (== netstandard2.0)) (&& (== net40) (< net20) (>= netstandard1.0)) (&& (== net40) (< net20) (>= netstandard1.1)) (&& (== net40) (< net20) (>= netstandard1.2)) (&& (== net40) (< net20) (>= netstandard1.3)) (&& (== net40) (< net20) (>= netstandard1.4)) (&& (== net40) (< net20) (>= netstandard1.5)) (&& (== net40) (< net20) (>= netstandard1.6)) (&& (== net40) (>= uap10.0)) (&& (== net45) (== netstandard2.0)) (&& (== net45) (< net20)) (&& (== net45) (>= uap10.0)) (&& (== net46) (== netstandard2.0)) (&& (== net46) (< net20)) (&& (== net46) (>= uap10.0)) (== netstandard1.2) (&& (== netstandard2.0) (< netstandard1.2)) (&& (== netstandard2.0) (< netstandard1.3)) (&& (== netstandard2.0) (< netstandard1.4)) (&& (== netstandard2.0) (< netstandard1.5)) (&& (== netstandard2.0) (< netstandard1.6)) (&& (== netstandard2.0) (< portable-net45+win8+wpa81))
      Microsoft.NETCore.Platforms (>= 1.1) - restriction: || (&& (== net35) (>= netstandard1.0)) (&& (== net40) (>= netstandard1.0)) (&& (== net46) (< net45)) (== netstandard1.2) (== netstandard2.0)
      Microsoft.NETCore.Targets (>= 1.1) - restriction: || (&& (== net35) (>= netstandard1.0)) (&& (== net40) (>= netstandard1.0)) (&& (== net46) (< net45)) (== netstandard1.2) (== netstandard2.0)
      System.Reflection (>= 4.3) - restriction: || (&& (== net35) (>= netstandard1.0)) (&& (== net40) (>= netstandard1.0)) (&& (== net46) (< net45)) (== netstandard1.2) (== netstandard2.0)
      System.Runtime (>= 4.3) - restriction: || (&& (== net35) (>= netstandard1.0)) (&& (== net40) (>= netstandard1.0)) (&& (== net46) (< net45)) (== netstandard1.2) (== netstandard2.0)
    System.Reflection.Primitives (4.3) - restriction: || (&& (== net35) (== netstandard2.0)) (&& (== net35) (< net20) (>= netstandard1.0)) (&& (== net35) (< net20) (>= netstandard1.1)) (&& (== net35) (< net20) (>= netstandard1.2)) (&& (== net35) (< net20) (>= netstandard1.3)) (&& (== net35) (< net20) (>= netstandard1.4)) (&& (== net35) (< net20) (>= netstandard1.5)) (&& (== net35) (< net20) (>= netstandard1.6)) (&& (== net35) (>= uap10.0)) (&& (== net40) (== netstandard2.0)) (&& (== net40) (< net20) (>= netstandard1.0)) (&& (== net40) (< net20) (>= netstandard1.1)) (&& (== net40) (< net20) (>= netstandard1.2)) (&& (== net40) (< net20) (>= netstandard1.3)) (&& (== net40) (< net20) (>= netstandard1.4)) (&& (== net40) (< net20) (>= netstandard1.5)) (&& (== net40) (< net20) (>= netstandard1.6)) (&& (== net40) (>= uap10.0)) (&& (== net45) (== netstandard2.0)) (&& (== net45) (< net20)) (&& (== net45) (>= uap10.0)) (&& (== net46) (== netstandard2.0)) (&& (== net46) (< net20)) (&& (== net46) (>= uap10.0)) (== netstandard1.2) (&& (== netstandard2.0) (< netstandard1.2)) (&& (== netstandard2.0) (< netstandard1.3)) (&& (== netstandard2.0) (< netstandard1.4)) (&& (== netstandard2.0) (< netstandard1.5)) (&& (== netstandard2.0) (< netstandard1.6)) (&& (== netstandard2.0) (< portable-net45+win8+wpa81))
      Microsoft.NETCore.Platforms (>= 1.1) - restriction: || (&& (== net35) (>= netstandard1.0)) (&& (== net40) (>= netstandard1.0)) (&& (== net46) (< net45)) (== netstandard1.2) (== netstandard2.0)
      Microsoft.NETCore.Targets (>= 1.1) - restriction: || (&& (== net35) (>= netstandard1.0)) (&& (== net40) (>= netstandard1.0)) (&& (== net46) (< net45)) (== netstandard1.2) (== netstandard2.0)
      System.Runtime (>= 4.3) - restriction: || (&& (== net35) (>= netstandard1.0)) (&& (== net40) (>= netstandard1.0)) (&& (== net46) (< net45)) (== netstandard1.2) (== netstandard2.0)
    System.Resources.ResourceManager (4.3) - restriction: || (&& (== net35) (== netstandard2.0)) (&& (== net35) (< net20) (>= netstandard1.0)) (&& (== net35) (< net20) (>= netstandard1.1)) (&& (== net35) (< net20) (>= netstandard1.2)) (&& (== net35) (< net20) (>= netstandard1.3)) (&& (== net35) (< net20) (>= netstandard1.4)) (&& (== net35) (< net20) (>= netstandard1.5)) (&& (== net35) (< net20) (>= netstandard1.6)) (&& (== net35) (>= uap10.0)) (&& (== net40) (== netstandard2.0)) (&& (== net40) (< net20) (>= netstandard1.0)) (&& (== net40) (< net20) (>= netstandard1.1)) (&& (== net40) (< net20) (>= netstandard1.2)) (&& (== net40) (< net20) (>= netstandard1.3)) (&& (== net40) (< net20) (>= netstandard1.4)) (&& (== net40) (< net20) (>= netstandard1.5)) (&& (== net40) (< net20) (>= netstandard1.6)) (&& (== net40) (>= uap10.0)) (&& (== net45) (== netstandard2.0)) (&& (== net45) (< net20)) (&& (== net45) (>= uap10.0)) (&& (== net46) (== netstandard2.0)) (&& (== net46) (< net20)) (&& (== net46) (>= uap10.0)) (== netstandard1.2) (&& (== netstandard2.0) (< netstandard1.2)) (&& (== netstandard2.0) (< netstandard1.3)) (&& (== netstandard2.0) (< netstandard1.4)) (&& (== netstandard2.0) (< netstandard1.5)) (&& (== netstandard2.0) (< netstandard1.6)) (&& (== netstandard2.0) (< portable-net45+win8+wpa81))
      Microsoft.NETCore.Platforms (>= 1.1) - restriction: || (&& (== net35) (>= netstandard1.0)) (&& (== net40) (>= netstandard1.0)) (&& (== net46) (< net45)) (== netstandard1.2) (== netstandard2.0)
      Microsoft.NETCore.Targets (>= 1.1) - restriction: || (&& (== net35) (>= netstandard1.0)) (&& (== net40) (>= netstandard1.0)) (&& (== net46) (< net45)) (== netstandard1.2) (== netstandard2.0)
      System.Globalization (>= 4.3) - restriction: || (&& (== net35) (>= netstandard1.0)) (&& (== net40) (>= netstandard1.0)) (&& (== net46) (< net45)) (== netstandard1.2) (== netstandard2.0)
      System.Reflection (>= 4.3) - restriction: || (&& (== net35) (>= netstandard1.0)) (&& (== net40) (>= netstandard1.0)) (&& (== net46) (< net45)) (== netstandard1.2) (== netstandard2.0)
      System.Runtime (>= 4.3) - restriction: || (&& (== net35) (>= netstandard1.0)) (&& (== net40) (>= netstandard1.0)) (&& (== net46) (< net45)) (== netstandard1.2) (== netstandard2.0)
    System.Runtime (4.3.1) - restriction: || (&& (== net35) (== netstandard2.0)) (&& (== net35) (< net20) (>= netstandard1.0)) (&& (== net35) (< net20) (>= netstandard1.1)) (&& (== net35) (< net20) (>= netstandard1.2)) (&& (== net35) (< net20) (>= netstandard1.3)) (&& (== net35) (< net20) (>= netstandard1.4)) (&& (== net35) (< net20) (>= netstandard1.5)) (&& (== net35) (< net20) (>= netstandard1.6)) (&& (== net35) (>= uap10.0)) (&& (== net40) (== netstandard2.0)) (&& (== net40) (< net20) (>= netstandard1.0)) (&& (== net40) (< net20) (>= netstandard1.1)) (&& (== net40) (< net20) (>= netstandard1.2)) (&& (== net40) (< net20) (>= netstandard1.3)) (&& (== net40) (< net20) (>= netstandard1.4)) (&& (== net40) (< net20) (>= netstandard1.5)) (&& (== net40) (< net20) (>= netstandard1.6)) (&& (== net40) (>= uap10.0)) (&& (== net45) (== netstandard2.0)) (&& (== net45) (< net20)) (&& (== net45) (>= uap10.0)) (&& (== net46) (== netstandard2.0)) (&& (== net46) (< net20)) (&& (== net46) (>= uap10.0)) (== netstandard1.2) (&& (== netstandard2.0) (< netstandard1.1)) (&& (== netstandard2.0) (< netstandard1.2)) (&& (== netstandard2.0) (< netstandard1.3)) (&& (== netstandard2.0) (< netstandard1.4)) (&& (== netstandard2.0) (< netstandard1.5)) (&& (== netstandard2.0) (< netstandard1.6)) (&& (== netstandard2.0) (< portable-net45+win8+wpa81))
      Microsoft.NETCore.Platforms (>= 1.1.1) - restriction: || (&& (== net35) (>= netstandard1.0)) (&& (== net35) (>= netstandard1.2)) (&& (== net35) (>= netstandard1.3)) (&& (== net35) (>= netstandard1.5)) (&& (== net40) (>= netstandard1.0)) (&& (== net40) (>= netstandard1.2)) (&& (== net40) (>= netstandard1.3)) (&& (== net40) (>= netstandard1.5)) (&& (== net46) (< net45)) (== netstandard1.2) (== netstandard2.0)
      Microsoft.NETCore.Targets (>= 1.1.3) - restriction: || (&& (== net35) (>= netstandard1.0)) (&& (== net35) (>= netstandard1.2)) (&& (== net35) (>= netstandard1.3)) (&& (== net35) (>= netstandard1.5)) (&& (== net40) (>= netstandard1.0)) (&& (== net40) (>= netstandard1.2)) (&& (== net40) (>= netstandard1.3)) (&& (== net40) (>= netstandard1.5)) (&& (== net46) (< net45)) (== netstandard1.2) (== netstandard2.0)
    System.Runtime.Extensions (4.3.1) - restriction: || (&& (== net35) (== netstandard2.0)) (&& (== net35) (< net20) (>= netstandard1.0)) (&& (== net35) (< net20) (>= netstandard1.1)) (&& (== net35) (< net20) (>= netstandard1.2)) (&& (== net35) (< net20) (>= netstandard1.3)) (&& (== net35) (< net20) (>= netstandard1.4)) (&& (== net35) (< net20) (>= netstandard1.5)) (&& (== net35) (< net20) (>= netstandard1.6)) (&& (== net35) (>= uap10.0)) (&& (== net40) (== netstandard2.0)) (&& (== net40) (< net20) (>= netstandard1.0)) (&& (== net40) (< net20) (>= netstandard1.1)) (&& (== net40) (< net20) (>= netstandard1.2)) (&& (== net40) (< net20) (>= netstandard1.3)) (&& (== net40) (< net20) (>= netstandard1.4)) (&& (== net40) (< net20) (>= netstandard1.5)) (&& (== net40) (< net20) (>= netstandard1.6)) (&& (== net40) (>= uap10.0)) (&& (== net45) (== netstandard2.0)) (&& (== net45) (< net20)) (&& (== net45) (>= uap10.0)) (&& (== net46) (== netstandard2.0)) (&& (== net46) (< net20)) (&& (== net46) (>= uap10.0)) (== netstandard1.2) (&& (== netstandard2.0) (< netstandard1.2)) (&& (== netstandard2.0) (< netstandard1.3)) (&& (== netstandard2.0) (< netstandard1.4)) (&& (== netstandard2.0) (< netstandard1.5)) (&& (== netstandard2.0) (< netstandard1.6)) (&& (== netstandard2.0) (< portable-net45+win8+wpa81))
      Microsoft.NETCore.Platforms (>= 1.1.1) - restriction: || (&& (== net35) (>= netstandard1.0)) (&& (== net35) (>= netstandard1.3)) (&& (== net35) (>= netstandard1.5)) (&& (== net40) (>= netstandard1.0)) (&& (== net40) (>= netstandard1.3)) (&& (== net40) (>= netstandard1.5)) (&& (== net46) (< net45)) (== netstandard1.2) (== netstandard2.0)
      Microsoft.NETCore.Targets (>= 1.1.3) - restriction: || (&& (== net35) (>= netstandard1.0)) (&& (== net35) (>= netstandard1.3)) (&& (== net35) (>= netstandard1.5)) (&& (== net40) (>= netstandard1.0)) (&& (== net40) (>= netstandard1.3)) (&& (== net40) (>= netstandard1.5)) (&& (== net46) (< net45)) (== netstandard1.2) (== netstandard2.0)
      System.Runtime (>= 4.3.1) - restriction: || (&& (== net35) (>= netstandard1.0)) (&& (== net35) (>= netstandard1.3)) (&& (== net35) (>= netstandard1.5)) (&& (== net40) (>= netstandard1.0)) (&& (== net40) (>= netstandard1.3)) (&& (== net40) (>= netstandard1.5)) (&& (== net46) (< net45)) (== netstandard1.2) (== netstandard2.0)
    System.Runtime.InteropServices (4.3) - restriction: || (&& (== net35) (== netstandard2.0)) (&& (== net35) (< net20) (>= netstandard1.1)) (&& (== net35) (< net20) (>= netstandard1.2)) (&& (== net35) (< net20) (>= netstandard1.3)) (&& (== net35) (< net20) (>= netstandard1.4)) (&& (== net35) (< net20) (>= netstandard1.5)) (&& (== net35) (< net20) (>= netstandard1.6)) (&& (== net35) (>= uap10.0)) (&& (== net40) (== netstandard2.0)) (&& (== net40) (< net20) (>= netstandard1.1)) (&& (== net40) (< net20) (>= netstandard1.2)) (&& (== net40) (< net20) (>= netstandard1.3)) (&& (== net40) (< net20) (>= netstandard1.4)) (&& (== net40) (< net20) (>= netstandard1.5)) (&& (== net40) (< net20) (>= netstandard1.6)) (&& (== net40) (>= uap10.0)) (&& (== net45) (== netstandard2.0)) (&& (== net45) (< net20)) (&& (== net45) (>= uap10.0)) (&& (== net46) (== netstandard2.0)) (&& (== net46) (< net20)) (&& (== net46) (>= uap10.0)) (== netstandard1.2) (&& (== netstandard2.0) (< netstandard1.2)) (&& (== netstandard2.0) (< netstandard1.3)) (&& (== netstandard2.0) (< netstandard1.4)) (&& (== netstandard2.0) (< netstandard1.5)) (&& (== netstandard2.0) (< netstandard1.6))
      Microsoft.NETCore.Platforms (>= 1.1) - restriction: || (&& (== net35) (>= netcoreapp1.1)) (&& (== net35) (>= netstandard1.1)) (&& (== net35) (>= netstandard1.2)) (&& (== net35) (>= netstandard1.3)) (&& (== net35) (>= netstandard1.5)) (&& (== net40) (>= netcoreapp1.1)) (&& (== net40) (>= netstandard1.1)) (&& (== net40) (>= netstandard1.2)) (&& (== net40) (>= netstandard1.3)) (&& (== net40) (>= netstandard1.5)) (&& (== net45) (>= netcoreapp1.1)) (&& (== net46) (< net45)) (&& (== net46) (>= netcoreapp1.1)) (== netstandard1.2) (== netstandard2.0)
      Microsoft.NETCore.Targets (>= 1.1) - restriction: || (&& (== net35) (>= netcoreapp1.1)) (&& (== net35) (>= netstandard1.1)) (&& (== net35) (>= netstandard1.2)) (&& (== net35) (>= netstandard1.3)) (&& (== net35) (>= netstandard1.5)) (&& (== net40) (>= netcoreapp1.1)) (&& (== net40) (>= netstandard1.1)) (&& (== net40) (>= netstandard1.2)) (&& (== net40) (>= netstandard1.3)) (&& (== net40) (>= netstandard1.5)) (&& (== net45) (>= netcoreapp1.1)) (&& (== net46) (< net45)) (&& (== net46) (>= netcoreapp1.1)) (== netstandard1.2) (== netstandard2.0)
      System.Reflection (>= 4.3) - restriction: || (&& (== net35) (>= netcoreapp1.1)) (&& (== net35) (>= netstandard1.1)) (&& (== net35) (>= netstandard1.2)) (&& (== net35) (>= netstandard1.3)) (&& (== net35) (>= netstandard1.5)) (&& (== net40) (>= netcoreapp1.1)) (&& (== net40) (>= netstandard1.1)) (&& (== net40) (>= netstandard1.2)) (&& (== net40) (>= netstandard1.3)) (&& (== net40) (>= netstandard1.5)) (&& (== net45) (>= netcoreapp1.1)) (&& (== net46) (< net45)) (&& (== net46) (>= netcoreapp1.1)) (== netstandard1.2) (== netstandard2.0)
      System.Reflection.Primitives (>= 4.3) - restriction: || (&& (== net35) (>= netcoreapp1.1)) (&& (== net35) (>= netstandard1.1)) (&& (== net35) (>= netstandard1.2)) (&& (== net35) (>= netstandard1.3)) (&& (== net35) (>= netstandard1.5)) (&& (== net40) (>= netcoreapp1.1)) (&& (== net40) (>= netstandard1.1)) (&& (== net40) (>= netstandard1.2)) (&& (== net40) (>= netstandard1.3)) (&& (== net40) (>= netstandard1.5)) (&& (== net45) (>= netcoreapp1.1)) (&& (== net46) (< net45)) (&& (== net46) (>= netcoreapp1.1)) (== netstandard1.2) (== netstandard2.0)
      System.Runtime (>= 4.3) - restriction: || (&& (== net35) (>= net462)) (&& (== net35) (>= netcoreapp1.1)) (&& (== net35) (>= netstandard1.1)) (&& (== net35) (>= netstandard1.2)) (&& (== net35) (>= netstandard1.3)) (&& (== net35) (>= netstandard1.5)) (&& (== net40) (>= net462)) (&& (== net40) (>= netcoreapp1.1)) (&& (== net40) (>= netstandard1.1)) (&& (== net40) (>= netstandard1.2)) (&& (== net40) (>= netstandard1.3)) (&& (== net40) (>= netstandard1.5)) (&& (== net45) (>= net462)) (&& (== net45) (>= netcoreapp1.1)) (&& (== net46) (< net45)) (&& (== net46) (>= net462)) (&& (== net46) (>= netcoreapp1.1)) (== netstandard1.2) (== netstandard2.0)
    System.Runtime.InteropServices.RuntimeInformation (4.3) - restriction: || (&& (== net35) (== net45) (>= win8)) (&& (== net35) (== net46) (>= win8)) (&& (== net35) (== netstandard2.0)) (&& (== net35) (< net20) (>= net45)) (&& (== net35) (< net20) (>= net46)) (&& (== net35) (< net20) (>= netstandard1.0) (>= portable-net45+win8)) (&& (== net35) (< net20) (>= netstandard1.0) (>= portable-net45+win8+wpa81)) (&& (== net35) (< net20) (>= netstandard1.1)) (&& (== net35) (< net20) (>= netstandard1.2)) (&& (== net35) (< net20) (>= netstandard1.3)) (&& (== net35) (< net20) (>= netstandard1.4)) (&& (== net35) (< net20) (>= netstandard1.5)) (&& (== net35) (< net20) (>= netstandard1.6)) (&& (== net35) (>= netstandard1.0) (>= win8)) (&& (== net35) (>= netstandard1.3) (>= win8)) (&& (== net35) (>= netstandard1.5) (>= win8)) (&& (== net35) (>= netstandard1.6) (>= win8)) (&& (== net35) (>= uap10.0)) (&& (== net35) (>= wpa81)) (&& (== net40) (== net45) (>= win8)) (&& (== net40) (== net46) (>= win8)) (&& (== net40) (== netstandard2.0)) (&& (== net40) (< net20) (>= net45)) (&& (== net40) (< net20) (>= net46)) (&& (== net40) (< net20) (>= netstandard1.0) (>= portable-net45+win8)) (&& (== net40) (< net20) (>= netstandard1.0) (>= portable-net45+win8+wpa81)) (&& (== net40) (< net20) (>= netstandard1.1)) (&& (== net40) (< net20) (>= netstandard1.2)) (&& (== net40) (< net20) (>= netstandard1.3)) (&& (== net40) (< net20) (>= netstandard1.4)) (&& (== net40) (< net20) (>= netstandard1.5)) (&& (== net40) (< net20) (>= netstandard1.6)) (&& (== net40) (>= netstandard1.0) (>= win8)) (&& (== net40) (>= netstandard1.3) (>= win8)) (&& (== net40) (>= netstandard1.5) (>= win8)) (&& (== net40) (>= netstandard1.6) (>= win8)) (&& (== net40) (>= uap10.0)) (&& (== net40) (>= wpa81)) (&& (== net45) (== netstandard2.0)) (&& (== net45) (< net20)) (&& (== net45) (< netstandard1.0) (>= win8)) (&& (== net45) (>= uap10.0)) (&& (== net45) (>= wpa81)) (&& (== net46) (== netstandard2.0)) (&& (== net46) (< net20)) (&& (== net46) (< netstandard1.0) (>= win8)) (&& (== net46) (< netstandard1.3) (>= wpa81)) (&& (== net46) (>= uap10.0)) (== netstandard1.2) (&& (== netstandard2.0) (< netstandard1.0)) (&& (== netstandard2.0) (< netstandard1.2)) (&& (== netstandard2.0) (< netstandard1.3)) (&& (== netstandard2.0) (< netstandard1.4)) (&& (== netstandard2.0) (< netstandard1.5)) (&& (== netstandard2.0) (< netstandard1.6))
      runtime.native.System (>= 4.3) - restriction: || (&& (== net35) (>= netstandard1.1)) (&& (== net40) (>= netstandard1.1)) (&& (== net46) (< net45)) (== netstandard1.2) (== netstandard2.0)
      System.Reflection (>= 4.3) - restriction: || (&& (== net35) (>= netstandard1.1)) (&& (== net40) (>= netstandard1.1)) (&& (== net46) (< net45)) (== netstandard1.2) (== netstandard2.0)
      System.Reflection.Extensions (>= 4.3) - restriction: || (&& (== net35) (>= netstandard1.1)) (&& (== net40) (>= netstandard1.1)) (&& (== net46) (< net45)) (== netstandard1.2) (== netstandard2.0)
      System.Resources.ResourceManager (>= 4.3) - restriction: || (&& (== net35) (>= netstandard1.1)) (&& (== net40) (>= netstandard1.1)) (&& (== net46) (< net45)) (== netstandard1.2) (== netstandard2.0)
      System.Runtime (>= 4.3) - restriction: || (&& (== net35) (>= netstandard1.1)) (&& (== net40) (>= netstandard1.1)) (&& (== net46) (< net45)) (== netstandard1.2) (== netstandard2.0)
      System.Runtime.InteropServices (>= 4.3) - restriction: || (&& (== net35) (>= netstandard1.1)) (&& (== net40) (>= netstandard1.1)) (&& (== net46) (< net45)) (== netstandard1.2) (== netstandard2.0)
      System.Threading (>= 4.3) - restriction: || (&& (== net35) (>= netstandard1.1)) (&& (== net40) (>= netstandard1.1)) (&& (== net46) (< net45)) (== netstandard1.2) (== netstandard2.0)
    System.Runtime.Numerics (4.3) - restriction: || (&& (== net35) (== netstandard2.0)) (&& (== net35) (< net20) (>= netstandard1.1)) (&& (== net35) (< net20) (>= netstandard1.2)) (&& (== net35) (< net20) (>= netstandard1.3)) (&& (== net35) (< net20) (>= netstandard1.4)) (&& (== net35) (< net20) (>= netstandard1.5)) (&& (== net35) (< net20) (>= netstandard1.6)) (&& (== net35) (>= uap10.0)) (&& (== net40) (== netstandard2.0)) (&& (== net40) (< net20) (>= netstandard1.1)) (&& (== net40) (< net20) (>= netstandard1.2)) (&& (== net40) (< net20) (>= netstandard1.3)) (&& (== net40) (< net20) (>= netstandard1.4)) (&& (== net40) (< net20) (>= netstandard1.5)) (&& (== net40) (< net20) (>= netstandard1.6)) (&& (== net40) (>= uap10.0)) (&& (== net45) (== netstandard2.0)) (&& (== net45) (< net20)) (&& (== net45) (>= uap10.0)) (&& (== net46) (== netstandard2.0)) (&& (== net46) (< net20)) (&& (== net46) (>= uap10.0)) (== netstandard1.2) (&& (== netstandard2.0) (< netstandard1.2)) (&& (== netstandard2.0) (< netstandard1.3)) (&& (== netstandard2.0) (< netstandard1.4)) (&& (== netstandard2.0) (< netstandard1.5)) (&& (== netstandard2.0) (< netstandard1.6))
      System.Runtime (>= 4.3) - restriction: || (&& (== net35) (>= netstandard1.1)) (&& (== net35) (>= netstandard1.3)) (&& (== net40) (>= netstandard1.1)) (&& (== net40) (>= netstandard1.3)) (&& (== net46) (< net45)) (== netstandard1.2) (== netstandard2.0)
    System.Text.Encoding (4.3) - restriction: || (&& (== net35) (== netstandard2.0)) (&& (== net35) (< net20) (>= netstandard1.0)) (&& (== net35) (< net20) (>= netstandard1.1)) (&& (== net35) (< net20) (>= netstandard1.2)) (&& (== net35) (< net20) (>= netstandard1.3)) (&& (== net35) (< net20) (>= netstandard1.4)) (&& (== net35) (< net20) (>= netstandard1.5)) (&& (== net35) (< net20) (>= netstandard1.6)) (&& (== net35) (>= uap10.0)) (&& (== net40) (== netstandard2.0)) (&& (== net40) (< net20) (>= netstandard1.0)) (&& (== net40) (< net20) (>= netstandard1.1)) (&& (== net40) (< net20) (>= netstandard1.2)) (&& (== net40) (< net20) (>= netstandard1.3)) (&& (== net40) (< net20) (>= netstandard1.4)) (&& (== net40) (< net20) (>= netstandard1.5)) (&& (== net40) (< net20) (>= netstandard1.6)) (&& (== net40) (>= uap10.0)) (&& (== net45) (== netstandard2.0)) (&& (== net45) (< net20)) (&& (== net45) (>= uap10.0)) (&& (== net46) (== netstandard2.0)) (&& (== net46) (< net20)) (&& (== net46) (>= uap10.0)) (== netstandard1.2) (&& (== netstandard2.0) (< netstandard1.2)) (&& (== netstandard2.0) (< netstandard1.3)) (&& (== netstandard2.0) (< netstandard1.4)) (&& (== netstandard2.0) (< netstandard1.5)) (&& (== netstandard2.0) (< netstandard1.6)) (&& (== netstandard2.0) (< portable-net45+win8+wpa81))
      Microsoft.NETCore.Platforms (>= 1.1) - restriction: || (&& (== net35) (>= netstandard1.0)) (&& (== net35) (>= netstandard1.3)) (&& (== net40) (>= netstandard1.0)) (&& (== net40) (>= netstandard1.3)) (&& (== net46) (< net45)) (== netstandard1.2) (== netstandard2.0)
      Microsoft.NETCore.Targets (>= 1.1) - restriction: || (&& (== net35) (>= netstandard1.0)) (&& (== net35) (>= netstandard1.3)) (&& (== net40) (>= netstandard1.0)) (&& (== net40) (>= netstandard1.3)) (&& (== net46) (< net45)) (== netstandard1.2) (== netstandard2.0)
      System.Runtime (>= 4.3) - restriction: || (&& (== net35) (>= netstandard1.0)) (&& (== net35) (>= netstandard1.3)) (&& (== net40) (>= netstandard1.0)) (&& (== net40) (>= netstandard1.3)) (&& (== net46) (< net45)) (== netstandard1.2) (== netstandard2.0)
    System.Text.Encoding.Extensions (4.3) - restriction: || (&& (== net35) (== netstandard2.0)) (&& (== net35) (< net20) (>= netstandard1.0)) (&& (== net35) (< net20) (>= netstandard1.1)) (&& (== net35) (< net20) (>= netstandard1.2)) (&& (== net35) (< net20) (>= netstandard1.3)) (&& (== net35) (< net20) (>= netstandard1.4)) (&& (== net35) (< net20) (>= netstandard1.5)) (&& (== net35) (< net20) (>= netstandard1.6)) (&& (== net35) (>= uap10.0)) (&& (== net40) (== netstandard2.0)) (&& (== net40) (< net20) (>= netstandard1.0)) (&& (== net40) (< net20) (>= netstandard1.1)) (&& (== net40) (< net20) (>= netstandard1.2)) (&& (== net40) (< net20) (>= netstandard1.3)) (&& (== net40) (< net20) (>= netstandard1.4)) (&& (== net40) (< net20) (>= netstandard1.5)) (&& (== net40) (< net20) (>= netstandard1.6)) (&& (== net40) (>= uap10.0)) (&& (== net45) (== netstandard2.0)) (&& (== net45) (< net20)) (&& (== net45) (>= uap10.0)) (&& (== net46) (== netstandard2.0)) (&& (== net46) (< net20)) (&& (== net46) (>= uap10.0)) (== netstandard1.2) (&& (== netstandard2.0) (< netstandard1.2)) (&& (== netstandard2.0) (< netstandard1.3)) (&& (== netstandard2.0) (< netstandard1.4)) (&& (== netstandard2.0) (< netstandard1.5)) (&& (== netstandard2.0) (< netstandard1.6)) (&& (== netstandard2.0) (< portable-net45+win8+wpa81))
      Microsoft.NETCore.Platforms (>= 1.1) - restriction: || (&& (== net35) (>= netstandard1.0)) (&& (== net35) (>= netstandard1.3)) (&& (== net40) (>= netstandard1.0)) (&& (== net40) (>= netstandard1.3)) (&& (== net46) (< net45)) (== netstandard1.2) (== netstandard2.0)
      Microsoft.NETCore.Targets (>= 1.1) - restriction: || (&& (== net35) (>= netstandard1.0)) (&& (== net35) (>= netstandard1.3)) (&& (== net40) (>= netstandard1.0)) (&& (== net40) (>= netstandard1.3)) (&& (== net46) (< net45)) (== netstandard1.2) (== netstandard2.0)
      System.Runtime (>= 4.3) - restriction: || (&& (== net35) (>= netstandard1.0)) (&& (== net35) (>= netstandard1.3)) (&& (== net40) (>= netstandard1.0)) (&& (== net40) (>= netstandard1.3)) (&& (== net46) (< net45)) (== netstandard1.2) (== netstandard2.0)
      System.Text.Encoding (>= 4.3) - restriction: || (&& (== net35) (>= netstandard1.0)) (&& (== net35) (>= netstandard1.3)) (&& (== net40) (>= netstandard1.0)) (&& (== net40) (>= netstandard1.3)) (&& (== net46) (< net45)) (== netstandard1.2) (== netstandard2.0)
    System.Text.RegularExpressions (4.3.1) - restriction: || (&& (== net35) (== netstandard2.0)) (&& (== net35) (< net20) (>= netstandard1.0)) (&& (== net35) (< net20) (>= netstandard1.1)) (&& (== net35) (< net20) (>= netstandard1.2)) (&& (== net35) (< net20) (>= netstandard1.3)) (&& (== net35) (< net20) (>= netstandard1.4)) (&& (== net35) (< net20) (>= netstandard1.5)) (&& (== net35) (< net20) (>= netstandard1.6)) (&& (== net35) (>= uap10.0)) (&& (== net40) (== netstandard2.0)) (&& (== net40) (< net20) (>= netstandard1.0)) (&& (== net40) (< net20) (>= netstandard1.1)) (&& (== net40) (< net20) (>= netstandard1.2)) (&& (== net40) (< net20) (>= netstandard1.3)) (&& (== net40) (< net20) (>= netstandard1.4)) (&& (== net40) (< net20) (>= netstandard1.5)) (&& (== net40) (< net20) (>= netstandard1.6)) (&& (== net40) (>= uap10.0)) (&& (== net45) (== netstandard2.0)) (&& (== net45) (< net20)) (&& (== net45) (>= uap10.0)) (&& (== net46) (== netstandard2.0)) (&& (== net46) (< net20)) (&& (== net46) (>= uap10.0)) (== netstandard1.2) (&& (== netstandard2.0) (< netstandard1.2)) (&& (== netstandard2.0) (< netstandard1.3)) (&& (== netstandard2.0) (< netstandard1.4)) (&& (== netstandard2.0) (< netstandard1.5)) (&& (== netstandard2.0) (< netstandard1.6)) (&& (== netstandard2.0) (< portable-net45+win8+wpa81))
      System.Runtime (>= 4.3.1) - restriction: || (&& (== net35) (>= netcoreapp1.1)) (&& (== net35) (>= netstandard1.0)) (&& (== net35) (>= netstandard1.3)) (&& (== net35) (>= netstandard1.6)) (&& (== net40) (>= netcoreapp1.1)) (&& (== net40) (>= netstandard1.0)) (&& (== net40) (>= netstandard1.3)) (&& (== net40) (>= netstandard1.6)) (&& (== net45) (>= netcoreapp1.1)) (&& (== net46) (< net45)) (&& (== net46) (>= netcoreapp1.1)) (== netstandard1.2) (== netstandard2.0)
    System.Threading (4.3) - restriction: || (&& (== net35) (== netstandard2.0)) (&& (== net35) (< net20) (>= netstandard1.0)) (&& (== net35) (< net20) (>= netstandard1.1)) (&& (== net35) (< net20) (>= netstandard1.2)) (&& (== net35) (< net20) (>= netstandard1.3)) (&& (== net35) (< net20) (>= netstandard1.4)) (&& (== net35) (< net20) (>= netstandard1.5)) (&& (== net35) (< net20) (>= netstandard1.6)) (&& (== net35) (>= uap10.0)) (&& (== net40) (== netstandard2.0)) (&& (== net40) (< net20) (>= netstandard1.0)) (&& (== net40) (< net20) (>= netstandard1.1)) (&& (== net40) (< net20) (>= netstandard1.2)) (&& (== net40) (< net20) (>= netstandard1.3)) (&& (== net40) (< net20) (>= netstandard1.4)) (&& (== net40) (< net20) (>= netstandard1.5)) (&& (== net40) (< net20) (>= netstandard1.6)) (&& (== net40) (>= uap10.0)) (&& (== net45) (== netstandard2.0)) (&& (== net45) (< net20)) (&& (== net45) (>= uap10.0)) (&& (== net46) (== netstandard2.0)) (&& (== net46) (< net20)) (&& (== net46) (>= uap10.0)) (== netstandard1.2) (&& (== netstandard2.0) (< netstandard1.2)) (&& (== netstandard2.0) (< netstandard1.3)) (&& (== netstandard2.0) (< netstandard1.4)) (&& (== netstandard2.0) (< netstandard1.5)) (&& (== netstandard2.0) (< netstandard1.6)) (&& (== netstandard2.0) (< portable-net45+win8+wpa81))
      System.Runtime (>= 4.3) - restriction: || (&& (== net35) (>= netstandard1.0)) (&& (== net35) (>= netstandard1.3)) (&& (== net40) (>= netstandard1.0)) (&& (== net40) (>= netstandard1.3)) (&& (== net46) (< net45)) (== netstandard1.2) (== netstandard2.0)
      System.Threading.Tasks (>= 4.3) - restriction: || (&& (== net35) (>= netstandard1.0)) (&& (== net35) (>= netstandard1.3)) (&& (== net40) (>= netstandard1.0)) (&& (== net40) (>= netstandard1.3)) (&& (== net46) (< net45)) (== netstandard1.2) (== netstandard2.0)
    System.Threading.Tasks (4.3) - restriction: || (&& (== net35) (== netstandard2.0)) (&& (== net35) (< net20) (>= netstandard1.0)) (&& (== net35) (< net20) (>= netstandard1.1)) (&& (== net35) (< net20) (>= netstandard1.2)) (&& (== net35) (< net20) (>= netstandard1.3)) (&& (== net35) (< net20) (>= netstandard1.4)) (&& (== net35) (< net20) (>= netstandard1.5)) (&& (== net35) (< net20) (>= netstandard1.6)) (&& (== net35) (>= uap10.0)) (&& (== net40) (== netstandard2.0)) (&& (== net40) (< net20) (>= netstandard1.0)) (&& (== net40) (< net20) (>= netstandard1.1)) (&& (== net40) (< net20) (>= netstandard1.2)) (&& (== net40) (< net20) (>= netstandard1.3)) (&& (== net40) (< net20) (>= netstandard1.4)) (&& (== net40) (< net20) (>= netstandard1.5)) (&& (== net40) (< net20) (>= netstandard1.6)) (&& (== net40) (>= uap10.0)) (&& (== net45) (== netstandard2.0)) (&& (== net45) (< net20)) (&& (== net45) (>= uap10.0)) (&& (== net46) (== netstandard2.0)) (&& (== net46) (< net20)) (&& (== net46) (>= uap10.0)) (== netstandard1.2) (&& (== netstandard2.0) (< netstandard1.2)) (&& (== netstandard2.0) (< netstandard1.3)) (&& (== netstandard2.0) (< netstandard1.4)) (&& (== netstandard2.0) (< netstandard1.5)) (&& (== netstandard2.0) (< netstandard1.6)) (&& (== netstandard2.0) (< portable-net45+win8+wpa81))
      Microsoft.NETCore.Platforms (>= 1.1) - restriction: || (&& (== net35) (>= netstandard1.0)) (&& (== net35) (>= netstandard1.3)) (&& (== net40) (>= netstandard1.0)) (&& (== net40) (>= netstandard1.3)) (&& (== net46) (< net45)) (== netstandard1.2) (== netstandard2.0)
      Microsoft.NETCore.Targets (>= 1.1) - restriction: || (&& (== net35) (>= netstandard1.0)) (&& (== net35) (>= netstandard1.3)) (&& (== net40) (>= netstandard1.0)) (&& (== net40) (>= netstandard1.3)) (&& (== net46) (< net45)) (== netstandard1.2) (== netstandard2.0)
      System.Runtime (>= 4.3) - restriction: || (&& (== net35) (>= netstandard1.0)) (&& (== net35) (>= netstandard1.3)) (&& (== net40) (>= netstandard1.0)) (&& (== net40) (>= netstandard1.3)) (&& (== net46) (< net45)) (== netstandard1.2) (== netstandard2.0)
    System.Threading.Tasks.Unofficial (3.1) - restriction: || (== net35) (&& (== net40) (== netstandard1.2)) (&& (== net40) (== netstandard2.0)) (&& (== net45) (== netstandard1.2) (< netstandard1.0)) (&& (== net45) (== netstandard2.0) (< netstandard1.0)) (&& (== net45) (< net40) (< netstandard1.0)) (&& (== net46) (== netstandard1.2) (< netstandard1.0)) (&& (== net46) (== netstandard2.0) (< netstandard1.0)) (&& (== net46) (< net40) (< netstandard1.0)) (&& (== netstandard1.2) (>= net35) (< netstandard1.0)) (&& (== netstandard2.0) (>= net35) (< netstandard1.0))
    System.Threading.Timer (4.3) - restriction: || (&& (== net35) (== netstandard2.0)) (&& (== net35) (< net20) (>= netstandard1.2)) (&& (== net35) (< net20) (>= netstandard1.3)) (&& (== net35) (< net20) (>= netstandard1.4)) (&& (== net35) (< net20) (>= netstandard1.5)) (&& (== net35) (< net20) (>= netstandard1.6)) (&& (== net35) (>= uap10.0)) (&& (== net40) (== netstandard2.0)) (&& (== net40) (< net20) (>= netstandard1.2)) (&& (== net40) (< net20) (>= netstandard1.3)) (&& (== net40) (< net20) (>= netstandard1.4)) (&& (== net40) (< net20) (>= netstandard1.5)) (&& (== net40) (< net20) (>= netstandard1.6)) (&& (== net40) (>= uap10.0)) (&& (== net45) (== netstandard2.0)) (&& (== net45) (< net20) (>= netstandard1.2)) (&& (== net45) (< net20) (>= netstandard1.3)) (&& (== net45) (< net20) (>= netstandard1.4)) (&& (== net45) (< net20) (>= netstandard1.5)) (&& (== net45) (< net20) (>= netstandard1.6)) (&& (== net45) (>= uap10.0)) (&& (== net46) (== netstandard2.0)) (&& (== net46) (< net20)) (&& (== net46) (>= uap10.0)) (== netstandard1.2) (&& (== netstandard2.0) (< netstandard1.3)) (&& (== netstandard2.0) (< netstandard1.4)) (&& (== netstandard2.0) (< netstandard1.5)) (&& (== netstandard2.0) (< netstandard1.6))
      Microsoft.NETCore.Platforms (>= 1.1) - restriction: || (&& (== net35) (>= netstandard1.2)) (&& (== net40) (>= netstandard1.2)) (&& (== net45) (>= netstandard1.2)) (&& (== net46) (< net451)) (== netstandard1.2) (== netstandard2.0)
      Microsoft.NETCore.Targets (>= 1.1) - restriction: || (&& (== net35) (>= netstandard1.2)) (&& (== net40) (>= netstandard1.2)) (&& (== net45) (>= netstandard1.2)) (&& (== net46) (< net451)) (== netstandard1.2) (== netstandard2.0)
      System.Runtime (>= 4.3) - restriction: || (&& (== net35) (>= netstandard1.2)) (&& (== net40) (>= netstandard1.2)) (&& (== net45) (>= netstandard1.2)) (&& (== net46) (< net451)) (== netstandard1.2) (== netstandard2.0)
    System.Xml.ReaderWriter (4.3.1) - restriction: || (&& (== net35) (== netstandard2.0)) (&& (== net35) (< net20) (>= net46)) (&& (== net35) (< net20) (>= netstandard1.0)) (&& (== net35) (< net20) (>= netstandard1.1)) (&& (== net35) (< net20) (>= netstandard1.2)) (&& (== net35) (< net20) (>= netstandard1.3)) (&& (== net35) (< net20) (>= netstandard1.4)) (&& (== net35) (< net20) (>= netstandard1.5)) (&& (== net35) (< net20) (>= netstandard1.6)) (&& (== net35) (>= uap10.0)) (&& (== net40) (== netstandard2.0)) (&& (== net40) (< net20) (>= net46)) (&& (== net40) (< net20) (>= netstandard1.0)) (&& (== net40) (< net20) (>= netstandard1.1)) (&& (== net40) (< net20) (>= netstandard1.2)) (&& (== net40) (< net20) (>= netstandard1.3)) (&& (== net40) (< net20) (>= netstandard1.4)) (&& (== net40) (< net20) (>= netstandard1.5)) (&& (== net40) (< net20) (>= netstandard1.6)) (&& (== net40) (>= uap10.0)) (&& (== net45) (== netstandard2.0)) (&& (== net45) (< net20)) (&& (== net45) (>= uap10.0)) (&& (== net46) (== netstandard2.0)) (&& (== net46) (< net20)) (&& (== net46) (>= uap10.0)) (== netstandard1.2) (&& (== netstandard2.0) (< netstandard1.2)) (&& (== netstandard2.0) (< netstandard1.3)) (&& (== netstandard2.0) (< netstandard1.4)) (&& (== netstandard2.0) (< netstandard1.5)) (&& (== netstandard2.0) (< netstandard1.6)) (&& (== netstandard2.0) (< portable-net45+win8+wpa81))
      System.IO (>= 4.3) - restriction: || (&& (== net35) (>= netstandard1.0)) (&& (== net35) (>= netstandard1.3)) (&& (== net40) (>= netstandard1.0)) (&& (== net40) (>= netstandard1.3)) (&& (== net46) (< net45)) (== netstandard1.2) (== netstandard2.0)
      System.Runtime (>= 4.3) - restriction: || (&& (== net35) (>= netstandard1.0)) (&& (== net35) (>= netstandard1.3)) (&& (== net40) (>= netstandard1.0)) (&& (== net40) (>= netstandard1.3)) (&& (== net46) (< net45)) (== netstandard1.2) (== netstandard2.0)
      System.Text.Encoding (>= 4.3) - restriction: || (&& (== net35) (>= netstandard1.0)) (&& (== net35) (>= netstandard1.3)) (&& (== net40) (>= netstandard1.0)) (&& (== net40) (>= netstandard1.3)) (&& (== net46) (< net45)) (== netstandard1.2) (== netstandard2.0)
      System.Threading.Tasks (>= 4.3) - restriction: || (&& (== net35) (>= netstandard1.0)) (&& (== net35) (>= netstandard1.3)) (&& (== net40) (>= netstandard1.0)) (&& (== net40) (>= netstandard1.3)) (&& (== net46) (< net45)) (== netstandard1.2) (== netstandard2.0)
    System.Xml.XDocument (4.3) - restriction: || (&& (== net35) (== netstandard2.0)) (&& (== net35) (< net20) (>= netstandard1.0)) (&& (== net35) (< net20) (>= netstandard1.1)) (&& (== net35) (< net20) (>= netstandard1.2)) (&& (== net35) (< net20) (>= netstandard1.3)) (&& (== net35) (< net20) (>= netstandard1.4)) (&& (== net35) (< net20) (>= netstandard1.5)) (&& (== net35) (< net20) (>= netstandard1.6)) (&& (== net35) (>= uap10.0)) (&& (== net40) (== netstandard2.0)) (&& (== net40) (< net20) (>= netstandard1.0)) (&& (== net40) (< net20) (>= netstandard1.1)) (&& (== net40) (< net20) (>= netstandard1.2)) (&& (== net40) (< net20) (>= netstandard1.3)) (&& (== net40) (< net20) (>= netstandard1.4)) (&& (== net40) (< net20) (>= netstandard1.5)) (&& (== net40) (< net20) (>= netstandard1.6)) (&& (== net40) (>= uap10.0)) (&& (== net45) (== netstandard2.0)) (&& (== net45) (< net20)) (&& (== net45) (>= uap10.0)) (&& (== net46) (== netstandard2.0)) (&& (== net46) (< net20)) (&& (== net46) (>= uap10.0)) (== netstandard1.2) (&& (== netstandard2.0) (< netstandard1.2)) (&& (== netstandard2.0) (< netstandard1.3)) (&& (== netstandard2.0) (< netstandard1.4)) (&& (== netstandard2.0) (< netstandard1.5)) (&& (== netstandard2.0) (< netstandard1.6)) (&& (== netstandard2.0) (< portable-net45+win8+wpa81))
      System.IO (>= 4.3) - restriction: || (&& (== net35) (>= netstandard1.0)) (&& (== net35) (>= netstandard1.3)) (&& (== net40) (>= netstandard1.0)) (&& (== net40) (>= netstandard1.3)) (&& (== net46) (< net45)) (== netstandard1.2) (== netstandard2.0)
      System.Runtime (>= 4.3) - restriction: || (&& (== net35) (>= netstandard1.0)) (&& (== net35) (>= netstandard1.3)) (&& (== net40) (>= netstandard1.0)) (&& (== net40) (>= netstandard1.3)) (&& (== net46) (< net45)) (== netstandard1.2) (== netstandard2.0)
      System.Xml.ReaderWriter (>= 4.3) - restriction: || (&& (== net35) (>= netstandard1.0)) (&& (== net35) (>= netstandard1.3)) (&& (== net40) (>= netstandard1.0)) (&& (== net40) (>= netstandard1.3)) (&& (== net46) (< net45)) (== netstandard1.2) (== netstandard2.0)

GROUP netstandard
STORAGE: NONE
RESTRICTION: || (== netstandard1.2) (== netstandard1.3) (== netstandard1.4) (== netstandard1.5) (== netstandard1.6) (== netstandard2.0)
NUGET
  remote: https://api.nuget.org/v3/index.json
    Microsoft.NETCore.Platforms (2.2.1)
    Microsoft.NETCore.Targets (2.1)
    System.Collections (4.3)
      Microsoft.NETCore.Platforms (>= 1.1)
      Microsoft.NETCore.Targets (>= 1.1)
      System.Runtime (>= 4.3)
    System.Data.Common (4.3)
      System.Collections (>= 4.3)
      System.Globalization (>= 4.3)
      System.IO (>= 4.3)
      System.Resources.ResourceManager (>= 4.3)
      System.Runtime (>= 4.3)
      System.Runtime.Extensions (>= 4.3)
      System.Text.RegularExpressions (>= 4.3)
      System.Threading.Tasks (>= 4.3)
    System.Globalization (4.3)
      Microsoft.NETCore.Platforms (>= 1.1)
      Microsoft.NETCore.Targets (>= 1.1)
      System.Runtime (>= 4.3)
    System.IO (4.3)
      Microsoft.NETCore.Platforms (>= 1.1)
      Microsoft.NETCore.Targets (>= 1.1)
      System.Runtime (>= 4.3)
      System.Text.Encoding (>= 4.3)
      System.Threading.Tasks (>= 4.3)
    System.Reflection (4.3)
      Microsoft.NETCore.Platforms (>= 1.1)
      Microsoft.NETCore.Targets (>= 1.1)
      System.IO (>= 4.3)
      System.Reflection.Primitives (>= 4.3)
      System.Runtime (>= 4.3)
    System.Reflection.Primitives (4.3)
      Microsoft.NETCore.Platforms (>= 1.1)
      Microsoft.NETCore.Targets (>= 1.1)
      System.Runtime (>= 4.3)
    System.Resources.ResourceManager (4.3)
      Microsoft.NETCore.Platforms (>= 1.1)
      Microsoft.NETCore.Targets (>= 1.1)
      System.Globalization (>= 4.3)
      System.Reflection (>= 4.3)
      System.Runtime (>= 4.3)
    System.Runtime (4.3.1)
      Microsoft.NETCore.Platforms (>= 1.1.1)
      Microsoft.NETCore.Targets (>= 1.1.3)
    System.Runtime.Extensions (4.3.1)
      Microsoft.NETCore.Platforms (>= 1.1.1)
      Microsoft.NETCore.Targets (>= 1.1.3)
      System.Runtime (>= 4.3.1)
    System.Text.Encoding (4.3)
      Microsoft.NETCore.Platforms (>= 1.1)
      Microsoft.NETCore.Targets (>= 1.1)
      System.Runtime (>= 4.3)
    System.Text.RegularExpressions (4.3.1)
      System.Collections (>= 4.3) - restriction: || (&& (== netstandard1.2) (>= netstandard1.6)) (&& (== netstandard1.3) (>= netstandard1.6)) (&& (== netstandard1.4) (>= netstandard1.6)) (&& (== netstandard1.5) (>= netstandard1.6)) (== netstandard1.6) (== netstandard2.0)
      System.Globalization (>= 4.3) - restriction: || (&& (== netstandard1.2) (>= netstandard1.6)) (&& (== netstandard1.3) (>= netstandard1.6)) (&& (== netstandard1.4) (>= netstandard1.6)) (&& (== netstandard1.5) (>= netstandard1.6)) (== netstandard1.6) (== netstandard2.0)
      System.Resources.ResourceManager (>= 4.3) - restriction: || (&& (== netstandard1.2) (>= netstandard1.6)) (&& (== netstandard1.3) (>= netstandard1.6)) (&& (== netstandard1.4) (>= netstandard1.6)) (&& (== netstandard1.5) (>= netstandard1.6)) (== netstandard1.6) (== netstandard2.0)
      System.Runtime (>= 4.3.1)
      System.Runtime.Extensions (>= 4.3.1) - restriction: || (&& (== netstandard1.2) (>= netstandard1.6)) (&& (== netstandard1.3) (>= netstandard1.6)) (&& (== netstandard1.4) (>= netstandard1.6)) (&& (== netstandard1.5) (>= netstandard1.6)) (== netstandard1.6) (== netstandard2.0)
      System.Threading (>= 4.3) - restriction: || (&& (== netstandard1.2) (>= netstandard1.6)) (&& (== netstandard1.3) (>= netstandard1.6)) (&& (== netstandard1.4) (>= netstandard1.6)) (&& (== netstandard1.5) (>= netstandard1.6)) (== netstandard1.6) (== netstandard2.0)
    System.Threading (4.3) - restriction: || (&& (== netstandard1.2) (>= netstandard1.6)) (&& (== netstandard1.3) (>= netstandard1.6)) (&& (== netstandard1.4) (>= netstandard1.6)) (&& (== netstandard1.5) (>= netstandard1.6)) (== netstandard1.6) (== netstandard2.0)
      System.Runtime (>= 4.3)
      System.Threading.Tasks (>= 4.3)
    System.Threading.Tasks (4.3)
      Microsoft.NETCore.Platforms (>= 1.1)
      Microsoft.NETCore.Targets (>= 1.1)
      System.Runtime (>= 4.3)
