STORAGE: NONE
RESTRICTION: == net45
NUGET
  remote: ../../../../dist
    Axle.Application (1.5.1.85)
      Axle.Core (>= 1.5.1)
      Axle.Resources (>= 1.5.1)
    Axle.Core (1.5.1.46)
    Axle.Resources (1.5.1.27)
      Axle.Core (>= 1.5.1)
  remote: https://www.nuget.org/api/v2
    Microsoft.NETCore.Platforms (2.2)
    NETStandard.Library (2.0.3)
      Microsoft.NETCore.Platforms (>= 1.1)
      System.Runtime.InteropServices.RuntimeInformation (>= 4.3)
    System.Runtime.InteropServices.RuntimeInformation (4.3)

GROUP test
NUGET
  remote: https://www.nuget.org/api/v2
    NUnit (3.11) - restriction: == net45
