STORAGE: NONE
RESTRICTION: == net461
NUGET
  remote: ../../../../dist
    Axle.Core (1.5.2391.28822)
  remote: https://api.nuget.org/v3/index.json
    NUnit (3.12)
    NUnit3TestAdapter (3.13)
