NUGET
  remote: ../../../../dist
    Axle.Core (1.5.0.72)
    Axle.Resources (1.5.0.64)
      Axle.Core (>= 1.5) - framework: net20, net35, net40, >= net45, >= netstandard10
      System.Resources.ResourceManager (>= 4.3) - framework: netstandard13, netstandard14, netstandard15, netstandard16
  remote: https://www.nuget.org/api/v2
    Microsoft.NETCore.Platforms (2.0.1) - framework: netstandard10, netstandard11, netstandard13, netstandard14, netstandard15, netstandard16
    Microsoft.NETCore.Targets (2.0) - framework: netstandard10, netstandard11, netstandard13, netstandard14, netstandard15, netstandard16
    NETStandard.Library (2.0.1) - framework: netstandard10, netstandard11
      Microsoft.NETCore.Platforms (>= 1.1) - framework: net45, net451, net46, >= net461, uap100, >= netstandard10, netcore20, monoandroid, monotouch, portable45-net45+win8+wp8+wpa81, portable45-net45+win8+wpa81, portable46-net451+win81+wpa81, xamarinios, xamarinmac, wpav8.1
      System.Collections (>= 4.3) - framework: uap100, netstandard10, netstandard11, netstandard12, netstandard13, netstandard14, netstandard15, netstandard16
      System.Collections.Concurrent (>= 4.3) - framework: uap100, netstandard11, netstandard12, netstandard13, netstandard14, netstandard15, netstandard16
      System.Diagnostics.Debug (>= 4.3) - framework: uap100, netstandard10, netstandard11, netstandard12, netstandard13, netstandard14, netstandard15, netstandard16
      System.Diagnostics.Tools (>= 4.3) - framework: uap100, netstandard10, netstandard11, netstandard12, netstandard13, netstandard14, netstandard15, netstandard16
      System.Diagnostics.Tracing (>= 4.3) - framework: uap100, netstandard11, netstandard12, netstandard13, netstandard14, netstandard15, netstandard16
      System.Globalization (>= 4.3) - framework: uap100, netstandard10, netstandard11, netstandard12, netstandard13, netstandard14, netstandard15, netstandard16
      System.IO (>= 4.3) - framework: uap100, netstandard10, netstandard11, netstandard12, netstandard13, netstandard14, netstandard15, netstandard16
      System.IO.Compression (>= 4.3) - framework: net46, uap100, netstandard11, netstandard12, netstandard13, netstandard14, netstandard15, netstandard16
      System.Linq (>= 4.3) - framework: uap100, netstandard10, netstandard11, netstandard12, netstandard13, netstandard14, netstandard15, netstandard16
      System.Linq.Expressions (>= 4.3) - framework: uap100, netstandard10, netstandard11, netstandard12, netstandard13, netstandard14, netstandard15, netstandard16
      System.Net.Http (>= 4.3.2) - framework: net46, uap100, netstandard11, netstandard12, netstandard13, netstandard14, netstandard15, netstandard16
      System.Net.Primitives (>= 4.3) - framework: uap100, netstandard10, netstandard11, netstandard12, netstandard13, netstandard14, netstandard15, netstandard16
      System.ObjectModel (>= 4.3) - framework: uap100, netstandard10, netstandard11, netstandard12, netstandard13, netstandard14, netstandard15, netstandard16
      System.Reflection (>= 4.3) - framework: uap100, netstandard10, netstandard11, netstandard12, netstandard13, netstandard14, netstandard15, netstandard16
      System.Reflection.Extensions (>= 4.3) - framework: uap100, netstandard10, netstandard11, netstandard12, netstandard13, netstandard14, netstandard15, netstandard16
      System.Reflection.Primitives (>= 4.3) - framework: uap100, netstandard10, netstandard11, netstandard12, netstandard13, netstandard14, netstandard15, netstandard16
      System.Resources.ResourceManager (>= 4.3) - framework: uap100, netstandard10, netstandard11, netstandard12, netstandard13, netstandard14, netstandard15, netstandard16
      System.Runtime (>= 4.3) - framework: uap100, netstandard10, netstandard11, netstandard12, netstandard13, netstandard14, netstandard15, netstandard16
      System.Runtime.Extensions (>= 4.3) - framework: uap100, netstandard10, netstandard11, netstandard12, netstandard13, netstandard14, netstandard15, netstandard16
      System.Runtime.InteropServices (>= 4.3) - framework: uap100, netstandard11, netstandard12, netstandard13, netstandard14, netstandard15, netstandard16
      System.Runtime.InteropServices.RuntimeInformation (>= 4.3) - framework: net45, net451, net46, uap100, netstandard11, netstandard12, netstandard13, netstandard14, netstandard15, netstandard16, portable45-net45+win8+wpa81, portable46-net451+win81+wpa81, wpav8.1
      System.Runtime.Numerics (>= 4.3) - framework: uap100, netstandard11, netstandard12, netstandard13, netstandard14, netstandard15, netstandard16
      System.Text.Encoding (>= 4.3) - framework: uap100, netstandard10, netstandard11, netstandard12, netstandard13, netstandard14, netstandard15, netstandard16
      System.Text.Encoding.Extensions (>= 4.3) - framework: uap100, netstandard10, netstandard11, netstandard12, netstandard13, netstandard14, netstandard15, netstandard16
      System.Text.RegularExpressions (>= 4.3) - framework: uap100, netstandard10, netstandard11, netstandard12, netstandard13, netstandard14, netstandard15, netstandard16
      System.Threading (>= 4.3) - framework: uap100, netstandard10, netstandard11, netstandard12, netstandard13, netstandard14, netstandard15, netstandard16
      System.Threading.Tasks (>= 4.3) - framework: uap100, netstandard10, netstandard11, netstandard12, netstandard13, netstandard14, netstandard15, netstandard16
      System.Xml.ReaderWriter (>= 4.3) - framework: net46, uap100, netstandard10, netstandard11, netstandard12, netstandard13, netstandard14, netstandard15, netstandard16
      System.Xml.XDocument (>= 4.3) - framework: uap100, netstandard10, netstandard11, netstandard12, netstandard13, netstandard14, netstandard15, netstandard16
    runtime.native.System (4.3) - framework: netstandard11
      Microsoft.NETCore.Platforms (>= 1.1)
      Microsoft.NETCore.Targets (>= 1.1)
    System.Collections (4.3) - framework: netstandard10, netstandard11
      Microsoft.NETCore.Platforms (>= 1.1) - framework: dnxcore50, netstandard10, >= netstandard13
      Microsoft.NETCore.Targets (>= 1.1) - framework: dnxcore50, netstandard10, >= netstandard13
      System.Runtime (>= 4.3) - framework: dnxcore50, netstandard10, >= netstandard13
    System.Collections.Concurrent (4.3) - framework: netstandard11
      System.Runtime (>= 4.3) - framework: dnxcore50, netstandard11, >= netstandard13
      System.Threading.Tasks (>= 4.3) - framework: dnxcore50, netstandard11, >= netstandard13
    System.Diagnostics.Debug (4.3) - framework: netstandard10, netstandard11
      Microsoft.NETCore.Platforms (>= 1.1) - framework: dnxcore50, netstandard10, >= netstandard13
      Microsoft.NETCore.Targets (>= 1.1) - framework: dnxcore50, netstandard10, >= netstandard13
      System.Runtime (>= 4.3) - framework: dnxcore50, netstandard10, >= netstandard13
    System.Diagnostics.Tools (4.3) - framework: netstandard10, netstandard11
      Microsoft.NETCore.Platforms (>= 1.1) - framework: dnxcore50, >= netstandard10
      Microsoft.NETCore.Targets (>= 1.1) - framework: dnxcore50, >= netstandard10
      System.Runtime (>= 4.3) - framework: dnxcore50, >= netstandard10
    System.Diagnostics.Tracing (4.3) - framework: netstandard11
      Microsoft.NETCore.Platforms (>= 1.1) - framework: dnxcore50, netstandard11, netstandard12, netstandard13, >= netstandard15
      Microsoft.NETCore.Targets (>= 1.1) - framework: dnxcore50, netstandard11, netstandard12, netstandard13, >= netstandard15
      System.Runtime (>= 4.3) - framework: dnxcore50, netstandard11, netstandard12, netstandard13, >= netstandard15
    System.Globalization (4.3) - framework: netstandard10, netstandard11, netstandard13, netstandard14, netstandard15, netstandard16
      Microsoft.NETCore.Platforms (>= 1.1) - framework: dnxcore50, netstandard10, >= netstandard13
      Microsoft.NETCore.Targets (>= 1.1) - framework: dnxcore50, netstandard10, >= netstandard13
      System.Runtime (>= 4.3) - framework: dnxcore50, netstandard10, >= netstandard13
    System.IO (4.3) - framework: netstandard10, netstandard11, netstandard13, netstandard15, netstandard16
      Microsoft.NETCore.Platforms (>= 1.1) - framework: dnxcore50, netstandard10, netstandard13, >= netstandard15
      Microsoft.NETCore.Targets (>= 1.1) - framework: dnxcore50, netstandard10, netstandard13, >= netstandard15
      System.Runtime (>= 4.3) - framework: dnxcore50, netstandard10, netstandard13, >= netstandard15
      System.Text.Encoding (>= 4.3) - framework: dnxcore50, netstandard10, netstandard13, >= netstandard15
      System.Threading.Tasks (>= 4.3) - framework: dnxcore50, netstandard10, netstandard13, >= netstandard15
    System.IO.Compression (4.3) - framework: netstandard11
      System.IO (>= 4.3) - framework: dnxcore50, netstandard11, >= netstandard13
      System.Runtime (>= 4.3) - framework: dnxcore50, netstandard11, >= netstandard13
      System.Text.Encoding (>= 4.3) - framework: dnxcore50, netstandard11, >= netstandard13
    System.Linq (4.3) - framework: netstandard10, netstandard11
      System.Collections (>= 4.3) - framework: dnxcore50, netstandard10, >= netstandard16
      System.Runtime (>= 4.3) - framework: dnxcore50, netstandard10, >= netstandard16
    System.Linq.Expressions (4.3) - framework: netstandard10, netstandard11
      System.Reflection (>= 4.3) - framework: dnxcore50, netstandard10, netstandard13, >= netstandard16
      System.Runtime (>= 4.3) - framework: dnxcore50, netstandard10, netstandard13, >= netstandard16
    System.Net.Http (4.3.3) - framework: netstandard11
      System.IO (>= 4.3) - framework: dnxcore50, netstandard11, netstandard13, >= netstandard16
      System.Net.Primitives (>= 4.3) - framework: dnxcore50, netstandard11, netstandard13, >= netstandard16
      System.Runtime (>= 4.3) - framework: dnxcore50, netstandard11, netstandard13, >= netstandard16
      System.Text.Encoding (>= 4.3) - framework: dnxcore50, netstandard11, netstandard13, >= netstandard16
      System.Threading.Tasks (>= 4.3) - framework: dnxcore50, netstandard11, netstandard13, >= netstandard16
    System.Net.Primitives (4.3) - framework: netstandard10, netstandard11
      Microsoft.NETCore.Platforms (>= 1.1) - framework: dnxcore50, netstandard10, netstandard11, >= netstandard13
      Microsoft.NETCore.Targets (>= 1.1) - framework: dnxcore50, netstandard10, netstandard11, >= netstandard13
      System.Runtime (>= 4.3) - framework: dnxcore50, netstandard10, netstandard11, >= netstandard13
    System.ObjectModel (4.3) - framework: netstandard10, netstandard11
      System.Runtime (>= 4.3) - framework: dnxcore50, netstandard10, >= netstandard13
    System.Reflection (4.3) - framework: netstandard10, netstandard11, netstandard13, netstandard14, netstandard15, netstandard16
      Microsoft.NETCore.Platforms (>= 1.1) - framework: dnxcore50, netstandard10, netstandard13, >= netstandard15
      Microsoft.NETCore.Targets (>= 1.1) - framework: dnxcore50, netstandard10, netstandard13, >= netstandard15
      System.IO (>= 4.3) - framework: dnxcore50, netstandard10, netstandard13, >= netstandard15
      System.Reflection.Primitives (>= 4.3) - framework: dnxcore50, netstandard10, netstandard13, >= netstandard15
      System.Runtime (>= 4.3) - framework: dnxcore50, netstandard10, netstandard13, >= netstandard15
    System.Reflection.Extensions (4.3) - framework: netstandard10, netstandard11
      Microsoft.NETCore.Platforms (>= 1.1) - framework: dnxcore50, >= netstandard10
      Microsoft.NETCore.Targets (>= 1.1) - framework: dnxcore50, >= netstandard10
      System.Reflection (>= 4.3) - framework: dnxcore50, >= netstandard10
      System.Runtime (>= 4.3) - framework: dnxcore50, >= netstandard10
    System.Reflection.Primitives (4.3) - framework: netstandard10, netstandard11, netstandard13, netstandard15, netstandard16
      Microsoft.NETCore.Platforms (>= 1.1) - framework: dnxcore50, >= netstandard10
      Microsoft.NETCore.Targets (>= 1.1) - framework: dnxcore50, >= netstandard10
      System.Runtime (>= 4.3) - framework: dnxcore50, >= netstandard10
    System.Resources.ResourceManager (4.3) - framework: netstandard10, netstandard11, netstandard13, netstandard14, netstandard15, netstandard16
      Microsoft.NETCore.Platforms (>= 1.1) - framework: dnxcore50, >= netstandard10
      Microsoft.NETCore.Targets (>= 1.1) - framework: dnxcore50, >= netstandard10
      System.Globalization (>= 4.3) - framework: dnxcore50, >= netstandard10
      System.Reflection (>= 4.3) - framework: dnxcore50, >= netstandard10
      System.Runtime (>= 4.3) - framework: dnxcore50, >= netstandard10
    System.Runtime (4.3) - framework: netstandard10, netstandard11, netstandard13, netstandard14, netstandard15, netstandard16
      Microsoft.NETCore.Platforms (>= 1.1) - framework: dnxcore50, netstandard10, netstandard12, netstandard13, >= netstandard15
      Microsoft.NETCore.Targets (>= 1.1) - framework: dnxcore50, netstandard10, netstandard12, netstandard13, >= netstandard15
    System.Runtime.Extensions (4.3) - framework: netstandard10, netstandard11
      Microsoft.NETCore.Platforms (>= 1.1) - framework: dnxcore50, netstandard10, netstandard13, >= netstandard15
      Microsoft.NETCore.Targets (>= 1.1) - framework: dnxcore50, netstandard10, netstandard13, >= netstandard15
      System.Runtime (>= 4.3) - framework: dnxcore50, netstandard10, netstandard13, >= netstandard15
    System.Runtime.InteropServices (4.3) - framework: netstandard11
      Microsoft.NETCore.Platforms (>= 1.1) - framework: dnxcore50, netstandard11, netstandard12, netstandard13, >= netstandard15, netcore11
      Microsoft.NETCore.Targets (>= 1.1) - framework: dnxcore50, netstandard11, netstandard12, netstandard13, >= netstandard15, netcore11
      System.Reflection (>= 4.3) - framework: dnxcore50, netstandard11, netstandard12, netstandard13, >= netstandard15, netcore11
      System.Reflection.Primitives (>= 4.3) - framework: dnxcore50, netstandard11, netstandard12, netstandard13, >= netstandard15, netcore11
      System.Runtime (>= 4.3) - framework: net462, >= net463, dnxcore50, netstandard11, netstandard12, netstandard13, >= netstandard15, netcore11
    System.Runtime.InteropServices.RuntimeInformation (4.3) - framework: netstandard11
      runtime.native.System (>= 4.3) - framework: >= netstandard11
      System.Reflection (>= 4.3) - framework: dnxcore50, >= netstandard11
      System.Reflection.Extensions (>= 4.3) - framework: dnxcore50, >= netstandard11
      System.Resources.ResourceManager (>= 4.3) - framework: dnxcore50, >= netstandard11
      System.Runtime (>= 4.3) - framework: dnxcore50, >= netstandard11
      System.Runtime.InteropServices (>= 4.3) - framework: >= netstandard11
      System.Threading (>= 4.3) - framework: dnxcore50, >= netstandard11
    System.Runtime.Numerics (4.3) - framework: netstandard11
      System.Runtime (>= 4.3) - framework: dnxcore50, netstandard11, >= netstandard13
    System.Text.Encoding (4.3) - framework: netstandard10, netstandard11, netstandard13, netstandard15, netstandard16
      Microsoft.NETCore.Platforms (>= 1.1) - framework: dnxcore50, netstandard10, >= netstandard13
      Microsoft.NETCore.Targets (>= 1.1) - framework: dnxcore50, netstandard10, >= netstandard13
      System.Runtime (>= 4.3) - framework: dnxcore50, netstandard10, >= netstandard13
    System.Text.Encoding.Extensions (4.3) - framework: netstandard10, netstandard11
      Microsoft.NETCore.Platforms (>= 1.1) - framework: dnxcore50, netstandard10, >= netstandard13
      Microsoft.NETCore.Targets (>= 1.1) - framework: dnxcore50, netstandard10, >= netstandard13
      System.Runtime (>= 4.3) - framework: dnxcore50, netstandard10, >= netstandard13
      System.Text.Encoding (>= 4.3) - framework: dnxcore50, netstandard10, >= netstandard13
    System.Text.RegularExpressions (4.3) - framework: netstandard10, netstandard11
      System.Runtime (>= 4.3) - framework: dnxcore50, netstandard10, netstandard13, >= netstandard16, netcore11
    System.Threading (4.3) - framework: netstandard10, netstandard11
      System.Runtime (>= 4.3) - framework: dnxcore50, netstandard10, >= netstandard13
      System.Threading.Tasks (>= 4.3) - framework: dnxcore50, netstandard10, >= netstandard13
    System.Threading.Tasks (4.3) - framework: netstandard10, netstandard11, netstandard13, netstandard15, netstandard16
      Microsoft.NETCore.Platforms (>= 1.1) - framework: dnxcore50, netstandard10, >= netstandard13
      Microsoft.NETCore.Targets (>= 1.1) - framework: dnxcore50, netstandard10, >= netstandard13
      System.Runtime (>= 4.3) - framework: dnxcore50, netstandard10, >= netstandard13
    System.Xml.ReaderWriter (4.3.1) - framework: netstandard10, netstandard11
      System.IO (>= 4.3) - framework: dnxcore50, netstandard10, >= netstandard13
      System.Runtime (>= 4.3) - framework: dnxcore50, netstandard10, >= netstandard13
      System.Text.Encoding (>= 4.3) - framework: dnxcore50, netstandard10, >= netstandard13
      System.Threading.Tasks (>= 4.3) - framework: dnxcore50, netstandard10, >= netstandard13
    System.Xml.XDocument (4.3) - framework: netstandard10, netstandard11
      System.IO (>= 4.3) - framework: dnxcore50, netstandard10, >= netstandard13
      System.Runtime (>= 4.3) - framework: dnxcore50, netstandard10, >= netstandard13
      System.Xml.ReaderWriter (>= 4.3) - framework: dnxcore50, netstandard10, >= netstandard13

GROUP build
NUGET
  remote: ../../../../submodules/mason/dist
    Mason.Targets.Packager (0.1.1.26)
    Mason.Targets.Preprocessor (0.1.1.13)
    Mason.Targets.Verman (0.1.1.13)
