STORAGE: NONE
RESTRICTION: == net461
NUGET
  remote: ../../../../dist
    Axle.Configuration (1.6.2398.24144)
      Axle.Core (>= 1.6.2398.24144)
      Microsoft.Extensions.Configuration.Binder (>= 2.2.4)
      Microsoft.Extensions.Configuration.FileExtensions (>= 2.2)
    Axle.Core (1.6.2398.24144)
  remote: https://api.nuget.org/v3/index.json
    Microsoft.Extensions.Configuration.Binder (2.2.4)
    Microsoft.Extensions.Configuration.EnvironmentVariables (2.2.4)
    Microsoft.Extensions.Configuration.FileExtensions (2.2)
    Microsoft.Extensions.Configuration.Json (2.2)
    NUnit (3.12)
    NUnit3TestAdapter (3.13)
