STORAGE: NONE
RESTRICTION: == net461
NUGET
  remote: https://api.nuget.org/v3/index.json
    Axle.Application (1.5.2383.23057)
      Axle.Resources (>= 1.5.2383.23057)
    Axle.Core (1.5.2383.23057)
    Axle.Data (1.5.2383.23057)
      Axle.Application (>= 1.5.2383.23057)
    Axle.Resources (1.5.2383.23057)
      Axle.Core (>= 1.5.2383.23057)
    Npgsql (4.0.7)
      System.Memory (>= 4.5.3)
      System.Runtime.CompilerServices.Unsafe (>= 4.5.2)
      System.Threading.Tasks.Extensions (>= 4.5.2)
      System.ValueTuple (>= 4.5)
    System.Buffers (4.5)
    System.Memory (4.5.3)
      System.Buffers (>= 4.4)
      System.Numerics.Vectors (>= 4.4)
      System.Runtime.CompilerServices.Unsafe (>= 4.5.2)
    System.Numerics.Vectors (4.5)
    System.Runtime.CompilerServices.Unsafe (4.5.2)
    System.Threading.Tasks.Extensions (4.5.3)
      System.Runtime.CompilerServices.Unsafe (>= 4.5.2)
    System.ValueTuple (4.5)
  remote: ../../../../dist
    Axle.Data.Npgsql (1.5.2386.28299)
      Axle.Data (>= 1.5.2383.23057)
      Npgsql (>= 4.0.7)

GROUP test
STORAGE: NONE
RESTRICTION: == net461
NUGET
  remote: https://api.nuget.org/v3/index.json
    NUnit (3.12)
    NUnit3TestAdapter (3.13)
    System.Configuration.ConfigurationManager (4.5)
      System.Security.Permissions (>= 4.5)
    System.Security.AccessControl (4.5)
      System.Security.Principal.Windows (>= 4.5)
    System.Security.Permissions (4.5)
      System.Security.AccessControl (>= 4.5)
    System.Security.Principal.Windows (4.5.1)
