REDIRECTS: ON
STORAGE: NONE
RESTRICTION: == net461
NUGET
  remote: ../../../../dist
    Axle.Application (1.6.2398.24144)
      Axle.Configuration (>= 1.5.2396.13956)
      Axle.Resources (>= 1.5.2396.13956)
    Axle.Configuration (1.6.2398.24144)
      Axle.Core (>= 1.6.2398.24144)
      Microsoft.Extensions.Configuration.Binder (>= 2.2.4)
      Microsoft.Extensions.Configuration.FileExtensions (>= 2.2)
    Axle.Core (1.6.2398.24144)
    Axle.Data (1.6.2398.24144)
      Axle.Application (>= 1.5.2396.27060)
    Axle.Data.Npgsql (1.6.2398.24144)
      Axle.Data (>= 1.5.2398.23146)
      Npgsql (>= 4.0.8)
    Axle.Resources (1.6.2398.24144)
      Axle.Core (>= 1.6.2398.24144)
  remote: https://api.nuget.org/v3/index.json
    Microsoft.Extensions.Configuration.Binder (2.2.4)
    Microsoft.Extensions.Configuration.FileExtensions (2.2)
    Npgsql (4.0.8)
      System.Memory (>= 4.5.3)
      System.Runtime.CompilerServices.Unsafe (>= 4.5.2)
      System.Threading.Tasks.Extensions (>= 4.5.2)
      System.ValueTuple (>= 4.5)
    NUnit (3.12)
    NUnit3TestAdapter (3.13)
    System.Buffers (4.5)
    System.Memory (4.5.3)
      System.Buffers (>= 4.4)
      System.Numerics.Vectors (>= 4.4)
      System.Runtime.CompilerServices.Unsafe (>= 4.5.2)
    System.Numerics.Vectors (4.5)
    System.Runtime.CompilerServices.Unsafe (4.5.2)
    System.Threading.Tasks.Extensions (4.5.3)
      System.Runtime.CompilerServices.Unsafe (>= 4.5.2)
    System.ValueTuple (4.5)
