STORAGE: NONE
RESTRICTION: || (== net40) (== net45) (== netstandard1.5) (== netstandard1.6) (== netstandard2.0)
NUGET
  remote: ../../../../dist
    Axle.Application (1.6.2463.24892)
      Axle.Configuration (>= 1.6)
      Axle.Core (>= 1.6)
      Axle.Resources (>= 1.6)
      NETStandard.Library (>= 1.6.1) - restriction: || (&& (== net40) (< net35) (>= netstandard1.5)) (&& (== net40) (< net35) (>= netstandard1.6)) (&& (== net45) (< net35) (>= netstandard1.5)) (&& (== net45) (< net35) (>= netstandard1.6)) (== netstandard1.5) (== netstandard1.6) (&& (== netstandard2.0) (< netstandard1.6))
    Axle.Configuration (1.6.2463.24892)
      Axle.Core (>= 1.6.2463.24892)
      Microsoft.Extensions.Configuration.Binder (>= 3.0) - restriction: || (&& (== net40) (< net35) (>= netstandard2.0)) (&& (== net40) (>= net461)) (&& (== net45) (< net35) (>= netstandard2.0)) (&& (== net45) (>= net461)) (&& (== netstandard1.5) (>= net461)) (&& (== netstandard1.5) (>= netstandard2.0)) (&& (== netstandard1.6) (>= net461)) (&& (== netstandard1.6) (>= netstandard2.0)) (== netstandard2.0)
      Microsoft.Extensions.Configuration.FileExtensions (>= 3.0) - restriction: || (&& (== net40) (< net35) (>= netstandard2.0)) (&& (== net40) (>= net461)) (&& (== net45) (< net35) (>= netstandard2.0)) (&& (== net45) (>= net461)) (&& (== netstandard1.5) (>= net461)) (&& (== netstandard1.5) (>= netstandard2.0)) (&& (== netstandard1.6) (>= net461)) (&& (== netstandard1.6) (>= netstandard2.0)) (== netstandard2.0)
      System.Configuration.ConfigurationManager (>= 4.6) - restriction: || (&& (== net40) (< net35) (>= netstandard2.0)) (&& (== net45) (< net35) (>= netstandard2.0)) (&& (== netstandard1.5) (>= netstandard2.0)) (&& (== netstandard1.6) (>= netstandard2.0)) (== netstandard2.0)
    Axle.Core (1.6.2463.24892)
      NETStandard.Library (>= 1.6.1) - restriction: || (&& (== net40) (< net20) (>= netstandard1.0)) (&& (== net40) (< net20) (>= netstandard1.3)) (&& (== net40) (< net20) (>= netstandard1.5)) (&& (== net40) (< net20) (>= netstandard1.6)) (&& (== net45) (< net20)) (== netstandard1.5) (== netstandard1.6) (&& (== netstandard2.0) (< netstandard1.3)) (&& (== netstandard2.0) (< netstandard1.5)) (&& (== netstandard2.0) (< netstandard1.6))
      System.Diagnostics.TraceSource (>= 4.3) - restriction: || (&& (== net40) (< net20) (>= netstandard1.6)) (&& (== net45) (< net20) (>= netstandard1.6)) (&& (== netstandard1.5) (>= netstandard1.6)) (== netstandard1.6)
      System.Threading.Thread (>= 4.3) - restriction: || (&& (== net40) (< net20) (>= netstandard1.6)) (&& (== net45) (< net20) (>= netstandard1.6)) (&& (== netstandard1.5) (>= netstandard1.6)) (== netstandard1.6)
      System.Xml.XmlSerializer (>= 4.3) - restriction: || (&& (== net40) (< net20) (>= netstandard1.6)) (&& (== net45) (< net20) (>= netstandard1.6)) (&& (== netstandard1.5) (>= netstandard1.6)) (== netstandard1.6)
    Axle.Resources (1.6.2463.24892)
      Axle.Core (>= 1.6)
      NETStandard.Library (>= 1.6.1) - restriction: || (&& (== net40) (< net35) (>= netstandard1.3)) (&& (== net40) (< net35) (>= netstandard1.6)) (&& (== net45) (< net35) (>= netstandard1.3)) (&& (== net45) (< net35) (>= netstandard1.6)) (== netstandard1.5) (== netstandard1.6) (&& (== netstandard2.0) (< netstandard1.6))
      System.Resources.ResourceManager (>= 4.3) - restriction: || (&& (== net40) (< net35) (>= netstandard1.3)) (&& (== net40) (< net35) (>= netstandard1.6)) (&& (== net45) (< net35) (>= netstandard1.3)) (&& (== net45) (< net35) (>= netstandard1.6)) (== netstandard1.5) (== netstandard1.6) (&& (== netstandard2.0) (< netstandard1.6))
      System.Xml.XDocument (>= 4.3) - restriction: || (&& (== net40) (< net35) (>= netstandard1.6)) (&& (== net45) (< net35) (>= netstandard1.6)) (&& (== netstandard1.5) (>= netstandard1.6)) (== netstandard1.6)
      System.Xml.XmlDocument (>= 4.3) - restriction: || (&& (== net40) (< net35) (>= netstandard1.6)) (&& (== net45) (< net35) (>= netstandard1.6)) (&& (== netstandard1.5) (>= netstandard1.6)) (== netstandard1.6)
  remote: https://api.nuget.org/v3/index.json
    log4net (2.0.8)
      System.AppContext (>= 4.1) - restriction: || (&& (== net40) (< net20) (>= netstandard1.3)) (&& (== net45) (< net20) (>= netstandard1.3)) (== netstandard1.5) (== netstandard1.6) (== netstandard2.0)
      System.Collections.NonGeneric (>= 4.0.1) - restriction: || (&& (== net40) (< net20) (>= netstandard1.3)) (&& (== net45) (< net20) (>= netstandard1.3)) (== netstandard1.5) (== netstandard1.6) (== netstandard2.0)
      System.Console (>= 4.0) - restriction: || (&& (== net40) (< net20) (>= netstandard1.3)) (&& (== net45) (< net20) (>= netstandard1.3)) (== netstandard1.5) (== netstandard1.6) (== netstandard2.0)
      System.Diagnostics.Debug (>= 4.0.11) - restriction: || (&& (== net40) (< net20) (>= netstandard1.3)) (&& (== net45) (< net20) (>= netstandard1.3)) (== netstandard1.5) (== netstandard1.6) (== netstandard2.0)
      System.Diagnostics.Process (>= 4.1) - restriction: || (&& (== net40) (< net20) (>= netstandard1.3)) (&& (== net45) (< net20) (>= netstandard1.3)) (== netstandard1.5) (== netstandard1.6) (== netstandard2.0)
      System.Diagnostics.StackTrace (>= 4.0.1) - restriction: || (&& (== net40) (< net20) (>= netstandard1.3)) (&& (== net45) (< net20) (>= netstandard1.3)) (== netstandard1.5) (== netstandard1.6) (== netstandard2.0)
      System.Diagnostics.TraceSource (>= 4.0) - restriction: || (&& (== net40) (< net20) (>= netstandard1.3)) (&& (== net45) (< net20) (>= netstandard1.3)) (== netstandard1.5) (== netstandard1.6) (== netstandard2.0)
      System.IO.FileSystem (>= 4.0.1) - restriction: || (&& (== net40) (< net20) (>= netstandard1.3)) (&& (== net45) (< net20) (>= netstandard1.3)) (== netstandard1.5) (== netstandard1.6) (== netstandard2.0)
      System.IO.FileSystem.Watcher (>= 4.0) - restriction: || (&& (== net40) (< net20) (>= netstandard1.3)) (&& (== net45) (< net20) (>= netstandard1.3)) (== netstandard1.5) (== netstandard1.6) (== netstandard2.0)
      System.Linq (>= 4.1) - restriction: || (&& (== net40) (< net20) (>= netstandard1.3)) (&& (== net45) (< net20) (>= netstandard1.3)) (== netstandard1.5) (== netstandard1.6) (== netstandard2.0)
      System.Net.NameResolution (>= 4.0) - restriction: || (&& (== net40) (< net20) (>= netstandard1.3)) (&& (== net45) (< net20) (>= netstandard1.3)) (== netstandard1.5) (== netstandard1.6) (== netstandard2.0)
      System.Net.Requests (>= 4.0.11) - restriction: || (&& (== net40) (< net20) (>= netstandard1.3)) (&& (== net45) (< net20) (>= netstandard1.3)) (== netstandard1.5) (== netstandard1.6) (== netstandard2.0)
      System.Net.Sockets (>= 4.1) - restriction: || (&& (== net40) (< net20) (>= netstandard1.3)) (&& (== net45) (< net20) (>= netstandard1.3)) (== netstandard1.5) (== netstandard1.6) (== netstandard2.0)
      System.Reflection (>= 4.3) - restriction: || (&& (== net40) (< net20) (>= netstandard1.3)) (&& (== net45) (< net20) (>= netstandard1.3)) (== netstandard1.5) (== netstandard1.6) (== netstandard2.0)
      System.Reflection.Extensions (>= 4.0.1) - restriction: || (&& (== net40) (< net20) (>= netstandard1.3)) (&& (== net45) (< net20) (>= netstandard1.3)) (== netstandard1.5) (== netstandard1.6) (== netstandard2.0)
      System.Reflection.TypeExtensions (>= 4.1) - restriction: || (&& (== net40) (< net20) (>= netstandard1.3)) (&& (== net45) (< net20) (>= netstandard1.3)) (== netstandard1.5) (== netstandard1.6) (== netstandard2.0)
      System.Runtime.Extensions (>= 4.1) - restriction: || (&& (== net40) (< net20) (>= netstandard1.3)) (&& (== net45) (< net20) (>= netstandard1.3)) (== netstandard1.5) (== netstandard1.6) (== netstandard2.0)
      System.Runtime.InteropServices (>= 4.1) - restriction: || (&& (== net40) (< net20) (>= netstandard1.3)) (&& (== net45) (< net20) (>= netstandard1.3)) (== netstandard1.5) (== netstandard1.6) (== netstandard2.0)
      System.Runtime.InteropServices.RuntimeInformation (>= 4.0) - restriction: || (&& (== net40) (< net20) (>= netstandard1.3)) (&& (== net45) (< net20) (>= netstandard1.3)) (== netstandard1.5) (== netstandard1.6) (== netstandard2.0)
      System.Runtime.Serialization.Formatters (>= 4.3) - restriction: || (&& (== net40) (< net20) (>= netstandard1.3)) (&& (== net45) (< net20) (>= netstandard1.3)) (== netstandard1.5) (== netstandard1.6) (== netstandard2.0)
      System.Text.RegularExpressions (>= 4.1) - restriction: || (&& (== net40) (< net20) (>= netstandard1.3)) (&& (== net45) (< net20) (>= netstandard1.3)) (== netstandard1.5) (== netstandard1.6) (== netstandard2.0)
      System.Threading (>= 4.0.11) - restriction: || (&& (== net40) (< net20) (>= netstandard1.3)) (&& (== net45) (< net20) (>= netstandard1.3)) (== netstandard1.5) (== netstandard1.6) (== netstandard2.0)
      System.Threading.Thread (>= 4.0) - restriction: || (&& (== net40) (< net20) (>= netstandard1.3)) (&& (== net45) (< net20) (>= netstandard1.3)) (== netstandard1.5) (== netstandard1.6) (== netstandard2.0)
      System.Threading.Timer (>= 4.0.1) - restriction: || (&& (== net40) (< net20) (>= netstandard1.3)) (&& (== net45) (< net20) (>= netstandard1.3)) (== netstandard1.5) (== netstandard1.6) (== netstandard2.0)
      System.Xml.ReaderWriter (>= 4.0.11) - restriction: || (&& (== net40) (< net20) (>= netstandard1.3)) (&& (== net45) (< net20) (>= netstandard1.3)) (== netstandard1.5) (== netstandard1.6) (== netstandard2.0)
      System.Xml.XmlDocument (>= 4.0.1) - restriction: || (&& (== net40) (< net20) (>= netstandard1.3)) (&& (== net45) (< net20) (>= netstandard1.3)) (== netstandard1.5) (== netstandard1.6) (== netstandard2.0)
    Microsoft.Extensions.Configuration (3.0) - restriction: || (&& (== net40) (< net35) (>= netstandard2.0)) (&& (== net40) (>= net461) (>= netstandard2.0)) (&& (== net45) (< net35) (>= netstandard2.0)) (&& (== net45) (>= net461) (>= netstandard2.0)) (&& (== netstandard1.5) (>= netstandard2.0)) (&& (== netstandard1.6) (>= netstandard2.0)) (== netstandard2.0)
      Microsoft.Extensions.Configuration.Abstractions (>= 3.0) - restriction: || (&& (== net40) (>= netstandard2.0)) (&& (== net45) (>= netstandard2.0)) (&& (== netstandard1.5) (>= netstandard2.0)) (&& (== netstandard1.6) (>= netstandard2.0)) (== netstandard2.0)
    Microsoft.Extensions.Configuration.Abstractions (3.0) - restriction: || (&& (== net40) (< net35) (>= netstandard2.0)) (&& (== net40) (>= net461) (>= netstandard2.0)) (&& (== net45) (< net35) (>= netstandard2.0)) (&& (== net45) (>= net461) (>= netstandard2.0)) (&& (== netstandard1.5) (>= netstandard2.0)) (&& (== netstandard1.6) (>= netstandard2.0)) (== netstandard2.0)
      Microsoft.Extensions.Primitives (>= 3.0) - restriction: || (&& (== net40) (>= netstandard2.0)) (&& (== net45) (>= netstandard2.0)) (&& (== netstandard1.5) (>= netstandard2.0)) (&& (== netstandard1.6) (>= netstandard2.0)) (== netstandard2.0)
    Microsoft.Extensions.Configuration.Binder (3.0) - restriction: || (&& (== net40) (< net35) (>= netstandard2.0)) (&& (== net40) (>= net461)) (&& (== net45) (< net35) (>= netstandard2.0)) (&& (== net45) (>= net461)) (&& (== netstandard1.5) (>= net461)) (&& (== netstandard1.5) (>= netstandard2.0)) (&& (== netstandard1.6) (>= net461)) (&& (== netstandard1.6) (>= netstandard2.0)) (== netstandard2.0)
      Microsoft.Extensions.Configuration (>= 3.0) - restriction: || (&& (== net40) (>= netstandard2.0)) (&& (== net45) (>= netstandard2.0)) (&& (== netstandard1.5) (>= netstandard2.0)) (&& (== netstandard1.6) (>= netstandard2.0)) (== netstandard2.0)
    Microsoft.Extensions.Configuration.FileExtensions (3.0) - restriction: || (&& (== net40) (< net35) (>= netstandard2.0)) (&& (== net40) (>= net461)) (&& (== net45) (< net35) (>= netstandard2.0)) (&& (== net45) (>= net461)) (&& (== netstandard1.5) (>= net461)) (&& (== netstandard1.5) (>= netstandard2.0)) (&& (== netstandard1.6) (>= net461)) (&& (== netstandard1.6) (>= netstandard2.0)) (== netstandard2.0)
      Microsoft.Extensions.Configuration (>= 3.0) - restriction: || (&& (== net40) (>= netstandard2.0)) (&& (== net45) (>= netstandard2.0)) (&& (== netstandard1.5) (>= netstandard2.0)) (&& (== netstandard1.6) (>= netstandard2.0)) (== netstandard2.0)
      Microsoft.Extensions.FileProviders.Physical (>= 3.0) - restriction: || (&& (== net40) (>= netstandard2.0)) (&& (== net45) (>= netstandard2.0)) (&& (== netstandard1.5) (>= netstandard2.0)) (&& (== netstandard1.6) (>= netstandard2.0)) (== netstandard2.0)
    Microsoft.Extensions.FileProviders.Abstractions (3.0) - restriction: || (&& (== net40) (< net35) (>= netstandard2.0)) (&& (== net40) (>= net461) (>= netstandard2.0)) (&& (== net45) (< net35) (>= netstandard2.0)) (&& (== net45) (>= net461) (>= netstandard2.0)) (&& (== netstandard1.5) (>= netstandard2.0)) (&& (== netstandard1.6) (>= netstandard2.0)) (== netstandard2.0)
      Microsoft.Extensions.Primitives (>= 3.0) - restriction: || (&& (== net40) (>= netstandard2.0)) (&& (== net45) (>= netstandard2.0)) (&& (== netstandard1.5) (>= netstandard2.0)) (&& (== netstandard1.6) (>= netstandard2.0)) (== netstandard2.0)
    Microsoft.Extensions.FileProviders.Physical (3.0) - restriction: || (&& (== net40) (< net35) (>= netstandard2.0)) (&& (== net40) (>= net461) (>= netstandard2.0)) (&& (== net45) (< net35) (>= netstandard2.0)) (&& (== net45) (>= net461) (>= netstandard2.0)) (&& (== netstandard1.5) (>= netstandard2.0)) (&& (== netstandard1.6) (>= netstandard2.0)) (== netstandard2.0)
      Microsoft.Extensions.FileProviders.Abstractions (>= 3.0) - restriction: || (&& (== net40) (>= netstandard2.0)) (&& (== net45) (>= netstandard2.0)) (&& (== netstandard1.5) (>= netstandard2.0)) (&& (== netstandard1.6) (>= netstandard2.0)) (== netstandard2.0)
      Microsoft.Extensions.FileSystemGlobbing (>= 3.0) - restriction: || (&& (== net40) (>= netstandard2.0)) (&& (== net45) (>= netstandard2.0)) (&& (== netstandard1.5) (>= netstandard2.0)) (&& (== netstandard1.6) (>= netstandard2.0)) (== netstandard2.0)
    Microsoft.Extensions.FileSystemGlobbing (3.0) - restriction: || (&& (== net40) (< net35) (>= netstandard2.0)) (&& (== net40) (>= net461) (>= netstandard2.0)) (&& (== net45) (< net35) (>= netstandard2.0)) (&& (== net45) (>= net461) (>= netstandard2.0)) (&& (== netstandard1.5) (>= netstandard2.0)) (&& (== netstandard1.6) (>= netstandard2.0)) (== netstandard2.0)
    Microsoft.Extensions.Primitives (3.0) - restriction: || (&& (== net40) (< net35) (>= netstandard2.0)) (&& (== net40) (>= net461) (>= netstandard2.0)) (&& (== net45) (< net35) (>= netstandard2.0)) (&& (== net45) (>= net461) (>= netstandard2.0)) (&& (== netstandard1.5) (>= netstandard2.0)) (&& (== netstandard1.6) (>= netstandard2.0)) (== netstandard2.0)
      System.Memory (>= 4.5.2) - restriction: || (&& (== net40) (>= netstandard2.0)) (&& (== net45) (>= netstandard2.0)) (&& (== netstandard1.5) (>= netstandard2.0)) (&& (== netstandard1.6) (>= netstandard2.0)) (== netstandard2.0)
      System.Runtime.CompilerServices.Unsafe (>= 4.6) - restriction: || (&& (== net40) (>= netstandard2.0)) (&& (== net45) (>= netstandard2.0)) (&& (== netstandard1.5) (>= netstandard2.0)) (&& (== netstandard1.6) (>= netstandard2.0)) (== netstandard2.0)
    Microsoft.NETCore.Platforms (3.0) - restriction: || (&& (== net40) (< net20) (>= netstandard1.3)) (&& (== net40) (< net20) (>= netstandard1.5)) (&& (== net40) (< net20) (>= netstandard1.6)) (&& (== net40) (< net35) (>= netstandard1.5)) (&& (== net40) (< net35) (>= netstandard1.6)) (&& (== net40) (>= netcoreapp1.1)) (&& (== net40) (>= netstandard1.5) (>= uap10.0)) (&& (== net40) (>= netstandard1.6) (>= uap10.0)) (&& (== net45) (< net20) (>= netstandard1.3)) (&& (== net45) (< net20) (>= netstandard1.5)) (&& (== net45) (< net20) (>= netstandard1.6)) (&& (== net45) (< net35) (>= netstandard1.5)) (&& (== net45) (< net35) (>= netstandard1.6)) (&& (== net45) (>= netcoreapp1.1)) (&& (== net45) (>= netstandard1.5) (>= uap10.0)) (&& (== net45) (>= netstandard1.6) (>= uap10.0)) (== netstandard1.5) (== netstandard1.6) (== netstandard2.0)
    Microsoft.NETCore.Targets (3.0) - restriction: || (&& (== net40) (< net20) (>= netstandard1.3)) (&& (== net40) (< net20) (>= netstandard1.5)) (&& (== net40) (< net20) (>= netstandard1.6)) (&& (== net40) (< net35) (>= netstandard1.5)) (&& (== net40) (< net35) (>= netstandard1.6)) (&& (== net40) (>= netcoreapp1.1)) (&& (== net40) (>= netstandard1.5) (>= uap10.0)) (&& (== net40) (>= netstandard1.6) (>= uap10.0)) (&& (== net45) (< net20) (>= netstandard1.3)) (&& (== net45) (< net20) (>= netstandard1.5)) (&& (== net45) (< net20) (>= netstandard1.6)) (&& (== net45) (< net35) (>= netstandard1.5)) (&& (== net45) (< net35) (>= netstandard1.6)) (&& (== net45) (>= netcoreapp1.1)) (&& (== net45) (>= netstandard1.5) (>= uap10.0)) (&& (== net45) (>= netstandard1.6) (>= uap10.0)) (== netstandard1.5) (== netstandard1.6) (== netstandard2.0)
    Microsoft.Win32.Primitives (4.3) - restriction: || (&& (== net40) (< net20) (>= netstandard1.4)) (&& (== net40) (< net35) (>= netstandard1.5)) (&& (== net40) (< net35) (>= netstandard1.6)) (&& (== net40) (>= netstandard1.5) (>= uap10.0)) (&& (== net40) (>= netstandard1.6) (>= uap10.0)) (&& (== net45) (< net20) (>= netstandard1.4)) (&& (== net45) (< net35) (>= netstandard1.5)) (&& (== net45) (< net35) (>= netstandard1.6)) (&& (== net45) (>= netstandard1.5) (>= uap10.0)) (&& (== net45) (>= netstandard1.6) (>= uap10.0)) (== netstandard1.5) (== netstandard1.6) (== netstandard2.0)
      Microsoft.NETCore.Platforms (>= 1.1) - restriction: || (&& (== net40) (>= netstandard1.3)) (&& (== net45) (>= netstandard1.3)) (== netstandard1.5) (== netstandard1.6) (== netstandard2.0)
      Microsoft.NETCore.Targets (>= 1.1) - restriction: || (&& (== net40) (>= netstandard1.3)) (&& (== net45) (>= netstandard1.3)) (== netstandard1.5) (== netstandard1.6) (== netstandard2.0)
      System.Runtime (>= 4.3) - restriction: || (&& (== net40) (>= netstandard1.3)) (&& (== net45) (>= netstandard1.3)) (== netstandard1.5) (== netstandard1.6) (== netstandard2.0)
    Microsoft.Win32.Registry (4.6) - restriction: || (&& (== net40) (< net20) (>= netstandard1.4)) (&& (== net45) (< net20) (>= netstandard1.4)) (== netstandard1.5) (== netstandard1.6) (== netstandard2.0)
      NETStandard.Library (>= 1.6.1) - restriction: || (&& (== net40) (>= netstandard1.3)) (&& (== net45) (>= netstandard1.3)) (== netstandard1.5) (== netstandard1.6)
      System.Buffers (>= 4.5) - restriction: || (&& (== net40) (>= monoandroid)) (&& (== net40) (>= monotouch)) (&& (== net40) (>= netstandard2.0)) (&& (== net40) (>= xamarinios)) (&& (== net40) (>= xamarinmac)) (&& (== net40) (>= xamarintvos)) (&& (== net40) (>= xamarinwatchos)) (&& (== net45) (>= monoandroid)) (&& (== net45) (>= monotouch)) (&& (== net45) (>= netstandard2.0)) (&& (== net45) (>= xamarinios)) (&& (== net45) (>= xamarinmac)) (&& (== net45) (>= xamarintvos)) (&& (== net45) (>= xamarinwatchos)) (&& (== netstandard1.5) (>= monoandroid)) (&& (== netstandard1.5) (>= monotouch)) (&& (== netstandard1.5) (>= netstandard2.0)) (&& (== netstandard1.5) (>= xamarinios)) (&& (== netstandard1.5) (>= xamarinmac)) (&& (== netstandard1.5) (>= xamarintvos)) (&& (== netstandard1.5) (>= xamarinwatchos)) (&& (== netstandard1.6) (>= monoandroid)) (&& (== netstandard1.6) (>= monotouch)) (&& (== netstandard1.6) (>= netstandard2.0)) (&& (== netstandard1.6) (>= xamarinios)) (&& (== netstandard1.6) (>= xamarinmac)) (&& (== netstandard1.6) (>= xamarintvos)) (&& (== netstandard1.6) (>= xamarinwatchos)) (== netstandard2.0)
      System.Memory (>= 4.5.3) - restriction: || (&& (== net40) (>= netcoreapp2.0)) (&& (== net40) (>= netstandard2.0)) (&& (== net40) (>= uap10.1)) (&& (== net45) (>= netcoreapp2.0)) (&& (== net45) (>= netstandard2.0)) (&& (== net45) (>= uap10.1)) (&& (== netstandard1.5) (>= netcoreapp2.0)) (&& (== netstandard1.5) (>= netstandard2.0)) (&& (== netstandard1.5) (>= uap10.1)) (&& (== netstandard1.6) (>= netcoreapp2.0)) (&& (== netstandard1.6) (>= netstandard2.0)) (&& (== netstandard1.6) (>= uap10.1)) (== netstandard2.0)
      System.Security.AccessControl (>= 4.6) - restriction: || (&& (== net40) (>= monoandroid)) (&& (== net40) (>= monotouch)) (&& (== net40) (>= net461)) (&& (== net40) (>= netcoreapp2.0)) (&& (== net40) (>= netstandard2.0)) (&& (== net40) (>= xamarinios)) (&& (== net40) (>= xamarinmac)) (&& (== net40) (>= xamarintvos)) (&& (== net40) (>= xamarinwatchos)) (&& (== net45) (>= monoandroid)) (&& (== net45) (>= monotouch)) (&& (== net45) (>= net461)) (&& (== net45) (>= netcoreapp2.0)) (&& (== net45) (>= netstandard2.0)) (&& (== net45) (>= xamarinios)) (&& (== net45) (>= xamarinmac)) (&& (== net45) (>= xamarintvos)) (&& (== net45) (>= xamarinwatchos)) (&& (== netstandard1.5) (>= monoandroid)) (&& (== netstandard1.5) (>= monotouch)) (&& (== netstandard1.5) (>= net461)) (&& (== netstandard1.5) (>= netcoreapp2.0)) (&& (== netstandard1.5) (>= netstandard2.0)) (&& (== netstandard1.5) (>= xamarinios)) (&& (== netstandard1.5) (>= xamarinmac)) (&& (== netstandard1.5) (>= xamarintvos)) (&& (== netstandard1.5) (>= xamarinwatchos)) (&& (== netstandard1.6) (>= monoandroid)) (&& (== netstandard1.6) (>= monotouch)) (&& (== netstandard1.6) (>= net461)) (&& (== netstandard1.6) (>= netcoreapp2.0)) (&& (== netstandard1.6) (>= netstandard2.0)) (&& (== netstandard1.6) (>= xamarinios)) (&& (== netstandard1.6) (>= xamarinmac)) (&& (== netstandard1.6) (>= xamarintvos)) (&& (== netstandard1.6) (>= xamarinwatchos)) (== netstandard2.0)
      System.Security.Principal.Windows (>= 4.6) - restriction: || (&& (== net40) (>= monoandroid)) (&& (== net40) (>= monotouch)) (&& (== net40) (>= net461)) (&& (== net40) (>= netcoreapp2.0)) (&& (== net40) (>= netstandard2.0)) (&& (== net40) (>= xamarinios)) (&& (== net40) (>= xamarinmac)) (&& (== net40) (>= xamarintvos)) (&& (== net40) (>= xamarinwatchos)) (&& (== net45) (>= monoandroid)) (&& (== net45) (>= monotouch)) (&& (== net45) (>= net461)) (&& (== net45) (>= netcoreapp2.0)) (&& (== net45) (>= netstandard2.0)) (&& (== net45) (>= xamarinios)) (&& (== net45) (>= xamarinmac)) (&& (== net45) (>= xamarintvos)) (&& (== net45) (>= xamarinwatchos)) (&& (== netstandard1.5) (>= monoandroid)) (&& (== netstandard1.5) (>= monotouch)) (&& (== netstandard1.5) (>= net461)) (&& (== netstandard1.5) (>= netcoreapp2.0)) (&& (== netstandard1.5) (>= netstandard2.0)) (&& (== netstandard1.5) (>= xamarinios)) (&& (== netstandard1.5) (>= xamarinmac)) (&& (== netstandard1.5) (>= xamarintvos)) (&& (== netstandard1.5) (>= xamarinwatchos)) (&& (== netstandard1.6) (>= monoandroid)) (&& (== netstandard1.6) (>= monotouch)) (&& (== netstandard1.6) (>= net461)) (&& (== netstandard1.6) (>= netcoreapp2.0)) (&& (== netstandard1.6) (>= netstandard2.0)) (&& (== netstandard1.6) (>= xamarinios)) (&& (== netstandard1.6) (>= xamarinmac)) (&& (== netstandard1.6) (>= xamarintvos)) (&& (== netstandard1.6) (>= xamarinwatchos)) (== netstandard2.0)
    NETStandard.Library (2.0.3) - restriction: || (&& (== net40) (== netstandard2.0)) (&& (== net40) (< net35) (>= netstandard1.5)) (&& (== net40) (< net35) (>= netstandard1.6)) (&& (== net45) (== netstandard2.0)) (&& (== net45) (< net35) (>= netstandard1.5)) (&& (== net45) (< net35) (>= netstandard1.6)) (== netstandard1.5) (== netstandard1.6) (&& (== netstandard2.0) (< netstandard1.6))
      Microsoft.NETCore.Platforms (>= 1.1) - restriction: || (&& (== net40) (>= net45)) (&& (== net40) (>= net46)) (&& (== net40) (>= net461)) (&& (== net40) (>= netcoreapp2.0)) (&& (== net40) (>= netstandard1.0)) (&& (== net40) (>= netstandard1.1)) (&& (== net40) (>= netstandard1.2)) (&& (== net40) (>= netstandard1.3)) (&& (== net40) (>= netstandard1.4)) (&& (== net40) (>= netstandard1.5)) (&& (== net40) (>= netstandard1.6)) (&& (== net40) (>= netstandard2.0)) (&& (== net40) (>= portable-net45+win8)) (&& (== net40) (>= portable-net45+win8+wp8+wpa81)) (&& (== net40) (>= portable-net45+win8+wpa81)) (&& (== net40) (>= uap10.0)) (&& (== net40) (>= win8)) (&& (== net40) (>= wp8)) (&& (== net40) (>= wpa81)) (== net45) (== netstandard1.5) (== netstandard1.6) (== netstandard2.0)
      Microsoft.Win32.Primitives (>= 4.3) - restriction: || (&& (== net40) (>= net46)) (&& (== net40) (>= netstandard1.3)) (&& (== net40) (>= netstandard1.4)) (&& (== net40) (>= netstandard1.5)) (&& (== net40) (>= netstandard1.6)) (&& (== net40) (>= uap10.0)) (&& (== net45) (>= net46)) (&& (== net45) (>= uap10.0)) (== netstandard1.5) (== netstandard1.6) (&& (== netstandard2.0) (< netstandard1.4)) (&& (== netstandard2.0) (< netstandard1.5)) (&& (== netstandard2.0) (< netstandard1.6)) (&& (== netstandard2.0) (>= uap10.0))
      System.AppContext (>= 4.3) - restriction: || (&& (== net40) (>= net46)) (&& (== net40) (>= netstandard1.3)) (&& (== net40) (>= netstandard1.4)) (&& (== net40) (>= netstandard1.5)) (&& (== net40) (>= netstandard1.6)) (&& (== net40) (>= uap10.0)) (&& (== net45) (>= net46)) (&& (== net45) (>= uap10.0)) (== netstandard1.5) (== netstandard1.6) (&& (== netstandard2.0) (< netstandard1.4)) (&& (== netstandard2.0) (< netstandard1.5)) (&& (== netstandard2.0) (< netstandard1.6)) (&& (== netstandard2.0) (>= uap10.0))
      System.Collections (>= 4.3) - restriction: || (&& (== net40) (>= netstandard1.0)) (&& (== net40) (>= netstandard1.1)) (&& (== net40) (>= netstandard1.2)) (&& (== net40) (>= netstandard1.3)) (&& (== net40) (>= netstandard1.4)) (&& (== net40) (>= netstandard1.5)) (&& (== net40) (>= netstandard1.6)) (&& (== net40) (>= uap10.0)) (&& (== net45) (< portable-net45+win8+wpa81)) (&& (== net45) (>= uap10.0)) (== netstandard1.5) (== netstandard1.6) (&& (== netstandard2.0) (< netstandard1.2)) (&& (== netstandard2.0) (< netstandard1.3)) (&& (== netstandard2.0) (< netstandard1.4)) (&& (== netstandard2.0) (< netstandard1.5)) (&& (== netstandard2.0) (< netstandard1.6)) (&& (== netstandard2.0) (< portable-net45+win8+wpa81)) (&& (== netstandard2.0) (>= uap10.0))
      System.Collections.Concurrent (>= 4.3) - restriction: || (&& (== net40) (>= netstandard1.1)) (&& (== net40) (>= netstandard1.2)) (&& (== net40) (>= netstandard1.3)) (&& (== net40) (>= netstandard1.4)) (&& (== net40) (>= netstandard1.5)) (&& (== net40) (>= netstandard1.6)) (&& (== net40) (>= uap10.0)) (&& (== net45) (>= uap10.0)) (== netstandard1.5) (== netstandard1.6) (&& (== netstandard2.0) (< netstandard1.2)) (&& (== netstandard2.0) (< netstandard1.3)) (&& (== netstandard2.0) (< netstandard1.4)) (&& (== netstandard2.0) (< netstandard1.5)) (&& (== netstandard2.0) (< netstandard1.6)) (&& (== netstandard2.0) (>= uap10.0))
      System.Console (>= 4.3) - restriction: || (&& (== net40) (>= net46)) (&& (== net40) (>= netstandard1.3)) (&& (== net40) (>= netstandard1.4)) (&& (== net40) (>= netstandard1.5)) (&& (== net40) (>= netstandard1.6)) (&& (== net40) (>= uap10.0)) (&& (== net45) (>= net46)) (&& (== net45) (>= uap10.0)) (== netstandard1.5) (== netstandard1.6) (&& (== netstandard2.0) (< netstandard1.4)) (&& (== netstandard2.0) (< netstandard1.5)) (&& (== netstandard2.0) (< netstandard1.6)) (&& (== netstandard2.0) (>= uap10.0))
      System.Diagnostics.Debug (>= 4.3) - restriction: || (&& (== net40) (>= netstandard1.0)) (&& (== net40) (>= netstandard1.1)) (&& (== net40) (>= netstandard1.2)) (&& (== net40) (>= netstandard1.3)) (&& (== net40) (>= netstandard1.4)) (&& (== net40) (>= netstandard1.5)) (&& (== net40) (>= netstandard1.6)) (&& (== net40) (>= uap10.0)) (&& (== net45) (< portable-net45+win8+wpa81)) (&& (== net45) (>= uap10.0)) (== netstandard1.5) (== netstandard1.6) (&& (== netstandard2.0) (< netstandard1.2)) (&& (== netstandard2.0) (< netstandard1.3)) (&& (== netstandard2.0) (< netstandard1.4)) (&& (== netstandard2.0) (< netstandard1.5)) (&& (== netstandard2.0) (< netstandard1.6)) (&& (== netstandard2.0) (< portable-net45+win8+wpa81)) (&& (== netstandard2.0) (>= uap10.0))
      System.Diagnostics.Tools (>= 4.3) - restriction: || (&& (== net40) (>= netstandard1.0)) (&& (== net40) (>= netstandard1.1)) (&& (== net40) (>= netstandard1.2)) (&& (== net40) (>= netstandard1.3)) (&& (== net40) (>= netstandard1.4)) (&& (== net40) (>= netstandard1.5)) (&& (== net40) (>= netstandard1.6)) (&& (== net40) (>= uap10.0)) (&& (== net45) (< portable-net45+win8+wpa81)) (&& (== net45) (>= uap10.0)) (== netstandard1.5) (== netstandard1.6) (&& (== netstandard2.0) (< netstandard1.2)) (&& (== netstandard2.0) (< netstandard1.3)) (&& (== netstandard2.0) (< netstandard1.4)) (&& (== netstandard2.0) (< netstandard1.5)) (&& (== netstandard2.0) (< netstandard1.6)) (&& (== netstandard2.0) (< portable-net45+win8+wpa81)) (&& (== netstandard2.0) (>= uap10.0))
      System.Diagnostics.Tracing (>= 4.3) - restriction: || (&& (== net40) (>= netstandard1.1)) (&& (== net40) (>= netstandard1.2)) (&& (== net40) (>= netstandard1.3)) (&& (== net40) (>= netstandard1.4)) (&& (== net40) (>= netstandard1.5)) (&& (== net40) (>= netstandard1.6)) (&& (== net40) (>= uap10.0)) (&& (== net45) (>= uap10.0)) (== netstandard1.5) (== netstandard1.6) (&& (== netstandard2.0) (< netstandard1.2)) (&& (== netstandard2.0) (< netstandard1.3)) (&& (== netstandard2.0) (< netstandard1.4)) (&& (== netstandard2.0) (< netstandard1.5)) (&& (== netstandard2.0) (< netstandard1.6)) (&& (== netstandard2.0) (>= uap10.0))
      System.Globalization (>= 4.3) - restriction: || (&& (== net40) (>= netstandard1.0)) (&& (== net40) (>= netstandard1.1)) (&& (== net40) (>= netstandard1.2)) (&& (== net40) (>= netstandard1.3)) (&& (== net40) (>= netstandard1.4)) (&& (== net40) (>= netstandard1.5)) (&& (== net40) (>= netstandard1.6)) (&& (== net40) (>= uap10.0)) (&& (== net45) (< portable-net45+win8+wpa81)) (&& (== net45) (>= uap10.0)) (== netstandard1.5) (== netstandard1.6) (&& (== netstandard2.0) (< netstandard1.2)) (&& (== netstandard2.0) (< netstandard1.3)) (&& (== netstandard2.0) (< netstandard1.4)) (&& (== netstandard2.0) (< netstandard1.5)) (&& (== netstandard2.0) (< netstandard1.6)) (&& (== netstandard2.0) (< portable-net45+win8+wpa81)) (&& (== netstandard2.0) (>= uap10.0))
      System.Globalization.Calendars (>= 4.3) - restriction: || (&& (== net40) (>= net46)) (&& (== net40) (>= netstandard1.3)) (&& (== net40) (>= netstandard1.4)) (&& (== net40) (>= netstandard1.5)) (&& (== net40) (>= netstandard1.6)) (&& (== net40) (>= uap10.0)) (&& (== net45) (>= net46)) (&& (== net45) (>= uap10.0)) (== netstandard1.5) (== netstandard1.6) (&& (== netstandard2.0) (< netstandard1.4)) (&& (== netstandard2.0) (< netstandard1.5)) (&& (== netstandard2.0) (< netstandard1.6)) (&& (== netstandard2.0) (>= uap10.0))
      System.IO (>= 4.3) - restriction: || (&& (== net40) (>= netstandard1.0)) (&& (== net40) (>= netstandard1.1)) (&& (== net40) (>= netstandard1.2)) (&& (== net40) (>= netstandard1.3)) (&& (== net40) (>= netstandard1.4)) (&& (== net40) (>= netstandard1.5)) (&& (== net40) (>= netstandard1.6)) (&& (== net40) (>= uap10.0)) (&& (== net45) (< portable-net45+win8+wpa81)) (&& (== net45) (>= uap10.0)) (== netstandard1.5) (== netstandard1.6) (&& (== netstandard2.0) (< netstandard1.2)) (&& (== netstandard2.0) (< netstandard1.3)) (&& (== netstandard2.0) (< netstandard1.4)) (&& (== netstandard2.0) (< netstandard1.5)) (&& (== netstandard2.0) (< netstandard1.6)) (&& (== netstandard2.0) (< portable-net45+win8+wpa81)) (&& (== netstandard2.0) (>= uap10.0))
      System.IO.Compression (>= 4.3) - restriction: || (&& (== net40) (>= net46)) (&& (== net40) (>= netstandard1.1)) (&& (== net40) (>= netstandard1.2)) (&& (== net40) (>= netstandard1.3)) (&& (== net40) (>= netstandard1.4)) (&& (== net40) (>= netstandard1.5)) (&& (== net40) (>= netstandard1.6)) (&& (== net40) (>= uap10.0)) (&& (== net45) (>= net46)) (&& (== net45) (>= uap10.0)) (== netstandard1.5) (== netstandard1.6) (&& (== netstandard2.0) (< netstandard1.2)) (&& (== netstandard2.0) (< netstandard1.3)) (&& (== netstandard2.0) (< netstandard1.4)) (&& (== netstandard2.0) (< netstandard1.5)) (&& (== netstandard2.0) (< netstandard1.6)) (&& (== netstandard2.0) (>= uap10.0))
      System.IO.Compression.ZipFile (>= 4.3) - restriction: || (&& (== net40) (>= net46)) (&& (== net40) (>= netstandard1.3)) (&& (== net40) (>= netstandard1.4)) (&& (== net40) (>= netstandard1.5)) (&& (== net40) (>= netstandard1.6)) (&& (== net40) (>= uap10.0)) (&& (== net45) (>= net46)) (&& (== net45) (>= uap10.0)) (== netstandard1.5) (== netstandard1.6) (&& (== netstandard2.0) (< netstandard1.4)) (&& (== netstandard2.0) (< netstandard1.5)) (&& (== netstandard2.0) (< netstandard1.6)) (&& (== netstandard2.0) (>= uap10.0))
      System.IO.FileSystem (>= 4.3) - restriction: || (&& (== net40) (>= net46)) (&& (== net40) (>= netstandard1.3)) (&& (== net40) (>= netstandard1.4)) (&& (== net40) (>= netstandard1.5)) (&& (== net40) (>= netstandard1.6)) (&& (== net40) (>= uap10.0)) (&& (== net45) (>= net46)) (&& (== net45) (>= uap10.0)) (== netstandard1.5) (== netstandard1.6) (&& (== netstandard2.0) (< netstandard1.4)) (&& (== netstandard2.0) (< netstandard1.5)) (&& (== netstandard2.0) (< netstandard1.6)) (&& (== netstandard2.0) (>= uap10.0))
      System.IO.FileSystem.Primitives (>= 4.3) - restriction: || (&& (== net40) (>= net46)) (&& (== net40) (>= netstandard1.3)) (&& (== net40) (>= netstandard1.4)) (&& (== net40) (>= netstandard1.5)) (&& (== net40) (>= netstandard1.6)) (&& (== net40) (>= uap10.0)) (&& (== net45) (>= net46)) (&& (== net45) (>= uap10.0)) (== netstandard1.5) (== netstandard1.6) (&& (== netstandard2.0) (< netstandard1.4)) (&& (== netstandard2.0) (< netstandard1.5)) (&& (== netstandard2.0) (< netstandard1.6)) (&& (== netstandard2.0) (>= uap10.0))
      System.Linq (>= 4.3) - restriction: || (&& (== net40) (>= netstandard1.0)) (&& (== net40) (>= netstandard1.1)) (&& (== net40) (>= netstandard1.2)) (&& (== net40) (>= netstandard1.3)) (&& (== net40) (>= netstandard1.4)) (&& (== net40) (>= netstandard1.5)) (&& (== net40) (>= netstandard1.6)) (&& (== net40) (>= uap10.0)) (&& (== net45) (< portable-net45+win8+wpa81)) (&& (== net45) (>= uap10.0)) (== netstandard1.5) (== netstandard1.6) (&& (== netstandard2.0) (< netstandard1.2)) (&& (== netstandard2.0) (< netstandard1.3)) (&& (== netstandard2.0) (< netstandard1.4)) (&& (== netstandard2.0) (< netstandard1.5)) (&& (== netstandard2.0) (< netstandard1.6)) (&& (== netstandard2.0) (< portable-net45+win8+wpa81)) (&& (== netstandard2.0) (>= uap10.0))
      System.Linq.Expressions (>= 4.3) - restriction: || (&& (== net40) (>= netstandard1.0)) (&& (== net40) (>= netstandard1.1)) (&& (== net40) (>= netstandard1.2)) (&& (== net40) (>= netstandard1.3)) (&& (== net40) (>= netstandard1.4)) (&& (== net40) (>= netstandard1.5)) (&& (== net40) (>= netstandard1.6)) (&& (== net40) (>= uap10.0)) (&& (== net45) (< portable-net45+win8+wpa81)) (&& (== net45) (>= uap10.0)) (== netstandard1.5) (== netstandard1.6) (&& (== netstandard2.0) (< netstandard1.2)) (&& (== netstandard2.0) (< netstandard1.3)) (&& (== netstandard2.0) (< netstandard1.4)) (&& (== netstandard2.0) (< netstandard1.5)) (&& (== netstandard2.0) (< netstandard1.6)) (&& (== netstandard2.0) (< portable-net45+win8+wpa81)) (&& (== netstandard2.0) (>= uap10.0))
      System.Net.Http (>= 4.3.2) - restriction: || (&& (== net40) (>= net46)) (&& (== net40) (>= netstandard1.1)) (&& (== net40) (>= netstandard1.2)) (&& (== net40) (>= netstandard1.3)) (&& (== net40) (>= netstandard1.4)) (&& (== net40) (>= netstandard1.5)) (&& (== net40) (>= netstandard1.6)) (&& (== net40) (>= uap10.0)) (&& (== net45) (>= net46)) (&& (== net45) (>= uap10.0)) (== netstandard1.5) (== netstandard1.6) (&& (== netstandard2.0) (< netstandard1.2)) (&& (== netstandard2.0) (< netstandard1.3)) (&& (== netstandard2.0) (< netstandard1.4)) (&& (== netstandard2.0) (< netstandard1.5)) (&& (== netstandard2.0) (< netstandard1.6)) (&& (== netstandard2.0) (>= uap10.0))
      System.Net.Primitives (>= 4.3) - restriction: || (&& (== net40) (>= netstandard1.0)) (&& (== net40) (>= netstandard1.1)) (&& (== net40) (>= netstandard1.2)) (&& (== net40) (>= netstandard1.3)) (&& (== net40) (>= netstandard1.4)) (&& (== net40) (>= netstandard1.5)) (&& (== net40) (>= netstandard1.6)) (&& (== net40) (>= uap10.0)) (&& (== net45) (< portable-net45+win8+wpa81)) (&& (== net45) (>= uap10.0)) (== netstandard1.5) (== netstandard1.6) (&& (== netstandard2.0) (< netstandard1.2)) (&& (== netstandard2.0) (< netstandard1.3)) (&& (== netstandard2.0) (< netstandard1.4)) (&& (== netstandard2.0) (< netstandard1.5)) (&& (== netstandard2.0) (< netstandard1.6)) (&& (== netstandard2.0) (< portable-net45+win8+wpa81)) (&& (== netstandard2.0) (>= uap10.0))
      System.Net.Sockets (>= 4.3) - restriction: || (&& (== net40) (>= net46)) (&& (== net40) (>= netstandard1.3)) (&& (== net40) (>= netstandard1.4)) (&& (== net40) (>= netstandard1.5)) (&& (== net40) (>= netstandard1.6)) (&& (== net40) (>= uap10.0)) (&& (== net45) (>= net46)) (&& (== net45) (>= uap10.0)) (== netstandard1.5) (== netstandard1.6) (&& (== netstandard2.0) (< netstandard1.4)) (&& (== netstandard2.0) (< netstandard1.5)) (&& (== netstandard2.0) (< netstandard1.6)) (&& (== netstandard2.0) (>= uap10.0))
      System.ObjectModel (>= 4.3) - restriction: || (&& (== net40) (>= netstandard1.0)) (&& (== net40) (>= netstandard1.1)) (&& (== net40) (>= netstandard1.2)) (&& (== net40) (>= netstandard1.3)) (&& (== net40) (>= netstandard1.4)) (&& (== net40) (>= netstandard1.5)) (&& (== net40) (>= netstandard1.6)) (&& (== net40) (>= uap10.0)) (&& (== net45) (< portable-net45+win8+wpa81)) (&& (== net45) (>= uap10.0)) (== netstandard1.5) (== netstandard1.6) (&& (== netstandard2.0) (< netstandard1.2)) (&& (== netstandard2.0) (< netstandard1.3)) (&& (== netstandard2.0) (< netstandard1.4)) (&& (== netstandard2.0) (< netstandard1.5)) (&& (== netstandard2.0) (< netstandard1.6)) (&& (== netstandard2.0) (< portable-net45+win8+wpa81)) (&& (== netstandard2.0) (>= uap10.0))
      System.Reflection (>= 4.3) - restriction: || (&& (== net40) (>= netstandard1.0)) (&& (== net40) (>= netstandard1.1)) (&& (== net40) (>= netstandard1.2)) (&& (== net40) (>= netstandard1.3)) (&& (== net40) (>= netstandard1.4)) (&& (== net40) (>= netstandard1.5)) (&& (== net40) (>= netstandard1.6)) (&& (== net40) (>= uap10.0)) (&& (== net45) (< portable-net45+win8+wpa81)) (&& (== net45) (>= uap10.0)) (== netstandard1.5) (== netstandard1.6) (&& (== netstandard2.0) (< netstandard1.2)) (&& (== netstandard2.0) (< netstandard1.3)) (&& (== netstandard2.0) (< netstandard1.4)) (&& (== netstandard2.0) (< netstandard1.5)) (&& (== netstandard2.0) (< netstandard1.6)) (&& (== netstandard2.0) (< portable-net45+win8+wpa81)) (&& (== netstandard2.0) (>= uap10.0))
      System.Reflection.Extensions (>= 4.3) - restriction: || (&& (== net40) (>= netstandard1.0)) (&& (== net40) (>= netstandard1.1)) (&& (== net40) (>= netstandard1.2)) (&& (== net40) (>= netstandard1.3)) (&& (== net40) (>= netstandard1.4)) (&& (== net40) (>= netstandard1.5)) (&& (== net40) (>= netstandard1.6)) (&& (== net40) (>= uap10.0)) (&& (== net45) (< portable-net45+win8+wpa81)) (&& (== net45) (>= uap10.0)) (== netstandard1.5) (== netstandard1.6) (&& (== netstandard2.0) (< netstandard1.2)) (&& (== netstandard2.0) (< netstandard1.3)) (&& (== netstandard2.0) (< netstandard1.4)) (&& (== netstandard2.0) (< netstandard1.5)) (&& (== netstandard2.0) (< netstandard1.6)) (&& (== netstandard2.0) (< portable-net45+win8+wpa81)) (&& (== netstandard2.0) (>= uap10.0))
      System.Reflection.Primitives (>= 4.3) - restriction: || (&& (== net40) (>= netstandard1.0)) (&& (== net40) (>= netstandard1.1)) (&& (== net40) (>= netstandard1.2)) (&& (== net40) (>= netstandard1.3)) (&& (== net40) (>= netstandard1.4)) (&& (== net40) (>= netstandard1.5)) (&& (== net40) (>= netstandard1.6)) (&& (== net40) (>= uap10.0)) (&& (== net45) (< portable-net45+win8+wpa81)) (&& (== net45) (>= uap10.0)) (== netstandard1.5) (== netstandard1.6) (&& (== netstandard2.0) (< netstandard1.2)) (&& (== netstandard2.0) (< netstandard1.3)) (&& (== netstandard2.0) (< netstandard1.4)) (&& (== netstandard2.0) (< netstandard1.5)) (&& (== netstandard2.0) (< netstandard1.6)) (&& (== netstandard2.0) (< portable-net45+win8+wpa81)) (&& (== netstandard2.0) (>= uap10.0))
      System.Resources.ResourceManager (>= 4.3) - restriction: || (&& (== net40) (>= netstandard1.0)) (&& (== net40) (>= netstandard1.1)) (&& (== net40) (>= netstandard1.2)) (&& (== net40) (>= netstandard1.3)) (&& (== net40) (>= netstandard1.4)) (&& (== net40) (>= netstandard1.5)) (&& (== net40) (>= netstandard1.6)) (&& (== net40) (>= uap10.0)) (&& (== net45) (< portable-net45+win8+wpa81)) (&& (== net45) (>= uap10.0)) (== netstandard1.5) (== netstandard1.6) (&& (== netstandard2.0) (< netstandard1.2)) (&& (== netstandard2.0) (< netstandard1.3)) (&& (== netstandard2.0) (< netstandard1.4)) (&& (== netstandard2.0) (< netstandard1.5)) (&& (== netstandard2.0) (< netstandard1.6)) (&& (== netstandard2.0) (< portable-net45+win8+wpa81)) (&& (== netstandard2.0) (>= uap10.0))
      System.Runtime (>= 4.3) - restriction: || (&& (== net40) (>= netstandard1.0)) (&& (== net40) (>= netstandard1.1)) (&& (== net40) (>= netstandard1.2)) (&& (== net40) (>= netstandard1.3)) (&& (== net40) (>= netstandard1.4)) (&& (== net40) (>= netstandard1.5)) (&& (== net40) (>= netstandard1.6)) (&& (== net40) (>= uap10.0)) (&& (== net45) (< portable-net45+win8+wpa81)) (&& (== net45) (>= uap10.0)) (== netstandard1.5) (== netstandard1.6) (&& (== netstandard2.0) (< netstandard1.2)) (&& (== netstandard2.0) (< netstandard1.3)) (&& (== netstandard2.0) (< netstandard1.4)) (&& (== netstandard2.0) (< netstandard1.5)) (&& (== netstandard2.0) (< netstandard1.6)) (&& (== netstandard2.0) (< portable-net45+win8+wpa81)) (&& (== netstandard2.0) (>= uap10.0))
      System.Runtime.Extensions (>= 4.3) - restriction: || (&& (== net40) (>= netstandard1.0)) (&& (== net40) (>= netstandard1.1)) (&& (== net40) (>= netstandard1.2)) (&& (== net40) (>= netstandard1.3)) (&& (== net40) (>= netstandard1.4)) (&& (== net40) (>= netstandard1.5)) (&& (== net40) (>= netstandard1.6)) (&& (== net40) (>= uap10.0)) (&& (== net45) (< portable-net45+win8+wpa81)) (&& (== net45) (>= uap10.0)) (== netstandard1.5) (== netstandard1.6) (&& (== netstandard2.0) (< netstandard1.2)) (&& (== netstandard2.0) (< netstandard1.3)) (&& (== netstandard2.0) (< netstandard1.4)) (&& (== netstandard2.0) (< netstandard1.5)) (&& (== netstandard2.0) (< netstandard1.6)) (&& (== netstandard2.0) (< portable-net45+win8+wpa81)) (&& (== netstandard2.0) (>= uap10.0))
      System.Runtime.Handles (>= 4.3) - restriction: || (&& (== net40) (>= netstandard1.3)) (&& (== net40) (>= netstandard1.4)) (&& (== net40) (>= netstandard1.5)) (&& (== net40) (>= netstandard1.6)) (&& (== net40) (>= uap10.0)) (&& (== net45) (>= uap10.0)) (== netstandard1.5) (== netstandard1.6) (&& (== netstandard2.0) (< netstandard1.4)) (&& (== netstandard2.0) (< netstandard1.5)) (&& (== netstandard2.0) (< netstandard1.6)) (&& (== netstandard2.0) (>= uap10.0))
      System.Runtime.InteropServices (>= 4.3) - restriction: || (&& (== net40) (>= netstandard1.1)) (&& (== net40) (>= netstandard1.2)) (&& (== net40) (>= netstandard1.3)) (&& (== net40) (>= netstandard1.4)) (&& (== net40) (>= netstandard1.5)) (&& (== net40) (>= netstandard1.6)) (&& (== net40) (>= uap10.0)) (&& (== net45) (>= uap10.0)) (== netstandard1.5) (== netstandard1.6) (&& (== netstandard2.0) (< netstandard1.2)) (&& (== netstandard2.0) (< netstandard1.3)) (&& (== netstandard2.0) (< netstandard1.4)) (&& (== netstandard2.0) (< netstandard1.5)) (&& (== netstandard2.0) (< netstandard1.6)) (&& (== netstandard2.0) (>= uap10.0))
      System.Runtime.InteropServices.RuntimeInformation (>= 4.3) - restriction: || (&& (== net40) (>= net45)) (&& (== net40) (>= net46)) (&& (== net40) (>= netstandard1.1)) (&& (== net40) (>= netstandard1.2)) (&& (== net40) (>= netstandard1.3)) (&& (== net40) (>= netstandard1.4)) (&& (== net40) (>= netstandard1.5)) (&& (== net40) (>= netstandard1.6)) (&& (== net40) (>= portable-net45+win8)) (&& (== net40) (>= portable-net45+win8+wpa81)) (&& (== net40) (>= uap10.0)) (&& (== net40) (>= win8)) (&& (== net40) (>= wpa81)) (== net45) (== netstandard1.5) (== netstandard1.6) (&& (== netstandard2.0) (< netstandard1.0)) (&& (== netstandard2.0) (< netstandard1.2)) (&& (== netstandard2.0) (< netstandard1.3)) (&& (== netstandard2.0) (< netstandard1.4)) (&& (== netstandard2.0) (< netstandard1.5)) (&& (== netstandard2.0) (< netstandard1.6)) (&& (== netstandard2.0) (>= uap10.0))
      System.Runtime.Numerics (>= 4.3) - restriction: || (&& (== net40) (>= netstandard1.1)) (&& (== net40) (>= netstandard1.2)) (&& (== net40) (>= netstandard1.3)) (&& (== net40) (>= netstandard1.4)) (&& (== net40) (>= netstandard1.5)) (&& (== net40) (>= netstandard1.6)) (&& (== net40) (>= uap10.0)) (&& (== net45) (>= uap10.0)) (== netstandard1.5) (== netstandard1.6) (&& (== netstandard2.0) (< netstandard1.2)) (&& (== netstandard2.0) (< netstandard1.3)) (&& (== netstandard2.0) (< netstandard1.4)) (&& (== netstandard2.0) (< netstandard1.5)) (&& (== netstandard2.0) (< netstandard1.6)) (&& (== netstandard2.0) (>= uap10.0))
      System.Security.Cryptography.Algorithms (>= 4.3) - restriction: || (&& (== net40) (>= net46)) (&& (== net40) (>= netstandard1.3)) (&& (== net40) (>= netstandard1.4)) (&& (== net40) (>= netstandard1.5)) (&& (== net40) (>= netstandard1.6)) (&& (== net40) (>= uap10.0)) (&& (== net45) (>= net46)) (&& (== net45) (>= uap10.0)) (== netstandard1.5) (== netstandard1.6) (&& (== netstandard2.0) (< netstandard1.4)) (&& (== netstandard2.0) (< netstandard1.5)) (&& (== netstandard2.0) (< netstandard1.6)) (&& (== netstandard2.0) (>= uap10.0))
      System.Security.Cryptography.Encoding (>= 4.3) - restriction: || (&& (== net40) (>= net46)) (&& (== net40) (>= netstandard1.3)) (&& (== net40) (>= netstandard1.4)) (&& (== net40) (>= netstandard1.5)) (&& (== net40) (>= netstandard1.6)) (&& (== net40) (>= uap10.0)) (&& (== net45) (>= net46)) (&& (== net45) (>= uap10.0)) (== netstandard1.5) (== netstandard1.6) (&& (== netstandard2.0) (< netstandard1.4)) (&& (== netstandard2.0) (< netstandard1.5)) (&& (== netstandard2.0) (< netstandard1.6)) (&& (== netstandard2.0) (>= uap10.0))
      System.Security.Cryptography.Primitives (>= 4.3) - restriction: || (&& (== net40) (>= net46)) (&& (== net40) (>= netstandard1.3)) (&& (== net40) (>= netstandard1.4)) (&& (== net40) (>= netstandard1.5)) (&& (== net40) (>= netstandard1.6)) (&& (== net40) (>= uap10.0)) (&& (== net45) (>= net46)) (&& (== net45) (>= uap10.0)) (== netstandard1.5) (== netstandard1.6) (&& (== netstandard2.0) (< netstandard1.4)) (&& (== netstandard2.0) (< netstandard1.5)) (&& (== netstandard2.0) (< netstandard1.6)) (&& (== netstandard2.0) (>= uap10.0))
      System.Security.Cryptography.X509Certificates (>= 4.3) - restriction: || (&& (== net40) (>= net46)) (&& (== net40) (>= netstandard1.3)) (&& (== net40) (>= netstandard1.4)) (&& (== net40) (>= netstandard1.5)) (&& (== net40) (>= netstandard1.6)) (&& (== net40) (>= uap10.0)) (&& (== net45) (>= net46)) (&& (== net45) (>= uap10.0)) (== netstandard1.5) (== netstandard1.6) (&& (== netstandard2.0) (< netstandard1.4)) (&& (== netstandard2.0) (< netstandard1.5)) (&& (== netstandard2.0) (< netstandard1.6)) (&& (== netstandard2.0) (>= uap10.0))
      System.Text.Encoding (>= 4.3) - restriction: || (&& (== net40) (>= netstandard1.0)) (&& (== net40) (>= netstandard1.1)) (&& (== net40) (>= netstandard1.2)) (&& (== net40) (>= netstandard1.3)) (&& (== net40) (>= netstandard1.4)) (&& (== net40) (>= netstandard1.5)) (&& (== net40) (>= netstandard1.6)) (&& (== net40) (>= uap10.0)) (&& (== net45) (< portable-net45+win8+wpa81)) (&& (== net45) (>= uap10.0)) (== netstandard1.5) (== netstandard1.6) (&& (== netstandard2.0) (< netstandard1.2)) (&& (== netstandard2.0) (< netstandard1.3)) (&& (== netstandard2.0) (< netstandard1.4)) (&& (== netstandard2.0) (< netstandard1.5)) (&& (== netstandard2.0) (< netstandard1.6)) (&& (== netstandard2.0) (< portable-net45+win8+wpa81)) (&& (== netstandard2.0) (>= uap10.0))
      System.Text.Encoding.Extensions (>= 4.3) - restriction: || (&& (== net40) (>= netstandard1.0)) (&& (== net40) (>= netstandard1.1)) (&& (== net40) (>= netstandard1.2)) (&& (== net40) (>= netstandard1.3)) (&& (== net40) (>= netstandard1.4)) (&& (== net40) (>= netstandard1.5)) (&& (== net40) (>= netstandard1.6)) (&& (== net40) (>= uap10.0)) (&& (== net45) (< portable-net45+win8+wpa81)) (&& (== net45) (>= uap10.0)) (== netstandard1.5) (== netstandard1.6) (&& (== netstandard2.0) (< netstandard1.2)) (&& (== netstandard2.0) (< netstandard1.3)) (&& (== netstandard2.0) (< netstandard1.4)) (&& (== netstandard2.0) (< netstandard1.5)) (&& (== netstandard2.0) (< netstandard1.6)) (&& (== netstandard2.0) (< portable-net45+win8+wpa81)) (&& (== netstandard2.0) (>= uap10.0))
      System.Text.RegularExpressions (>= 4.3) - restriction: || (&& (== net40) (>= netstandard1.0)) (&& (== net40) (>= netstandard1.1)) (&& (== net40) (>= netstandard1.2)) (&& (== net40) (>= netstandard1.3)) (&& (== net40) (>= netstandard1.4)) (&& (== net40) (>= netstandard1.5)) (&& (== net40) (>= netstandard1.6)) (&& (== net40) (>= uap10.0)) (&& (== net45) (< portable-net45+win8+wpa81)) (&& (== net45) (>= uap10.0)) (== netstandard1.5) (== netstandard1.6) (&& (== netstandard2.0) (< netstandard1.2)) (&& (== netstandard2.0) (< netstandard1.3)) (&& (== netstandard2.0) (< netstandard1.4)) (&& (== netstandard2.0) (< netstandard1.5)) (&& (== netstandard2.0) (< netstandard1.6)) (&& (== netstandard2.0) (< portable-net45+win8+wpa81)) (&& (== netstandard2.0) (>= uap10.0))
      System.Threading (>= 4.3) - restriction: || (&& (== net40) (>= netstandard1.0)) (&& (== net40) (>= netstandard1.1)) (&& (== net40) (>= netstandard1.2)) (&& (== net40) (>= netstandard1.3)) (&& (== net40) (>= netstandard1.4)) (&& (== net40) (>= netstandard1.5)) (&& (== net40) (>= netstandard1.6)) (&& (== net40) (>= uap10.0)) (&& (== net45) (< portable-net45+win8+wpa81)) (&& (== net45) (>= uap10.0)) (== netstandard1.5) (== netstandard1.6) (&& (== netstandard2.0) (< netstandard1.2)) (&& (== netstandard2.0) (< netstandard1.3)) (&& (== netstandard2.0) (< netstandard1.4)) (&& (== netstandard2.0) (< netstandard1.5)) (&& (== netstandard2.0) (< netstandard1.6)) (&& (== netstandard2.0) (< portable-net45+win8+wpa81)) (&& (== netstandard2.0) (>= uap10.0))
      System.Threading.Tasks (>= 4.3) - restriction: || (&& (== net40) (>= netstandard1.0)) (&& (== net40) (>= netstandard1.1)) (&& (== net40) (>= netstandard1.2)) (&& (== net40) (>= netstandard1.3)) (&& (== net40) (>= netstandard1.4)) (&& (== net40) (>= netstandard1.5)) (&& (== net40) (>= netstandard1.6)) (&& (== net40) (>= uap10.0)) (&& (== net45) (< portable-net45+win8+wpa81)) (&& (== net45) (>= uap10.0)) (== netstandard1.5) (== netstandard1.6) (&& (== netstandard2.0) (< netstandard1.2)) (&& (== netstandard2.0) (< netstandard1.3)) (&& (== netstandard2.0) (< netstandard1.4)) (&& (== netstandard2.0) (< netstandard1.5)) (&& (== netstandard2.0) (< netstandard1.6)) (&& (== netstandard2.0) (< portable-net45+win8+wpa81)) (&& (== netstandard2.0) (>= uap10.0))
      System.Threading.Timer (>= 4.3) - restriction: || (&& (== net40) (>= netstandard1.2)) (&& (== net40) (>= netstandard1.3)) (&& (== net40) (>= netstandard1.4)) (&& (== net40) (>= netstandard1.5)) (&& (== net40) (>= netstandard1.6)) (&& (== net40) (>= uap10.0)) (&& (== net45) (>= uap10.0)) (== netstandard1.5) (== netstandard1.6) (&& (== netstandard2.0) (< netstandard1.3)) (&& (== netstandard2.0) (< netstandard1.4)) (&& (== netstandard2.0) (< netstandard1.5)) (&& (== netstandard2.0) (< netstandard1.6)) (&& (== netstandard2.0) (>= uap10.0))
      System.Xml.ReaderWriter (>= 4.3) - restriction: || (&& (== net40) (>= net46)) (&& (== net40) (>= netstandard1.0)) (&& (== net40) (>= netstandard1.1)) (&& (== net40) (>= netstandard1.2)) (&& (== net40) (>= netstandard1.3)) (&& (== net40) (>= netstandard1.4)) (&& (== net40) (>= netstandard1.5)) (&& (== net40) (>= netstandard1.6)) (&& (== net40) (>= uap10.0)) (&& (== net45) (>= net46)) (&& (== net45) (< portable-net45+win8+wpa81)) (&& (== net45) (>= uap10.0)) (== netstandard1.5) (== netstandard1.6) (&& (== netstandard2.0) (< netstandard1.2)) (&& (== netstandard2.0) (< netstandard1.3)) (&& (== netstandard2.0) (< netstandard1.4)) (&& (== netstandard2.0) (< netstandard1.5)) (&& (== netstandard2.0) (< netstandard1.6)) (&& (== netstandard2.0) (< portable-net45+win8+wpa81)) (&& (== netstandard2.0) (>= uap10.0))
      System.Xml.XDocument (>= 4.3) - restriction: || (&& (== net40) (>= netstandard1.0)) (&& (== net40) (>= netstandard1.1)) (&& (== net40) (>= netstandard1.2)) (&& (== net40) (>= netstandard1.3)) (&& (== net40) (>= netstandard1.4)) (&& (== net40) (>= netstandard1.5)) (&& (== net40) (>= netstandard1.6)) (&& (== net40) (>= uap10.0)) (&& (== net45) (< portable-net45+win8+wpa81)) (&& (== net45) (>= uap10.0)) (== netstandard1.5) (== netstandard1.6) (&& (== netstandard2.0) (< netstandard1.2)) (&& (== netstandard2.0) (< netstandard1.3)) (&& (== netstandard2.0) (< netstandard1.4)) (&& (== netstandard2.0) (< netstandard1.5)) (&& (== netstandard2.0) (< netstandard1.6)) (&& (== netstandard2.0) (< portable-net45+win8+wpa81)) (&& (== netstandard2.0) (>= uap10.0))
    runtime.debian.8-x64.runtime.native.System.Security.Cryptography.OpenSsl (4.3.3) - restriction: || (&& (== net40) (== netstandard2.0)) (&& (== net40) (< net35) (>= netstandard1.6)) (&& (== net40) (>= netstandard1.6) (>= uap10.0)) (&& (== net45) (== netstandard2.0)) (&& (== net45) (< net35) (>= netstandard1.6)) (&& (== net45) (>= netstandard1.6) (>= uap10.0)) (&& (== netstandard1.5) (== netstandard2.0)) (&& (== netstandard1.5) (>= netstandard1.6)) (== netstandard1.6) (&& (== netstandard2.0) (< netstandard1.2)) (&& (== netstandard2.0) (< netstandard1.3)) (&& (== netstandard2.0) (< netstandard1.4)) (&& (== netstandard2.0) (< netstandard1.5)) (&& (== netstandard2.0) (< netstandard1.6))
    runtime.debian.9-x64.runtime.native.System.Security.Cryptography.OpenSsl (4.3.3) - restriction: || (&& (== net40) (== netstandard2.0)) (&& (== net40) (< net35) (>= netstandard1.6)) (&& (== net40) (>= netstandard1.6) (>= uap10.0)) (&& (== net45) (== netstandard2.0)) (&& (== net45) (< net35) (>= netstandard1.6)) (&& (== net45) (>= netstandard1.6) (>= uap10.0)) (&& (== netstandard1.5) (== netstandard2.0)) (&& (== netstandard1.5) (>= netstandard1.6)) (== netstandard1.6) (&& (== netstandard2.0) (< netstandard1.2)) (&& (== netstandard2.0) (< netstandard1.3)) (&& (== netstandard2.0) (< netstandard1.4)) (&& (== netstandard2.0) (< netstandard1.5)) (&& (== netstandard2.0) (< netstandard1.6))
    runtime.fedora.23-x64.runtime.native.System.Security.Cryptography.OpenSsl (4.3.3) - restriction: || (&& (== net40) (== netstandard2.0)) (&& (== net40) (< net35) (>= netstandard1.6)) (&& (== net40) (>= netstandard1.6) (>= uap10.0)) (&& (== net45) (== netstandard2.0)) (&& (== net45) (< net35) (>= netstandard1.6)) (&& (== net45) (>= netstandard1.6) (>= uap10.0)) (&& (== netstandard1.5) (== netstandard2.0)) (&& (== netstandard1.5) (>= netstandard1.6)) (== netstandard1.6) (&& (== netstandard2.0) (< netstandard1.2)) (&& (== netstandard2.0) (< netstandard1.3)) (&& (== netstandard2.0) (< netstandard1.4)) (&& (== netstandard2.0) (< netstandard1.5)) (&& (== netstandard2.0) (< netstandard1.6))
    runtime.fedora.24-x64.runtime.native.System.Security.Cryptography.OpenSsl (4.3.3) - restriction: || (&& (== net40) (== netstandard2.0)) (&& (== net40) (< net35) (>= netstandard1.6)) (&& (== net40) (>= netstandard1.6) (>= uap10.0)) (&& (== net45) (== netstandard2.0)) (&& (== net45) (< net35) (>= netstandard1.6)) (&& (== net45) (>= netstandard1.6) (>= uap10.0)) (&& (== netstandard1.5) (== netstandard2.0)) (&& (== netstandard1.5) (>= netstandard1.6)) (== netstandard1.6) (&& (== netstandard2.0) (< netstandard1.2)) (&& (== netstandard2.0) (< netstandard1.3)) (&& (== netstandard2.0) (< netstandard1.4)) (&& (== netstandard2.0) (< netstandard1.5)) (&& (== netstandard2.0) (< netstandard1.6))
    runtime.fedora.27-x64.runtime.native.System.Security.Cryptography.OpenSsl (4.3.3) - restriction: || (&& (== net40) (== netstandard2.0)) (&& (== net40) (< net35) (>= netstandard1.6)) (&& (== net40) (>= netstandard1.6) (>= uap10.0)) (&& (== net45) (== netstandard2.0)) (&& (== net45) (< net35) (>= netstandard1.6)) (&& (== net45) (>= netstandard1.6) (>= uap10.0)) (&& (== netstandard1.5) (== netstandard2.0)) (&& (== netstandard1.5) (>= netstandard1.6)) (== netstandard1.6) (&& (== netstandard2.0) (< netstandard1.2)) (&& (== netstandard2.0) (< netstandard1.3)) (&& (== netstandard2.0) (< netstandard1.4)) (&& (== netstandard2.0) (< netstandard1.5)) (&& (== netstandard2.0) (< netstandard1.6))
    runtime.fedora.28-x64.runtime.native.System.Security.Cryptography.OpenSsl (4.3.3) - restriction: || (&& (== net40) (== netstandard2.0)) (&& (== net40) (< net35) (>= netstandard1.6)) (&& (== net40) (>= netstandard1.6) (>= uap10.0)) (&& (== net45) (== netstandard2.0)) (&& (== net45) (< net35) (>= netstandard1.6)) (&& (== net45) (>= netstandard1.6) (>= uap10.0)) (&& (== netstandard1.5) (== netstandard2.0)) (&& (== netstandard1.5) (>= netstandard1.6)) (== netstandard1.6) (&& (== netstandard2.0) (< netstandard1.2)) (&& (== netstandard2.0) (< netstandard1.3)) (&& (== netstandard2.0) (< netstandard1.4)) (&& (== netstandard2.0) (< netstandard1.5)) (&& (== netstandard2.0) (< netstandard1.6))
    runtime.native.System (4.3.1) - restriction: || (&& (== net40) (< net20) (>= netstandard1.4)) (&& (== net40) (< net35) (>= netstandard1.5)) (&& (== net40) (< net35) (>= netstandard1.6)) (&& (== net40) (>= netstandard1.5) (>= uap10.0)) (&& (== net40) (>= netstandard1.6) (>= uap10.0)) (&& (== net45) (< net20) (>= netstandard1.4)) (&& (== net45) (< net35) (>= netstandard1.5)) (&& (== net45) (< net35) (>= netstandard1.6)) (&& (== net45) (>= netstandard1.5) (>= uap10.0)) (&& (== net45) (>= netstandard1.6) (>= uap10.0)) (== netstandard1.5) (== netstandard1.6) (== netstandard2.0)
      Microsoft.NETCore.Platforms (>= 1.1.1)
      Microsoft.NETCore.Targets (>= 1.1.3)
    runtime.native.System.IO.Compression (4.3.2) - restriction: || (&& (== net40) (== netstandard2.0)) (&& (== net40) (< net35) (>= netstandard1.5)) (&& (== net40) (< net35) (>= netstandard1.6)) (&& (== net40) (>= netstandard1.5) (>= uap10.0)) (&& (== net40) (>= netstandard1.6) (>= uap10.0)) (&& (== net45) (== netstandard2.0)) (&& (== net45) (< net35) (>= netstandard1.5)) (&& (== net45) (< net35) (>= netstandard1.6)) (&& (== net45) (>= netstandard1.5) (>= uap10.0)) (&& (== net45) (>= netstandard1.6) (>= uap10.0)) (== netstandard1.5) (== netstandard1.6) (&& (== netstandard2.0) (< netstandard1.2)) (&& (== netstandard2.0) (< netstandard1.3)) (&& (== netstandard2.0) (< netstandard1.4)) (&& (== netstandard2.0) (< netstandard1.5)) (&& (== netstandard2.0) (< netstandard1.6))
      Microsoft.NETCore.Platforms (>= 1.1.1)
      Microsoft.NETCore.Targets (>= 1.1.3)
    runtime.native.System.Net.Http (4.3.1) - restriction: || (&& (== net40) (== netstandard2.0)) (&& (== net40) (< net35) (>= netstandard1.6)) (&& (== net40) (>= netstandard1.6) (>= uap10.0)) (&& (== net45) (== netstandard2.0)) (&& (== net45) (< net35) (>= netstandard1.6)) (&& (== net45) (>= netstandard1.6) (>= uap10.0)) (&& (== netstandard1.5) (== netstandard2.0)) (&& (== netstandard1.5) (>= netstandard1.6)) (== netstandard1.6) (&& (== netstandard2.0) (< netstandard1.2)) (&& (== netstandard2.0) (< netstandard1.3)) (&& (== netstandard2.0) (< netstandard1.4)) (&& (== netstandard2.0) (< netstandard1.5)) (&& (== netstandard2.0) (< netstandard1.6))
      Microsoft.NETCore.Platforms (>= 1.1.1)
      Microsoft.NETCore.Targets (>= 1.1.3)
    runtime.native.System.Security.Cryptography.Apple (4.3.1) - restriction: || (&& (== net40) (== netstandard2.0)) (&& (== net40) (< net35) (>= netstandard1.6)) (&& (== net40) (>= netstandard1.6) (>= uap10.0)) (&& (== net45) (== netstandard2.0)) (&& (== net45) (< net35) (>= netstandard1.6)) (&& (== net45) (>= netstandard1.6) (>= uap10.0)) (&& (== netstandard1.5) (== netstandard2.0)) (&& (== netstandard1.5) (>= netstandard1.6)) (== netstandard1.6) (&& (== netstandard2.0) (< netstandard1.4)) (&& (== netstandard2.0) (< netstandard1.5)) (&& (== netstandard2.0) (< netstandard1.6))
      runtime.osx.10.10-x64.runtime.native.System.Security.Cryptography.Apple (>= 4.3.1)
    runtime.native.System.Security.Cryptography.OpenSsl (4.3.3) - restriction: || (&& (== net40) (== netstandard2.0)) (&& (== net40) (< net35) (>= netstandard1.5)) (&& (== net40) (< net35) (>= netstandard1.6)) (&& (== net40) (>= netstandard1.5) (>= uap10.0)) (&& (== net40) (>= netstandard1.6) (>= uap10.0)) (&& (== net45) (== netstandard2.0)) (&& (== net45) (< net35) (>= netstandard1.5)) (&& (== net45) (< net35) (>= netstandard1.6)) (&& (== net45) (>= netstandard1.5) (>= uap10.0)) (&& (== net45) (>= netstandard1.6) (>= uap10.0)) (== netstandard1.5) (== netstandard1.6) (&& (== netstandard2.0) (< netstandard1.2)) (&& (== netstandard2.0) (< netstandard1.3)) (&& (== netstandard2.0) (< netstandard1.4)) (&& (== netstandard2.0) (< netstandard1.5)) (&& (== netstandard2.0) (< netstandard1.6))
      runtime.debian.8-x64.runtime.native.System.Security.Cryptography.OpenSsl (>= 4.3.3)
      runtime.debian.9-x64.runtime.native.System.Security.Cryptography.OpenSsl (>= 4.3.3)
      runtime.fedora.23-x64.runtime.native.System.Security.Cryptography.OpenSsl (>= 4.3.3)
      runtime.fedora.24-x64.runtime.native.System.Security.Cryptography.OpenSsl (>= 4.3.3)
      runtime.fedora.27-x64.runtime.native.System.Security.Cryptography.OpenSsl (>= 4.3.3)
      runtime.fedora.28-x64.runtime.native.System.Security.Cryptography.OpenSsl (>= 4.3.3)
      runtime.opensuse.13.2-x64.runtime.native.System.Security.Cryptography.OpenSsl (>= 4.3.3)
      runtime.opensuse.42.1-x64.runtime.native.System.Security.Cryptography.OpenSsl (>= 4.3.3)
      runtime.opensuse.42.3-x64.runtime.native.System.Security.Cryptography.OpenSsl (>= 4.3.3)
      runtime.osx.10.10-x64.runtime.native.System.Security.Cryptography.OpenSsl (>= 4.3.3)
      runtime.rhel.7-x64.runtime.native.System.Security.Cryptography.OpenSsl (>= 4.3.3)
      runtime.ubuntu.14.04-x64.runtime.native.System.Security.Cryptography.OpenSsl (>= 4.3.3)
      runtime.ubuntu.16.04-x64.runtime.native.System.Security.Cryptography.OpenSsl (>= 4.3.3)
      runtime.ubuntu.16.10-x64.runtime.native.System.Security.Cryptography.OpenSsl (>= 4.3.3)
      runtime.ubuntu.18.04-x64.runtime.native.System.Security.Cryptography.OpenSsl (>= 4.3.3)
    runtime.opensuse.13.2-x64.runtime.native.System.Security.Cryptography.OpenSsl (4.3.3) - restriction: || (&& (== net40) (== netstandard2.0)) (&& (== net40) (< net35) (>= netstandard1.6)) (&& (== net40) (>= netstandard1.6) (>= uap10.0)) (&& (== net45) (== netstandard2.0)) (&& (== net45) (< net35) (>= netstandard1.6)) (&& (== net45) (>= netstandard1.6) (>= uap10.0)) (&& (== netstandard1.5) (== netstandard2.0)) (&& (== netstandard1.5) (>= netstandard1.6)) (== netstandard1.6) (&& (== netstandard2.0) (< netstandard1.2)) (&& (== netstandard2.0) (< netstandard1.3)) (&& (== netstandard2.0) (< netstandard1.4)) (&& (== netstandard2.0) (< netstandard1.5)) (&& (== netstandard2.0) (< netstandard1.6))
    runtime.opensuse.42.1-x64.runtime.native.System.Security.Cryptography.OpenSsl (4.3.3) - restriction: || (&& (== net40) (== netstandard2.0)) (&& (== net40) (< net35) (>= netstandard1.6)) (&& (== net40) (>= netstandard1.6) (>= uap10.0)) (&& (== net45) (== netstandard2.0)) (&& (== net45) (< net35) (>= netstandard1.6)) (&& (== net45) (>= netstandard1.6) (>= uap10.0)) (&& (== netstandard1.5) (== netstandard2.0)) (&& (== netstandard1.5) (>= netstandard1.6)) (== netstandard1.6) (&& (== netstandard2.0) (< netstandard1.2)) (&& (== netstandard2.0) (< netstandard1.3)) (&& (== netstandard2.0) (< netstandard1.4)) (&& (== netstandard2.0) (< netstandard1.5)) (&& (== netstandard2.0) (< netstandard1.6))
    runtime.opensuse.42.3-x64.runtime.native.System.Security.Cryptography.OpenSsl (4.3.3) - restriction: || (&& (== net40) (== netstandard2.0)) (&& (== net40) (< net35) (>= netstandard1.6)) (&& (== net40) (>= netstandard1.6) (>= uap10.0)) (&& (== net45) (== netstandard2.0)) (&& (== net45) (< net35) (>= netstandard1.6)) (&& (== net45) (>= netstandard1.6) (>= uap10.0)) (&& (== netstandard1.5) (== netstandard2.0)) (&& (== netstandard1.5) (>= netstandard1.6)) (== netstandard1.6) (&& (== netstandard2.0) (< netstandard1.2)) (&& (== netstandard2.0) (< netstandard1.3)) (&& (== netstandard2.0) (< netstandard1.4)) (&& (== netstandard2.0) (< netstandard1.5)) (&& (== netstandard2.0) (< netstandard1.6))
    runtime.osx.10.10-x64.runtime.native.System.Security.Cryptography.Apple (4.3.1) - restriction: || (&& (== net40) (== netstandard2.0)) (&& (== net40) (< net35) (>= netstandard1.6)) (&& (== net40) (>= netstandard1.6) (>= uap10.0)) (&& (== net45) (== netstandard2.0)) (&& (== net45) (< net35) (>= netstandard1.6)) (&& (== net45) (>= netstandard1.6) (>= uap10.0)) (&& (== netstandard1.5) (== netstandard2.0)) (&& (== netstandard1.5) (>= netstandard1.6)) (== netstandard1.6) (&& (== netstandard2.0) (< netstandard1.4)) (&& (== netstandard2.0) (< netstandard1.5)) (&& (== netstandard2.0) (< netstandard1.6))
    runtime.osx.10.10-x64.runtime.native.System.Security.Cryptography.OpenSsl (4.3.3) - restriction: || (&& (== net40) (== netstandard2.0)) (&& (== net40) (< net35) (>= netstandard1.6)) (&& (== net40) (>= netstandard1.6) (>= uap10.0)) (&& (== net45) (== netstandard2.0)) (&& (== net45) (< net35) (>= netstandard1.6)) (&& (== net45) (>= netstandard1.6) (>= uap10.0)) (&& (== netstandard1.5) (== netstandard2.0)) (&& (== netstandard1.5) (>= netstandard1.6)) (== netstandard1.6) (&& (== netstandard2.0) (< netstandard1.2)) (&& (== netstandard2.0) (< netstandard1.3)) (&& (== netstandard2.0) (< netstandard1.4)) (&& (== netstandard2.0) (< netstandard1.5)) (&& (== netstandard2.0) (< netstandard1.6))
    runtime.rhel.7-x64.runtime.native.System.Security.Cryptography.OpenSsl (4.3.3) - restriction: || (&& (== net40) (== netstandard2.0)) (&& (== net40) (< net35) (>= netstandard1.6)) (&& (== net40) (>= netstandard1.6) (>= uap10.0)) (&& (== net45) (== netstandard2.0)) (&& (== net45) (< net35) (>= netstandard1.6)) (&& (== net45) (>= netstandard1.6) (>= uap10.0)) (&& (== netstandard1.5) (== netstandard2.0)) (&& (== netstandard1.5) (>= netstandard1.6)) (== netstandard1.6) (&& (== netstandard2.0) (< netstandard1.2)) (&& (== netstandard2.0) (< netstandard1.3)) (&& (== netstandard2.0) (< netstandard1.4)) (&& (== netstandard2.0) (< netstandard1.5)) (&& (== netstandard2.0) (< netstandard1.6))
    runtime.ubuntu.14.04-x64.runtime.native.System.Security.Cryptography.OpenSsl (4.3.3) - restriction: || (&& (== net40) (== netstandard2.0)) (&& (== net40) (< net35) (>= netstandard1.6)) (&& (== net40) (>= netstandard1.6) (>= uap10.0)) (&& (== net45) (== netstandard2.0)) (&& (== net45) (< net35) (>= netstandard1.6)) (&& (== net45) (>= netstandard1.6) (>= uap10.0)) (&& (== netstandard1.5) (== netstandard2.0)) (&& (== netstandard1.5) (>= netstandard1.6)) (== netstandard1.6) (&& (== netstandard2.0) (< netstandard1.2)) (&& (== netstandard2.0) (< netstandard1.3)) (&& (== netstandard2.0) (< netstandard1.4)) (&& (== netstandard2.0) (< netstandard1.5)) (&& (== netstandard2.0) (< netstandard1.6))
    runtime.ubuntu.16.04-x64.runtime.native.System.Security.Cryptography.OpenSsl (4.3.3) - restriction: || (&& (== net40) (== netstandard2.0)) (&& (== net40) (< net35) (>= netstandard1.6)) (&& (== net40) (>= netstandard1.6) (>= uap10.0)) (&& (== net45) (== netstandard2.0)) (&& (== net45) (< net35) (>= netstandard1.6)) (&& (== net45) (>= netstandard1.6) (>= uap10.0)) (&& (== netstandard1.5) (== netstandard2.0)) (&& (== netstandard1.5) (>= netstandard1.6)) (== netstandard1.6) (&& (== netstandard2.0) (< netstandard1.2)) (&& (== netstandard2.0) (< netstandard1.3)) (&& (== netstandard2.0) (< netstandard1.4)) (&& (== netstandard2.0) (< netstandard1.5)) (&& (== netstandard2.0) (< netstandard1.6))
    runtime.ubuntu.16.10-x64.runtime.native.System.Security.Cryptography.OpenSsl (4.3.3) - restriction: || (&& (== net40) (== netstandard2.0)) (&& (== net40) (< net35) (>= netstandard1.6)) (&& (== net40) (>= netstandard1.6) (>= uap10.0)) (&& (== net45) (== netstandard2.0)) (&& (== net45) (< net35) (>= netstandard1.6)) (&& (== net45) (>= netstandard1.6) (>= uap10.0)) (&& (== netstandard1.5) (== netstandard2.0)) (&& (== netstandard1.5) (>= netstandard1.6)) (== netstandard1.6) (&& (== netstandard2.0) (< netstandard1.2)) (&& (== netstandard2.0) (< netstandard1.3)) (&& (== netstandard2.0) (< netstandard1.4)) (&& (== netstandard2.0) (< netstandard1.5)) (&& (== netstandard2.0) (< netstandard1.6))
    runtime.ubuntu.18.04-x64.runtime.native.System.Security.Cryptography.OpenSsl (4.3.3) - restriction: || (&& (== net40) (== netstandard2.0)) (&& (== net40) (< net35) (>= netstandard1.6)) (&& (== net40) (>= netstandard1.6) (>= uap10.0)) (&& (== net45) (== netstandard2.0)) (&& (== net45) (< net35) (>= netstandard1.6)) (&& (== net45) (>= netstandard1.6) (>= uap10.0)) (&& (== netstandard1.5) (== netstandard2.0)) (&& (== netstandard1.5) (>= netstandard1.6)) (== netstandard1.6) (&& (== netstandard2.0) (< netstandard1.2)) (&& (== netstandard2.0) (< netstandard1.3)) (&& (== netstandard2.0) (< netstandard1.4)) (&& (== netstandard2.0) (< netstandard1.5)) (&& (== netstandard2.0) (< netstandard1.6))
    System.AppContext (4.3) - restriction: || (&& (== net40) (< net20) (>= netstandard1.3)) (&& (== net40) (< net35) (>= netstandard1.5)) (&& (== net40) (< net35) (>= netstandard1.6)) (&& (== net40) (>= netstandard1.5) (>= uap10.0)) (&& (== net40) (>= netstandard1.6) (>= uap10.0)) (&& (== net45) (< net20) (>= netstandard1.3)) (&& (== net45) (< net35) (>= netstandard1.5)) (&& (== net45) (< net35) (>= netstandard1.6)) (&& (== net45) (>= netstandard1.5) (>= uap10.0)) (&& (== net45) (>= netstandard1.6) (>= uap10.0)) (== netstandard1.5) (== netstandard1.6) (== netstandard2.0)
      System.Runtime (>= 4.3) - restriction: || (&& (== net40) (>= netstandard1.3)) (&& (== net40) (>= netstandard1.6)) (&& (== net45) (>= netstandard1.3)) (&& (== net45) (>= netstandard1.6)) (== netstandard1.5) (== netstandard1.6) (== netstandard2.0)
    System.Buffers (4.5) - restriction: || (&& (== net40) (>= monoandroid) (>= netstandard1.4)) (&& (== net40) (>= monotouch)) (&& (== net40) (< net20) (>= netstandard2.0)) (&& (== net40) (< net35) (>= netstandard1.5)) (&& (== net40) (< net35) (>= netstandard1.6)) (&& (== net40) (>= netstandard1.5) (>= uap10.0)) (&& (== net40) (>= netstandard1.6) (>= uap10.0)) (&& (== net40) (>= xamarinios)) (&& (== net40) (>= xamarinmac)) (&& (== net40) (>= xamarintvos)) (&& (== net40) (>= xamarinwatchos)) (&& (== net45) (>= monoandroid) (>= netstandard1.4)) (&& (== net45) (>= monotouch)) (&& (== net45) (< net20) (>= netstandard2.0)) (&& (== net45) (< net35) (>= netstandard1.5)) (&& (== net45) (< net35) (>= netstandard1.6)) (&& (== net45) (>= netstandard1.5) (>= uap10.0)) (&& (== net45) (>= netstandard1.6) (>= uap10.0)) (&& (== net45) (>= xamarinios)) (&& (== net45) (>= xamarinmac)) (&& (== net45) (>= xamarintvos)) (&& (== net45) (>= xamarinwatchos)) (== netstandard1.5) (== netstandard1.6) (== netstandard2.0)
    System.Collections (4.3) - restriction: || (&& (== net40) (< net20) (>= netstandard1.4)) (&& (== net40) (< net20) (>= netstandard1.6)) (&& (== net40) (< net35) (>= netstandard1.5)) (&& (== net40) (< net35) (>= netstandard1.6)) (&& (== net40) (>= netstandard1.5) (>= uap10.0)) (&& (== net40) (>= netstandard1.6) (>= uap10.0)) (&& (== net45) (< net20) (>= netstandard1.4)) (&& (== net45) (< net20) (>= netstandard1.6)) (&& (== net45) (< net35) (>= netstandard1.5)) (&& (== net45) (< net35) (>= netstandard1.6)) (&& (== net45) (>= netstandard1.5) (>= uap10.0)) (&& (== net45) (>= netstandard1.6) (>= uap10.0)) (== netstandard1.5) (== netstandard1.6) (== netstandard2.0)
      Microsoft.NETCore.Platforms (>= 1.1) - restriction: || (&& (== net40) (>= netstandard1.0)) (&& (== net40) (>= netstandard1.3)) (== netstandard1.5) (== netstandard1.6) (== netstandard2.0)
      Microsoft.NETCore.Targets (>= 1.1) - restriction: || (&& (== net40) (>= netstandard1.0)) (&& (== net40) (>= netstandard1.3)) (== netstandard1.5) (== netstandard1.6) (== netstandard2.0)
      System.Runtime (>= 4.3) - restriction: || (&& (== net40) (>= netstandard1.0)) (&& (== net40) (>= netstandard1.3)) (== netstandard1.5) (== netstandard1.6) (== netstandard2.0)
    System.Collections.Concurrent (4.3) - restriction: || (&& (== net40) (== netstandard2.0)) (&& (== net40) (< net35) (>= netstandard1.5)) (&& (== net40) (< net35) (>= netstandard1.6)) (&& (== net40) (>= netstandard1.5) (>= uap10.0)) (&& (== net40) (>= netstandard1.6) (>= uap10.0)) (&& (== net45) (== netstandard2.0)) (&& (== net45) (< net35) (>= netstandard1.5)) (&& (== net45) (< net35) (>= netstandard1.6)) (&& (== net45) (>= netstandard1.5) (>= uap10.0)) (&& (== net45) (>= netstandard1.6) (>= uap10.0)) (== netstandard1.5) (== netstandard1.6) (&& (== netstandard2.0) (< netstandard1.2)) (&& (== netstandard2.0) (< netstandard1.3)) (&& (== netstandard2.0) (< netstandard1.4)) (&& (== netstandard2.0) (< netstandard1.5)) (&& (== netstandard2.0) (< netstandard1.6))
      System.Collections (>= 4.3) - restriction: || (&& (== net40) (>= netstandard1.3)) (== netstandard1.5) (== netstandard1.6) (== netstandard2.0)
      System.Diagnostics.Debug (>= 4.3) - restriction: || (&& (== net40) (>= netstandard1.3)) (== netstandard1.5) (== netstandard1.6) (== netstandard2.0)
      System.Diagnostics.Tracing (>= 4.3) - restriction: || (&& (== net40) (>= netstandard1.3)) (== netstandard1.5) (== netstandard1.6) (== netstandard2.0)
      System.Globalization (>= 4.3) - restriction: || (&& (== net40) (>= netstandard1.3)) (== netstandard1.5) (== netstandard1.6) (== netstandard2.0)
      System.Reflection (>= 4.3) - restriction: || (&& (== net40) (>= netstandard1.3)) (== netstandard1.5) (== netstandard1.6) (== netstandard2.0)
      System.Resources.ResourceManager (>= 4.3) - restriction: || (&& (== net40) (>= netstandard1.3)) (== netstandard1.5) (== netstandard1.6) (== netstandard2.0)
      System.Runtime (>= 4.3) - restriction: || (&& (== net40) (>= netstandard1.1)) (&& (== net40) (>= netstandard1.3)) (== netstandard1.5) (== netstandard1.6) (== netstandard2.0)
      System.Runtime.Extensions (>= 4.3) - restriction: || (&& (== net40) (>= netstandard1.3)) (== netstandard1.5) (== netstandard1.6) (== netstandard2.0)
      System.Threading (>= 4.3) - restriction: || (&& (== net40) (>= netstandard1.3)) (== netstandard1.5) (== netstandard1.6) (== netstandard2.0)
      System.Threading.Tasks (>= 4.3) - restriction: || (&& (== net40) (>= netstandard1.1)) (&& (== net40) (>= netstandard1.3)) (== netstandard1.5) (== netstandard1.6) (== netstandard2.0)
    System.Collections.Immutable (1.6) - restriction: || (&& (== net40) (< net20) (>= netstandard1.3)) (&& (== net40) (< net20) (>= netstandard2.0)) (&& (== net40) (>= netstandard1.3) (>= win8)) (&& (== net40) (>= netstandard1.3) (>= wpa81)) (&& (== net45) (< net20) (>= netstandard1.3)) (&& (== net45) (< net20) (>= netstandard2.0)) (&& (== net45) (< netstandard1.1) (>= netstandard1.3) (>= win8)) (&& (== net45) (>= netstandard1.3) (>= wpa81)) (== netstandard1.5) (== netstandard1.6) (== netstandard2.0)
      NETStandard.Library (>= 1.6.1) - restriction: || (&& (== net40) (>= netstandard1.0)) (&& (== net40) (>= netstandard1.3)) (== netstandard1.5) (== netstandard1.6) (&& (== netstandard2.0) (< netstandard1.3))
      System.Memory (>= 4.5.3) - restriction: || (&& (== net40) (>= net46)) (&& (== net40) (>= netstandard1.3)) (&& (== net40) (>= netstandard2.0)) (&& (== net40) (>= uap10.1)) (&& (== net45) (>= net46)) (&& (== net45) (>= uap10.1)) (== netstandard1.5) (== netstandard1.6) (== netstandard2.0)
    System.Collections.NonGeneric (4.3) - restriction: || (&& (== net40) (< net20) (>= netstandard1.3)) (&& (== net45) (< net20) (>= netstandard1.3)) (== netstandard1.5) (== netstandard1.6) (== netstandard2.0)
      System.Diagnostics.Debug (>= 4.3) - restriction: || (&& (== net40) (>= netstandard1.3)) (&& (== net45) (>= netstandard1.3)) (== netstandard1.5) (== netstandard1.6) (== netstandard2.0)
      System.Globalization (>= 4.3) - restriction: || (&& (== net40) (>= netstandard1.3)) (&& (== net45) (>= netstandard1.3)) (== netstandard1.5) (== netstandard1.6) (== netstandard2.0)
      System.Resources.ResourceManager (>= 4.3) - restriction: || (&& (== net40) (>= netstandard1.3)) (&& (== net45) (>= netstandard1.3)) (== netstandard1.5) (== netstandard1.6) (== netstandard2.0)
      System.Runtime (>= 4.3) - restriction: || (&& (== net40) (>= netstandard1.3)) (&& (== net45) (>= netstandard1.3)) (== netstandard1.5) (== netstandard1.6) (== netstandard2.0)
      System.Runtime.Extensions (>= 4.3) - restriction: || (&& (== net40) (>= netstandard1.3)) (&& (== net45) (>= netstandard1.3)) (== netstandard1.5) (== netstandard1.6) (== netstandard2.0)
      System.Threading (>= 4.3) - restriction: || (&& (== net40) (>= netstandard1.3)) (&& (== net45) (>= netstandard1.3)) (== netstandard1.5) (== netstandard1.6) (== netstandard2.0)
    System.Configuration.ConfigurationManager (4.6) - restriction: || (&& (== net40) (< net35) (>= netstandard2.0)) (&& (== net45) (< net35) (>= netstandard2.0)) (&& (== netstandard1.5) (>= netstandard2.0)) (&& (== netstandard1.6) (>= netstandard2.0)) (== netstandard2.0)
      System.Security.Cryptography.ProtectedData (>= 4.6) - restriction: || (&& (== net40) (>= netstandard2.0)) (&& (== net45) (>= netstandard2.0)) (&& (== netstandard1.5) (>= netstandard2.0)) (&& (== netstandard1.6) (>= netstandard2.0)) (== netstandard2.0)
      System.Security.Permissions (>= 4.6) - restriction: || (&& (== net40) (>= monoandroid)) (&& (== net40) (>= monotouch)) (&& (== net40) (>= net461)) (&& (== net40) (>= netstandard2.0)) (&& (== net40) (>= xamarintvos)) (&& (== net40) (>= xamarinwatchos)) (&& (== net45) (>= monoandroid)) (&& (== net45) (>= monotouch)) (&& (== net45) (>= net461)) (&& (== net45) (>= netstandard2.0)) (&& (== net45) (>= xamarintvos)) (&& (== net45) (>= xamarinwatchos)) (&& (== netstandard1.5) (>= monoandroid)) (&& (== netstandard1.5) (>= monotouch)) (&& (== netstandard1.5) (>= net461)) (&& (== netstandard1.5) (>= netstandard2.0)) (&& (== netstandard1.5) (>= xamarintvos)) (&& (== netstandard1.5) (>= xamarinwatchos)) (&& (== netstandard1.6) (>= monoandroid)) (&& (== netstandard1.6) (>= monotouch)) (&& (== netstandard1.6) (>= net461)) (&& (== netstandard1.6) (>= netstandard2.0)) (&& (== netstandard1.6) (>= xamarintvos)) (&& (== netstandard1.6) (>= xamarinwatchos)) (== netstandard2.0)
    System.Console (4.3.1) - restriction: || (&& (== net40) (< net20) (>= netstandard1.3)) (&& (== net40) (< net35) (>= netstandard1.5)) (&& (== net40) (< net35) (>= netstandard1.6)) (&& (== net40) (>= netstandard1.5) (>= uap10.0)) (&& (== net40) (>= netstandard1.6) (>= uap10.0)) (&& (== net45) (< net20) (>= netstandard1.3)) (&& (== net45) (< net35) (>= netstandard1.5)) (&& (== net45) (< net35) (>= netstandard1.6)) (&& (== net45) (>= netstandard1.5) (>= uap10.0)) (&& (== net45) (>= netstandard1.6) (>= uap10.0)) (== netstandard1.5) (== netstandard1.6) (== netstandard2.0)
      Microsoft.NETCore.Platforms (>= 1.1) - restriction: || (&& (== net40) (>= netstandard1.3)) (&& (== net45) (>= netstandard1.3)) (== netstandard1.5) (== netstandard1.6) (== netstandard2.0)
      Microsoft.NETCore.Targets (>= 1.1.2) - restriction: || (&& (== net40) (>= netstandard1.3)) (&& (== net45) (>= netstandard1.3)) (== netstandard1.5) (== netstandard1.6) (== netstandard2.0)
      System.IO (>= 4.3) - restriction: || (&& (== net40) (>= netstandard1.3)) (&& (== net45) (>= netstandard1.3)) (== netstandard1.5) (== netstandard1.6) (== netstandard2.0)
      System.Runtime (>= 4.3) - restriction: || (&& (== net40) (>= netstandard1.3)) (&& (== net45) (>= netstandard1.3)) (== netstandard1.5) (== netstandard1.6) (== netstandard2.0)
      System.Text.Encoding (>= 4.3) - restriction: || (&& (== net40) (>= netstandard1.3)) (&& (== net45) (>= netstandard1.3)) (== netstandard1.5) (== netstandard1.6) (== netstandard2.0)
    System.Diagnostics.Debug (4.3) - restriction: || (&& (== net40) (< net20) (>= netstandard1.4)) (&& (== net40) (< net20) (>= netstandard1.6)) (&& (== net40) (< net35) (>= netstandard1.5)) (&& (== net40) (< net35) (>= netstandard1.6)) (&& (== net40) (>= netstandard1.5) (>= uap10.0)) (&& (== net40) (>= netstandard1.6) (>= uap10.0)) (&& (== net45) (< net20) (>= netstandard1.4)) (&& (== net45) (< net20) (>= netstandard1.6)) (&& (== net45) (< net35) (>= netstandard1.5)) (&& (== net45) (< net35) (>= netstandard1.6)) (&& (== net45) (>= netstandard1.5) (>= uap10.0)) (&& (== net45) (>= netstandard1.6) (>= uap10.0)) (== netstandard1.5) (== netstandard1.6) (== netstandard2.0)
      Microsoft.NETCore.Platforms (>= 1.1) - restriction: || (&& (== net40) (>= netstandard1.0)) (&& (== net40) (>= netstandard1.3)) (== netstandard1.5) (== netstandard1.6) (== netstandard2.0)
      Microsoft.NETCore.Targets (>= 1.1) - restriction: || (&& (== net40) (>= netstandard1.0)) (&& (== net40) (>= netstandard1.3)) (== netstandard1.5) (== netstandard1.6) (== netstandard2.0)
      System.Runtime (>= 4.3) - restriction: || (&& (== net40) (>= netstandard1.0)) (&& (== net40) (>= netstandard1.3)) (== netstandard1.5) (== netstandard1.6) (== netstandard2.0)
    System.Diagnostics.DiagnosticSource (4.6) - restriction: || (&& (== net40) (== netstandard2.0)) (&& (== net40) (< net35) (>= netstandard1.5)) (&& (== net40) (< net35) (>= netstandard1.6)) (&& (== net40) (>= netstandard1.5) (>= uap10.0)) (&& (== net40) (>= netstandard1.6) (>= uap10.0)) (&& (== net45) (== netstandard2.0)) (&& (== net45) (< net35) (>= netstandard1.5)) (&& (== net45) (< net35) (>= netstandard1.6)) (&& (== net45) (>= netstandard1.5) (>= uap10.0)) (&& (== net45) (>= netstandard1.6) (>= uap10.0)) (== netstandard1.5) (== netstandard1.6) (&& (== netstandard2.0) (< netstandard1.2)) (&& (== netstandard2.0) (< netstandard1.3)) (&& (== netstandard2.0) (< netstandard1.4)) (&& (== netstandard2.0) (< netstandard1.5)) (&& (== netstandard2.0) (< netstandard1.6))
      System.Collections (>= 4.3) - restriction: || (&& (== net40) (>= netstandard1.1)) (&& (== net40) (>= netstandard1.3)) (== netstandard1.5) (== netstandard1.6) (&& (== netstandard2.0) (< netstandard1.3))
      System.Collections.Concurrent (>= 4.3) - restriction: || (&& (== net40) (>= netstandard1.1)) (&& (== net40) (>= netstandard1.3)) (== netstandard1.5) (== netstandard1.6) (&& (== netstandard2.0) (< netstandard1.3))
      System.Diagnostics.Debug (>= 4.3) - restriction: || (&& (== net40) (>= netstandard1.3)) (== netstandard1.5) (== netstandard1.6)
      System.Diagnostics.Tracing (>= 4.3) - restriction: || (&& (== net40) (>= netstandard1.1)) (&& (== net40) (>= netstandard1.3)) (== netstandard1.5) (== netstandard1.6) (&& (== netstandard2.0) (< netstandard1.3))
      System.Memory (>= 4.5.3) - restriction: || (&& (== net40) (>= net45)) (&& (== net40) (>= net46)) (&& (== net40) (>= netstandard1.3)) (&& (== net40) (>= netstandard2.0)) (&& (== net40) (>= uap10.1)) (== net45) (== netstandard1.5) (== netstandard1.6) (== netstandard2.0)
      System.Reflection (>= 4.3) - restriction: || (&& (== net40) (>= netstandard1.1)) (&& (== net40) (>= netstandard1.3)) (== netstandard1.5) (== netstandard1.6) (&& (== netstandard2.0) (< netstandard1.3))
      System.Resources.ResourceManager (>= 4.3) - restriction: || (&& (== net40) (>= netstandard1.1)) (&& (== net40) (>= netstandard1.3)) (== netstandard1.5) (== netstandard1.6) (&& (== netstandard2.0) (< netstandard1.3))
      System.Runtime (>= 4.3) - restriction: || (&& (== net40) (>= netstandard1.1)) (&& (== net40) (>= netstandard1.3)) (== netstandard1.5) (== netstandard1.6) (&& (== netstandard2.0) (< netstandard1.3))
      System.Runtime.Extensions (>= 4.3) - restriction: || (&& (== net40) (>= netstandard1.3)) (== netstandard1.5) (== netstandard1.6)
      System.Runtime.InteropServices (>= 4.3) - restriction: || (&& (== net40) (>= netstandard1.1)) (&& (== net40) (>= netstandard1.3)) (== netstandard1.5) (== netstandard1.6) (&& (== netstandard2.0) (< netstandard1.3))
      System.Threading (>= 4.3) - restriction: || (&& (== net40) (>= netstandard1.1)) (&& (== net40) (>= netstandard1.3)) (== netstandard1.5) (== netstandard1.6) (&& (== netstandard2.0) (< netstandard1.3))
    System.Diagnostics.Process (4.3) - restriction: || (&& (== net40) (< net20) (>= netstandard1.3)) (&& (== net45) (< net20) (>= netstandard1.3)) (== netstandard1.5) (== netstandard1.6) (== netstandard2.0)
      Microsoft.NETCore.Platforms (>= 1.1) - restriction: || (&& (== net40) (>= netstandard1.4)) (&& (== net45) (>= netstandard1.4)) (== netstandard1.5) (== netstandard1.6) (== netstandard2.0)
      Microsoft.Win32.Primitives (>= 4.3) - restriction: || (&& (== net40) (>= netstandard1.4)) (&& (== net45) (>= netstandard1.4)) (== netstandard1.5) (== netstandard1.6) (== netstandard2.0)
      Microsoft.Win32.Registry (>= 4.3) - restriction: || (&& (== net40) (>= netstandard1.4)) (&& (== net45) (>= netstandard1.4)) (== netstandard1.5) (== netstandard1.6) (== netstandard2.0)
      runtime.native.System (>= 4.3) - restriction: || (&& (== net40) (>= netstandard1.4)) (&& (== net45) (>= netstandard1.4)) (== netstandard1.5) (== netstandard1.6) (== netstandard2.0)
      System.Collections (>= 4.3) - restriction: || (&& (== net40) (>= netstandard1.4)) (&& (== net45) (>= netstandard1.4)) (== netstandard1.5) (== netstandard1.6) (== netstandard2.0)
      System.Diagnostics.Debug (>= 4.3) - restriction: || (&& (== net40) (>= netstandard1.4)) (&& (== net45) (>= netstandard1.4)) (== netstandard1.5) (== netstandard1.6) (== netstandard2.0)
      System.Globalization (>= 4.3) - restriction: || (&& (== net40) (>= netstandard1.4)) (&& (== net45) (>= netstandard1.4)) (== netstandard1.5) (== netstandard1.6) (== netstandard2.0)
      System.IO (>= 4.3) - restriction: || (&& (== net40) (>= netstandard1.3)) (&& (== net40) (>= netstandard1.4)) (&& (== net45) (>= netstandard1.3)) (&& (== net45) (>= netstandard1.4)) (== netstandard1.5) (== netstandard1.6) (== netstandard2.0)
      System.IO.FileSystem (>= 4.3) - restriction: || (&& (== net40) (>= netstandard1.4)) (&& (== net45) (>= netstandard1.4)) (== netstandard1.5) (== netstandard1.6) (== netstandard2.0)
      System.IO.FileSystem.Primitives (>= 4.3) - restriction: || (&& (== net40) (>= netstandard1.4)) (&& (== net45) (>= netstandard1.4)) (== netstandard1.5) (== netstandard1.6) (== netstandard2.0)
      System.Resources.ResourceManager (>= 4.3) - restriction: || (&& (== net40) (>= netstandard1.4)) (&& (== net45) (>= netstandard1.4)) (== netstandard1.5) (== netstandard1.6) (== netstandard2.0)
      System.Runtime (>= 4.3) - restriction: || (&& (== net40) (>= netstandard1.3)) (&& (== net40) (>= netstandard1.4)) (&& (== net45) (>= netstandard1.3)) (&& (== net45) (>= netstandard1.4)) (== netstandard1.5) (== netstandard1.6) (== netstandard2.0)
      System.Runtime.Extensions (>= 4.3) - restriction: || (&& (== net40) (>= netstandard1.4)) (&& (== net45) (>= netstandard1.4)) (== netstandard1.5) (== netstandard1.6) (== netstandard2.0)
      System.Runtime.Handles (>= 4.3) - restriction: || (&& (== net40) (>= netstandard1.3)) (&& (== net40) (>= netstandard1.4)) (&& (== net45) (>= netstandard1.3)) (&& (== net45) (>= netstandard1.4)) (== netstandard1.5) (== netstandard1.6) (== netstandard2.0)
      System.Runtime.InteropServices (>= 4.3) - restriction: || (&& (== net40) (>= netstandard1.4)) (&& (== net45) (>= netstandard1.4)) (== netstandard1.5) (== netstandard1.6) (== netstandard2.0)
      System.Text.Encoding (>= 4.3) - restriction: || (&& (== net40) (>= netstandard1.3)) (&& (== net40) (>= netstandard1.4)) (&& (== net45) (>= netstandard1.3)) (&& (== net45) (>= netstandard1.4)) (== netstandard1.5) (== netstandard1.6) (== netstandard2.0)
      System.Text.Encoding.Extensions (>= 4.3) - restriction: || (&& (== net40) (>= netstandard1.4)) (&& (== net45) (>= netstandard1.4)) (== netstandard1.5) (== netstandard1.6) (== netstandard2.0)
      System.Threading (>= 4.3) - restriction: || (&& (== net40) (>= netstandard1.4)) (&& (== net45) (>= netstandard1.4)) (== netstandard1.5) (== netstandard1.6) (== netstandard2.0)
      System.Threading.Tasks (>= 4.3) - restriction: || (&& (== net40) (>= netstandard1.4)) (&& (== net45) (>= netstandard1.4)) (== netstandard1.5) (== netstandard1.6) (== netstandard2.0)
      System.Threading.Thread (>= 4.3) - restriction: || (&& (== net40) (>= netstandard1.4)) (&& (== net45) (>= netstandard1.4)) (== netstandard1.5) (== netstandard1.6) (== netstandard2.0)
      System.Threading.ThreadPool (>= 4.3) - restriction: || (&& (== net40) (>= netstandard1.4)) (&& (== net45) (>= netstandard1.4)) (== netstandard1.5) (== netstandard1.6) (== netstandard2.0)
    System.Diagnostics.StackTrace (4.3) - restriction: || (&& (== net40) (< net20) (>= netstandard1.3)) (&& (== net45) (< net20) (>= netstandard1.3)) (== netstandard1.5) (== netstandard1.6) (== netstandard2.0)
      System.IO.FileSystem (>= 4.3) - restriction: || (&& (== net40) (>= netstandard1.3)) (&& (== net45) (>= netstandard1.3)) (== netstandard1.5) (== netstandard1.6) (== netstandard2.0)
      System.Reflection (>= 4.3) - restriction: || (&& (== net40) (>= netstandard1.3)) (&& (== net45) (>= netstandard1.3)) (== netstandard1.5) (== netstandard1.6) (== netstandard2.0)
      System.Reflection.Metadata (>= 1.4.1) - restriction: || (&& (== net40) (>= netstandard1.3)) (&& (== net45) (>= netstandard1.3)) (== netstandard1.5) (== netstandard1.6) (== netstandard2.0)
      System.Runtime (>= 4.3) - restriction: || (&& (== net40) (>= netstandard1.3)) (&& (== net45) (>= netstandard1.3)) (== netstandard1.5) (== netstandard1.6) (== netstandard2.0)
    System.Diagnostics.Tools (4.3) - restriction: || (&& (== net40) (== netstandard2.0)) (&& (== net40) (< net35) (>= netstandard1.5)) (&& (== net40) (< net35) (>= netstandard1.6)) (&& (== net40) (>= netstandard1.5) (>= uap10.0)) (&& (== net40) (>= netstandard1.6) (>= uap10.0)) (&& (== net45) (== netstandard2.0)) (&& (== net45) (< net35) (>= netstandard1.5)) (&& (== net45) (< net35) (>= netstandard1.6)) (&& (== net45) (>= netstandard1.5) (>= uap10.0)) (&& (== net45) (>= netstandard1.6) (>= uap10.0)) (== netstandard1.5) (== netstandard1.6) (&& (== netstandard2.0) (< netstandard1.2)) (&& (== netstandard2.0) (< netstandard1.3)) (&& (== netstandard2.0) (< netstandard1.4)) (&& (== netstandard2.0) (< netstandard1.5)) (&& (== netstandard2.0) (< netstandard1.6)) (&& (== netstandard2.0) (< portable-net45+win8+wpa81))
      Microsoft.NETCore.Platforms (>= 1.1) - restriction: || (&& (== net40) (>= netstandard1.0)) (== netstandard1.5) (== netstandard1.6) (== netstandard2.0)
      Microsoft.NETCore.Targets (>= 1.1) - restriction: || (&& (== net40) (>= netstandard1.0)) (== netstandard1.5) (== netstandard1.6) (== netstandard2.0)
      System.Runtime (>= 4.3) - restriction: || (&& (== net40) (>= netstandard1.0)) (== netstandard1.5) (== netstandard1.6) (== netstandard2.0)
    System.Diagnostics.TraceSource (4.3) - restriction: || (&& (== net40) (< net20) (>= netstandard1.3)) (&& (== net40) (< net20) (>= netstandard1.6)) (&& (== net45) (< net20) (>= netstandard1.3)) (&& (== net45) (< net20) (>= netstandard1.6)) (== netstandard1.5) (== netstandard1.6) (== netstandard2.0)
      Microsoft.NETCore.Platforms (>= 1.1) - restriction: || (&& (== net40) (>= netstandard1.3)) (&& (== net45) (>= netstandard1.3)) (== netstandard1.5) (== netstandard1.6) (== netstandard2.0)
      runtime.native.System (>= 4.3) - restriction: || (&& (== net40) (>= netstandard1.3)) (&& (== net45) (>= netstandard1.3)) (== netstandard1.5) (== netstandard1.6) (== netstandard2.0)
      System.Collections (>= 4.3) - restriction: || (&& (== net40) (>= netstandard1.3)) (&& (== net45) (>= netstandard1.3)) (== netstandard1.5) (== netstandard1.6) (== netstandard2.0)
      System.Diagnostics.Debug (>= 4.3) - restriction: || (&& (== net40) (>= netstandard1.3)) (&& (== net45) (>= netstandard1.3)) (== netstandard1.5) (== netstandard1.6) (== netstandard2.0)
      System.Globalization (>= 4.3) - restriction: || (&& (== net40) (>= netstandard1.3)) (&& (== net45) (>= netstandard1.3)) (== netstandard1.5) (== netstandard1.6) (== netstandard2.0)
      System.Resources.ResourceManager (>= 4.3) - restriction: || (&& (== net40) (>= netstandard1.3)) (&& (== net45) (>= netstandard1.3)) (== netstandard1.5) (== netstandard1.6) (== netstandard2.0)
      System.Runtime (>= 4.3) - restriction: || (&& (== net40) (>= netstandard1.3)) (&& (== net45) (>= netstandard1.3)) (== netstandard1.5) (== netstandard1.6) (== netstandard2.0)
      System.Runtime.Extensions (>= 4.3) - restriction: || (&& (== net40) (>= netstandard1.3)) (&& (== net45) (>= netstandard1.3)) (== netstandard1.5) (== netstandard1.6) (== netstandard2.0)
      System.Threading (>= 4.3) - restriction: || (&& (== net40) (>= netstandard1.3)) (&& (== net45) (>= netstandard1.3)) (== netstandard1.5) (== netstandard1.6) (== netstandard2.0)
    System.Diagnostics.Tracing (4.3) - restriction: || (&& (== net40) (< net20) (>= netstandard1.3)) (&& (== net40) (< net35) (>= netstandard1.5)) (&& (== net40) (< net35) (>= netstandard1.6)) (&& (== net40) (>= netstandard1.5) (>= uap10.0)) (&& (== net40) (>= netstandard1.6) (>= uap10.0)) (&& (== net45) (< net20) (>= netstandard1.3)) (&& (== net45) (< net35) (>= netstandard1.5)) (&& (== net45) (< net35) (>= netstandard1.6)) (&& (== net45) (>= netstandard1.5) (>= uap10.0)) (&& (== net45) (>= netstandard1.6) (>= uap10.0)) (== netstandard1.5) (== netstandard1.6) (== netstandard2.0)
      Microsoft.NETCore.Platforms (>= 1.1) - restriction: || (&& (== net40) (>= netstandard1.1)) (&& (== net40) (>= netstandard1.2)) (&& (== net40) (>= netstandard1.3)) (&& (== net40) (>= netstandard1.5)) (== netstandard1.5) (== netstandard1.6) (== netstandard2.0)
      Microsoft.NETCore.Targets (>= 1.1) - restriction: || (&& (== net40) (>= netstandard1.1)) (&& (== net40) (>= netstandard1.2)) (&& (== net40) (>= netstandard1.3)) (&& (== net40) (>= netstandard1.5)) (== netstandard1.5) (== netstandard1.6) (== netstandard2.0)
      System.Runtime (>= 4.3) - restriction: || (&& (== net40) (>= netstandard1.1)) (&& (== net40) (>= netstandard1.2)) (&& (== net40) (>= netstandard1.3)) (&& (== net40) (>= netstandard1.5)) (== netstandard1.5) (== netstandard1.6) (== netstandard2.0)
    System.Globalization (4.3) - restriction: || (&& (== net40) (< net20) (>= netstandard1.4)) (&& (== net40) (< net20) (>= netstandard1.6)) (&& (== net40) (< net35) (>= netstandard1.5)) (&& (== net40) (< net35) (>= netstandard1.6)) (&& (== net40) (>= netstandard1.5) (>= uap10.0)) (&& (== net40) (>= netstandard1.6) (>= uap10.0)) (&& (== net45) (< net20) (>= netstandard1.4)) (&& (== net45) (< net20) (>= netstandard1.6)) (&& (== net45) (< net35) (>= netstandard1.5)) (&& (== net45) (< net35) (>= netstandard1.6)) (&& (== net45) (>= netstandard1.5) (>= uap10.0)) (&& (== net45) (>= netstandard1.6) (>= uap10.0)) (== netstandard1.5) (== netstandard1.6) (== netstandard2.0)
      Microsoft.NETCore.Platforms (>= 1.1) - restriction: || (&& (== net40) (>= netstandard1.0)) (&& (== net40) (>= netstandard1.3)) (== netstandard1.5) (== netstandard1.6) (== netstandard2.0)
      Microsoft.NETCore.Targets (>= 1.1) - restriction: || (&& (== net40) (>= netstandard1.0)) (&& (== net40) (>= netstandard1.3)) (== netstandard1.5) (== netstandard1.6) (== netstandard2.0)
      System.Runtime (>= 4.3) - restriction: || (&& (== net40) (>= netstandard1.0)) (&& (== net40) (>= netstandard1.3)) (== netstandard1.5) (== netstandard1.6) (== netstandard2.0)
    System.Globalization.Calendars (4.3) - restriction: || (&& (== net40) (== netstandard2.0)) (&& (== net40) (< net35) (>= netstandard1.5)) (&& (== net40) (< net35) (>= netstandard1.6)) (&& (== net40) (>= netstandard1.5) (>= uap10.0)) (&& (== net40) (>= netstandard1.6) (>= uap10.0)) (&& (== net45) (== netstandard2.0)) (&& (== net45) (< net35) (>= netstandard1.5)) (&& (== net45) (< net35) (>= netstandard1.6)) (&& (== net45) (>= netstandard1.5) (>= uap10.0)) (&& (== net45) (>= netstandard1.6) (>= uap10.0)) (== netstandard1.5) (== netstandard1.6) (&& (== netstandard2.0) (< netstandard1.4)) (&& (== netstandard2.0) (< netstandard1.5)) (&& (== netstandard2.0) (< netstandard1.6))
      Microsoft.NETCore.Platforms (>= 1.1) - restriction: || (&& (== net40) (>= netstandard1.3)) (&& (== net45) (>= netstandard1.3)) (== netstandard1.5) (== netstandard1.6) (== netstandard2.0)
      Microsoft.NETCore.Targets (>= 1.1) - restriction: || (&& (== net40) (>= netstandard1.3)) (&& (== net45) (>= netstandard1.3)) (== netstandard1.5) (== netstandard1.6) (== netstandard2.0)
      System.Globalization (>= 4.3) - restriction: || (&& (== net40) (>= netstandard1.3)) (&& (== net45) (>= netstandard1.3)) (== netstandard1.5) (== netstandard1.6) (== netstandard2.0)
      System.Runtime (>= 4.3) - restriction: || (&& (== net40) (>= netstandard1.3)) (&& (== net45) (>= netstandard1.3)) (== netstandard1.5) (== netstandard1.6) (== netstandard2.0)
    System.Globalization.Extensions (4.3) - restriction: || (&& (== net40) (== netstandard2.0)) (&& (== net40) (< net35) (>= netstandard1.6)) (&& (== net40) (>= netstandard1.6) (>= uap10.0)) (&& (== net45) (== netstandard2.0)) (&& (== net45) (< net35) (>= netstandard1.6)) (&& (== net45) (>= netstandard1.6) (>= uap10.0)) (&& (== netstandard1.5) (== netstandard2.0)) (&& (== netstandard1.5) (>= netstandard1.6)) (== netstandard1.6) (&& (== netstandard2.0) (< netstandard1.2)) (&& (== netstandard2.0) (< netstandard1.3)) (&& (== netstandard2.0) (< netstandard1.4)) (&& (== netstandard2.0) (< netstandard1.5)) (&& (== netstandard2.0) (< netstandard1.6))
      Microsoft.NETCore.Platforms (>= 1.1) - restriction: || (&& (== net40) (>= netstandard1.3)) (&& (== net45) (>= netstandard1.3)) (== netstandard1.5) (== netstandard1.6) (== netstandard2.0)
      System.Globalization (>= 4.3) - restriction: || (&& (== net40) (>= netstandard1.3)) (&& (== net45) (>= netstandard1.3)) (== netstandard1.5) (== netstandard1.6) (== netstandard2.0)
      System.Resources.ResourceManager (>= 4.3) - restriction: || (&& (== net40) (>= netstandard1.3)) (&& (== net45) (>= netstandard1.3)) (== netstandard1.5) (== netstandard1.6) (== netstandard2.0)
      System.Runtime (>= 4.3) - restriction: || (&& (== net40) (>= netstandard1.3)) (&& (== net45) (>= netstandard1.3)) (== netstandard1.5) (== netstandard1.6) (== netstandard2.0)
      System.Runtime.Extensions (>= 4.3) - restriction: || (&& (== net40) (>= netstandard1.3)) (&& (== net45) (>= netstandard1.3)) (== netstandard1.5) (== netstandard1.6) (== netstandard2.0)
      System.Runtime.InteropServices (>= 4.3) - restriction: || (&& (== net40) (>= netstandard1.3)) (&& (== net45) (>= netstandard1.3)) (== netstandard1.5) (== netstandard1.6) (== netstandard2.0)
    System.IO (4.3) - restriction: || (&& (== net40) (< net20) (>= netstandard1.3)) (&& (== net40) (< net20) (>= netstandard1.5)) (&& (== net40) (< net35) (>= netstandard1.5)) (&& (== net40) (< net35) (>= netstandard1.6)) (&& (== net40) (>= netstandard1.5) (>= uap10.0)) (&& (== net40) (>= netstandard1.6) (>= uap10.0)) (&& (== net45) (< net20) (>= netstandard1.3)) (&& (== net45) (< net20) (>= netstandard1.5)) (&& (== net45) (< net35) (>= netstandard1.5)) (&& (== net45) (< net35) (>= netstandard1.6)) (&& (== net45) (>= netstandard1.5) (>= uap10.0)) (&& (== net45) (>= netstandard1.6) (>= uap10.0)) (== netstandard1.5) (== netstandard1.6) (== netstandard2.0)
      Microsoft.NETCore.Platforms (>= 1.1) - restriction: || (&& (== net40) (>= netstandard1.0)) (&& (== net40) (>= netstandard1.3)) (&& (== net40) (>= netstandard1.5)) (== netstandard1.5) (== netstandard1.6) (== netstandard2.0)
      Microsoft.NETCore.Targets (>= 1.1) - restriction: || (&& (== net40) (>= netstandard1.0)) (&& (== net40) (>= netstandard1.3)) (&& (== net40) (>= netstandard1.5)) (== netstandard1.5) (== netstandard1.6) (== netstandard2.0)
      System.Runtime (>= 4.3) - restriction: || (&& (== net40) (>= netstandard1.0)) (&& (== net40) (>= netstandard1.3)) (&& (== net40) (>= netstandard1.5)) (== netstandard1.5) (== netstandard1.6) (== netstandard2.0)
      System.Text.Encoding (>= 4.3) - restriction: || (&& (== net40) (>= netstandard1.0)) (&& (== net40) (>= netstandard1.3)) (&& (== net40) (>= netstandard1.5)) (== netstandard1.5) (== netstandard1.6) (== netstandard2.0)
      System.Threading.Tasks (>= 4.3) - restriction: || (&& (== net40) (>= netstandard1.0)) (&& (== net40) (>= netstandard1.3)) (&& (== net40) (>= netstandard1.5)) (== netstandard1.5) (== netstandard1.6) (== netstandard2.0)
    System.IO.Compression (4.3) - restriction: || (&& (== net40) (== netstandard2.0)) (&& (== net40) (< net35) (>= netstandard1.5)) (&& (== net40) (< net35) (>= netstandard1.6)) (&& (== net40) (>= netstandard1.5) (>= uap10.0)) (&& (== net40) (>= netstandard1.6) (>= uap10.0)) (&& (== net45) (== netstandard2.0)) (&& (== net45) (< net35) (>= netstandard1.5)) (&& (== net45) (< net35) (>= netstandard1.6)) (&& (== net45) (>= netstandard1.5) (>= uap10.0)) (&& (== net45) (>= netstandard1.6) (>= uap10.0)) (== netstandard1.5) (== netstandard1.6) (&& (== netstandard2.0) (< netstandard1.2)) (&& (== netstandard2.0) (< netstandard1.3)) (&& (== netstandard2.0) (< netstandard1.4)) (&& (== netstandard2.0) (< netstandard1.5)) (&& (== netstandard2.0) (< netstandard1.6))
      Microsoft.NETCore.Platforms (>= 1.1) - restriction: || (&& (== net40) (>= netstandard1.3)) (== netstandard1.5) (== netstandard1.6) (== netstandard2.0)
      runtime.native.System (>= 4.3) - restriction: || (&& (== net40) (>= netstandard1.3)) (== netstandard1.5) (== netstandard1.6) (== netstandard2.0)
      runtime.native.System.IO.Compression (>= 4.3) - restriction: || (&& (== net40) (>= netstandard1.3)) (== netstandard1.5) (== netstandard1.6) (== netstandard2.0)
      System.Buffers (>= 4.3) - restriction: || (&& (== net40) (>= netstandard1.3)) (== netstandard1.5) (== netstandard1.6) (== netstandard2.0)
      System.Collections (>= 4.3) - restriction: || (&& (== net40) (>= netstandard1.3)) (== netstandard1.5) (== netstandard1.6) (== netstandard2.0)
      System.Diagnostics.Debug (>= 4.3) - restriction: || (&& (== net40) (>= netstandard1.3)) (== netstandard1.5) (== netstandard1.6) (== netstandard2.0)
      System.IO (>= 4.3) - restriction: || (&& (== net40) (>= netstandard1.1)) (&& (== net40) (>= netstandard1.3)) (== netstandard1.5) (== netstandard1.6) (== netstandard2.0)
      System.Resources.ResourceManager (>= 4.3) - restriction: || (&& (== net40) (>= netstandard1.3)) (== netstandard1.5) (== netstandard1.6) (== netstandard2.0)
      System.Runtime (>= 4.3) - restriction: || (&& (== net40) (>= netstandard1.1)) (&& (== net40) (>= netstandard1.3)) (== netstandard1.5) (== netstandard1.6) (== netstandard2.0)
      System.Runtime.Extensions (>= 4.3) - restriction: || (&& (== net40) (>= netstandard1.3)) (== netstandard1.5) (== netstandard1.6) (== netstandard2.0)
      System.Runtime.Handles (>= 4.3) - restriction: || (&& (== net40) (>= netstandard1.3)) (== netstandard1.5) (== netstandard1.6) (== netstandard2.0)
      System.Runtime.InteropServices (>= 4.3) - restriction: || (&& (== net40) (>= netstandard1.3)) (== netstandard1.5) (== netstandard1.6) (== netstandard2.0)
      System.Text.Encoding (>= 4.3) - restriction: || (&& (== net40) (>= netstandard1.1)) (&& (== net40) (>= netstandard1.3)) (== netstandard1.5) (== netstandard1.6) (== netstandard2.0)
      System.Threading (>= 4.3) - restriction: || (&& (== net40) (>= netstandard1.3)) (== netstandard1.5) (== netstandard1.6) (== netstandard2.0)
      System.Threading.Tasks (>= 4.3) - restriction: || (&& (== net40) (>= netstandard1.3)) (== netstandard1.5) (== netstandard1.6) (== netstandard2.0)
    System.IO.Compression.ZipFile (4.3) - restriction: || (&& (== net40) (== netstandard2.0)) (&& (== net40) (< net35) (>= netstandard1.5)) (&& (== net40) (< net35) (>= netstandard1.6)) (&& (== net40) (>= netstandard1.5) (>= uap10.0)) (&& (== net40) (>= netstandard1.6) (>= uap10.0)) (&& (== net45) (== netstandard2.0)) (&& (== net45) (< net35) (>= netstandard1.5)) (&& (== net45) (< net35) (>= netstandard1.6)) (&& (== net45) (>= netstandard1.5) (>= uap10.0)) (&& (== net45) (>= netstandard1.6) (>= uap10.0)) (== netstandard1.5) (== netstandard1.6) (&& (== netstandard2.0) (< netstandard1.4)) (&& (== netstandard2.0) (< netstandard1.5)) (&& (== netstandard2.0) (< netstandard1.6))
      System.Buffers (>= 4.3) - restriction: || (&& (== net40) (>= netstandard1.3)) (&& (== net45) (>= netstandard1.3)) (== netstandard1.5) (== netstandard1.6) (== netstandard2.0)
      System.IO (>= 4.3) - restriction: || (&& (== net40) (>= netstandard1.3)) (&& (== net45) (>= netstandard1.3)) (== netstandard1.5) (== netstandard1.6) (== netstandard2.0)
      System.IO.Compression (>= 4.3) - restriction: || (&& (== net40) (>= netstandard1.3)) (&& (== net45) (>= netstandard1.3)) (== netstandard1.5) (== netstandard1.6) (== netstandard2.0)
      System.IO.FileSystem (>= 4.3) - restriction: || (&& (== net40) (>= netstandard1.3)) (&& (== net45) (>= netstandard1.3)) (== netstandard1.5) (== netstandard1.6) (== netstandard2.0)
      System.IO.FileSystem.Primitives (>= 4.3) - restriction: || (&& (== net40) (>= netstandard1.3)) (&& (== net45) (>= netstandard1.3)) (== netstandard1.5) (== netstandard1.6) (== netstandard2.0)
      System.Resources.ResourceManager (>= 4.3) - restriction: || (&& (== net40) (>= netstandard1.3)) (&& (== net45) (>= netstandard1.3)) (== netstandard1.5) (== netstandard1.6) (== netstandard2.0)
      System.Runtime (>= 4.3) - restriction: || (&& (== net40) (>= netstandard1.3)) (&& (== net45) (>= netstandard1.3)) (== netstandard1.5) (== netstandard1.6) (== netstandard2.0)
      System.Runtime.Extensions (>= 4.3) - restriction: || (&& (== net40) (>= netstandard1.3)) (&& (== net45) (>= netstandard1.3)) (== netstandard1.5) (== netstandard1.6) (== netstandard2.0)
      System.Text.Encoding (>= 4.3) - restriction: || (&& (== net40) (>= netstandard1.3)) (&& (== net45) (>= netstandard1.3)) (== netstandard1.5) (== netstandard1.6) (== netstandard2.0)
    System.IO.FileSystem (4.3) - restriction: || (&& (== net40) (< net20) (>= netstandard1.4)) (&& (== net40) (< net35) (>= netstandard1.5)) (&& (== net40) (< net35) (>= netstandard1.6)) (&& (== net40) (>= netstandard1.5) (>= uap10.0)) (&& (== net40) (>= netstandard1.6) (>= uap10.0)) (&& (== net45) (< net20) (>= netstandard1.4)) (&& (== net45) (< net35) (>= netstandard1.5)) (&& (== net45) (< net35) (>= netstandard1.6)) (&& (== net45) (>= netstandard1.5) (>= uap10.0)) (&& (== net45) (>= netstandard1.6) (>= uap10.0)) (== netstandard1.5) (== netstandard1.6) (== netstandard2.0)
      Microsoft.NETCore.Platforms (>= 1.1) - restriction: || (&& (== net40) (>= netstandard1.3)) (&& (== net45) (>= netstandard1.3)) (== netstandard1.5) (== netstandard1.6) (== netstandard2.0)
      Microsoft.NETCore.Targets (>= 1.1) - restriction: || (&& (== net40) (>= netstandard1.3)) (&& (== net45) (>= netstandard1.3)) (== netstandard1.5) (== netstandard1.6) (== netstandard2.0)
      System.IO (>= 4.3) - restriction: || (&& (== net40) (>= netstandard1.3)) (&& (== net45) (>= netstandard1.3)) (== netstandard1.5) (== netstandard1.6) (== netstandard2.0)
      System.IO.FileSystem.Primitives (>= 4.3) - restriction: || (&& (== net40) (>= net46)) (&& (== net40) (>= netstandard1.3)) (&& (== net45) (>= net46)) (&& (== net45) (>= netstandard1.3)) (== netstandard1.5) (== netstandard1.6) (== netstandard2.0)
      System.Runtime (>= 4.3) - restriction: || (&& (== net40) (>= netstandard1.3)) (&& (== net45) (>= netstandard1.3)) (== netstandard1.5) (== netstandard1.6) (== netstandard2.0)
      System.Runtime.Handles (>= 4.3) - restriction: || (&& (== net40) (>= netstandard1.3)) (&& (== net45) (>= netstandard1.3)) (== netstandard1.5) (== netstandard1.6) (== netstandard2.0)
      System.Text.Encoding (>= 4.3) - restriction: || (&& (== net40) (>= netstandard1.3)) (&& (== net45) (>= netstandard1.3)) (== netstandard1.5) (== netstandard1.6) (== netstandard2.0)
      System.Threading.Tasks (>= 4.3) - restriction: || (&& (== net40) (>= netstandard1.3)) (&& (== net45) (>= netstandard1.3)) (== netstandard1.5) (== netstandard1.6) (== netstandard2.0)
    System.IO.FileSystem.Primitives (4.3) - restriction: || (&& (== net40) (< net20) (>= netstandard1.4)) (&& (== net40) (< net35) (>= netstandard1.5)) (&& (== net40) (< net35) (>= netstandard1.6)) (&& (== net40) (>= netstandard1.5) (>= uap10.0)) (&& (== net40) (>= netstandard1.6) (>= uap10.0)) (&& (== net45) (< net20) (>= netstandard1.4)) (&& (== net45) (< net35) (>= netstandard1.5)) (&& (== net45) (< net35) (>= netstandard1.6)) (&& (== net45) (>= netstandard1.5) (>= uap10.0)) (&& (== net45) (>= netstandard1.6) (>= uap10.0)) (== netstandard1.5) (== netstandard1.6) (== netstandard2.0)
      System.Runtime (>= 4.3) - restriction: || (&& (== net40) (>= netstandard1.3)) (&& (== net45) (>= netstandard1.3)) (== netstandard1.5) (== netstandard1.6) (== netstandard2.0)
    System.IO.FileSystem.Watcher (4.3) - restriction: || (&& (== net40) (< net20) (>= netstandard1.3)) (&& (== net45) (< net20) (>= netstandard1.3)) (== netstandard1.5) (== netstandard1.6) (== netstandard2.0)
      Microsoft.NETCore.Platforms (>= 1.1) - restriction: || (&& (== net40) (>= netstandard1.3)) (&& (== net45) (>= netstandard1.3)) (== netstandard1.5) (== netstandard1.6) (== netstandard2.0)
      Microsoft.Win32.Primitives (>= 4.3) - restriction: || (&& (== net40) (>= netstandard1.3)) (&& (== net45) (>= netstandard1.3)) (== netstandard1.5) (== netstandard1.6) (== netstandard2.0)
      runtime.native.System (>= 4.3) - restriction: || (&& (== net40) (>= netstandard1.3)) (&& (== net45) (>= netstandard1.3)) (== netstandard1.5) (== netstandard1.6) (== netstandard2.0)
      System.Collections (>= 4.3) - restriction: || (&& (== net40) (>= netstandard1.3)) (&& (== net45) (>= netstandard1.3)) (== netstandard1.5) (== netstandard1.6) (== netstandard2.0)
      System.IO.FileSystem (>= 4.3) - restriction: || (&& (== net40) (>= netstandard1.3)) (&& (== net45) (>= netstandard1.3)) (== netstandard1.5) (== netstandard1.6) (== netstandard2.0)
      System.IO.FileSystem.Primitives (>= 4.3) - restriction: || (&& (== net40) (>= netstandard1.3)) (&& (== net45) (>= netstandard1.3)) (== netstandard1.5) (== netstandard1.6) (== netstandard2.0)
      System.Resources.ResourceManager (>= 4.3) - restriction: || (&& (== net40) (>= netstandard1.3)) (&& (== net45) (>= netstandard1.3)) (== netstandard1.5) (== netstandard1.6) (== netstandard2.0)
      System.Runtime (>= 4.3) - restriction: || (&& (== net40) (>= netstandard1.3)) (&& (== net45) (>= netstandard1.3)) (== netstandard1.5) (== netstandard1.6) (== netstandard2.0)
      System.Runtime.Extensions (>= 4.3) - restriction: || (&& (== net40) (>= netstandard1.3)) (&& (== net45) (>= netstandard1.3)) (== netstandard1.5) (== netstandard1.6) (== netstandard2.0)
      System.Runtime.Handles (>= 4.3) - restriction: || (&& (== net40) (>= netstandard1.3)) (&& (== net45) (>= netstandard1.3)) (== netstandard1.5) (== netstandard1.6) (== netstandard2.0)
      System.Runtime.InteropServices (>= 4.3) - restriction: || (&& (== net40) (>= netstandard1.3)) (&& (== net45) (>= netstandard1.3)) (== netstandard1.5) (== netstandard1.6) (== netstandard2.0)
      System.Text.Encoding (>= 4.3) - restriction: || (&& (== net40) (>= netstandard1.3)) (&& (== net45) (>= netstandard1.3)) (== netstandard1.5) (== netstandard1.6) (== netstandard2.0)
      System.Threading (>= 4.3) - restriction: || (&& (== net40) (>= netstandard1.3)) (&& (== net45) (>= netstandard1.3)) (== netstandard1.5) (== netstandard1.6) (== netstandard2.0)
      System.Threading.Overlapped (>= 4.3) - restriction: || (&& (== net40) (>= netstandard1.3)) (&& (== net45) (>= netstandard1.3)) (== netstandard1.5) (== netstandard1.6) (== netstandard2.0)
      System.Threading.Tasks (>= 4.3) - restriction: || (&& (== net40) (>= netstandard1.3)) (&& (== net45) (>= netstandard1.3)) (== netstandard1.5) (== netstandard1.6) (== netstandard2.0)
      System.Threading.Thread (>= 4.3) - restriction: || (&& (== net40) (>= netstandard1.3)) (&& (== net45) (>= netstandard1.3)) (== netstandard1.5) (== netstandard1.6) (== netstandard2.0)
    System.Linq (4.3) - restriction: || (&& (== net40) (< net20) (>= netstandard1.3)) (&& (== net40) (< net35) (>= netstandard1.5)) (&& (== net40) (< net35) (>= netstandard1.6)) (&& (== net40) (>= netstandard1.5) (>= uap10.0)) (&& (== net40) (>= netstandard1.6) (>= uap10.0)) (&& (== net45) (< net20) (>= netstandard1.3)) (&& (== net45) (< net35) (>= netstandard1.5)) (&& (== net45) (< net35) (>= netstandard1.6)) (&& (== net45) (>= netstandard1.5) (>= uap10.0)) (&& (== net45) (>= netstandard1.6) (>= uap10.0)) (== netstandard1.5) (== netstandard1.6) (== netstandard2.0)
      System.Collections (>= 4.3) - restriction: || (&& (== net40) (>= netstandard1.0)) (&& (== net40) (>= netstandard1.6)) (== netstandard1.5) (== netstandard1.6) (== netstandard2.0)
      System.Diagnostics.Debug (>= 4.3) - restriction: || (&& (== net40) (>= netstandard1.6)) (&& (== netstandard1.5) (>= netstandard1.6)) (== netstandard1.6) (== netstandard2.0)
      System.Resources.ResourceManager (>= 4.3) - restriction: || (&& (== net40) (>= netstandard1.6)) (&& (== netstandard1.5) (>= netstandard1.6)) (== netstandard1.6) (== netstandard2.0)
      System.Runtime (>= 4.3) - restriction: || (&& (== net40) (>= netstandard1.0)) (&& (== net40) (>= netstandard1.6)) (== netstandard1.5) (== netstandard1.6) (== netstandard2.0)
      System.Runtime.Extensions (>= 4.3) - restriction: || (&& (== net40) (>= netstandard1.6)) (&& (== netstandard1.5) (>= netstandard1.6)) (== netstandard1.6) (== netstandard2.0)
    System.Linq.Expressions (4.3) - restriction: || (&& (== net40) (== netstandard2.0)) (&& (== net40) (< net35) (>= netstandard1.5)) (&& (== net40) (< net35) (>= netstandard1.6)) (&& (== net40) (>= netstandard1.5) (>= uap10.0)) (&& (== net40) (>= netstandard1.6) (>= uap10.0)) (&& (== net45) (== netstandard2.0)) (&& (== net45) (< net35) (>= netstandard1.5)) (&& (== net45) (< net35) (>= netstandard1.6)) (&& (== net45) (>= netstandard1.5) (>= uap10.0)) (&& (== net45) (>= netstandard1.6) (>= uap10.0)) (== netstandard1.5) (== netstandard1.6) (&& (== netstandard2.0) (< netstandard1.2)) (&& (== netstandard2.0) (< netstandard1.3)) (&& (== netstandard2.0) (< netstandard1.4)) (&& (== netstandard2.0) (< netstandard1.5)) (&& (== netstandard2.0) (< netstandard1.6)) (&& (== netstandard2.0) (< portable-net45+win8+wpa81))
      System.Collections (>= 4.3) - restriction: || (&& (== net40) (>= netstandard1.6)) (&& (== netstandard1.5) (>= netstandard1.6)) (== netstandard1.6) (== netstandard2.0)
      System.Diagnostics.Debug (>= 4.3) - restriction: || (&& (== net40) (>= netstandard1.6)) (&& (== netstandard1.5) (>= netstandard1.6)) (== netstandard1.6) (== netstandard2.0)
      System.Globalization (>= 4.3) - restriction: || (&& (== net40) (>= netstandard1.6)) (&& (== netstandard1.5) (>= netstandard1.6)) (== netstandard1.6) (== netstandard2.0)
      System.IO (>= 4.3) - restriction: || (&& (== net40) (>= netstandard1.6)) (&& (== netstandard1.5) (>= netstandard1.6)) (== netstandard1.6) (== netstandard2.0)
      System.Linq (>= 4.3) - restriction: || (&& (== net40) (>= netstandard1.6)) (&& (== netstandard1.5) (>= netstandard1.6)) (== netstandard1.6) (== netstandard2.0)
      System.ObjectModel (>= 4.3) - restriction: || (&& (== net40) (>= netstandard1.6)) (&& (== netstandard1.5) (>= netstandard1.6)) (== netstandard1.6) (== netstandard2.0)
      System.Reflection (>= 4.3) - restriction: || (&& (== net40) (>= netstandard1.0)) (&& (== net40) (>= netstandard1.3)) (&& (== net40) (>= netstandard1.6)) (== netstandard1.5) (== netstandard1.6) (== netstandard2.0)
      System.Reflection.Emit (>= 4.3) - restriction: || (&& (== net40) (>= netstandard1.6)) (&& (== netstandard1.5) (>= netstandard1.6)) (== netstandard1.6) (== netstandard2.0)
      System.Reflection.Emit.ILGeneration (>= 4.3) - restriction: || (&& (== net40) (>= netstandard1.6)) (&& (== netstandard1.5) (>= netstandard1.6)) (== netstandard1.6) (== netstandard2.0)
      System.Reflection.Emit.Lightweight (>= 4.3) - restriction: || (&& (== net40) (>= netstandard1.6)) (&& (== netstandard1.5) (>= netstandard1.6)) (== netstandard1.6) (== netstandard2.0)
      System.Reflection.Extensions (>= 4.3) - restriction: || (&& (== net40) (>= netstandard1.6)) (&& (== netstandard1.5) (>= netstandard1.6)) (== netstandard1.6) (== netstandard2.0)
      System.Reflection.Primitives (>= 4.3) - restriction: || (&& (== net40) (>= netstandard1.6)) (&& (== netstandard1.5) (>= netstandard1.6)) (== netstandard1.6) (== netstandard2.0)
      System.Reflection.TypeExtensions (>= 4.3) - restriction: || (&& (== net40) (>= netstandard1.6)) (&& (== netstandard1.5) (>= netstandard1.6)) (== netstandard1.6) (== netstandard2.0)
      System.Resources.ResourceManager (>= 4.3) - restriction: || (&& (== net40) (>= netstandard1.6)) (&& (== netstandard1.5) (>= netstandard1.6)) (== netstandard1.6) (== netstandard2.0)
      System.Runtime (>= 4.3) - restriction: || (&& (== net40) (>= netstandard1.0)) (&& (== net40) (>= netstandard1.3)) (&& (== net40) (>= netstandard1.6)) (== netstandard1.5) (== netstandard1.6) (== netstandard2.0)
      System.Runtime.Extensions (>= 4.3) - restriction: || (&& (== net40) (>= netstandard1.6)) (&& (== netstandard1.5) (>= netstandard1.6)) (== netstandard1.6) (== netstandard2.0)
      System.Threading (>= 4.3) - restriction: || (&& (== net40) (>= netstandard1.6)) (&& (== netstandard1.5) (>= netstandard1.6)) (== netstandard1.6) (== netstandard2.0)
    System.Memory (4.5.3) - restriction: || (&& (== net40) (< net20) (>= net46)) (&& (== net40) (< net20) (>= netstandard1.3)) (&& (== net40) (< net20) (>= netstandard2.0)) (&& (== net40) (< net35) (>= netstandard1.5)) (&& (== net40) (< net35) (>= netstandard1.6)) (&& (== net40) (< net35) (>= netstandard2.0)) (&& (== net40) (>= net46) (>= win8)) (&& (== net40) (>= net46) (>= wpa81)) (&& (== net40) (>= netcoreapp2.0)) (&& (== net40) (>= netstandard1.3) (>= win8)) (&& (== net40) (>= netstandard1.3) (>= wpa81)) (&& (== net40) (>= netstandard1.5) (>= uap10.0)) (&& (== net40) (>= netstandard1.6) (>= uap10.0)) (&& (== net40) (>= netstandard2.0) (>= uap10.0)) (&& (== net40) (>= netstandard2.0) (>= win8)) (&& (== net40) (>= netstandard2.0) (>= wpa81)) (&& (== net40) (>= uap10.1)) (&& (== net45) (< net20) (>= net46)) (&& (== net45) (< net20) (>= netstandard1.3)) (&& (== net45) (< net20) (>= netstandard2.0)) (&& (== net45) (< net35) (>= netstandard1.5)) (&& (== net45) (< net35) (>= netstandard1.6)) (&& (== net45) (< net35) (>= netstandard2.0)) (&& (== net45) (>= net46) (< netstandard1.1) (>= win8)) (&& (== net45) (>= net46) (>= wpa81)) (&& (== net45) (>= netcoreapp2.0)) (&& (== net45) (< netstandard1.1) (>= netstandard1.3) (>= win8)) (&& (== net45) (< netstandard1.1) (>= netstandard2.0) (>= win8)) (&& (== net45) (>= netstandard1.3) (>= wpa81)) (&& (== net45) (>= netstandard1.5) (>= uap10.0)) (&& (== net45) (>= netstandard1.6) (>= uap10.0)) (&& (== net45) (>= netstandard2.0) (>= uap10.0)) (&& (== net45) (>= netstandard2.0) (>= wpa81)) (&& (== net45) (>= uap10.1)) (== netstandard1.5) (== netstandard1.6) (== netstandard2.0)
      System.Buffers (>= 4.4) - restriction: || (&& (== net40) (>= monoandroid)) (&& (== net40) (>= monotouch)) (&& (== net40) (>= net45)) (&& (== net40) (>= net461)) (&& (== net40) (>= netstandard1.1)) (&& (== net40) (>= netstandard2.0)) (&& (== net40) (>= portable-net45+win8+wpa81)) (&& (== net40) (>= win8)) (&& (== net40) (>= wpa81)) (&& (== net40) (>= xamarinios)) (&& (== net40) (>= xamarinmac)) (&& (== net40) (>= xamarintvos)) (&& (== net40) (>= xamarinwatchos)) (== net45) (== netstandard1.5) (== netstandard1.6) (== netstandard2.0)
      System.Numerics.Vectors (>= 4.4) - restriction: || (&& (== net40) (>= net461)) (&& (== net40) (>= netstandard2.0)) (&& (== net45) (>= net461)) (&& (== netstandard1.5) (>= net461)) (&& (== netstandard1.5) (>= netstandard2.0)) (&& (== netstandard1.6) (>= net461)) (&& (== netstandard1.6) (>= netstandard2.0)) (== netstandard2.0)
      System.Runtime.CompilerServices.Unsafe (>= 4.5.2) - restriction: || (&& (== net40) (>= monoandroid)) (&& (== net40) (>= monotouch)) (&& (== net40) (>= net45)) (&& (== net40) (>= net461)) (&& (== net40) (>= netcoreapp2.0)) (&& (== net40) (>= netstandard1.1)) (&& (== net40) (>= netstandard2.0)) (&& (== net40) (>= portable-net45+win8+wpa81)) (&& (== net40) (>= uap10.1)) (&& (== net40) (>= win8)) (&& (== net40) (>= wpa81)) (&& (== net40) (>= xamarinios)) (&& (== net40) (>= xamarinmac)) (&& (== net40) (>= xamarintvos)) (&& (== net40) (>= xamarinwatchos)) (== net45) (== netstandard1.5) (== netstandard1.6) (== netstandard2.0)
    System.Net.Http (4.3.4) - restriction: || (&& (== net40) (< net20) (>= netstandard1.3)) (&& (== net40) (< net35) (>= netstandard1.5)) (&& (== net40) (< net35) (>= netstandard1.6)) (&& (== net40) (>= netstandard1.5) (>= uap10.0)) (&& (== net40) (>= netstandard1.6) (>= uap10.0)) (&& (== net45) (< net20) (>= netstandard1.3)) (&& (== net45) (< net35) (>= netstandard1.5)) (&& (== net45) (< net35) (>= netstandard1.6)) (&& (== net45) (>= netstandard1.5) (>= uap10.0)) (&& (== net45) (>= netstandard1.6) (>= uap10.0)) (== netstandard1.5) (== netstandard1.6) (== netstandard2.0)
      Microsoft.NETCore.Platforms (>= 1.1.1) - restriction: || (&& (== net40) (>= netstandard1.3)) (&& (== net40) (>= netstandard1.6)) (== netstandard1.5) (== netstandard1.6) (== netstandard2.0)
      Microsoft.Win32.Primitives (>= 4.3) - restriction: || (&& (== net40) (>= netstandard1.3)) (== netstandard1.5) (&& (== netstandard2.0) (< netstandard1.6))
      runtime.native.System (>= 4.3) - restriction: || (&& (== net40) (>= netstandard1.6)) (&& (== netstandard1.5) (>= netstandard1.6)) (== netstandard1.6) (== netstandard2.0)
      runtime.native.System.Net.Http (>= 4.3) - restriction: || (&& (== net40) (>= netstandard1.6)) (&& (== netstandard1.5) (>= netstandard1.6)) (== netstandard1.6) (== netstandard2.0)
      runtime.native.System.Security.Cryptography.OpenSsl (>= 4.3.2) - restriction: || (&& (== net40) (>= netstandard1.6)) (&& (== netstandard1.5) (>= netstandard1.6)) (== netstandard1.6) (== netstandard2.0)
      System.Collections (>= 4.3) - restriction: || (&& (== net40) (>= netstandard1.3)) (&& (== net40) (>= netstandard1.6)) (== netstandard1.5) (== netstandard1.6) (== netstandard2.0)
      System.Diagnostics.Debug (>= 4.3) - restriction: || (&& (== net40) (>= netstandard1.3)) (&& (== net40) (>= netstandard1.6)) (== netstandard1.5) (== netstandard1.6) (== netstandard2.0)
      System.Diagnostics.DiagnosticSource (>= 4.3) - restriction: || (&& (== net40) (>= netstandard1.3)) (&& (== net40) (>= netstandard1.6)) (== netstandard1.5) (== netstandard1.6) (== netstandard2.0)
      System.Diagnostics.Tracing (>= 4.3) - restriction: || (&& (== net40) (>= netstandard1.3)) (&& (== net40) (>= netstandard1.6)) (== netstandard1.5) (== netstandard1.6) (== netstandard2.0)
      System.Globalization (>= 4.3) - restriction: || (&& (== net40) (>= netstandard1.3)) (&& (== net40) (>= netstandard1.6)) (== netstandard1.5) (== netstandard1.6) (== netstandard2.0)
      System.Globalization.Extensions (>= 4.3) - restriction: || (&& (== net40) (>= netstandard1.6)) (&& (== netstandard1.5) (>= netstandard1.6)) (== netstandard1.6) (== netstandard2.0)
      System.IO (>= 4.3) - restriction: || (&& (== net40) (>= netstandard1.1)) (&& (== net40) (>= netstandard1.3)) (&& (== net40) (>= netstandard1.6)) (== netstandard1.5) (== netstandard1.6) (== netstandard2.0)
      System.IO.Compression (>= 4.3) - restriction: || (&& (== net40) (>= netstandard1.3)) (== netstandard1.5) (&& (== netstandard2.0) (< netstandard1.6))
      System.IO.FileSystem (>= 4.3) - restriction: || (&& (== net40) (>= netstandard1.6)) (&& (== netstandard1.5) (>= netstandard1.6)) (== netstandard1.6) (== netstandard2.0)
      System.Net.Primitives (>= 4.3) - restriction: || (&& (== net40) (>= netstandard1.1)) (&& (== net40) (>= netstandard1.3)) (&& (== net40) (>= netstandard1.6)) (== netstandard1.5) (== netstandard1.6) (== netstandard2.0)
      System.Resources.ResourceManager (>= 4.3) - restriction: || (&& (== net40) (>= netstandard1.3)) (&& (== net40) (>= netstandard1.6)) (== netstandard1.5) (== netstandard1.6) (== netstandard2.0)
      System.Runtime (>= 4.3) - restriction: || (&& (== net40) (>= netstandard1.1)) (&& (== net40) (>= netstandard1.3)) (&& (== net40) (>= netstandard1.6)) (== netstandard1.5) (== netstandard1.6) (== netstandard2.0)
      System.Runtime.Extensions (>= 4.3) - restriction: || (&& (== net40) (>= netstandard1.3)) (&& (== net40) (>= netstandard1.6)) (== netstandard1.5) (== netstandard1.6) (== netstandard2.0)
      System.Runtime.Handles (>= 4.3) - restriction: || (&& (== net40) (>= netstandard1.3)) (&& (== net40) (>= netstandard1.6)) (== netstandard1.5) (== netstandard1.6) (== netstandard2.0)
      System.Runtime.InteropServices (>= 4.3) - restriction: || (&& (== net40) (>= netstandard1.3)) (&& (== net40) (>= netstandard1.6)) (== netstandard1.5) (== netstandard1.6) (== netstandard2.0)
      System.Security.Cryptography.Algorithms (>= 4.3) - restriction: || (&& (== net40) (>= netstandard1.6)) (&& (== netstandard1.5) (>= netstandard1.6)) (== netstandard1.6) (== netstandard2.0)
      System.Security.Cryptography.Encoding (>= 4.3) - restriction: || (&& (== net40) (>= netstandard1.3)) (&& (== net40) (>= netstandard1.6)) (== netstandard1.5) (== netstandard1.6) (== netstandard2.0)
      System.Security.Cryptography.OpenSsl (>= 4.3) - restriction: || (&& (== net40) (>= netstandard1.6)) (&& (== netstandard1.5) (>= netstandard1.6)) (== netstandard1.6) (== netstandard2.0)
      System.Security.Cryptography.Primitives (>= 4.3) - restriction: || (&& (== net40) (>= netstandard1.6)) (&& (== netstandard1.5) (>= netstandard1.6)) (== netstandard1.6) (== netstandard2.0)
      System.Security.Cryptography.X509Certificates (>= 4.3) - restriction: || (&& (== net40) (>= net46)) (&& (== net40) (>= netstandard1.3)) (&& (== net40) (>= netstandard1.6)) (&& (== net45) (>= net46)) (== netstandard1.5) (== netstandard1.6) (== netstandard2.0)
      System.Text.Encoding (>= 4.3) - restriction: || (&& (== net40) (>= netstandard1.1)) (&& (== net40) (>= netstandard1.3)) (&& (== net40) (>= netstandard1.6)) (== netstandard1.5) (== netstandard1.6) (== netstandard2.0)
      System.Threading (>= 4.3) - restriction: || (&& (== net40) (>= netstandard1.3)) (&& (== net40) (>= netstandard1.6)) (== netstandard1.5) (== netstandard1.6) (== netstandard2.0)
      System.Threading.Tasks (>= 4.3) - restriction: || (&& (== net40) (>= netstandard1.1)) (&& (== net40) (>= netstandard1.3)) (&& (== net40) (>= netstandard1.6)) (== netstandard1.5) (== netstandard1.6) (== netstandard2.0)
    System.Net.NameResolution (4.3) - restriction: || (&& (== net40) (< net20) (>= netstandard1.3)) (&& (== net45) (< net20) (>= netstandard1.3)) (== netstandard1.5) (== netstandard1.6) (== netstandard2.0)
      Microsoft.NETCore.Platforms (>= 1.1) - restriction: || (&& (== net40) (>= netstandard1.3)) (&& (== net45) (>= netstandard1.3)) (== netstandard1.5) (== netstandard1.6) (== netstandard2.0)
      runtime.native.System (>= 4.3) - restriction: || (&& (== net40) (>= netstandard1.3)) (&& (== net45) (>= netstandard1.3)) (== netstandard1.5) (== netstandard1.6) (== netstandard2.0)
      System.Collections (>= 4.3) - restriction: || (&& (== net40) (>= netstandard1.3)) (&& (== net45) (>= netstandard1.3)) (== netstandard1.5) (== netstandard1.6) (== netstandard2.0)
      System.Diagnostics.Tracing (>= 4.3) - restriction: || (&& (== net40) (>= netstandard1.3)) (&& (== net45) (>= netstandard1.3)) (== netstandard1.5) (== netstandard1.6) (== netstandard2.0)
      System.Globalization (>= 4.3) - restriction: || (&& (== net40) (>= netstandard1.3)) (&& (== net45) (>= netstandard1.3)) (== netstandard1.5) (== netstandard1.6) (== netstandard2.0)
      System.Net.Primitives (>= 4.3) - restriction: || (&& (== net40) (>= netstandard1.3)) (&& (== net45) (>= netstandard1.3)) (== netstandard1.5) (== netstandard1.6) (== netstandard2.0)
      System.Resources.ResourceManager (>= 4.3) - restriction: || (&& (== net40) (>= netstandard1.3)) (&& (== net45) (>= netstandard1.3)) (== netstandard1.5) (== netstandard1.6) (== netstandard2.0)
      System.Runtime (>= 4.3) - restriction: || (&& (== net40) (>= netstandard1.3)) (&& (== net45) (>= netstandard1.3)) (== netstandard1.5) (== netstandard1.6) (== netstandard2.0)
      System.Runtime.Extensions (>= 4.3) - restriction: || (&& (== net40) (>= netstandard1.3)) (&& (== net45) (>= netstandard1.3)) (== netstandard1.5) (== netstandard1.6) (== netstandard2.0)
      System.Runtime.Handles (>= 4.3) - restriction: || (&& (== net40) (>= netstandard1.3)) (&& (== net45) (>= netstandard1.3)) (== netstandard1.5) (== netstandard1.6) (== netstandard2.0)
      System.Runtime.InteropServices (>= 4.3) - restriction: || (&& (== net40) (>= netstandard1.3)) (&& (== net45) (>= netstandard1.3)) (== netstandard1.5) (== netstandard1.6) (== netstandard2.0)
      System.Security.Principal.Windows (>= 4.3) - restriction: || (&& (== net40) (>= netstandard1.3)) (&& (== net45) (>= netstandard1.3)) (== netstandard1.5) (== netstandard1.6) (== netstandard2.0)
      System.Threading (>= 4.3) - restriction: || (&& (== net40) (>= netstandard1.3)) (&& (== net45) (>= netstandard1.3)) (== netstandard1.5) (== netstandard1.6) (== netstandard2.0)
      System.Threading.Tasks (>= 4.3) - restriction: || (&& (== net40) (>= netstandard1.3)) (&& (== net45) (>= netstandard1.3)) (== netstandard1.5) (== netstandard1.6) (== netstandard2.0)
    System.Net.Primitives (4.3.1) - restriction: || (&& (== net40) (< net20) (>= netstandard1.3)) (&& (== net40) (< net35) (>= netstandard1.5)) (&& (== net40) (< net35) (>= netstandard1.6)) (&& (== net40) (>= netstandard1.5) (>= uap10.0)) (&& (== net40) (>= netstandard1.6) (>= uap10.0)) (&& (== net45) (< net20) (>= netstandard1.3)) (&& (== net45) (< net35) (>= netstandard1.5)) (&& (== net45) (< net35) (>= netstandard1.6)) (&& (== net45) (>= netstandard1.5) (>= uap10.0)) (&& (== net45) (>= netstandard1.6) (>= uap10.0)) (== netstandard1.5) (== netstandard1.6) (== netstandard2.0)
      Microsoft.NETCore.Platforms (>= 1.1.1) - restriction: || (&& (== net40) (>= netstandard1.0)) (&& (== net40) (>= netstandard1.1)) (&& (== net40) (>= netstandard1.3)) (&& (== net45) (< netstandard1.1)) (== netstandard1.5) (== netstandard1.6) (== netstandard2.0)
      Microsoft.NETCore.Targets (>= 1.1.3) - restriction: || (&& (== net40) (>= netstandard1.0)) (&& (== net40) (>= netstandard1.1)) (&& (== net40) (>= netstandard1.3)) (&& (== net45) (< netstandard1.1)) (== netstandard1.5) (== netstandard1.6) (== netstandard2.0)
      System.Runtime (>= 4.3.1) - restriction: || (&& (== net40) (>= netstandard1.0)) (&& (== net40) (>= netstandard1.1)) (&& (== net40) (>= netstandard1.3)) (&& (== net45) (< netstandard1.1)) (== netstandard1.5) (== netstandard1.6) (== netstandard2.0)
      System.Runtime.Handles (>= 4.3) - restriction: || (&& (== net40) (>= netstandard1.3)) (== netstandard1.5) (== netstandard1.6) (== netstandard2.0)
    System.Net.Requests (4.3) - restriction: || (&& (== net40) (< net20) (>= netstandard1.3)) (&& (== net45) (< net20) (>= netstandard1.3)) (== netstandard1.5) (== netstandard1.6) (== netstandard2.0)
      Microsoft.NETCore.Platforms (>= 1.1) - restriction: || (&& (== net40) (>= netstandard1.3)) (== netstandard1.5) (== netstandard1.6) (== netstandard2.0)
      System.Collections (>= 4.3) - restriction: || (&& (== net40) (>= netstandard1.3)) (== netstandard1.5) (== netstandard1.6) (== netstandard2.0)
      System.Diagnostics.Debug (>= 4.3) - restriction: || (&& (== net40) (>= netstandard1.3)) (== netstandard1.5) (== netstandard1.6) (== netstandard2.0)
      System.Diagnostics.Tracing (>= 4.3) - restriction: || (&& (== net40) (>= netstandard1.3)) (== netstandard1.5) (== netstandard1.6) (== netstandard2.0)
      System.Globalization (>= 4.3) - restriction: || (&& (== net40) (>= netstandard1.3)) (== netstandard1.5) (== netstandard1.6) (== netstandard2.0)
      System.IO (>= 4.3) - restriction: || (&& (== net40) (>= netstandard1.0)) (&& (== net40) (>= netstandard1.1)) (&& (== net40) (>= netstandard1.3)) (&& (== net45) (< netstandard1.1)) (== netstandard1.5) (== netstandard1.6) (== netstandard2.0)
      System.Net.Http (>= 4.3) - restriction: || (&& (== net40) (>= netstandard1.3)) (== netstandard1.5) (== netstandard1.6) (== netstandard2.0)
      System.Net.Primitives (>= 4.3) - restriction: || (&& (== net40) (>= netstandard1.0)) (&& (== net40) (>= netstandard1.1)) (&& (== net40) (>= netstandard1.3)) (&& (== net45) (< netstandard1.1)) (== netstandard1.5) (== netstandard1.6) (== netstandard2.0)
      System.Net.WebHeaderCollection (>= 4.3) - restriction: || (&& (== net40) (>= netstandard1.3)) (== netstandard1.5) (== netstandard1.6) (== netstandard2.0)
      System.Resources.ResourceManager (>= 4.3) - restriction: || (&& (== net40) (>= netstandard1.3)) (== netstandard1.5) (== netstandard1.6) (== netstandard2.0)
      System.Runtime (>= 4.3) - restriction: || (&& (== net40) (>= netstandard1.0)) (&& (== net40) (>= netstandard1.1)) (&& (== net40) (>= netstandard1.3)) (&& (== net45) (< netstandard1.1)) (== netstandard1.5) (== netstandard1.6) (== netstandard2.0)
      System.Threading (>= 4.3) - restriction: || (&& (== net40) (>= netstandard1.3)) (== netstandard1.5) (== netstandard1.6) (== netstandard2.0)
      System.Threading.Tasks (>= 4.3) - restriction: || (&& (== net40) (>= netstandard1.1)) (&& (== net40) (>= netstandard1.3)) (== netstandard1.5) (== netstandard1.6) (== netstandard2.0)
    System.Net.Sockets (4.3) - restriction: || (&& (== net40) (< net20) (>= netstandard1.3)) (&& (== net40) (< net35) (>= netstandard1.5)) (&& (== net40) (< net35) (>= netstandard1.6)) (&& (== net40) (>= netstandard1.5) (>= uap10.0)) (&& (== net40) (>= netstandard1.6) (>= uap10.0)) (&& (== net45) (< net20) (>= netstandard1.3)) (&& (== net45) (< net35) (>= netstandard1.5)) (&& (== net45) (< net35) (>= netstandard1.6)) (&& (== net45) (>= netstandard1.5) (>= uap10.0)) (&& (== net45) (>= netstandard1.6) (>= uap10.0)) (== netstandard1.5) (== netstandard1.6) (== netstandard2.0)
      Microsoft.NETCore.Platforms (>= 1.1) - restriction: || (&& (== net40) (>= netstandard1.3)) (&& (== net45) (>= netstandard1.3)) (== netstandard1.5) (== netstandard1.6) (== netstandard2.0)
      Microsoft.NETCore.Targets (>= 1.1) - restriction: || (&& (== net40) (>= netstandard1.3)) (&& (== net45) (>= netstandard1.3)) (== netstandard1.5) (== netstandard1.6) (== netstandard2.0)
      System.IO (>= 4.3) - restriction: || (&& (== net40) (>= netstandard1.3)) (&& (== net45) (>= netstandard1.3)) (== netstandard1.5) (== netstandard1.6) (== netstandard2.0)
      System.Net.Primitives (>= 4.3) - restriction: || (&& (== net40) (>= netstandard1.3)) (&& (== net45) (>= netstandard1.3)) (== netstandard1.5) (== netstandard1.6) (== netstandard2.0)
      System.Runtime (>= 4.3) - restriction: || (&& (== net40) (>= netstandard1.3)) (&& (== net45) (>= netstandard1.3)) (== netstandard1.5) (== netstandard1.6) (== netstandard2.0)
      System.Threading.Tasks (>= 4.3) - restriction: || (&& (== net40) (>= netstandard1.3)) (&& (== net45) (>= netstandard1.3)) (== netstandard1.5) (== netstandard1.6) (== netstandard2.0)
    System.Net.WebHeaderCollection (4.3) - restriction: || (&& (== net40) (< net20) (>= netstandard1.3)) (&& (== net45) (< net20) (>= netstandard1.3)) (== netstandard1.5) (== netstandard1.6) (== netstandard2.0)
      System.Collections (>= 4.3) - restriction: || (&& (== net40) (>= netstandard1.3)) (&& (== net45) (>= netstandard1.3)) (== netstandard1.5) (== netstandard1.6) (== netstandard2.0)
      System.Resources.ResourceManager (>= 4.3) - restriction: || (&& (== net40) (>= netstandard1.3)) (&& (== net45) (>= netstandard1.3)) (== netstandard1.5) (== netstandard1.6) (== netstandard2.0)
      System.Runtime (>= 4.3) - restriction: || (&& (== net40) (>= netstandard1.3)) (&& (== net45) (>= netstandard1.3)) (== netstandard1.5) (== netstandard1.6) (== netstandard2.0)
      System.Runtime.Extensions (>= 4.3) - restriction: || (&& (== net40) (>= netstandard1.3)) (&& (== net45) (>= netstandard1.3)) (== netstandard1.5) (== netstandard1.6) (== netstandard2.0)
    System.Numerics.Vectors (4.5) - restriction: || (&& (== net40) (< net20) (>= netstandard2.0)) (&& (== net40) (>= net461) (>= uap10.1)) (&& (== net40) (>= netcoreapp2.0)) (&& (== net40) (>= netstandard2.0) (>= uap10.1)) (&& (== net45) (< net20) (>= netstandard2.0)) (&& (== net45) (>= net461) (>= uap10.1)) (&& (== net45) (>= netcoreapp2.0)) (&& (== net45) (>= netstandard2.0) (>= uap10.1)) (&& (== netstandard1.5) (>= net461) (>= uap10.1)) (&& (== netstandard1.5) (>= netcoreapp2.0)) (&& (== netstandard1.5) (>= netstandard2.0)) (&& (== netstandard1.6) (>= net461) (>= uap10.1)) (&& (== netstandard1.6) (>= netcoreapp2.0)) (&& (== netstandard1.6) (>= netstandard2.0)) (== netstandard2.0)
    System.ObjectModel (4.3) - restriction: || (&& (== net40) (== netstandard2.0)) (&& (== net40) (< net35) (>= netstandard1.5)) (&& (== net40) (< net35) (>= netstandard1.6)) (&& (== net40) (>= netstandard1.5) (>= uap10.0)) (&& (== net40) (>= netstandard1.6) (>= uap10.0)) (&& (== net45) (== netstandard2.0)) (&& (== net45) (< net35) (>= netstandard1.5)) (&& (== net45) (< net35) (>= netstandard1.6)) (&& (== net45) (>= netstandard1.5) (>= uap10.0)) (&& (== net45) (>= netstandard1.6) (>= uap10.0)) (== netstandard1.5) (== netstandard1.6) (&& (== netstandard2.0) (< netstandard1.2)) (&& (== netstandard2.0) (< netstandard1.3)) (&& (== netstandard2.0) (< netstandard1.4)) (&& (== netstandard2.0) (< netstandard1.5)) (&& (== netstandard2.0) (< netstandard1.6)) (&& (== netstandard2.0) (< portable-net45+win8+wpa81))
      System.Collections (>= 4.3) - restriction: || (&& (== net40) (>= netstandard1.3)) (== netstandard1.5) (== netstandard1.6) (== netstandard2.0)
      System.Diagnostics.Debug (>= 4.3) - restriction: || (&& (== net40) (>= netstandard1.3)) (== netstandard1.5) (== netstandard1.6) (== netstandard2.0)
      System.Resources.ResourceManager (>= 4.3) - restriction: || (&& (== net40) (>= netstandard1.3)) (== netstandard1.5) (== netstandard1.6) (== netstandard2.0)
      System.Runtime (>= 4.3) - restriction: || (&& (== net40) (>= netstandard1.0)) (&& (== net40) (>= netstandard1.3)) (== netstandard1.5) (== netstandard1.6) (== netstandard2.0)
      System.Threading (>= 4.3) - restriction: || (&& (== net40) (>= netstandard1.3)) (== netstandard1.5) (== netstandard1.6) (== netstandard2.0)
    System.Reflection (4.3) - restriction: || (&& (== net40) (< net20) (>= netstandard1.3)) (&& (== net40) (< net20) (>= netstandard1.5)) (&& (== net40) (< net20) (>= netstandard1.6)) (&& (== net40) (< net35) (>= netstandard1.6)) (&& (== net45) (< net20) (>= netstandard1.3)) (&& (== net45) (< net20) (>= netstandard1.5)) (&& (== net45) (< net20) (>= netstandard1.6)) (&& (== net45) (< net35) (>= netstandard1.6)) (== netstandard1.5) (== netstandard1.6) (== netstandard2.0)
      Microsoft.NETCore.Platforms (>= 1.1) - restriction: || (&& (== net40) (>= netstandard1.0)) (&& (== net40) (>= netstandard1.3)) (&& (== net40) (>= netstandard1.5)) (== netstandard1.5) (== netstandard1.6) (== netstandard2.0)
      Microsoft.NETCore.Targets (>= 1.1) - restriction: || (&& (== net40) (>= netstandard1.0)) (&& (== net40) (>= netstandard1.3)) (&& (== net40) (>= netstandard1.5)) (== netstandard1.5) (== netstandard1.6) (== netstandard2.0)
      System.IO (>= 4.3) - restriction: || (&& (== net40) (>= netstandard1.0)) (&& (== net40) (>= netstandard1.3)) (&& (== net40) (>= netstandard1.5)) (== netstandard1.5) (== netstandard1.6) (== netstandard2.0)
      System.Reflection.Primitives (>= 4.3) - restriction: || (&& (== net40) (>= netstandard1.0)) (&& (== net40) (>= netstandard1.3)) (&& (== net40) (>= netstandard1.5)) (== netstandard1.5) (== netstandard1.6) (== netstandard2.0)
      System.Runtime (>= 4.3) - restriction: || (&& (== net40) (>= netstandard1.0)) (&& (== net40) (>= netstandard1.3)) (&& (== net40) (>= netstandard1.5)) (== netstandard1.5) (== netstandard1.6) (== netstandard2.0)
    System.Reflection.Emit (4.6) - restriction: || (&& (== net40) (== netstandard2.0)) (&& (== net40) (< net35) (>= netstandard1.6)) (&& (== net40) (>= netstandard1.6) (>= uap10.0)) (&& (== net45) (== netstandard2.0)) (&& (== net45) (< net35) (>= netstandard1.6)) (&& (== net45) (>= netstandard1.6) (>= uap10.0)) (&& (== netstandard1.5) (== netstandard2.0)) (&& (== netstandard1.5) (>= netstandard1.6)) (== netstandard1.6) (&& (== netstandard2.0) (< netstandard1.2)) (&& (== netstandard2.0) (< netstandard1.3)) (&& (== netstandard2.0) (< netstandard1.4)) (&& (== netstandard2.0) (< netstandard1.5)) (&& (== netstandard2.0) (< netstandard1.6)) (&& (== netstandard2.0) (< portable-net45+win8+wpa81))
      System.IO (>= 4.3) - restriction: || (&& (== net40) (>= netstandard1.1)) (== netstandard1.5) (== netstandard1.6)
      System.Reflection (>= 4.3) - restriction: || (&& (== net40) (>= netstandard1.1)) (== netstandard1.5) (== netstandard1.6)
      System.Reflection.Emit.ILGeneration (>= 4.6) - restriction: || (&& (== net40) (>= netstandard1.1)) (&& (== net40) (>= netstandard2.0)) (&& (== net40) (>= portable-net45+win8+wpa81)) (&& (== net40) (>= uap10.1)) (&& (== net40) (>= win8)) (&& (== net40) (>= wpa81)) (&& (== net45) (< netstandard1.1)) (&& (== net45) (>= uap10.1)) (&& (== net45) (>= wpa81)) (== netstandard1.5) (== netstandard1.6) (== netstandard2.0)
      System.Reflection.Primitives (>= 4.3) - restriction: || (&& (== net40) (>= netstandard1.1)) (== netstandard1.5) (== netstandard1.6)
      System.Resources.ResourceManager (>= 4.3) - restriction: || (&& (== net40) (>= netstandard1.1)) (== netstandard1.5) (== netstandard1.6)
      System.Runtime (>= 4.3) - restriction: || (&& (== net40) (>= netstandard1.1)) (== netstandard1.5) (== netstandard1.6)
      System.Runtime.InteropServices (>= 4.3) - restriction: || (&& (== net40) (>= netstandard1.1)) (== netstandard1.5) (== netstandard1.6)
    System.Reflection.Emit.ILGeneration (4.6) - restriction: || (&& (== net40) (== netstandard2.0)) (&& (== net40) (< net35) (>= netstandard1.6)) (&& (== net40) (< net35) (>= netstandard2.0)) (&& (== net40) (>= netstandard1.6) (>= uap10.0)) (&& (== net40) (>= netstandard1.6) (>= uap10.1)) (&& (== net40) (>= netstandard1.6) (>= win8)) (&& (== net40) (>= netstandard1.6) (>= wpa81)) (&& (== net40) (>= netstandard2.0) (>= uap10.0)) (&& (== net45) (== netstandard2.0)) (&& (== net45) (< net35) (>= netstandard1.6)) (&& (== net45) (< net35) (>= netstandard2.0)) (&& (== net45) (< netstandard1.1) (>= netstandard1.6) (>= win8)) (&& (== net45) (>= netstandard1.6) (>= uap10.0)) (&& (== net45) (>= netstandard1.6) (>= uap10.1)) (&& (== net45) (>= netstandard1.6) (>= wpa81)) (&& (== net45) (>= netstandard2.0) (>= uap10.0)) (&& (== netstandard1.5) (== netstandard2.0)) (&& (== netstandard1.5) (>= netstandard1.6)) (&& (== netstandard1.5) (>= netstandard2.0)) (== netstandard1.6) (&& (== netstandard2.0) (< netstandard1.1)) (&& (== netstandard2.0) (< netstandard1.2)) (&& (== netstandard2.0) (< netstandard1.3)) (&& (== netstandard2.0) (< netstandard1.4)) (&& (== netstandard2.0) (< netstandard1.5)) (&& (== netstandard2.0) (< netstandard1.6)) (&& (== netstandard2.0) (< portable-net45+win8+wpa81)) (&& (== netstandard2.0) (>= uap10.1))
      System.Reflection (>= 4.3) - restriction: || (&& (== net40) (>= netstandard1.0)) (== netstandard1.5) (== netstandard1.6)
      System.Reflection.Primitives (>= 4.3) - restriction: || (&& (== net40) (>= netstandard1.0)) (== netstandard1.5) (== netstandard1.6)
      System.Resources.ResourceManager (>= 4.3) - restriction: || (&& (== net40) (>= netstandard1.0)) (== netstandard1.5) (== netstandard1.6)
      System.Runtime (>= 4.3) - restriction: || (&& (== net40) (>= netstandard1.0)) (== netstandard1.5) (== netstandard1.6)
    System.Reflection.Emit.Lightweight (4.6) - restriction: || (&& (== net40) (== netstandard2.0)) (&& (== net40) (< net35) (>= netstandard1.6)) (&& (== net40) (>= netstandard1.6) (>= uap10.0)) (&& (== net45) (== netstandard2.0)) (&& (== net45) (< net35) (>= netstandard1.6)) (&& (== net45) (>= netstandard1.6) (>= uap10.0)) (&& (== netstandard1.5) (== netstandard2.0)) (&& (== netstandard1.5) (>= netstandard1.6)) (== netstandard1.6) (&& (== netstandard2.0) (< netstandard1.2)) (&& (== netstandard2.0) (< netstandard1.3)) (&& (== netstandard2.0) (< netstandard1.4)) (&& (== netstandard2.0) (< netstandard1.5)) (&& (== netstandard2.0) (< netstandard1.6)) (&& (== netstandard2.0) (< portable-net45+win8+wpa81))
      System.Reflection (>= 4.3) - restriction: || (&& (== net40) (>= netstandard1.0)) (== netstandard1.5) (== netstandard1.6)
      System.Reflection.Emit.ILGeneration (>= 4.6) - restriction: || (&& (== net40) (>= netstandard1.0)) (&& (== net40) (>= netstandard2.0)) (&& (== net40) (>= portable-net45+win8+wp8+wpa81)) (&& (== net40) (>= uap10.1)) (&& (== net40) (>= win8)) (&& (== net40) (>= wpa81)) (&& (== net45) (< portable-net45+wp8)) (&& (== net45) (>= uap10.1)) (&& (== net45) (>= wpa81)) (== netstandard1.5) (== netstandard1.6) (== netstandard2.0)
      System.Reflection.Primitives (>= 4.3) - restriction: || (&& (== net40) (>= netstandard1.0)) (== netstandard1.5) (== netstandard1.6)
      System.Resources.ResourceManager (>= 4.3) - restriction: || (&& (== net40) (>= netstandard1.0)) (== netstandard1.5) (== netstandard1.6)
      System.Runtime (>= 4.3) - restriction: || (&& (== net40) (>= netstandard1.0)) (== netstandard1.5) (== netstandard1.6)
    System.Reflection.Extensions (4.3) - restriction: || (&& (== net40) (< net20) (>= netstandard1.3)) (&& (== net40) (< net35) (>= netstandard1.5)) (&& (== net40) (< net35) (>= netstandard1.6)) (&& (== net40) (>= netstandard1.5) (>= uap10.0)) (&& (== net40) (>= netstandard1.6) (>= uap10.0)) (&& (== net45) (< net20) (>= netstandard1.3)) (&& (== net45) (< net35) (>= netstandard1.5)) (&& (== net45) (< net35) (>= netstandard1.6)) (&& (== net45) (>= netstandard1.5) (>= uap10.0)) (&& (== net45) (>= netstandard1.6) (>= uap10.0)) (== netstandard1.5) (== netstandard1.6) (== netstandard2.0)
      Microsoft.NETCore.Platforms (>= 1.1) - restriction: || (&& (== net40) (>= netstandard1.0)) (== netstandard1.5) (== netstandard1.6) (== netstandard2.0)
      Microsoft.NETCore.Targets (>= 1.1) - restriction: || (&& (== net40) (>= netstandard1.0)) (== netstandard1.5) (== netstandard1.6) (== netstandard2.0)
      System.Reflection (>= 4.3) - restriction: || (&& (== net40) (>= netstandard1.0)) (== netstandard1.5) (== netstandard1.6) (== netstandard2.0)
      System.Runtime (>= 4.3) - restriction: || (&& (== net40) (>= netstandard1.0)) (== netstandard1.5) (== netstandard1.6) (== netstandard2.0)
    System.Reflection.Metadata (1.7) - restriction: || (&& (== net40) (< net20) (>= netstandard1.3)) (&& (== net45) (< net20) (>= netstandard1.3)) (== netstandard1.5) (== netstandard1.6) (== netstandard2.0)
      NETStandard.Library (>= 1.6.1) - restriction: || (&& (== net40) (>= netstandard1.1)) (== netstandard1.5) (== netstandard1.6)
      System.Collections.Immutable (>= 1.6) - restriction: || (&& (== net40) (>= net45)) (&& (== net40) (>= netstandard1.1)) (&& (== net40) (>= netstandard2.0)) (&& (== net40) (>= portable-net45+win8+wpa81)) (&& (== net40) (>= win8)) (&& (== net40) (>= wpa81)) (== net45) (== netstandard1.5) (== netstandard1.6) (== netstandard2.0)
    System.Reflection.Primitives (4.3) - restriction: || (&& (== net40) (< net20) (>= netstandard1.3)) (&& (== net40) (< net20) (>= netstandard1.5)) (&& (== net40) (< net35) (>= netstandard1.5)) (&& (== net40) (< net35) (>= netstandard1.6)) (&& (== net40) (>= netstandard1.5) (>= uap10.0)) (&& (== net40) (>= netstandard1.6) (>= uap10.0)) (&& (== net45) (< net20) (>= netstandard1.3)) (&& (== net45) (< net20) (>= netstandard1.5)) (&& (== net45) (< net35) (>= netstandard1.5)) (&& (== net45) (< net35) (>= netstandard1.6)) (&& (== net45) (>= netstandard1.5) (>= uap10.0)) (&& (== net45) (>= netstandard1.6) (>= uap10.0)) (== netstandard1.5) (== netstandard1.6) (== netstandard2.0)
      Microsoft.NETCore.Platforms (>= 1.1) - restriction: || (&& (== net40) (>= netstandard1.0)) (== netstandard1.5) (== netstandard1.6) (== netstandard2.0)
      Microsoft.NETCore.Targets (>= 1.1) - restriction: || (&& (== net40) (>= netstandard1.0)) (== netstandard1.5) (== netstandard1.6) (== netstandard2.0)
      System.Runtime (>= 4.3) - restriction: || (&& (== net40) (>= netstandard1.0)) (== netstandard1.5) (== netstandard1.6) (== netstandard2.0)
    System.Reflection.TypeExtensions (4.6) - restriction: || (&& (== net40) (< net20) (>= netstandard1.3)) (&& (== net40) (< net35) (>= netstandard1.6)) (&& (== net40) (>= netstandard1.6) (>= uap10.0)) (&& (== net45) (< net20) (>= netstandard1.3)) (&& (== net45) (< net35) (>= netstandard1.6)) (&& (== net45) (>= netstandard1.6) (>= uap10.0)) (== netstandard1.5) (== netstandard1.6) (== netstandard2.0)
      System.Reflection (>= 4.3) - restriction: || (&& (== net40) (>= netstandard1.3)) (&& (== net40) (>= netstandard1.5)) (&& (== net45) (>= netstandard1.3)) (&& (== net45) (>= netstandard1.5)) (== netstandard1.5) (== netstandard1.6) (&& (== netstandard2.0) (< netstandard1.5))
      System.Resources.ResourceManager (>= 4.3) - restriction: || (&& (== net40) (>= netstandard1.3)) (&& (== net40) (>= netstandard1.5)) (&& (== net45) (>= netstandard1.3)) (&& (== net45) (>= netstandard1.5)) (== netstandard1.5) (== netstandard1.6) (&& (== netstandard2.0) (< netstandard1.5))
      System.Runtime (>= 4.3) - restriction: || (&& (== net40) (>= netstandard1.3)) (&& (== net40) (>= netstandard1.5)) (&& (== net45) (>= netstandard1.3)) (&& (== net45) (>= netstandard1.5)) (== netstandard1.5) (== netstandard1.6) (&& (== netstandard2.0) (< netstandard1.5))
    System.Resources.ResourceManager (4.3) - restriction: || (&& (== net40) (< net20) (>= netstandard1.3)) (&& (== net40) (< net20) (>= netstandard1.4)) (&& (== net40) (< net20) (>= netstandard1.5)) (&& (== net40) (< net20) (>= netstandard1.6)) (&& (== net40) (< net35) (>= netstandard1.6)) (&& (== net45) (< net20) (>= netstandard1.3)) (&& (== net45) (< net20) (>= netstandard1.4)) (&& (== net45) (< net20) (>= netstandard1.5)) (&& (== net45) (< net20) (>= netstandard1.6)) (&& (== net45) (< net35) (>= netstandard1.6)) (== netstandard1.5) (== netstandard1.6) (== netstandard2.0)
      Microsoft.NETCore.Platforms (>= 1.1) - restriction: || (&& (== net40) (>= netstandard1.0)) (== netstandard1.5) (== netstandard1.6) (== netstandard2.0)
      Microsoft.NETCore.Targets (>= 1.1) - restriction: || (&& (== net40) (>= netstandard1.0)) (== netstandard1.5) (== netstandard1.6) (== netstandard2.0)
      System.Globalization (>= 4.3) - restriction: || (&& (== net40) (>= netstandard1.0)) (== netstandard1.5) (== netstandard1.6) (== netstandard2.0)
      System.Reflection (>= 4.3) - restriction: || (&& (== net40) (>= netstandard1.0)) (== netstandard1.5) (== netstandard1.6) (== netstandard2.0)
      System.Runtime (>= 4.3) - restriction: || (&& (== net40) (>= netstandard1.0)) (== netstandard1.5) (== netstandard1.6) (== netstandard2.0)
    System.Runtime (4.3.1) - restriction: || (&& (== net40) (< net20) (>= netstandard1.3)) (&& (== net40) (< net20) (>= netstandard1.6)) (&& (== net40) (< net35) (>= netstandard1.5)) (&& (== net40) (< net35) (>= netstandard1.6)) (&& (== net40) (>= netcoreapp1.1)) (&& (== net40) (>= netstandard1.5) (>= uap10.0)) (&& (== net40) (>= netstandard1.6) (>= uap10.0)) (&& (== net45) (< net20) (>= netstandard1.3)) (&& (== net45) (< net20) (>= netstandard1.6)) (&& (== net45) (< net35) (>= netstandard1.5)) (&& (== net45) (< net35) (>= netstandard1.6)) (&& (== net45) (>= netcoreapp1.1)) (&& (== net45) (>= netstandard1.5) (>= uap10.0)) (&& (== net45) (>= netstandard1.6) (>= uap10.0)) (== netstandard1.5) (== netstandard1.6) (== netstandard2.0)
      Microsoft.NETCore.Platforms (>= 1.1.1) - restriction: || (&& (== net40) (>= netstandard1.0)) (&& (== net40) (>= netstandard1.2)) (&& (== net40) (>= netstandard1.3)) (&& (== net40) (>= netstandard1.5)) (== netstandard1.5) (== netstandard1.6) (== netstandard2.0)
      Microsoft.NETCore.Targets (>= 1.1.3) - restriction: || (&& (== net40) (>= netstandard1.0)) (&& (== net40) (>= netstandard1.2)) (&& (== net40) (>= netstandard1.3)) (&& (== net40) (>= netstandard1.5)) (== netstandard1.5) (== netstandard1.6) (== netstandard2.0)
    System.Runtime.CompilerServices.Unsafe (4.6) - restriction: || (&& (== net40) (>= monoandroid) (>= netstandard2.0)) (&& (== net40) (>= monotouch) (>= netstandard2.0)) (&& (== net40) (< net20) (>= netstandard1.3)) (&& (== net40) (< net20) (>= netstandard2.0)) (&& (== net40) (< net35) (>= netstandard2.0)) (&& (== net40) (>= net461) (>= netstandard2.0)) (&& (== net40) (>= netcoreapp2.0)) (&& (== net40) (>= netstandard1.3) (>= win8)) (&& (== net40) (>= netstandard1.3) (>= wp8)) (&& (== net40) (>= netstandard1.3) (>= wpa81)) (&& (== net40) (>= netstandard2.0) (>= win8)) (&& (== net40) (>= netstandard2.0) (>= wpa81)) (&& (== net40) (>= netstandard2.0) (>= xamarintvos)) (&& (== net40) (>= netstandard2.0) (>= xamarinwatchos)) (&& (== net40) (>= uap10.1)) (&& (== net40) (>= xamarinios)) (&& (== net40) (>= xamarinmac)) (&& (== net45) (>= monoandroid) (>= netstandard2.0)) (&& (== net45) (>= monotouch) (>= netstandard2.0)) (&& (== net45) (< net20) (>= netstandard1.3)) (&& (== net45) (< net20) (>= netstandard2.0)) (&& (== net45) (< net35) (>= netstandard2.0)) (&& (== net45) (>= net461) (>= netstandard2.0)) (&& (== net45) (>= netcoreapp2.0)) (&& (== net45) (< netstandard1.0) (>= netstandard1.3) (>= win8)) (&& (== net45) (< netstandard1.1) (>= netstandard2.0) (>= win8)) (&& (== net45) (>= netstandard1.3) (>= wp8)) (&& (== net45) (>= netstandard1.3) (>= wpa81)) (&& (== net45) (>= netstandard2.0) (>= wpa81)) (&& (== net45) (>= netstandard2.0) (>= xamarintvos)) (&& (== net45) (>= netstandard2.0) (>= xamarinwatchos)) (&& (== net45) (>= uap10.1)) (&& (== net45) (>= xamarinios)) (&& (== net45) (>= xamarinmac)) (== netstandard1.5) (== netstandard1.6) (== netstandard2.0)
      System.Runtime (>= 4.3) - restriction: || (&& (== net40) (>= netstandard1.0)) (== netstandard1.5) (== netstandard1.6)
    System.Runtime.Extensions (4.3.1) - restriction: || (&& (== net40) (< net20) (>= netstandard1.4)) (&& (== net40) (< net20) (>= netstandard1.6)) (&& (== net40) (< net35) (>= netstandard1.5)) (&& (== net40) (< net35) (>= netstandard1.6)) (&& (== net40) (>= netstandard1.5) (>= uap10.0)) (&& (== net40) (>= netstandard1.6) (>= uap10.0)) (&& (== net45) (< net20) (>= netstandard1.4)) (&& (== net45) (< net20) (>= netstandard1.6)) (&& (== net45) (< net35) (>= netstandard1.5)) (&& (== net45) (< net35) (>= netstandard1.6)) (&& (== net45) (>= netstandard1.5) (>= uap10.0)) (&& (== net45) (>= netstandard1.6) (>= uap10.0)) (== netstandard1.5) (== netstandard1.6) (== netstandard2.0)
      Microsoft.NETCore.Platforms (>= 1.1.1) - restriction: || (&& (== net40) (>= netstandard1.0)) (&& (== net40) (>= netstandard1.3)) (&& (== net40) (>= netstandard1.5)) (== netstandard1.5) (== netstandard1.6) (== netstandard2.0)
      Microsoft.NETCore.Targets (>= 1.1.3) - restriction: || (&& (== net40) (>= netstandard1.0)) (&& (== net40) (>= netstandard1.3)) (&& (== net40) (>= netstandard1.5)) (== netstandard1.5) (== netstandard1.6) (== netstandard2.0)
      System.Runtime (>= 4.3.1) - restriction: || (&& (== net40) (>= netstandard1.0)) (&& (== net40) (>= netstandard1.3)) (&& (== net40) (>= netstandard1.5)) (== netstandard1.5) (== netstandard1.6) (== netstandard2.0)
    System.Runtime.Handles (4.3) - restriction: || (&& (== net40) (< net20) (>= netstandard1.3)) (&& (== net40) (< net20) (>= netstandard1.4)) (&& (== net40) (< net35) (>= netstandard1.5)) (&& (== net40) (< net35) (>= netstandard1.6)) (&& (== net40) (>= netstandard1.5) (>= uap10.0)) (&& (== net40) (>= netstandard1.6) (>= uap10.0)) (&& (== net45) (< net20) (>= netstandard1.3)) (&& (== net45) (< net20) (>= netstandard1.4)) (&& (== net45) (< net35) (>= netstandard1.5)) (&& (== net45) (< net35) (>= netstandard1.6)) (&& (== net45) (>= netstandard1.5) (>= uap10.0)) (&& (== net45) (>= netstandard1.6) (>= uap10.0)) (== netstandard1.5) (== netstandard1.6) (== netstandard2.0)
      Microsoft.NETCore.Platforms (>= 1.1) - restriction: || (&& (== net40) (>= netstandard1.3)) (&& (== net45) (>= netstandard1.3)) (== netstandard1.5) (== netstandard1.6) (== netstandard2.0)
      Microsoft.NETCore.Targets (>= 1.1) - restriction: || (&& (== net40) (>= netstandard1.3)) (&& (== net45) (>= netstandard1.3)) (== netstandard1.5) (== netstandard1.6) (== netstandard2.0)
      System.Runtime (>= 4.3) - restriction: || (&& (== net40) (>= netstandard1.3)) (&& (== net45) (>= netstandard1.3)) (== netstandard1.5) (== netstandard1.6) (== netstandard2.0)
    System.Runtime.InteropServices (4.3) - restriction: || (&& (== net40) (< net20) (>= netstandard1.4)) (&& (== net40) (< net35) (>= netstandard1.5)) (&& (== net40) (< net35) (>= netstandard1.6)) (&& (== net40) (>= netstandard1.5) (>= uap10.0)) (&& (== net40) (>= netstandard1.6) (>= uap10.0)) (&& (== net45) (< net20) (>= netstandard1.4)) (&& (== net45) (< net35) (>= netstandard1.5)) (&& (== net45) (< net35) (>= netstandard1.6)) (&& (== net45) (>= netstandard1.5) (>= uap10.0)) (&& (== net45) (>= netstandard1.6) (>= uap10.0)) (== netstandard1.5) (== netstandard1.6) (== netstandard2.0)
      Microsoft.NETCore.Platforms (>= 1.1) - restriction: || (&& (== net40) (>= netcoreapp1.1)) (&& (== net40) (>= netstandard1.1)) (&& (== net40) (>= netstandard1.2)) (&& (== net40) (>= netstandard1.3)) (&& (== net40) (>= netstandard1.5)) (&& (== net45) (>= netcoreapp1.1)) (== netstandard1.5) (== netstandard1.6) (== netstandard2.0)
      Microsoft.NETCore.Targets (>= 1.1) - restriction: || (&& (== net40) (>= netcoreapp1.1)) (&& (== net40) (>= netstandard1.1)) (&& (== net40) (>= netstandard1.2)) (&& (== net40) (>= netstandard1.3)) (&& (== net40) (>= netstandard1.5)) (&& (== net45) (>= netcoreapp1.1)) (== netstandard1.5) (== netstandard1.6) (== netstandard2.0)
      System.Reflection (>= 4.3) - restriction: || (&& (== net40) (>= netcoreapp1.1)) (&& (== net40) (>= netstandard1.1)) (&& (== net40) (>= netstandard1.2)) (&& (== net40) (>= netstandard1.3)) (&& (== net40) (>= netstandard1.5)) (&& (== net45) (>= netcoreapp1.1)) (== netstandard1.5) (== netstandard1.6) (== netstandard2.0)
      System.Reflection.Primitives (>= 4.3) - restriction: || (&& (== net40) (>= netcoreapp1.1)) (&& (== net40) (>= netstandard1.1)) (&& (== net40) (>= netstandard1.2)) (&& (== net40) (>= netstandard1.3)) (&& (== net40) (>= netstandard1.5)) (&& (== net45) (>= netcoreapp1.1)) (== netstandard1.5) (== netstandard1.6) (== netstandard2.0)
      System.Runtime (>= 4.3) - restriction: || (&& (== net40) (>= net462)) (&& (== net40) (>= netcoreapp1.1)) (&& (== net40) (>= netstandard1.1)) (&& (== net40) (>= netstandard1.2)) (&& (== net40) (>= netstandard1.3)) (&& (== net40) (>= netstandard1.5)) (&& (== net45) (>= net462)) (&& (== net45) (>= netcoreapp1.1)) (== netstandard1.5) (== netstandard1.6) (== netstandard2.0)
      System.Runtime.Handles (>= 4.3) - restriction: || (&& (== net40) (>= netcoreapp1.1)) (&& (== net40) (>= netstandard1.3)) (&& (== net40) (>= netstandard1.5)) (&& (== net45) (>= netcoreapp1.1)) (== netstandard1.5) (== netstandard1.6) (== netstandard2.0)
    System.Runtime.InteropServices.RuntimeInformation (4.3) - restriction: || (&& (== net40) (< net20) (>= netstandard1.3)) (&& (== net40) (< net35) (>= netstandard1.5)) (&& (== net40) (< net35) (>= netstandard1.6)) (&& (== net40) (>= netstandard1.5) (>= uap10.0)) (&& (== net40) (>= netstandard1.5) (>= win8)) (&& (== net40) (>= netstandard1.5) (>= wpa81)) (&& (== net40) (>= netstandard1.6) (>= uap10.0)) (&& (== net40) (>= netstandard1.6) (>= win8)) (&& (== net40) (>= netstandard1.6) (>= wpa81)) (&& (== net45) (< net20) (>= netstandard1.3)) (&& (== net45) (< net35) (>= netstandard1.5)) (&& (== net45) (< net35) (>= netstandard1.6)) (&& (== net45) (< netstandard1.0) (>= netstandard1.5) (>= win8)) (&& (== net45) (< netstandard1.0) (>= netstandard1.6) (>= win8)) (&& (== net45) (>= netstandard1.5) (>= uap10.0)) (&& (== net45) (>= netstandard1.5) (>= wpa81)) (&& (== net45) (>= netstandard1.6) (>= uap10.0)) (&& (== net45) (>= netstandard1.6) (>= wpa81)) (== netstandard1.5) (== netstandard1.6) (== netstandard2.0)
      runtime.native.System (>= 4.3) - restriction: || (&& (== net40) (>= netstandard1.1)) (== netstandard1.5) (== netstandard1.6) (== netstandard2.0)
      System.Reflection (>= 4.3) - restriction: || (&& (== net40) (>= netstandard1.1)) (== netstandard1.5) (== netstandard1.6) (== netstandard2.0)
      System.Reflection.Extensions (>= 4.3) - restriction: || (&& (== net40) (>= netstandard1.1)) (== netstandard1.5) (== netstandard1.6) (== netstandard2.0)
      System.Resources.ResourceManager (>= 4.3) - restriction: || (&& (== net40) (>= netstandard1.1)) (== netstandard1.5) (== netstandard1.6) (== netstandard2.0)
      System.Runtime (>= 4.3) - restriction: || (&& (== net40) (>= netstandard1.1)) (== netstandard1.5) (== netstandard1.6) (== netstandard2.0)
      System.Runtime.InteropServices (>= 4.3) - restriction: || (&& (== net40) (>= netstandard1.1)) (== netstandard1.5) (== netstandard1.6) (== netstandard2.0)
      System.Threading (>= 4.3) - restriction: || (&& (== net40) (>= netstandard1.1)) (== netstandard1.5) (== netstandard1.6) (== netstandard2.0)
    System.Runtime.Numerics (4.3) - restriction: || (&& (== net40) (== netstandard2.0)) (&& (== net40) (< net35) (>= netstandard1.5)) (&& (== net40) (< net35) (>= netstandard1.6)) (&& (== net40) (>= netstandard1.5) (>= uap10.0)) (&& (== net40) (>= netstandard1.6) (>= uap10.0)) (&& (== net45) (== netstandard2.0)) (&& (== net45) (< net35) (>= netstandard1.5)) (&& (== net45) (< net35) (>= netstandard1.6)) (&& (== net45) (>= netstandard1.5) (>= uap10.0)) (&& (== net45) (>= netstandard1.6) (>= uap10.0)) (== netstandard1.5) (== netstandard1.6) (&& (== netstandard2.0) (< netstandard1.2)) (&& (== netstandard2.0) (< netstandard1.3)) (&& (== netstandard2.0) (< netstandard1.4)) (&& (== netstandard2.0) (< netstandard1.5)) (&& (== netstandard2.0) (< netstandard1.6))
      System.Globalization (>= 4.3) - restriction: || (&& (== net40) (>= netstandard1.3)) (== netstandard1.5) (== netstandard1.6) (== netstandard2.0)
      System.Resources.ResourceManager (>= 4.3) - restriction: || (&& (== net40) (>= netstandard1.3)) (== netstandard1.5) (== netstandard1.6) (== netstandard2.0)
      System.Runtime (>= 4.3) - restriction: || (&& (== net40) (>= netstandard1.1)) (&& (== net40) (>= netstandard1.3)) (== netstandard1.5) (== netstandard1.6) (== netstandard2.0)
      System.Runtime.Extensions (>= 4.3) - restriction: || (&& (== net40) (>= netstandard1.3)) (== netstandard1.5) (== netstandard1.6) (== netstandard2.0)
    System.Runtime.Serialization.Formatters (4.3) - restriction: || (&& (== net40) (< net20) (>= netstandard1.3)) (&& (== net45) (< net20) (>= netstandard1.3)) (== netstandard1.5) (== netstandard1.6) (== netstandard2.0)
      System.Collections (>= 4.3) - restriction: || (&& (== net40) (>= netstandard1.4)) (&& (== net45) (>= netstandard1.4)) (== netstandard1.5) (== netstandard1.6) (== netstandard2.0)
      System.Reflection (>= 4.3) - restriction: || (&& (== net40) (>= netstandard1.4)) (&& (== net45) (>= netstandard1.4)) (== netstandard1.5) (== netstandard1.6) (== netstandard2.0)
      System.Resources.ResourceManager (>= 4.3) - restriction: || (&& (== net40) (>= netstandard1.4)) (&& (== net45) (>= netstandard1.4)) (== netstandard1.5) (== netstandard1.6) (== netstandard2.0)
      System.Runtime (>= 4.3) - restriction: || (&& (== net40) (>= netstandard1.3)) (&& (== net40) (>= netstandard1.4)) (&& (== net45) (>= netstandard1.3)) (&& (== net45) (>= netstandard1.4)) (== netstandard1.5) (== netstandard1.6) (== netstandard2.0)
      System.Runtime.Serialization.Primitives (>= 4.3) - restriction: || (&& (== net40) (>= net46)) (&& (== net40) (>= netstandard1.3)) (&& (== net40) (>= netstandard1.4)) (&& (== net45) (>= net46)) (&& (== net45) (>= netstandard1.3)) (&& (== net45) (>= netstandard1.4)) (== netstandard1.5) (== netstandard1.6) (== netstandard2.0)
    System.Runtime.Serialization.Primitives (4.3) - restriction: || (&& (== net40) (< net20) (>= net46)) (&& (== net40) (< net20) (>= netstandard1.3)) (&& (== net40) (< net20) (>= netstandard1.4)) (&& (== net45) (< net20) (>= net46)) (&& (== net45) (< net20) (>= netstandard1.3)) (&& (== net45) (< net20) (>= netstandard1.4)) (== netstandard1.5) (== netstandard1.6) (== netstandard2.0)
      System.Resources.ResourceManager (>= 4.3) - restriction: || (&& (== net40) (>= netstandard1.3)) (== netstandard1.5) (== netstandard1.6) (== netstandard2.0)
      System.Runtime (>= 4.3) - restriction: || (&& (== net40) (>= netstandard1.0)) (&& (== net40) (>= netstandard1.3)) (== netstandard1.5) (== netstandard1.6) (== netstandard2.0)
    System.Security.AccessControl (4.6) - restriction: || (&& (== net40) (>= monoandroid) (>= netstandard1.4)) (&& (== net40) (>= monotouch)) (&& (== net40) (< net20) (>= net461)) (&& (== net40) (< net20) (>= netstandard2.0)) (&& (== net40) (>= netcoreapp2.0)) (&& (== net40) (>= xamarinios)) (&& (== net40) (>= xamarinmac)) (&& (== net40) (>= xamarintvos)) (&& (== net40) (>= xamarinwatchos)) (&& (== net45) (>= monoandroid) (>= netstandard1.4)) (&& (== net45) (>= monotouch)) (&& (== net45) (< net20) (>= net461)) (&& (== net45) (< net20) (>= netstandard2.0)) (&& (== net45) (>= netcoreapp2.0)) (&& (== net45) (>= xamarinios)) (&& (== net45) (>= xamarinmac)) (&& (== net45) (>= xamarintvos)) (&& (== net45) (>= xamarinwatchos)) (&& (== netstandard1.5) (>= monoandroid)) (&& (== netstandard1.5) (>= monotouch)) (&& (== netstandard1.5) (>= net461)) (&& (== netstandard1.5) (>= netcoreapp2.0)) (&& (== netstandard1.5) (>= netstandard2.0)) (&& (== netstandard1.5) (>= xamarinios)) (&& (== netstandard1.5) (>= xamarinmac)) (&& (== netstandard1.5) (>= xamarintvos)) (&& (== netstandard1.5) (>= xamarinwatchos)) (&& (== netstandard1.6) (>= monoandroid)) (&& (== netstandard1.6) (>= monotouch)) (&& (== netstandard1.6) (>= net461)) (&& (== netstandard1.6) (>= netcoreapp2.0)) (&& (== netstandard1.6) (>= netstandard2.0)) (&& (== netstandard1.6) (>= xamarinios)) (&& (== netstandard1.6) (>= xamarinmac)) (&& (== netstandard1.6) (>= xamarintvos)) (&& (== netstandard1.6) (>= xamarinwatchos)) (== netstandard2.0)
      System.Security.Principal.Windows (>= 4.6) - restriction: || (&& (== net40) (>= net46)) (&& (== net40) (>= net461)) (&& (== net40) (>= netcoreapp2.0)) (&& (== net40) (>= netstandard1.3)) (&& (== net40) (>= netstandard2.0)) (&& (== net45) (>= net46)) (&& (== net45) (>= net461)) (&& (== net45) (>= netcoreapp2.0)) (&& (== net45) (>= netstandard1.3)) (&& (== net45) (>= netstandard2.0)) (== netstandard1.5) (== netstandard1.6) (== netstandard2.0)
    System.Security.Claims (4.3) - restriction: || (&& (== net40) (== netstandard2.0)) (&& (== net40) (< net20) (>= net46)) (&& (== net40) (< net20) (>= netstandard1.3)) (&& (== net45) (== netstandard2.0)) (&& (== net45) (< net20) (>= net46)) (&& (== net45) (< net20) (>= netstandard1.3)) (== netstandard1.5) (== netstandard1.6)
      System.Collections (>= 4.3) - restriction: || (&& (== net40) (>= netstandard1.3)) (&& (== net45) (>= netstandard1.3)) (== netstandard1.5) (== netstandard1.6) (== netstandard2.0)
      System.Globalization (>= 4.3) - restriction: || (&& (== net40) (>= netstandard1.3)) (&& (== net45) (>= netstandard1.3)) (== netstandard1.5) (== netstandard1.6) (== netstandard2.0)
      System.IO (>= 4.3) - restriction: || (&& (== net40) (>= netstandard1.3)) (&& (== net45) (>= netstandard1.3)) (== netstandard1.5) (== netstandard1.6) (== netstandard2.0)
      System.Resources.ResourceManager (>= 4.3) - restriction: || (&& (== net40) (>= netstandard1.3)) (&& (== net45) (>= netstandard1.3)) (== netstandard1.5) (== netstandard1.6) (== netstandard2.0)
      System.Runtime (>= 4.3) - restriction: || (&& (== net40) (>= netstandard1.3)) (&& (== net45) (>= netstandard1.3)) (== netstandard1.5) (== netstandard1.6) (== netstandard2.0)
      System.Runtime.Extensions (>= 4.3) - restriction: || (&& (== net40) (>= netstandard1.3)) (&& (== net45) (>= netstandard1.3)) (== netstandard1.5) (== netstandard1.6) (== netstandard2.0)
      System.Security.Principal (>= 4.3) - restriction: || (&& (== net40) (>= netstandard1.3)) (&& (== net45) (>= netstandard1.3)) (== netstandard1.5) (== netstandard1.6) (== netstandard2.0)
    System.Security.Cryptography.Algorithms (4.3.1) - restriction: || (&& (== net40) (== netstandard2.0)) (&& (== net40) (< net35) (>= netstandard1.5)) (&& (== net40) (< net35) (>= netstandard1.6)) (&& (== net40) (>= netstandard1.5) (>= uap10.0)) (&& (== net40) (>= netstandard1.6) (>= uap10.0)) (&& (== net45) (== netstandard2.0)) (&& (== net45) (< net35) (>= netstandard1.5)) (&& (== net45) (< net35) (>= netstandard1.6)) (&& (== net45) (>= netstandard1.5) (>= uap10.0)) (&& (== net45) (>= netstandard1.6) (>= uap10.0)) (== netstandard1.5) (== netstandard1.6) (&& (== netstandard2.0) (< netstandard1.2)) (&& (== netstandard2.0) (< netstandard1.3)) (&& (== netstandard2.0) (< netstandard1.4)) (&& (== netstandard2.0) (< netstandard1.5)) (&& (== netstandard2.0) (< netstandard1.6))
      Microsoft.NETCore.Platforms (>= 1.1) - restriction: || (&& (== net40) (>= netstandard1.6)) (&& (== net45) (>= netstandard1.6)) (&& (== netstandard1.5) (>= netstandard1.6)) (== netstandard1.6) (== netstandard2.0)
      runtime.native.System.Security.Cryptography.Apple (>= 4.3.1) - restriction: || (&& (== net40) (>= netstandard1.6)) (&& (== net45) (>= netstandard1.6)) (&& (== netstandard1.5) (>= netstandard1.6)) (== netstandard1.6) (== netstandard2.0)
      runtime.native.System.Security.Cryptography.OpenSsl (>= 4.3.2) - restriction: || (&& (== net40) (>= netstandard1.6)) (&& (== net45) (>= netstandard1.6)) (&& (== netstandard1.5) (>= netstandard1.6)) (== netstandard1.6) (== netstandard2.0)
      System.Collections (>= 4.3) - restriction: || (&& (== net40) (>= netstandard1.6)) (&& (== net45) (>= netstandard1.6)) (&& (== netstandard1.5) (>= netstandard1.6)) (== netstandard1.6) (== netstandard2.0)
      System.IO (>= 4.3) - restriction: || (&& (== net40) (>= net463)) (&& (== net40) (>= netstandard1.3)) (&& (== net40) (>= netstandard1.4)) (&& (== net40) (>= netstandard1.6)) (&& (== net45) (>= net463)) (&& (== net45) (>= netstandard1.3)) (&& (== net45) (>= netstandard1.4)) (&& (== net45) (>= netstandard1.6)) (== netstandard1.5) (== netstandard1.6) (== netstandard2.0)
      System.Resources.ResourceManager (>= 4.3) - restriction: || (&& (== net40) (>= netstandard1.6)) (&& (== net45) (>= netstandard1.6)) (&& (== netstandard1.5) (>= netstandard1.6)) (== netstandard1.6) (== netstandard2.0)
      System.Runtime (>= 4.3) - restriction: || (&& (== net40) (>= net463)) (&& (== net40) (>= netstandard1.3)) (&& (== net40) (>= netstandard1.4)) (&& (== net40) (>= netstandard1.6)) (&& (== net45) (>= net463)) (&& (== net45) (>= netstandard1.3)) (&& (== net45) (>= netstandard1.4)) (&& (== net45) (>= netstandard1.6)) (== netstandard1.5) (== netstandard1.6) (== netstandard2.0)
      System.Runtime.Extensions (>= 4.3) - restriction: || (&& (== net40) (>= netstandard1.6)) (&& (== net45) (>= netstandard1.6)) (&& (== netstandard1.5) (>= netstandard1.6)) (== netstandard1.6) (== netstandard2.0)
      System.Runtime.Handles (>= 4.3) - restriction: || (&& (== net40) (>= netstandard1.6)) (&& (== net45) (>= netstandard1.6)) (&& (== netstandard1.5) (>= netstandard1.6)) (== netstandard1.6) (== netstandard2.0)
      System.Runtime.InteropServices (>= 4.3) - restriction: || (&& (== net40) (>= netstandard1.6)) (&& (== net45) (>= netstandard1.6)) (&& (== netstandard1.5) (>= netstandard1.6)) (== netstandard1.6) (== netstandard2.0)
      System.Runtime.Numerics (>= 4.3) - restriction: || (&& (== net40) (>= netstandard1.6)) (&& (== net45) (>= netstandard1.6)) (&& (== netstandard1.5) (>= netstandard1.6)) (== netstandard1.6) (== netstandard2.0)
      System.Security.Cryptography.Encoding (>= 4.3) - restriction: || (&& (== net40) (>= net463)) (&& (== net40) (>= netstandard1.6)) (&& (== net45) (>= net463)) (&& (== net45) (>= netstandard1.6)) (&& (== netstandard1.5) (>= net463)) (&& (== netstandard1.5) (>= netstandard1.6)) (== netstandard1.6) (== netstandard2.0)
      System.Security.Cryptography.Primitives (>= 4.3) - restriction: || (&& (== net40) (>= net46)) (&& (== net40) (>= net461)) (&& (== net40) (>= net463)) (&& (== net40) (>= netstandard1.3)) (&& (== net40) (>= netstandard1.4)) (&& (== net40) (>= netstandard1.6)) (&& (== net45) (>= net46)) (&& (== net45) (>= net461)) (&& (== net45) (>= net463)) (&& (== net45) (>= netstandard1.3)) (&& (== net45) (>= netstandard1.4)) (&& (== net45) (>= netstandard1.6)) (== netstandard1.5) (== netstandard1.6) (== netstandard2.0)
      System.Text.Encoding (>= 4.3) - restriction: || (&& (== net40) (>= netstandard1.6)) (&& (== net45) (>= netstandard1.6)) (&& (== netstandard1.5) (>= netstandard1.6)) (== netstandard1.6) (== netstandard2.0)
    System.Security.Cryptography.Cng (4.6) - restriction: || (&& (== net40) (== netstandard2.0)) (&& (== net40) (< net35) (>= netstandard1.6)) (&& (== net40) (>= netstandard1.6) (>= uap10.0)) (&& (== net45) (== netstandard2.0)) (&& (== net45) (< net35) (>= netstandard1.6)) (&& (== net45) (>= netstandard1.6) (>= uap10.0)) (&& (== netstandard1.5) (== netstandard2.0)) (&& (== netstandard1.5) (>= netstandard1.6)) (== netstandard1.6) (&& (== netstandard2.0) (< netstandard1.4)) (&& (== netstandard2.0) (< netstandard1.5)) (&& (== netstandard2.0) (< netstandard1.6))
      System.IO (>= 4.3) - restriction: || (&& (== net40) (>= netstandard1.3)) (&& (== net40) (>= netstandard1.4)) (&& (== net40) (>= netstandard1.6)) (&& (== net45) (>= netstandard1.3)) (&& (== net45) (>= netstandard1.4)) (&& (== net45) (>= netstandard1.6)) (== netstandard1.5) (== netstandard1.6) (&& (== netstandard2.0) (< netstandard1.4)) (&& (== netstandard2.0) (< netstandard1.6))
      System.Resources.ResourceManager (>= 4.3) - restriction: || (&& (== net40) (>= netstandard1.3)) (&& (== net40) (>= netstandard1.4)) (&& (== net40) (>= netstandard1.6)) (&& (== net45) (>= netstandard1.3)) (&& (== net45) (>= netstandard1.4)) (&& (== net45) (>= netstandard1.6)) (== netstandard1.5) (== netstandard1.6) (&& (== netstandard2.0) (< netstandard1.4)) (&& (== netstandard2.0) (< netstandard1.6))
      System.Runtime (>= 4.3) - restriction: || (&& (== net40) (>= netstandard1.3)) (&& (== net40) (>= netstandard1.4)) (&& (== net40) (>= netstandard1.6)) (&& (== net45) (>= netstandard1.3)) (&& (== net45) (>= netstandard1.4)) (&& (== net45) (>= netstandard1.6)) (== netstandard1.5) (== netstandard1.6) (&& (== netstandard2.0) (< netstandard1.4)) (&& (== netstandard2.0) (< netstandard1.6))
      System.Runtime.Extensions (>= 4.3) - restriction: || (&& (== net40) (>= netstandard1.4)) (&& (== net40) (>= netstandard1.6)) (&& (== net45) (>= netstandard1.4)) (&& (== net45) (>= netstandard1.6)) (== netstandard1.5) (== netstandard1.6) (&& (== netstandard2.0) (< netstandard1.6))
      System.Runtime.Handles (>= 4.3) - restriction: || (&& (== net40) (>= netstandard1.3)) (&& (== net40) (>= netstandard1.4)) (&& (== net40) (>= netstandard1.6)) (&& (== net45) (>= netstandard1.3)) (&& (== net45) (>= netstandard1.4)) (&& (== net45) (>= netstandard1.6)) (== netstandard1.5) (== netstandard1.6) (&& (== netstandard2.0) (< netstandard1.4)) (&& (== netstandard2.0) (< netstandard1.6))
      System.Runtime.InteropServices (>= 4.3) - restriction: || (&& (== net40) (>= netstandard1.3)) (&& (== net40) (>= netstandard1.4)) (&& (== net40) (>= netstandard1.6)) (&& (== net45) (>= netstandard1.3)) (&& (== net45) (>= netstandard1.4)) (&& (== net45) (>= netstandard1.6)) (== netstandard1.5) (== netstandard1.6) (&& (== netstandard2.0) (< netstandard1.4)) (&& (== netstandard2.0) (< netstandard1.6))
      System.Security.Cryptography.Algorithms (>= 4.3) - restriction: || (&& (== net40) (>= net46)) (&& (== net40) (>= netstandard1.3)) (&& (== net40) (>= netstandard1.4)) (&& (== net40) (>= netstandard1.6)) (&& (== net45) (>= net46)) (&& (== net45) (>= netstandard1.3)) (&& (== net45) (>= netstandard1.4)) (&& (== net45) (>= netstandard1.6)) (== netstandard1.5) (== netstandard1.6) (&& (== netstandard2.0) (< netstandard1.4)) (&& (== netstandard2.0) (< netstandard1.6))
      System.Security.Cryptography.Encoding (>= 4.3) - restriction: || (&& (== net40) (>= netstandard1.4)) (&& (== net40) (>= netstandard1.6)) (&& (== net45) (>= netstandard1.4)) (&& (== net45) (>= netstandard1.6)) (== netstandard1.5) (== netstandard1.6) (&& (== netstandard2.0) (< netstandard1.6))
      System.Security.Cryptography.Primitives (>= 4.3) - restriction: || (&& (== net40) (>= net46)) (&& (== net40) (>= netstandard1.3)) (&& (== net40) (>= netstandard1.4)) (&& (== net40) (>= netstandard1.6)) (&& (== net45) (>= net46)) (&& (== net45) (>= netstandard1.3)) (&& (== net45) (>= netstandard1.4)) (&& (== net45) (>= netstandard1.6)) (== netstandard1.5) (== netstandard1.6) (&& (== netstandard2.0) (< netstandard1.4)) (&& (== netstandard2.0) (< netstandard1.6))
      System.Text.Encoding (>= 4.3) - restriction: || (&& (== net40) (>= netstandard1.4)) (&& (== net40) (>= netstandard1.6)) (&& (== net45) (>= netstandard1.4)) (&& (== net45) (>= netstandard1.6)) (== netstandard1.5) (== netstandard1.6) (&& (== netstandard2.0) (< netstandard1.6))
    System.Security.Cryptography.Csp (4.3) - restriction: || (&& (== net40) (== netstandard2.0)) (&& (== net40) (< net35) (>= netstandard1.6)) (&& (== net40) (>= netstandard1.6) (>= uap10.0)) (&& (== net45) (== netstandard2.0)) (&& (== net45) (< net35) (>= netstandard1.6)) (&& (== net45) (>= netstandard1.6) (>= uap10.0)) (&& (== netstandard1.5) (== netstandard2.0)) (&& (== netstandard1.5) (>= netstandard1.6)) (== netstandard1.6) (&& (== netstandard2.0) (< netstandard1.4)) (&& (== netstandard2.0) (< netstandard1.5)) (&& (== netstandard2.0) (< netstandard1.6))
      Microsoft.NETCore.Platforms (>= 1.1) - restriction: || (&& (== net40) (>= netstandard1.3)) (&& (== net45) (>= netstandard1.3)) (== netstandard1.5) (== netstandard1.6) (== netstandard2.0)
      System.IO (>= 4.3) - restriction: || (&& (== net40) (>= netstandard1.3)) (&& (== net45) (>= netstandard1.3)) (== netstandard1.5) (== netstandard1.6) (== netstandard2.0)
      System.Reflection (>= 4.3) - restriction: || (&& (== net40) (>= netstandard1.3)) (&& (== net45) (>= netstandard1.3)) (== netstandard1.5) (== netstandard1.6) (== netstandard2.0)
      System.Resources.ResourceManager (>= 4.3) - restriction: || (&& (== net40) (>= netstandard1.3)) (&& (== net45) (>= netstandard1.3)) (== netstandard1.5) (== netstandard1.6) (== netstandard2.0)
      System.Runtime (>= 4.3) - restriction: || (&& (== net40) (>= netstandard1.3)) (&& (== net45) (>= netstandard1.3)) (== netstandard1.5) (== netstandard1.6) (== netstandard2.0)
      System.Runtime.Extensions (>= 4.3) - restriction: || (&& (== net40) (>= netstandard1.3)) (&& (== net45) (>= netstandard1.3)) (== netstandard1.5) (== netstandard1.6) (== netstandard2.0)
      System.Runtime.Handles (>= 4.3) - restriction: || (&& (== net40) (>= netstandard1.3)) (&& (== net45) (>= netstandard1.3)) (== netstandard1.5) (== netstandard1.6) (== netstandard2.0)
      System.Runtime.InteropServices (>= 4.3) - restriction: || (&& (== net40) (>= netstandard1.3)) (&& (== net45) (>= netstandard1.3)) (== netstandard1.5) (== netstandard1.6) (== netstandard2.0)
      System.Security.Cryptography.Algorithms (>= 4.3) - restriction: || (&& (== net40) (>= net46)) (&& (== net40) (>= netstandard1.3)) (&& (== net45) (>= net46)) (&& (== net45) (>= netstandard1.3)) (== netstandard1.5) (== netstandard1.6) (== netstandard2.0)
      System.Security.Cryptography.Encoding (>= 4.3) - restriction: || (&& (== net40) (>= netstandard1.3)) (&& (== net45) (>= netstandard1.3)) (== netstandard1.5) (== netstandard1.6) (== netstandard2.0)
      System.Security.Cryptography.Primitives (>= 4.3) - restriction: || (&& (== net40) (>= net46)) (&& (== net40) (>= netstandard1.3)) (&& (== net45) (>= net46)) (&& (== net45) (>= netstandard1.3)) (== netstandard1.5) (== netstandard1.6) (== netstandard2.0)
      System.Text.Encoding (>= 4.3) - restriction: || (&& (== net40) (>= netstandard1.3)) (&& (== net45) (>= netstandard1.3)) (== netstandard1.5) (== netstandard1.6) (== netstandard2.0)
      System.Threading (>= 4.3) - restriction: || (&& (== net40) (>= netstandard1.3)) (&& (== net45) (>= netstandard1.3)) (== netstandard1.5) (== netstandard1.6) (== netstandard2.0)
    System.Security.Cryptography.Encoding (4.3) - restriction: || (&& (== net40) (== netstandard2.0)) (&& (== net40) (< net35) (>= net463)) (&& (== net40) (< net35) (>= netstandard1.5)) (&& (== net40) (< net35) (>= netstandard1.6)) (&& (== net40) (>= net463) (>= uap10.0)) (&& (== net40) (>= netstandard1.5) (>= uap10.0)) (&& (== net40) (>= netstandard1.6) (>= uap10.0)) (&& (== net45) (== netstandard2.0)) (&& (== net45) (< net35) (>= net463)) (&& (== net45) (< net35) (>= netstandard1.5)) (&& (== net45) (< net35) (>= netstandard1.6)) (&& (== net45) (>= net463) (>= uap10.0)) (&& (== net45) (>= netstandard1.5) (>= uap10.0)) (&& (== net45) (>= netstandard1.6) (>= uap10.0)) (== netstandard1.5) (== netstandard1.6) (&& (== netstandard2.0) (< netstandard1.4)) (&& (== netstandard2.0) (< netstandard1.5)) (&& (== netstandard2.0) (< netstandard1.6))
      Microsoft.NETCore.Platforms (>= 1.1) - restriction: || (&& (== net40) (>= netstandard1.3)) (&& (== net45) (>= netstandard1.3)) (== netstandard1.5) (== netstandard1.6) (== netstandard2.0)
      runtime.native.System.Security.Cryptography.OpenSsl (>= 4.3) - restriction: || (&& (== net40) (>= netstandard1.3)) (&& (== net45) (>= netstandard1.3)) (== netstandard1.5) (== netstandard1.6) (== netstandard2.0)
      System.Collections (>= 4.3) - restriction: || (&& (== net40) (>= netstandard1.3)) (&& (== net45) (>= netstandard1.3)) (== netstandard1.5) (== netstandard1.6) (== netstandard2.0)
      System.Collections.Concurrent (>= 4.3) - restriction: || (&& (== net40) (>= netstandard1.3)) (&& (== net45) (>= netstandard1.3)) (== netstandard1.5) (== netstandard1.6) (== netstandard2.0)
      System.Linq (>= 4.3) - restriction: || (&& (== net40) (>= netstandard1.3)) (&& (== net45) (>= netstandard1.3)) (== netstandard1.5) (== netstandard1.6) (== netstandard2.0)
      System.Resources.ResourceManager (>= 4.3) - restriction: || (&& (== net40) (>= netstandard1.3)) (&& (== net45) (>= netstandard1.3)) (== netstandard1.5) (== netstandard1.6) (== netstandard2.0)
      System.Runtime (>= 4.3) - restriction: || (&& (== net40) (>= netstandard1.3)) (&& (== net45) (>= netstandard1.3)) (== netstandard1.5) (== netstandard1.6) (== netstandard2.0)
      System.Runtime.Extensions (>= 4.3) - restriction: || (&& (== net40) (>= netstandard1.3)) (&& (== net45) (>= netstandard1.3)) (== netstandard1.5) (== netstandard1.6) (== netstandard2.0)
      System.Runtime.Handles (>= 4.3) - restriction: || (&& (== net40) (>= netstandard1.3)) (&& (== net45) (>= netstandard1.3)) (== netstandard1.5) (== netstandard1.6) (== netstandard2.0)
      System.Runtime.InteropServices (>= 4.3) - restriction: || (&& (== net40) (>= netstandard1.3)) (&& (== net45) (>= netstandard1.3)) (== netstandard1.5) (== netstandard1.6) (== netstandard2.0)
      System.Security.Cryptography.Primitives (>= 4.3) - restriction: || (&& (== net40) (>= netstandard1.3)) (&& (== net45) (>= netstandard1.3)) (== netstandard1.5) (== netstandard1.6) (== netstandard2.0)
      System.Text.Encoding (>= 4.3) - restriction: || (&& (== net40) (>= netstandard1.3)) (&& (== net45) (>= netstandard1.3)) (== netstandard1.5) (== netstandard1.6) (== netstandard2.0)
    System.Security.Cryptography.OpenSsl (4.6) - restriction: || (&& (== net40) (== netstandard2.0)) (&& (== net40) (< net35) (>= netstandard1.6)) (&& (== net40) (>= netstandard1.6) (>= uap10.0)) (&& (== net45) (== netstandard2.0)) (&& (== net45) (< net35) (>= netstandard1.6)) (&& (== net45) (>= netstandard1.6) (>= uap10.0)) (&& (== netstandard1.5) (== netstandard2.0)) (&& (== netstandard1.5) (>= netstandard1.6)) (== netstandard1.6) (&& (== netstandard2.0) (< netstandard1.2)) (&& (== netstandard2.0) (< netstandard1.3)) (&& (== netstandard2.0) (< netstandard1.4)) (&& (== netstandard2.0) (< netstandard1.5)) (&& (== netstandard2.0) (< netstandard1.6))
      System.Collections (>= 4.3) - restriction: || (&& (== net40) (>= netstandard1.6)) (&& (== net45) (>= netstandard1.6)) (&& (== netstandard1.5) (>= netstandard1.6)) (== netstandard1.6)
      System.IO (>= 4.3) - restriction: || (&& (== net40) (>= netstandard1.6)) (&& (== net45) (>= netstandard1.6)) (&& (== netstandard1.5) (>= netstandard1.6)) (== netstandard1.6)
      System.Resources.ResourceManager (>= 4.3) - restriction: || (&& (== net40) (>= netstandard1.6)) (&& (== net45) (>= netstandard1.6)) (&& (== netstandard1.5) (>= netstandard1.6)) (== netstandard1.6)
      System.Runtime (>= 4.3) - restriction: || (&& (== net40) (>= netstandard1.6)) (&& (== net45) (>= netstandard1.6)) (&& (== netstandard1.5) (>= netstandard1.6)) (== netstandard1.6)
      System.Runtime.Extensions (>= 4.3) - restriction: || (&& (== net40) (>= netstandard1.6)) (&& (== net45) (>= netstandard1.6)) (&& (== netstandard1.5) (>= netstandard1.6)) (== netstandard1.6)
      System.Runtime.Handles (>= 4.3) - restriction: || (&& (== net40) (>= netstandard1.6)) (&& (== net45) (>= netstandard1.6)) (&& (== netstandard1.5) (>= netstandard1.6)) (== netstandard1.6)
      System.Runtime.InteropServices (>= 4.3) - restriction: || (&& (== net40) (>= netstandard1.6)) (&& (== net45) (>= netstandard1.6)) (&& (== netstandard1.5) (>= netstandard1.6)) (== netstandard1.6)
      System.Runtime.Numerics (>= 4.3) - restriction: || (&& (== net40) (>= netstandard1.6)) (&& (== net45) (>= netstandard1.6)) (&& (== netstandard1.5) (>= netstandard1.6)) (== netstandard1.6)
      System.Security.Cryptography.Algorithms (>= 4.3) - restriction: || (&& (== net40) (>= netstandard1.6)) (&& (== net45) (>= netstandard1.6)) (&& (== netstandard1.5) (>= netstandard1.6)) (== netstandard1.6)
      System.Security.Cryptography.Encoding (>= 4.3) - restriction: || (&& (== net40) (>= netstandard1.6)) (&& (== net45) (>= netstandard1.6)) (&& (== netstandard1.5) (>= netstandard1.6)) (== netstandard1.6)
      System.Security.Cryptography.Primitives (>= 4.3) - restriction: || (&& (== net40) (>= netstandard1.6)) (&& (== net45) (>= netstandard1.6)) (&& (== netstandard1.5) (>= netstandard1.6)) (== netstandard1.6)
      System.Text.Encoding (>= 4.3) - restriction: || (&& (== net40) (>= netstandard1.6)) (&& (== net45) (>= netstandard1.6)) (&& (== netstandard1.5) (>= netstandard1.6)) (== netstandard1.6)
    System.Security.Cryptography.Primitives (4.3) - restriction: || (&& (== net40) (== netstandard2.0)) (&& (== net40) (< net35) (>= netstandard1.5)) (&& (== net40) (< net35) (>= netstandard1.6)) (&& (== net40) (>= netstandard1.5) (>= uap10.0)) (&& (== net40) (>= netstandard1.6) (>= uap10.0)) (&& (== net45) (== netstandard2.0)) (&& (== net45) (< net35) (>= netstandard1.5)) (&& (== net45) (< net35) (>= netstandard1.6)) (&& (== net45) (>= netstandard1.5) (>= uap10.0)) (&& (== net45) (>= netstandard1.6) (>= uap10.0)) (== netstandard1.5) (== netstandard1.6) (&& (== netstandard2.0) (< netstandard1.2)) (&& (== netstandard2.0) (< netstandard1.3)) (&& (== netstandard2.0) (< netstandard1.4)) (&& (== netstandard2.0) (< netstandard1.5)) (&& (== netstandard2.0) (< netstandard1.6))
      System.Diagnostics.Debug (>= 4.3) - restriction: || (&& (== net40) (>= netstandard1.3)) (&& (== net45) (>= netstandard1.3)) (== netstandard1.5) (== netstandard1.6) (== netstandard2.0)
      System.Globalization (>= 4.3) - restriction: || (&& (== net40) (>= netstandard1.3)) (&& (== net45) (>= netstandard1.3)) (== netstandard1.5) (== netstandard1.6) (== netstandard2.0)
      System.IO (>= 4.3) - restriction: || (&& (== net40) (>= netstandard1.3)) (&& (== net45) (>= netstandard1.3)) (== netstandard1.5) (== netstandard1.6) (== netstandard2.0)
      System.Resources.ResourceManager (>= 4.3) - restriction: || (&& (== net40) (>= netstandard1.3)) (&& (== net45) (>= netstandard1.3)) (== netstandard1.5) (== netstandard1.6) (== netstandard2.0)
      System.Runtime (>= 4.3) - restriction: || (&& (== net40) (>= netstandard1.3)) (&& (== net45) (>= netstandard1.3)) (== netstandard1.5) (== netstandard1.6) (== netstandard2.0)
      System.Threading (>= 4.3) - restriction: || (&& (== net40) (>= netstandard1.3)) (&& (== net45) (>= netstandard1.3)) (== netstandard1.5) (== netstandard1.6) (== netstandard2.0)
      System.Threading.Tasks (>= 4.3) - restriction: || (&& (== net40) (>= netstandard1.3)) (&& (== net45) (>= netstandard1.3)) (== netstandard1.5) (== netstandard1.6) (== netstandard2.0)
    System.Security.Cryptography.ProtectedData (4.6) - restriction: || (&& (== net40) (< net35) (>= netstandard2.0)) (&& (== net45) (< net35) (>= netstandard2.0)) (&& (== netstandard1.5) (>= netstandard2.0)) (&& (== netstandard1.6) (>= netstandard2.0)) (== netstandard2.0)
      System.Memory (>= 4.5.3) - restriction: || (&& (== net40) (>= netstandard2.0)) (&& (== net45) (>= netstandard2.0)) (&& (== netstandard1.5) (>= netstandard2.0)) (&& (== netstandard1.6) (>= netstandard2.0)) (== netstandard2.0)
    System.Security.Cryptography.X509Certificates (4.3.2) - restriction: || (&& (== net40) (== netstandard2.0)) (&& (== net40) (< net35) (>= netstandard1.5)) (&& (== net40) (< net35) (>= netstandard1.6)) (&& (== net40) (>= netstandard1.5) (>= uap10.0)) (&& (== net40) (>= netstandard1.6) (>= uap10.0)) (&& (== net45) (== netstandard2.0)) (&& (== net45) (< net35) (>= netstandard1.5)) (&& (== net45) (< net35) (>= netstandard1.6)) (&& (== net45) (>= netstandard1.5) (>= uap10.0)) (&& (== net45) (>= netstandard1.6) (>= uap10.0)) (== netstandard1.5) (== netstandard1.6) (&& (== netstandard2.0) (< netstandard1.4)) (&& (== netstandard2.0) (< netstandard1.5)) (&& (== netstandard2.0) (< netstandard1.6))
      Microsoft.NETCore.Platforms (>= 1.1) - restriction: || (&& (== net40) (>= netstandard1.6)) (&& (== net45) (>= netstandard1.6)) (&& (== netstandard1.5) (>= netstandard1.6)) (== netstandard1.6) (== netstandard2.0)
      runtime.native.System (>= 4.3) - restriction: || (&& (== net40) (>= netstandard1.6)) (&& (== net45) (>= netstandard1.6)) (&& (== netstandard1.5) (>= netstandard1.6)) (== netstandard1.6) (== netstandard2.0)
      runtime.native.System.Net.Http (>= 4.3) - restriction: || (&& (== net40) (>= netstandard1.6)) (&& (== net45) (>= netstandard1.6)) (&& (== netstandard1.5) (>= netstandard1.6)) (== netstandard1.6) (== netstandard2.0)
      runtime.native.System.Security.Cryptography.OpenSsl (>= 4.3.2) - restriction: || (&& (== net40) (>= netstandard1.6)) (&& (== net45) (>= netstandard1.6)) (&& (== netstandard1.5) (>= netstandard1.6)) (== netstandard1.6) (== netstandard2.0)
      System.Collections (>= 4.3) - restriction: || (&& (== net40) (>= netstandard1.6)) (&& (== net45) (>= netstandard1.6)) (&& (== netstandard1.5) (>= netstandard1.6)) (== netstandard1.6) (== netstandard2.0)
      System.Diagnostics.Debug (>= 4.3) - restriction: || (&& (== net40) (>= netstandard1.6)) (&& (== net45) (>= netstandard1.6)) (&& (== netstandard1.5) (>= netstandard1.6)) (== netstandard1.6) (== netstandard2.0)
      System.Globalization (>= 4.3) - restriction: || (&& (== net40) (>= netstandard1.6)) (&& (== net45) (>= netstandard1.6)) (&& (== netstandard1.5) (>= netstandard1.6)) (== netstandard1.6) (== netstandard2.0)
      System.Globalization.Calendars (>= 4.3) - restriction: || (&& (== net40) (>= netstandard1.6)) (&& (== net45) (>= netstandard1.6)) (&& (== netstandard1.5) (>= netstandard1.6)) (== netstandard1.6) (== netstandard2.0)
      System.IO (>= 4.3) - restriction: || (&& (== net40) (>= netstandard1.6)) (&& (== net45) (>= netstandard1.6)) (&& (== netstandard1.5) (>= netstandard1.6)) (== netstandard1.6) (== netstandard2.0)
      System.IO.FileSystem (>= 4.3) - restriction: || (&& (== net40) (>= netstandard1.6)) (&& (== net45) (>= netstandard1.6)) (&& (== netstandard1.5) (>= netstandard1.6)) (== netstandard1.6) (== netstandard2.0)
      System.IO.FileSystem.Primitives (>= 4.3) - restriction: || (&& (== net40) (>= netstandard1.6)) (&& (== net45) (>= netstandard1.6)) (&& (== netstandard1.5) (>= netstandard1.6)) (== netstandard1.6) (== netstandard2.0)
      System.Resources.ResourceManager (>= 4.3) - restriction: || (&& (== net40) (>= netstandard1.6)) (&& (== net45) (>= netstandard1.6)) (&& (== netstandard1.5) (>= netstandard1.6)) (== netstandard1.6) (== netstandard2.0)
      System.Runtime (>= 4.3) - restriction: || (&& (== net40) (>= netstandard1.3)) (&& (== net40) (>= netstandard1.4)) (&& (== net40) (>= netstandard1.6)) (&& (== net45) (>= netstandard1.3)) (&& (== net45) (>= netstandard1.4)) (&& (== net45) (>= netstandard1.6)) (== netstandard1.5) (== netstandard1.6) (== netstandard2.0)
      System.Runtime.Extensions (>= 4.3) - restriction: || (&& (== net40) (>= netstandard1.6)) (&& (== net45) (>= netstandard1.6)) (&& (== netstandard1.5) (>= netstandard1.6)) (== netstandard1.6) (== netstandard2.0)
      System.Runtime.Handles (>= 4.3) - restriction: || (&& (== net40) (>= netstandard1.3)) (&& (== net40) (>= netstandard1.4)) (&& (== net40) (>= netstandard1.6)) (&& (== net45) (>= netstandard1.3)) (&& (== net45) (>= netstandard1.4)) (&& (== net45) (>= netstandard1.6)) (== netstandard1.5) (== netstandard1.6) (== netstandard2.0)
      System.Runtime.InteropServices (>= 4.3) - restriction: || (&& (== net40) (>= netstandard1.6)) (&& (== net45) (>= netstandard1.6)) (&& (== netstandard1.5) (>= netstandard1.6)) (== netstandard1.6) (== netstandard2.0)
      System.Runtime.Numerics (>= 4.3) - restriction: || (&& (== net40) (>= netstandard1.6)) (&& (== net45) (>= netstandard1.6)) (&& (== netstandard1.5) (>= netstandard1.6)) (== netstandard1.6) (== netstandard2.0)
      System.Security.Cryptography.Algorithms (>= 4.3) - restriction: || (&& (== net40) (>= net46)) (&& (== net40) (>= net461)) (&& (== net40) (>= netstandard1.3)) (&& (== net40) (>= netstandard1.4)) (&& (== net40) (>= netstandard1.6)) (&& (== net45) (>= net46)) (&& (== net45) (>= net461)) (&& (== net45) (>= netstandard1.3)) (&& (== net45) (>= netstandard1.4)) (&& (== net45) (>= netstandard1.6)) (== netstandard1.5) (== netstandard1.6) (== netstandard2.0)
      System.Security.Cryptography.Cng (>= 4.3) - restriction: || (&& (== net40) (>= netstandard1.6)) (&& (== net45) (>= netstandard1.6)) (&& (== netstandard1.5) (>= netstandard1.6)) (== netstandard1.6) (== netstandard2.0)
      System.Security.Cryptography.Csp (>= 4.3) - restriction: || (&& (== net40) (>= netstandard1.6)) (&& (== net45) (>= netstandard1.6)) (&& (== netstandard1.5) (>= netstandard1.6)) (== netstandard1.6) (== netstandard2.0)
      System.Security.Cryptography.Encoding (>= 4.3) - restriction: || (&& (== net40) (>= net46)) (&& (== net40) (>= net461)) (&& (== net40) (>= netstandard1.3)) (&& (== net40) (>= netstandard1.4)) (&& (== net40) (>= netstandard1.6)) (&& (== net45) (>= net46)) (&& (== net45) (>= net461)) (&& (== net45) (>= netstandard1.3)) (&& (== net45) (>= netstandard1.4)) (&& (== net45) (>= netstandard1.6)) (== netstandard1.5) (== netstandard1.6) (== netstandard2.0)
      System.Security.Cryptography.OpenSsl (>= 4.3) - restriction: || (&& (== net40) (>= netstandard1.6)) (&& (== net45) (>= netstandard1.6)) (&& (== netstandard1.5) (>= netstandard1.6)) (== netstandard1.6) (== netstandard2.0)
      System.Security.Cryptography.Primitives (>= 4.3) - restriction: || (&& (== net40) (>= netstandard1.6)) (&& (== net45) (>= netstandard1.6)) (&& (== netstandard1.5) (>= netstandard1.6)) (== netstandard1.6) (== netstandard2.0)
      System.Text.Encoding (>= 4.3) - restriction: || (&& (== net40) (>= netstandard1.6)) (&& (== net45) (>= netstandard1.6)) (&& (== netstandard1.5) (>= netstandard1.6)) (== netstandard1.6) (== netstandard2.0)
      System.Threading (>= 4.3) - restriction: || (&& (== net40) (>= netstandard1.6)) (&& (== net45) (>= netstandard1.6)) (&& (== netstandard1.5) (>= netstandard1.6)) (== netstandard1.6) (== netstandard2.0)
    System.Security.Permissions (4.6) - restriction: || (&& (== net40) (>= monoandroid) (>= netstandard2.0)) (&& (== net40) (>= monotouch) (>= netstandard2.0)) (&& (== net40) (< net35) (>= netstandard2.0)) (&& (== net40) (>= netstandard2.0) (>= xamarintvos)) (&& (== net40) (>= netstandard2.0) (>= xamarinwatchos)) (&& (== net45) (>= monoandroid) (>= netstandard2.0)) (&& (== net45) (>= monotouch) (>= netstandard2.0)) (&& (== net45) (< net35) (>= netstandard2.0)) (&& (== net45) (>= netstandard2.0) (>= xamarintvos)) (&& (== net45) (>= netstandard2.0) (>= xamarinwatchos)) (&& (== netstandard1.5) (>= netstandard2.0)) (&& (== netstandard1.6) (>= netstandard2.0)) (== netstandard2.0)
      System.Security.AccessControl (>= 4.6) - restriction: || (&& (== net40) (>= net461)) (&& (== net40) (>= netstandard2.0)) (&& (== net45) (>= net461)) (&& (== net45) (>= netstandard2.0)) (&& (== netstandard1.5) (>= net461)) (&& (== netstandard1.5) (>= netstandard2.0)) (&& (== netstandard1.6) (>= net461)) (&& (== netstandard1.6) (>= netstandard2.0)) (== netstandard2.0)
    System.Security.Principal (4.3) - restriction: || (&& (== net40) (== netstandard2.0)) (&& (== net40) (< net20) (>= netstandard1.3)) (&& (== net45) (== netstandard2.0)) (&& (== net45) (< net20) (>= netstandard1.3)) (== netstandard1.5) (== netstandard1.6)
      System.Runtime (>= 4.3) - restriction: || (&& (== net40) (>= netstandard1.0)) (== netstandard1.5) (== netstandard1.6) (== netstandard2.0)
    System.Security.Principal.Windows (4.6) - restriction: || (&& (== net40) (>= monoandroid) (>= netstandard1.4)) (&& (== net40) (>= monotouch)) (&& (== net40) (< net20) (>= net461)) (&& (== net40) (< net20) (>= netstandard1.3)) (&& (== net40) (< net20) (>= netstandard2.0)) (&& (== net40) (>= netcoreapp2.0)) (&& (== net40) (>= xamarinios)) (&& (== net40) (>= xamarinmac)) (&& (== net40) (>= xamarintvos)) (&& (== net40) (>= xamarinwatchos)) (&& (== net45) (>= monoandroid) (>= netstandard1.4)) (&& (== net45) (>= monotouch)) (&& (== net45) (< net20) (>= net461)) (&& (== net45) (< net20) (>= netstandard1.3)) (&& (== net45) (< net20) (>= netstandard2.0)) (&& (== net45) (>= netcoreapp2.0)) (&& (== net45) (>= xamarinios)) (&& (== net45) (>= xamarinmac)) (&& (== net45) (>= xamarintvos)) (&& (== net45) (>= xamarinwatchos)) (== netstandard1.5) (== netstandard1.6) (== netstandard2.0)
      Microsoft.Win32.Primitives (>= 4.3) - restriction: || (&& (== net40) (>= netstandard1.3)) (&& (== net45) (>= netstandard1.3)) (== netstandard1.5) (== netstandard1.6)
      System.Collections (>= 4.3) - restriction: || (&& (== net40) (>= netstandard1.3)) (&& (== net45) (>= netstandard1.3)) (== netstandard1.5) (== netstandard1.6)
      System.Diagnostics.Debug (>= 4.3) - restriction: || (&& (== net40) (>= netstandard1.3)) (&& (== net45) (>= netstandard1.3)) (== netstandard1.5) (== netstandard1.6)
      System.Reflection (>= 4.3) - restriction: || (&& (== net40) (>= netstandard1.3)) (&& (== net45) (>= netstandard1.3)) (== netstandard1.5) (== netstandard1.6)
      System.Resources.ResourceManager (>= 4.3) - restriction: || (&& (== net40) (>= netstandard1.3)) (&& (== net45) (>= netstandard1.3)) (== netstandard1.5) (== netstandard1.6)
      System.Runtime (>= 4.3) - restriction: || (&& (== net40) (>= netstandard1.3)) (&& (== net45) (>= netstandard1.3)) (== netstandard1.5) (== netstandard1.6)
      System.Runtime.Extensions (>= 4.3) - restriction: || (&& (== net40) (>= netstandard1.3)) (&& (== net45) (>= netstandard1.3)) (== netstandard1.5) (== netstandard1.6)
      System.Runtime.Handles (>= 4.3) - restriction: || (&& (== net40) (>= netstandard1.3)) (&& (== net45) (>= netstandard1.3)) (== netstandard1.5) (== netstandard1.6)
      System.Runtime.InteropServices (>= 4.3) - restriction: || (&& (== net40) (>= netstandard1.3)) (&& (== net45) (>= netstandard1.3)) (== netstandard1.5) (== netstandard1.6)
      System.Security.Claims (>= 4.3) - restriction: || (&& (== net40) (>= net46)) (&& (== net40) (>= netstandard1.3)) (&& (== net45) (>= net46)) (&& (== net45) (>= netstandard1.3)) (== netstandard1.5) (== netstandard1.6)
      System.Security.Principal (>= 4.3) - restriction: || (&& (== net40) (>= netstandard1.3)) (&& (== net45) (>= netstandard1.3)) (== netstandard1.5) (== netstandard1.6)
      System.Text.Encoding (>= 4.3) - restriction: || (&& (== net40) (>= netstandard1.3)) (&& (== net45) (>= netstandard1.3)) (== netstandard1.5) (== netstandard1.6)
      System.Threading (>= 4.3) - restriction: || (&& (== net40) (>= netstandard1.3)) (&& (== net45) (>= netstandard1.3)) (== netstandard1.5) (== netstandard1.6)
    System.Text.Encoding (4.3) - restriction: || (&& (== net40) (< net20) (>= netstandard1.3)) (&& (== net40) (< net20) (>= netstandard1.4)) (&& (== net40) (< net35) (>= netstandard1.5)) (&& (== net40) (< net35) (>= netstandard1.6)) (&& (== net40) (>= netstandard1.5) (>= uap10.0)) (&& (== net40) (>= netstandard1.6) (>= uap10.0)) (&& (== net45) (< net20) (>= netstandard1.3)) (&& (== net45) (< net20) (>= netstandard1.4)) (&& (== net45) (< net35) (>= netstandard1.5)) (&& (== net45) (< net35) (>= netstandard1.6)) (&& (== net45) (>= netstandard1.5) (>= uap10.0)) (&& (== net45) (>= netstandard1.6) (>= uap10.0)) (== netstandard1.5) (== netstandard1.6) (== netstandard2.0)
      Microsoft.NETCore.Platforms (>= 1.1) - restriction: || (&& (== net40) (>= netstandard1.0)) (&& (== net40) (>= netstandard1.3)) (== netstandard1.5) (== netstandard1.6) (== netstandard2.0)
      Microsoft.NETCore.Targets (>= 1.1) - restriction: || (&& (== net40) (>= netstandard1.0)) (&& (== net40) (>= netstandard1.3)) (== netstandard1.5) (== netstandard1.6) (== netstandard2.0)
      System.Runtime (>= 4.3) - restriction: || (&& (== net40) (>= netstandard1.0)) (&& (== net40) (>= netstandard1.3)) (== netstandard1.5) (== netstandard1.6) (== netstandard2.0)
    System.Text.Encoding.Extensions (4.3) - restriction: || (&& (== net40) (< net20) (>= netstandard1.4)) (&& (== net40) (< net35) (>= netstandard1.5)) (&& (== net40) (< net35) (>= netstandard1.6)) (&& (== net40) (>= netstandard1.5) (>= uap10.0)) (&& (== net40) (>= netstandard1.6) (>= uap10.0)) (&& (== net45) (< net20) (>= netstandard1.4)) (&& (== net45) (< net35) (>= netstandard1.5)) (&& (== net45) (< net35) (>= netstandard1.6)) (&& (== net45) (>= netstandard1.5) (>= uap10.0)) (&& (== net45) (>= netstandard1.6) (>= uap10.0)) (== netstandard1.5) (== netstandard1.6) (== netstandard2.0)
      Microsoft.NETCore.Platforms (>= 1.1) - restriction: || (&& (== net40) (>= netstandard1.0)) (&& (== net40) (>= netstandard1.3)) (== netstandard1.5) (== netstandard1.6) (== netstandard2.0)
      Microsoft.NETCore.Targets (>= 1.1) - restriction: || (&& (== net40) (>= netstandard1.0)) (&& (== net40) (>= netstandard1.3)) (== netstandard1.5) (== netstandard1.6) (== netstandard2.0)
      System.Runtime (>= 4.3) - restriction: || (&& (== net40) (>= netstandard1.0)) (&& (== net40) (>= netstandard1.3)) (== netstandard1.5) (== netstandard1.6) (== netstandard2.0)
      System.Text.Encoding (>= 4.3) - restriction: || (&& (== net40) (>= netstandard1.0)) (&& (== net40) (>= netstandard1.3)) (== netstandard1.5) (== netstandard1.6) (== netstandard2.0)
    System.Text.RegularExpressions (4.3.1) - restriction: || (&& (== net40) (< net20) (>= netstandard1.3)) (&& (== net40) (< net20) (>= netstandard1.6)) (&& (== net40) (< net35) (>= netstandard1.5)) (&& (== net40) (< net35) (>= netstandard1.6)) (&& (== net40) (>= netstandard1.5) (>= uap10.0)) (&& (== net40) (>= netstandard1.6) (>= uap10.0)) (&& (== net45) (< net20) (>= netstandard1.3)) (&& (== net45) (< net20) (>= netstandard1.6)) (&& (== net45) (< net35) (>= netstandard1.5)) (&& (== net45) (< net35) (>= netstandard1.6)) (&& (== net45) (>= netstandard1.5) (>= uap10.0)) (&& (== net45) (>= netstandard1.6) (>= uap10.0)) (== netstandard1.5) (== netstandard1.6) (== netstandard2.0)
      System.Collections (>= 4.3) - restriction: || (&& (== net40) (>= netstandard1.6)) (&& (== netstandard1.5) (>= netstandard1.6)) (== netstandard1.6) (== netstandard2.0)
      System.Globalization (>= 4.3) - restriction: || (&& (== net40) (>= netstandard1.6)) (&& (== netstandard1.5) (>= netstandard1.6)) (== netstandard1.6) (== netstandard2.0)
      System.Resources.ResourceManager (>= 4.3) - restriction: || (&& (== net40) (>= netstandard1.6)) (&& (== netstandard1.5) (>= netstandard1.6)) (== netstandard1.6) (== netstandard2.0)
      System.Runtime (>= 4.3.1) - restriction: || (&& (== net40) (>= netcoreapp1.1)) (&& (== net40) (>= netstandard1.0)) (&& (== net40) (>= netstandard1.3)) (&& (== net40) (>= netstandard1.6)) (&& (== net45) (>= netcoreapp1.1)) (== netstandard1.5) (== netstandard1.6) (== netstandard2.0)
      System.Runtime.Extensions (>= 4.3.1) - restriction: || (&& (== net40) (>= netstandard1.6)) (&& (== netstandard1.5) (>= netstandard1.6)) (== netstandard1.6) (== netstandard2.0)
      System.Threading (>= 4.3) - restriction: || (&& (== net40) (>= netstandard1.6)) (&& (== netstandard1.5) (>= netstandard1.6)) (== netstandard1.6) (== netstandard2.0)
    System.Threading (4.3) - restriction: || (&& (== net40) (< net20) (>= netstandard1.4)) (&& (== net40) (< net20) (>= netstandard1.6)) (&& (== net40) (< net35) (>= netstandard1.5)) (&& (== net40) (< net35) (>= netstandard1.6)) (&& (== net40) (>= netstandard1.5) (>= uap10.0)) (&& (== net40) (>= netstandard1.6) (>= uap10.0)) (&& (== net45) (< net20) (>= netstandard1.4)) (&& (== net45) (< net20) (>= netstandard1.6)) (&& (== net45) (< net35) (>= netstandard1.5)) (&& (== net45) (< net35) (>= netstandard1.6)) (&& (== net45) (>= netstandard1.5) (>= uap10.0)) (&& (== net45) (>= netstandard1.6) (>= uap10.0)) (== netstandard1.5) (== netstandard1.6) (== netstandard2.0)
      System.Runtime (>= 4.3) - restriction: || (&& (== net40) (>= netstandard1.0)) (&& (== net40) (>= netstandard1.3)) (== netstandard1.5) (== netstandard1.6) (== netstandard2.0)
      System.Threading.Tasks (>= 4.3) - restriction: || (&& (== net40) (>= netstandard1.0)) (&& (== net40) (>= netstandard1.3)) (== netstandard1.5) (== netstandard1.6) (== netstandard2.0)
    System.Threading.Overlapped (4.3) - restriction: || (&& (== net40) (< net20) (>= netstandard1.3)) (&& (== net45) (< net20) (>= netstandard1.3)) (== netstandard1.5) (== netstandard1.6) (== netstandard2.0)
      Microsoft.NETCore.Platforms (>= 1.1) - restriction: || (&& (== net40) (>= netstandard1.3)) (&& (== net45) (>= netstandard1.3)) (== netstandard1.5) (== netstandard1.6) (== netstandard2.0)
      System.Resources.ResourceManager (>= 4.3) - restriction: || (&& (== net40) (>= netstandard1.3)) (&& (== net45) (>= netstandard1.3)) (== netstandard1.5) (== netstandard1.6) (== netstandard2.0)
      System.Runtime (>= 4.3) - restriction: || (&& (== net40) (>= netstandard1.3)) (&& (== net45) (>= netstandard1.3)) (== netstandard1.5) (== netstandard1.6) (== netstandard2.0)
      System.Runtime.Handles (>= 4.3) - restriction: || (&& (== net40) (>= netstandard1.3)) (&& (== net45) (>= netstandard1.3)) (== netstandard1.5) (== netstandard1.6) (== netstandard2.0)
    System.Threading.Tasks (4.3) - restriction: || (&& (== net40) (< net20) (>= netstandard1.4)) (&& (== net40) (< net35) (>= netstandard1.5)) (&& (== net40) (< net35) (>= netstandard1.6)) (&& (== net40) (>= netstandard1.5) (>= uap10.0)) (&& (== net40) (>= netstandard1.6) (>= uap10.0)) (&& (== net45) (< net20) (>= netstandard1.4)) (&& (== net45) (< net35) (>= netstandard1.5)) (&& (== net45) (< net35) (>= netstandard1.6)) (&& (== net45) (>= netstandard1.5) (>= uap10.0)) (&& (== net45) (>= netstandard1.6) (>= uap10.0)) (== netstandard1.5) (== netstandard1.6) (== netstandard2.0)
      Microsoft.NETCore.Platforms (>= 1.1) - restriction: || (&& (== net40) (>= netstandard1.0)) (&& (== net40) (>= netstandard1.3)) (== netstandard1.5) (== netstandard1.6) (== netstandard2.0)
      Microsoft.NETCore.Targets (>= 1.1) - restriction: || (&& (== net40) (>= netstandard1.0)) (&& (== net40) (>= netstandard1.3)) (== netstandard1.5) (== netstandard1.6) (== netstandard2.0)
      System.Runtime (>= 4.3) - restriction: || (&& (== net40) (>= netstandard1.0)) (&& (== net40) (>= netstandard1.3)) (== netstandard1.5) (== netstandard1.6) (== netstandard2.0)
    System.Threading.Tasks.Extensions (4.5.3) - restriction: || (&& (== net40) (< net20) (>= netstandard1.3)) (&& (== net45) (< net20) (>= netstandard1.3)) (== netstandard1.5) (== netstandard1.6) (== netstandard2.0)
      System.Collections (>= 4.3) - restriction: || (&& (== net40) (>= netstandard1.0)) (== netstandard1.5) (== netstandard1.6)
      System.Runtime (>= 4.3) - restriction: || (&& (== net40) (>= netstandard1.0)) (== netstandard1.5) (== netstandard1.6)
      System.Runtime.CompilerServices.Unsafe (>= 4.5.2) - restriction: || (&& (== net40) (>= net45)) (&& (== net40) (>= netstandard1.0)) (&& (== net40) (>= netstandard2.0)) (&& (== net40) (>= portable-net45+win8+wp8+wpa81)) (&& (== net40) (>= win8)) (&& (== net40) (>= wp8)) (&& (== net40) (>= wpa81)) (== net45) (== netstandard1.5) (== netstandard1.6) (== netstandard2.0)
      System.Threading.Tasks (>= 4.3) - restriction: || (&& (== net40) (>= netstandard1.0)) (== netstandard1.5) (== netstandard1.6)
    System.Threading.Thread (4.3) - restriction: || (&& (== net40) (< net20) (>= netstandard1.4)) (&& (== net40) (< net20) (>= netstandard1.6)) (&& (== net45) (< net20) (>= netstandard1.4)) (&& (== net45) (< net20) (>= netstandard1.6)) (== netstandard1.5) (== netstandard1.6) (== netstandard2.0)
      System.Runtime (>= 4.3) - restriction: || (&& (== net40) (>= netstandard1.3)) (&& (== net45) (>= netstandard1.3)) (== netstandard1.5) (== netstandard1.6) (== netstandard2.0)
    System.Threading.ThreadPool (4.3) - restriction: || (&& (== net40) (< net20) (>= netstandard1.4)) (&& (== net45) (< net20) (>= netstandard1.4)) (== netstandard1.5) (== netstandard1.6) (== netstandard2.0)
      System.Runtime (>= 4.3) - restriction: || (&& (== net40) (>= netstandard1.3)) (&& (== net45) (>= netstandard1.3)) (== netstandard1.5) (== netstandard1.6) (== netstandard2.0)
      System.Runtime.Handles (>= 4.3) - restriction: || (&& (== net40) (>= netstandard1.3)) (&& (== net45) (>= netstandard1.3)) (== netstandard1.5) (== netstandard1.6) (== netstandard2.0)
    System.Threading.Timer (4.3) - restriction: || (&& (== net40) (< net20) (>= netstandard1.3)) (&& (== net40) (< net35) (>= netstandard1.5)) (&& (== net40) (< net35) (>= netstandard1.6)) (&& (== net40) (>= netstandard1.5) (>= uap10.0)) (&& (== net40) (>= netstandard1.6) (>= uap10.0)) (&& (== net45) (< net20) (>= netstandard1.3)) (&& (== net45) (< net35) (>= netstandard1.5)) (&& (== net45) (< net35) (>= netstandard1.6)) (&& (== net45) (>= netstandard1.5) (>= uap10.0)) (&& (== net45) (>= netstandard1.6) (>= uap10.0)) (== netstandard1.5) (== netstandard1.6) (== netstandard2.0)
      Microsoft.NETCore.Platforms (>= 1.1) - restriction: || (&& (== net40) (>= netstandard1.2)) (&& (== net45) (>= netstandard1.2)) (== netstandard1.5) (== netstandard1.6) (== netstandard2.0)
      Microsoft.NETCore.Targets (>= 1.1) - restriction: || (&& (== net40) (>= netstandard1.2)) (&& (== net45) (>= netstandard1.2)) (== netstandard1.5) (== netstandard1.6) (== netstandard2.0)
      System.Runtime (>= 4.3) - restriction: || (&& (== net40) (>= netstandard1.2)) (&& (== net45) (>= netstandard1.2)) (== netstandard1.5) (== netstandard1.6) (== netstandard2.0)
    System.Xml.ReaderWriter (4.3.1) - restriction: || (&& (== net40) (< net20) (>= netstandard1.3)) (&& (== net40) (< net35) (>= netstandard1.5)) (&& (== net40) (< net35) (>= netstandard1.6)) (&& (== net40) (>= netstandard1.5) (>= uap10.0)) (&& (== net40) (>= netstandard1.6) (>= uap10.0)) (&& (== net45) (< net20) (>= netstandard1.3)) (&& (== net45) (< net35) (>= netstandard1.5)) (&& (== net45) (< net35) (>= netstandard1.6)) (&& (== net45) (>= netstandard1.5) (>= uap10.0)) (&& (== net45) (>= netstandard1.6) (>= uap10.0)) (== netstandard1.5) (== netstandard1.6) (== netstandard2.0)
      System.Collections (>= 4.3) - restriction: || (&& (== net40) (>= netstandard1.3)) (== netstandard1.5) (== netstandard1.6) (== netstandard2.0)
      System.Diagnostics.Debug (>= 4.3) - restriction: || (&& (== net40) (>= netstandard1.3)) (== netstandard1.5) (== netstandard1.6) (== netstandard2.0)
      System.Globalization (>= 4.3) - restriction: || (&& (== net40) (>= netstandard1.3)) (== netstandard1.5) (== netstandard1.6) (== netstandard2.0)
      System.IO (>= 4.3) - restriction: || (&& (== net40) (>= netstandard1.0)) (&& (== net40) (>= netstandard1.3)) (== netstandard1.5) (== netstandard1.6) (== netstandard2.0)
      System.IO.FileSystem (>= 4.3) - restriction: || (&& (== net40) (>= netstandard1.3)) (== netstandard1.5) (== netstandard1.6) (== netstandard2.0)
      System.IO.FileSystem.Primitives (>= 4.3) - restriction: || (&& (== net40) (>= netstandard1.3)) (== netstandard1.5) (== netstandard1.6) (== netstandard2.0)
      System.Resources.ResourceManager (>= 4.3) - restriction: || (&& (== net40) (>= netstandard1.3)) (== netstandard1.5) (== netstandard1.6) (== netstandard2.0)
      System.Runtime (>= 4.3) - restriction: || (&& (== net40) (>= netstandard1.0)) (&& (== net40) (>= netstandard1.3)) (== netstandard1.5) (== netstandard1.6) (== netstandard2.0)
      System.Runtime.Extensions (>= 4.3) - restriction: || (&& (== net40) (>= netstandard1.3)) (== netstandard1.5) (== netstandard1.6) (== netstandard2.0)
      System.Runtime.InteropServices (>= 4.3) - restriction: || (&& (== net40) (>= netstandard1.3)) (== netstandard1.5) (== netstandard1.6) (== netstandard2.0)
      System.Text.Encoding (>= 4.3) - restriction: || (&& (== net40) (>= netstandard1.0)) (&& (== net40) (>= netstandard1.3)) (== netstandard1.5) (== netstandard1.6) (== netstandard2.0)
      System.Text.Encoding.Extensions (>= 4.3) - restriction: || (&& (== net40) (>= netstandard1.3)) (== netstandard1.5) (== netstandard1.6) (== netstandard2.0)
      System.Text.RegularExpressions (>= 4.3) - restriction: || (&& (== net40) (>= netstandard1.3)) (== netstandard1.5) (== netstandard1.6) (== netstandard2.0)
      System.Threading.Tasks (>= 4.3) - restriction: || (&& (== net40) (>= netstandard1.0)) (&& (== net40) (>= netstandard1.3)) (== netstandard1.5) (== netstandard1.6) (== netstandard2.0)
      System.Threading.Tasks.Extensions (>= 4.3) - restriction: || (&& (== net40) (>= netstandard1.3)) (== netstandard1.5) (== netstandard1.6) (== netstandard2.0)
    System.Xml.XDocument (4.3) - restriction: || (&& (== net40) (== netstandard2.0)) (&& (== net40) (< net35) (>= netstandard1.5)) (&& (== net40) (< net35) (>= netstandard1.6)) (&& (== net40) (>= netstandard1.5) (>= uap10.0)) (&& (== net40) (>= netstandard1.6) (>= uap10.0)) (&& (== net45) (== netstandard2.0)) (&& (== net45) (< net35) (>= netstandard1.5)) (&& (== net45) (< net35) (>= netstandard1.6)) (&& (== net45) (>= netstandard1.5) (>= uap10.0)) (&& (== net45) (>= netstandard1.6) (>= uap10.0)) (== netstandard1.5) (== netstandard1.6) (&& (== netstandard2.0) (< netstandard1.2)) (&& (== netstandard2.0) (< netstandard1.3)) (&& (== netstandard2.0) (< netstandard1.4)) (&& (== netstandard2.0) (< netstandard1.5)) (&& (== netstandard2.0) (< netstandard1.6)) (&& (== netstandard2.0) (< portable-net45+win8+wpa81))
      System.Collections (>= 4.3) - restriction: || (&& (== net40) (>= netstandard1.3)) (== netstandard1.5) (== netstandard1.6) (== netstandard2.0)
      System.Diagnostics.Debug (>= 4.3) - restriction: || (&& (== net40) (>= netstandard1.3)) (== netstandard1.5) (== netstandard1.6) (== netstandard2.0)
      System.Diagnostics.Tools (>= 4.3) - restriction: || (&& (== net40) (>= netstandard1.3)) (== netstandard1.5) (== netstandard1.6) (== netstandard2.0)
      System.Globalization (>= 4.3) - restriction: || (&& (== net40) (>= netstandard1.3)) (== netstandard1.5) (== netstandard1.6) (== netstandard2.0)
      System.IO (>= 4.3) - restriction: || (&& (== net40) (>= netstandard1.0)) (&& (== net40) (>= netstandard1.3)) (== netstandard1.5) (== netstandard1.6) (== netstandard2.0)
      System.Reflection (>= 4.3) - restriction: || (&& (== net40) (>= netstandard1.3)) (== netstandard1.5) (== netstandard1.6) (== netstandard2.0)
      System.Resources.ResourceManager (>= 4.3) - restriction: || (&& (== net40) (>= netstandard1.3)) (== netstandard1.5) (== netstandard1.6) (== netstandard2.0)
      System.Runtime (>= 4.3) - restriction: || (&& (== net40) (>= netstandard1.0)) (&& (== net40) (>= netstandard1.3)) (== netstandard1.5) (== netstandard1.6) (== netstandard2.0)
      System.Runtime.Extensions (>= 4.3) - restriction: || (&& (== net40) (>= netstandard1.3)) (== netstandard1.5) (== netstandard1.6) (== netstandard2.0)
      System.Text.Encoding (>= 4.3) - restriction: || (&& (== net40) (>= netstandard1.3)) (== netstandard1.5) (== netstandard1.6) (== netstandard2.0)
      System.Threading (>= 4.3) - restriction: || (&& (== net40) (>= netstandard1.3)) (== netstandard1.5) (== netstandard1.6) (== netstandard2.0)
      System.Xml.ReaderWriter (>= 4.3) - restriction: || (&& (== net40) (>= netstandard1.0)) (&& (== net40) (>= netstandard1.3)) (== netstandard1.5) (== netstandard1.6) (== netstandard2.0)
    System.Xml.XmlDocument (4.3) - restriction: || (&& (== net40) (< net20) (>= netstandard1.3)) (&& (== net40) (< net35) (>= netstandard1.6)) (&& (== net45) (< net20) (>= netstandard1.3)) (&& (== net45) (< net35) (>= netstandard1.6)) (== netstandard1.5) (== netstandard1.6) (== netstandard2.0)
      System.Collections (>= 4.3) - restriction: || (&& (== net40) (>= netstandard1.3)) (&& (== net45) (>= netstandard1.3)) (== netstandard1.5) (== netstandard1.6) (== netstandard2.0)
      System.Diagnostics.Debug (>= 4.3) - restriction: || (&& (== net40) (>= netstandard1.3)) (&& (== net45) (>= netstandard1.3)) (== netstandard1.5) (== netstandard1.6) (== netstandard2.0)
      System.Globalization (>= 4.3) - restriction: || (&& (== net40) (>= netstandard1.3)) (&& (== net45) (>= netstandard1.3)) (== netstandard1.5) (== netstandard1.6) (== netstandard2.0)
      System.IO (>= 4.3) - restriction: || (&& (== net40) (>= netstandard1.3)) (&& (== net45) (>= netstandard1.3)) (== netstandard1.5) (== netstandard1.6) (== netstandard2.0)
      System.Resources.ResourceManager (>= 4.3) - restriction: || (&& (== net40) (>= netstandard1.3)) (&& (== net45) (>= netstandard1.3)) (== netstandard1.5) (== netstandard1.6) (== netstandard2.0)
      System.Runtime (>= 4.3) - restriction: || (&& (== net40) (>= netstandard1.3)) (&& (== net45) (>= netstandard1.3)) (== netstandard1.5) (== netstandard1.6) (== netstandard2.0)
      System.Runtime.Extensions (>= 4.3) - restriction: || (&& (== net40) (>= netstandard1.3)) (&& (== net45) (>= netstandard1.3)) (== netstandard1.5) (== netstandard1.6) (== netstandard2.0)
      System.Text.Encoding (>= 4.3) - restriction: || (&& (== net40) (>= netstandard1.3)) (&& (== net45) (>= netstandard1.3)) (== netstandard1.5) (== netstandard1.6) (== netstandard2.0)
      System.Threading (>= 4.3) - restriction: || (&& (== net40) (>= netstandard1.3)) (&& (== net45) (>= netstandard1.3)) (== netstandard1.5) (== netstandard1.6) (== netstandard2.0)
      System.Xml.ReaderWriter (>= 4.3) - restriction: || (&& (== net40) (>= netstandard1.3)) (&& (== net45) (>= netstandard1.3)) (== netstandard1.5) (== netstandard1.6) (== netstandard2.0)
    System.Xml.XmlSerializer (4.3) - restriction: || (&& (== net40) (== netstandard2.0)) (&& (== net40) (< net20) (>= netstandard1.6)) (&& (== net45) (== netstandard2.0)) (&& (== net45) (< net20) (>= netstandard1.6)) (&& (== netstandard1.5) (== netstandard2.0)) (&& (== netstandard1.5) (>= netstandard1.6)) (== netstandard1.6)
      System.Collections (>= 4.3) - restriction: || (&& (== net40) (>= netstandard1.3)) (== netstandard1.5) (== netstandard1.6) (== netstandard2.0)
      System.Globalization (>= 4.3) - restriction: || (&& (== net40) (>= netstandard1.3)) (== netstandard1.5) (== netstandard1.6) (== netstandard2.0)
      System.IO (>= 4.3) - restriction: || (&& (== net40) (>= netstandard1.0)) (&& (== net40) (>= netstandard1.3)) (== netstandard1.5) (== netstandard1.6) (== netstandard2.0)
      System.Linq (>= 4.3) - restriction: || (&& (== net40) (>= netstandard1.3)) (== netstandard1.5) (== netstandard1.6) (== netstandard2.0)
      System.Reflection (>= 4.3) - restriction: || (&& (== net40) (>= netstandard1.3)) (== netstandard1.5) (== netstandard1.6) (== netstandard2.0)
      System.Reflection.Emit (>= 4.3) - restriction: || (&& (== net40) (>= netstandard1.3)) (== netstandard1.5) (== netstandard1.6) (== netstandard2.0)
      System.Reflection.Emit.ILGeneration (>= 4.3) - restriction: || (&& (== net40) (>= netstandard1.3)) (== netstandard1.5) (== netstandard1.6) (== netstandard2.0)
      System.Reflection.Extensions (>= 4.3) - restriction: || (&& (== net40) (>= netstandard1.3)) (== netstandard1.5) (== netstandard1.6) (== netstandard2.0)
      System.Reflection.Primitives (>= 4.3) - restriction: || (&& (== net40) (>= netstandard1.3)) (== netstandard1.5) (== netstandard1.6) (== netstandard2.0)
      System.Reflection.TypeExtensions (>= 4.3) - restriction: || (&& (== net40) (>= netstandard1.3)) (== netstandard1.5) (== netstandard1.6) (== netstandard2.0)
      System.Resources.ResourceManager (>= 4.3) - restriction: || (&& (== net40) (>= netstandard1.3)) (== netstandard1.5) (== netstandard1.6) (== netstandard2.0)
      System.Runtime (>= 4.3) - restriction: || (&& (== net40) (>= netstandard1.0)) (&& (== net40) (>= netstandard1.3)) (== netstandard1.5) (== netstandard1.6) (== netstandard2.0)
      System.Runtime.Extensions (>= 4.3) - restriction: || (&& (== net40) (>= netstandard1.3)) (== netstandard1.5) (== netstandard1.6) (== netstandard2.0)
      System.Text.RegularExpressions (>= 4.3) - restriction: || (&& (== net40) (>= netstandard1.3)) (== netstandard1.5) (== netstandard1.6) (== netstandard2.0)
      System.Threading (>= 4.3) - restriction: || (&& (== net40) (>= netstandard1.3)) (== netstandard1.5) (== netstandard1.6) (== netstandard2.0)
      System.Xml.ReaderWriter (>= 4.3) - restriction: || (&& (== net40) (>= netstandard1.0)) (&& (== net40) (>= netstandard1.3)) (== netstandard1.5) (== netstandard1.6) (== netstandard2.0)
      System.Xml.XmlDocument (>= 4.3) - restriction: || (&& (== net40) (>= netstandard1.3)) (== netstandard1.5) (== netstandard1.6) (== netstandard2.0)
