STORAGE: NONE
RESTRICTION: == net45
NUGET
  remote: ../../../../dist
    Axle.Core (1.6.2462.18735)
    Axle.Resources (1.6.2462.18735)
      Axle.Core (>= 1.6.2462.18735)
    Axle.Resources.Java (1.6.2462.18735)
      Axle.Resources (>= 1.6.2462.18735)
      Kajabity.Tools.Java (>= 0.2.6862.30334)
  remote: https://api.nuget.org/v3/index.json
    Kajabity.Tools.Java (0.2.6862.30334)
    NUnit (3.12)
    NUnit3TestAdapter (3.15.1)
