STORAGE: NONE
RESTRICTION: || (== net461) (== netstandard2.0)
NUGET
  remote: ../../../../dist
    Axle.Configuration (1.5.2387.20280)
      Axle.Core (>= 1.5.2383.23057)
      System.Configuration.ConfigurationManager (>= 4.5) - restriction: || (&& (== net461) (< net35) (>= netstandard2.0)) (== netstandard2.0)
    Axle.Core (1.5.2387.20280)
  remote: https://api.nuget.org/v3/index.json
    System.Buffers (4.5) - restriction: || (&& (== net461) (>= monoandroid) (>= netstandard2.0)) (&& (== net461) (>= monotouch) (>= netstandard2.0)) (&& (== net461) (< net35) (>= netstandard2.0)) (&& (== net461) (< netstandard1.1) (>= netstandard2.0) (>= win8)) (&& (== net461) (>= netstandard2.0) (>= wpa81)) (&& (== net461) (>= netstandard2.0) (>= xamarintvos)) (&& (== net461) (>= netstandard2.0) (>= xamarinwatchos)) (&& (== net461) (>= xamarinios)) (&& (== net461) (>= xamarinmac)) (== netstandard2.0)
    System.Configuration.ConfigurationManager (4.5) - restriction: || (&& (== net461) (< net35) (>= netstandard2.0)) (== netstandard2.0)
      System.Security.Cryptography.ProtectedData (>= 4.5) - restriction: == netstandard2.0
      System.Security.Permissions (>= 4.5)
    System.Memory (4.5.3) - restriction: || (&& (== net461) (< net35) (>= netstandard2.0)) (== netstandard2.0)
      System.Buffers (>= 4.4)
      System.Numerics.Vectors (>= 4.4)
      System.Runtime.CompilerServices.Unsafe (>= 4.5.2)
    System.Numerics.Vectors (4.5) - restriction: || (&& (== net461) (< net35) (>= netstandard2.0)) (== netstandard2.0)
    System.Runtime.CompilerServices.Unsafe (4.5.2) - restriction: || (&& (== net461) (>= monoandroid) (>= netstandard2.0)) (&& (== net461) (>= monotouch) (>= netstandard2.0)) (&& (== net461) (< net35) (>= netstandard2.0)) (&& (== net461) (>= netcoreapp2.0)) (&& (== net461) (< netstandard1.1) (>= netstandard2.0) (>= win8)) (&& (== net461) (>= netstandard2.0) (>= uap10.1)) (&& (== net461) (>= netstandard2.0) (>= wpa81)) (&& (== net461) (>= netstandard2.0) (>= xamarintvos)) (&& (== net461) (>= netstandard2.0) (>= xamarinwatchos)) (&& (== net461) (>= xamarinios)) (&& (== net461) (>= xamarinmac)) (== netstandard2.0)
    System.Security.AccessControl (4.5) - restriction: || (&& (== net461) (>= monoandroid) (>= netstandard2.0)) (&& (== net461) (>= monotouch) (>= netstandard2.0)) (&& (== net461) (< net35) (>= netstandard2.0)) (&& (== net461) (>= netstandard2.0) (>= xamarintvos)) (&& (== net461) (>= netstandard2.0) (>= xamarinwatchos)) (== netstandard2.0)
      System.Security.Principal.Windows (>= 4.5)
    System.Security.Cryptography.ProtectedData (4.5) - restriction: || (&& (== net461) (< net35) (>= netstandard2.0)) (== netstandard2.0)
      System.Memory (>= 4.5) - restriction: || (&& (== net461) (< net46) (>= netstandard2.0)) (== netstandard2.0)
    System.Security.Permissions (4.5) - restriction: || (&& (== net461) (>= monoandroid) (>= netstandard2.0)) (&& (== net461) (>= monotouch) (>= netstandard2.0)) (&& (== net461) (< net35) (>= netstandard2.0)) (&& (== net461) (>= netstandard2.0) (>= xamarintvos)) (&& (== net461) (>= netstandard2.0) (>= xamarinwatchos)) (== netstandard2.0)
      System.Security.AccessControl (>= 4.5)
    System.Security.Principal.Windows (4.5.1) - restriction: || (&& (== net461) (>= monoandroid) (>= netstandard2.0)) (&& (== net461) (>= monotouch) (>= netstandard2.0)) (&& (== net461) (< net35) (>= netstandard2.0)) (&& (== net461) (>= netcoreapp2.0)) (&& (== net461) (>= netstandard2.0) (>= xamarintvos)) (&& (== net461) (>= netstandard2.0) (>= xamarinwatchos)) (== netstandard2.0)

GROUP netstandard
STORAGE: NONE
RESTRICTION: || (== net461) (== netstandard1.1) (== netstandard1.2) (== netstandard1.3) (== netstandard1.4) (== netstandard1.5) (== netstandard1.6) (== netstandard2.0)
NUGET
  remote: https://api.nuget.org/v3/index.json
    Microsoft.Extensions.Configuration (2.2) - restriction: || (&& (== net461) (>= netstandard2.0)) (&& (== netstandard1.1) (>= netstandard2.0)) (&& (== netstandard1.2) (>= netstandard2.0)) (&& (== netstandard1.3) (>= netstandard2.0)) (&& (== netstandard1.4) (>= netstandard2.0)) (&& (== netstandard1.5) (>= netstandard2.0)) (&& (== netstandard1.6) (>= netstandard2.0)) (== netstandard2.0)
      Microsoft.Extensions.Configuration.Abstractions (>= 2.2) - restriction: || (&& (== net461) (>= netstandard2.0)) (&& (== netstandard1.1) (>= netstandard2.0)) (&& (== netstandard1.2) (>= netstandard2.0)) (&& (== netstandard1.3) (>= netstandard2.0)) (&& (== netstandard1.4) (>= netstandard2.0)) (&& (== netstandard1.5) (>= netstandard2.0)) (&& (== netstandard1.6) (>= netstandard2.0)) (== netstandard2.0)
    Microsoft.Extensions.Configuration.Abstractions (2.2) - restriction: || (&& (== net461) (>= netstandard2.0)) (&& (== netstandard1.1) (>= netstandard2.0)) (&& (== netstandard1.2) (>= netstandard2.0)) (&& (== netstandard1.3) (>= netstandard2.0)) (&& (== netstandard1.4) (>= netstandard2.0)) (&& (== netstandard1.5) (>= netstandard2.0)) (&& (== netstandard1.6) (>= netstandard2.0)) (== netstandard2.0)
      Microsoft.Extensions.Primitives (>= 2.2) - restriction: || (&& (== net461) (>= netstandard2.0)) (&& (== netstandard1.1) (>= netstandard2.0)) (&& (== netstandard1.2) (>= netstandard2.0)) (&& (== netstandard1.3) (>= netstandard2.0)) (&& (== netstandard1.4) (>= netstandard2.0)) (&& (== netstandard1.5) (>= netstandard2.0)) (&& (== netstandard1.6) (>= netstandard2.0)) (== netstandard2.0)
    Microsoft.Extensions.Configuration.FileExtensions (2.2) - restriction: || (&& (== net461) (>= netstandard2.0)) (&& (== netstandard1.1) (>= netstandard2.0)) (&& (== netstandard1.2) (>= netstandard2.0)) (&& (== netstandard1.3) (>= netstandard2.0)) (&& (== netstandard1.4) (>= netstandard2.0)) (&& (== netstandard1.5) (>= netstandard2.0)) (&& (== netstandard1.6) (>= netstandard2.0)) (== netstandard2.0)
      Microsoft.Extensions.Configuration (>= 2.2) - restriction: || (&& (== net461) (>= netstandard2.0)) (&& (== netstandard1.1) (>= netstandard2.0)) (&& (== netstandard1.2) (>= netstandard2.0)) (&& (== netstandard1.3) (>= netstandard2.0)) (&& (== netstandard1.4) (>= netstandard2.0)) (&& (== netstandard1.5) (>= netstandard2.0)) (&& (== netstandard1.6) (>= netstandard2.0)) (== netstandard2.0)
      Microsoft.Extensions.FileProviders.Physical (>= 2.2) - restriction: || (&& (== net461) (>= netstandard2.0)) (&& (== netstandard1.1) (>= netstandard2.0)) (&& (== netstandard1.2) (>= netstandard2.0)) (&& (== netstandard1.3) (>= netstandard2.0)) (&& (== netstandard1.4) (>= netstandard2.0)) (&& (== netstandard1.5) (>= netstandard2.0)) (&& (== netstandard1.6) (>= netstandard2.0)) (== netstandard2.0)
    Microsoft.Extensions.Configuration.Json (2.2)
      Microsoft.Extensions.Configuration (>= 2.2) - restriction: || (&& (== net461) (>= netstandard2.0)) (&& (== netstandard1.1) (>= netstandard2.0)) (&& (== netstandard1.2) (>= netstandard2.0)) (&& (== netstandard1.3) (>= netstandard2.0)) (&& (== netstandard1.4) (>= netstandard2.0)) (&& (== netstandard1.5) (>= netstandard2.0)) (&& (== netstandard1.6) (>= netstandard2.0)) (== netstandard2.0)
      Microsoft.Extensions.Configuration.FileExtensions (>= 2.2) - restriction: || (&& (== net461) (>= netstandard2.0)) (&& (== netstandard1.1) (>= netstandard2.0)) (&& (== netstandard1.2) (>= netstandard2.0)) (&& (== netstandard1.3) (>= netstandard2.0)) (&& (== netstandard1.4) (>= netstandard2.0)) (&& (== netstandard1.5) (>= netstandard2.0)) (&& (== netstandard1.6) (>= netstandard2.0)) (== netstandard2.0)
      Newtonsoft.Json (>= 11.0.2) - restriction: || (&& (== net461) (>= netstandard2.0)) (&& (== netstandard1.1) (>= netstandard2.0)) (&& (== netstandard1.2) (>= netstandard2.0)) (&& (== netstandard1.3) (>= netstandard2.0)) (&& (== netstandard1.4) (>= netstandard2.0)) (&& (== netstandard1.5) (>= netstandard2.0)) (&& (== netstandard1.6) (>= netstandard2.0)) (== netstandard2.0)
    Microsoft.Extensions.FileProviders.Abstractions (2.2) - restriction: || (&& (== net461) (>= netstandard2.0)) (&& (== netstandard1.1) (>= netstandard2.0)) (&& (== netstandard1.2) (>= netstandard2.0)) (&& (== netstandard1.3) (>= netstandard2.0)) (&& (== netstandard1.4) (>= netstandard2.0)) (&& (== netstandard1.5) (>= netstandard2.0)) (&& (== netstandard1.6) (>= netstandard2.0)) (== netstandard2.0)
      Microsoft.Extensions.Primitives (>= 2.2) - restriction: || (&& (== net461) (>= netstandard2.0)) (&& (== netstandard1.1) (>= netstandard2.0)) (&& (== netstandard1.2) (>= netstandard2.0)) (&& (== netstandard1.3) (>= netstandard2.0)) (&& (== netstandard1.4) (>= netstandard2.0)) (&& (== netstandard1.5) (>= netstandard2.0)) (&& (== netstandard1.6) (>= netstandard2.0)) (== netstandard2.0)
    Microsoft.Extensions.FileProviders.Physical (2.2) - restriction: || (&& (== net461) (>= netstandard2.0)) (&& (== netstandard1.1) (>= netstandard2.0)) (&& (== netstandard1.2) (>= netstandard2.0)) (&& (== netstandard1.3) (>= netstandard2.0)) (&& (== netstandard1.4) (>= netstandard2.0)) (&& (== netstandard1.5) (>= netstandard2.0)) (&& (== netstandard1.6) (>= netstandard2.0)) (== netstandard2.0)
      Microsoft.Extensions.FileProviders.Abstractions (>= 2.2) - restriction: || (&& (== net461) (>= netstandard2.0)) (&& (== netstandard1.1) (>= netstandard2.0)) (&& (== netstandard1.2) (>= netstandard2.0)) (&& (== netstandard1.3) (>= netstandard2.0)) (&& (== netstandard1.4) (>= netstandard2.0)) (&& (== netstandard1.5) (>= netstandard2.0)) (&& (== netstandard1.6) (>= netstandard2.0)) (== netstandard2.0)
      Microsoft.Extensions.FileSystemGlobbing (>= 2.2) - restriction: || (&& (== net461) (>= netstandard2.0)) (&& (== netstandard1.1) (>= netstandard2.0)) (&& (== netstandard1.2) (>= netstandard2.0)) (&& (== netstandard1.3) (>= netstandard2.0)) (&& (== netstandard1.4) (>= netstandard2.0)) (&& (== netstandard1.5) (>= netstandard2.0)) (&& (== netstandard1.6) (>= netstandard2.0)) (== netstandard2.0)
    Microsoft.Extensions.FileSystemGlobbing (2.2) - restriction: || (&& (== net461) (>= netstandard2.0)) (&& (== netstandard1.1) (>= netstandard2.0)) (&& (== netstandard1.2) (>= netstandard2.0)) (&& (== netstandard1.3) (>= netstandard2.0)) (&& (== netstandard1.4) (>= netstandard2.0)) (&& (== netstandard1.5) (>= netstandard2.0)) (&& (== netstandard1.6) (>= netstandard2.0)) (== netstandard2.0)
    Microsoft.Extensions.Primitives (2.2) - restriction: || (&& (== net461) (>= netstandard2.0)) (&& (== netstandard1.1) (>= netstandard2.0)) (&& (== netstandard1.2) (>= netstandard2.0)) (&& (== netstandard1.3) (>= netstandard2.0)) (&& (== netstandard1.4) (>= netstandard2.0)) (&& (== netstandard1.5) (>= netstandard2.0)) (&& (== netstandard1.6) (>= netstandard2.0)) (== netstandard2.0)
      System.Memory (>= 4.5.1) - restriction: || (&& (== net461) (>= netstandard2.0)) (&& (== netstandard1.1) (>= netstandard2.0)) (&& (== netstandard1.2) (>= netstandard2.0)) (&& (== netstandard1.3) (>= netstandard2.0)) (&& (== netstandard1.4) (>= netstandard2.0)) (&& (== netstandard1.5) (>= netstandard2.0)) (&& (== netstandard1.6) (>= netstandard2.0)) (== netstandard2.0)
      System.Runtime.CompilerServices.Unsafe (>= 4.5.1) - restriction: || (&& (== net461) (>= netstandard2.0)) (&& (== netstandard1.1) (>= netstandard2.0)) (&& (== netstandard1.2) (>= netstandard2.0)) (&& (== netstandard1.3) (>= netstandard2.0)) (&& (== netstandard1.4) (>= netstandard2.0)) (&& (== netstandard1.5) (>= netstandard2.0)) (&& (== netstandard1.6) (>= netstandard2.0)) (== netstandard2.0)
    Newtonsoft.Json (12.0.2) - restriction: || (&& (== net461) (>= netstandard2.0)) (&& (== netstandard1.1) (>= netstandard2.0)) (&& (== netstandard1.2) (>= netstandard2.0)) (&& (== netstandard1.3) (>= netstandard2.0)) (&& (== netstandard1.4) (>= netstandard2.0)) (&& (== netstandard1.5) (>= netstandard2.0)) (&& (== netstandard1.6) (>= netstandard2.0)) (== netstandard2.0)
    System.Buffers (4.5) - restriction: || (&& (== net461) (>= netstandard2.0)) (&& (== net461) (>= xamarinios)) (&& (== net461) (>= xamarinmac)) (&& (== netstandard1.1) (>= netstandard2.0)) (&& (== netstandard1.1) (>= xamarinios)) (&& (== netstandard1.1) (>= xamarinmac)) (&& (== netstandard1.2) (>= netstandard2.0)) (&& (== netstandard1.2) (>= xamarinios)) (&& (== netstandard1.2) (>= xamarinmac)) (&& (== netstandard1.3) (>= netstandard2.0)) (&& (== netstandard1.3) (>= xamarinios)) (&& (== netstandard1.3) (>= xamarinmac)) (&& (== netstandard1.4) (>= netstandard2.0)) (&& (== netstandard1.4) (>= xamarinios)) (&& (== netstandard1.4) (>= xamarinmac)) (&& (== netstandard1.5) (>= netstandard2.0)) (&& (== netstandard1.5) (>= xamarinios)) (&& (== netstandard1.5) (>= xamarinmac)) (&& (== netstandard1.6) (>= netstandard2.0)) (&& (== netstandard1.6) (>= xamarinios)) (&& (== netstandard1.6) (>= xamarinmac)) (== netstandard2.0)
    System.Memory (4.5.3) - restriction: || (&& (== net461) (>= netstandard2.0)) (&& (== netstandard1.1) (>= netstandard2.0)) (&& (== netstandard1.2) (>= netstandard2.0)) (&& (== netstandard1.3) (>= netstandard2.0)) (&& (== netstandard1.4) (>= netstandard2.0)) (&& (== netstandard1.5) (>= netstandard2.0)) (&& (== netstandard1.6) (>= netstandard2.0)) (== netstandard2.0)
      System.Buffers (>= 4.4)
      System.Numerics.Vectors (>= 4.4) - restriction: || (== net461) (&& (== netstandard1.1) (>= net461)) (&& (== netstandard1.1) (>= netstandard2.0)) (&& (== netstandard1.2) (>= net461)) (&& (== netstandard1.2) (>= netstandard2.0)) (&& (== netstandard1.3) (>= net461)) (&& (== netstandard1.3) (>= netstandard2.0)) (&& (== netstandard1.4) (>= net461)) (&& (== netstandard1.4) (>= netstandard2.0)) (&& (== netstandard1.5) (>= net461)) (&& (== netstandard1.5) (>= netstandard2.0)) (&& (== netstandard1.6) (>= net461)) (&& (== netstandard1.6) (>= netstandard2.0)) (== netstandard2.0)
      System.Runtime.CompilerServices.Unsafe (>= 4.5.2)
    System.Numerics.Vectors (4.5) - restriction: || (&& (== net461) (>= netstandard2.0)) (&& (== netstandard1.1) (>= netstandard2.0)) (&& (== netstandard1.2) (>= netstandard2.0)) (&& (== netstandard1.3) (>= netstandard2.0)) (&& (== netstandard1.4) (>= netstandard2.0)) (&& (== netstandard1.5) (>= netstandard2.0)) (&& (== netstandard1.6) (>= netstandard2.0)) (== netstandard2.0)
    System.Runtime.CompilerServices.Unsafe (4.5.2) - restriction: || (&& (== net461) (>= netcoreapp2.0)) (&& (== net461) (>= netstandard2.0)) (&& (== net461) (>= xamarinios)) (&& (== net461) (>= xamarinmac)) (&& (== netstandard1.1) (>= netcoreapp2.0)) (&& (== netstandard1.1) (>= netstandard2.0)) (&& (== netstandard1.1) (>= xamarinios)) (&& (== netstandard1.1) (>= xamarinmac)) (&& (== netstandard1.2) (>= netcoreapp2.0)) (&& (== netstandard1.2) (>= netstandard2.0)) (&& (== netstandard1.2) (>= xamarinios)) (&& (== netstandard1.2) (>= xamarinmac)) (&& (== netstandard1.3) (>= netcoreapp2.0)) (&& (== netstandard1.3) (>= netstandard2.0)) (&& (== netstandard1.3) (>= xamarinios)) (&& (== netstandard1.3) (>= xamarinmac)) (&& (== netstandard1.4) (>= netcoreapp2.0)) (&& (== netstandard1.4) (>= netstandard2.0)) (&& (== netstandard1.4) (>= xamarinios)) (&& (== netstandard1.4) (>= xamarinmac)) (&& (== netstandard1.5) (>= netcoreapp2.0)) (&& (== netstandard1.5) (>= netstandard2.0)) (&& (== netstandard1.5) (>= xamarinios)) (&& (== netstandard1.5) (>= xamarinmac)) (&& (== netstandard1.6) (>= netcoreapp2.0)) (&& (== netstandard1.6) (>= netstandard2.0)) (&& (== netstandard1.6) (>= xamarinios)) (&& (== netstandard1.6) (>= xamarinmac)) (== netstandard2.0)
