STORAGE: NONE
RESTRICTION: || (== net40) (== net45) (== net46) (== netstandard2.0)
NUGET
  remote: ../../../../dist
    Axle.Application (1.5.1.54)
      Axle.Core (>= 1.5.1)
    Axle.Core (1.5.1.33)
  remote: ../../../../../forest/dist
    Forest.Core (2.0.0.139)
      FSharp.Core (>= 4.5)
  remote: https://www.nuget.org/api/v2
    FSharp.Core (4.5.2)

GROUP build
NUGET
  remote: ../../../../submodules/mason/dist
    Mason.Targets.Packager (0.2.0.41)
    Mason.Targets.Preprocessor (0.2.0.78)
    Mason.Targets.Verman (0.2.0.51)
