STORAGE: NONE
RESTRICTION: == net45
NUGET
  remote: ../../../../dist
    Axle.Core (1.6.2462.18735)
    Axle.Resources (1.6.2462.18735)
      Axle.Core (>= 1.6.2462.18735)
  remote: https://api.nuget.org/v3/index.json
    NUnit (3.12)
    NUnit3TestAdapter (3.15.1)
