RESTRICTION: == net45
NUGET
  remote: ../../../../dist
    Axle.Core (1.5.0.70)
    Axle.Resources (1.5.0.53)
      Axle.Core (>= 1.5)

GROUP test
NUGET
  remote: https://www.nuget.org/api/v2
    NUnit (3.6.1) - restriction: == net45
