FRAMEWORK: NET45
NUGET
  remote: ../../../../dist
    Axle.Core (1.5.0.72)
    Axle.Resources (1.5.0.64)
      Axle.Core (>= 1.5)

GROUP test
NUGET
  remote: https://www.nuget.org/api/v2
    NUnit (3.9) - framework: net45
