RESTRICTION: == net45
NUGET
  remote: ../../../../dist
    Axle.Core (1.5.1.46)
    Axle.Resources (1.5.1.27)
      Axle.Core (>= 1.5.1)

GROUP test
NUGET
  remote: https://www.nuget.org/api/v2
    NUnit (3.10.1) - restriction: == net45
