RESTRICTION: || (== net35) (== net40) (== net45) (== netstandard2.0)
NUGET
  remote: ../../../../dist
    Axle.Core (1.5.1.5)
  remote: https://www.nuget.org/api/v2
    System.Configuration.ConfigurationManager (4.4.1) - restriction: == netstandard2.0
      System.Security.Cryptography.ProtectedData (>= 4.4) - restriction: || (&& (== net35) (>= netcoreapp2.0)) (&& (== net35) (>= netstandard2.0)) (&& (== net40) (>= netcoreapp2.0)) (&& (== net40) (>= netstandard2.0)) (&& (== net45) (>= netcoreapp2.0)) (&& (== net45) (>= netstandard2.0)) (== netstandard2.0)
    System.Security.Cryptography.ProtectedData (4.4) - restriction: == netstandard2.0
    System.Xml.XmlSerializer (4.3) - restriction: || (&& (== net35) (== netstandard1.6)) (&& (== net40) (== netstandard1.6)) (&& (== net45) (== netstandard1.6)) (&& (== netstandard1.6) (== netstandard2.0))

GROUP build
NUGET
  remote: ../../../../submodules/mason/dist
    Mason.Targets.Packager (0.1.1.26)
    Mason.Targets.Preprocessor (0.1.1.13)
    Mason.Targets.Verman (0.1.1.13)
