RESTRICTION: || (== net35) (== net40) (== net45) (== netstandard2.0)
NUGET
  remote: ../../../../dist
    Axle.Core (1.5.1.33)
      System.Threading.Tasks.Unofficial (>= 3.1) - restriction: || (== net35) (&& (== net45) (< net40) (< netstandard1.0)) (&& (== netstandard2.0) (>= net35) (< netstandard1.0))
    System.Threading.Tasks.Unofficial (3.1.0) - restriction: || (== net35) (&& (== net40) (== netstandard2.0)) (&& (== net45) (== netstandard2.0) (< netstandard1.0)) (&& (== net45) (< net40) (< netstandard1.0)) (&& (== netstandard2.0) (>= net35) (< netstandard1.0))
  remote: https://www.nuget.org/api/v2
    System.Buffers (4.5) - restriction: == netstandard2.0
    System.Configuration.ConfigurationManager (4.5) - restriction: == netstandard2.0
      System.Security.Cryptography.ProtectedData (>= 4.5) - restriction: || (&& (== net35) (>= netstandard2.0)) (&& (== net40) (>= netstandard2.0)) (&& (== net45) (>= netstandard2.0)) (== netstandard2.0)
      System.Security.Permissions (>= 4.5) - restriction: || (&& (== net35) (>= monoandroid)) (&& (== net35) (>= monotouch)) (&& (== net35) (>= net461)) (&& (== net35) (>= netstandard2.0)) (&& (== net35) (>= xamarinios)) (&& (== net35) (>= xamarinmac)) (&& (== net35) (>= xamarintvos)) (&& (== net35) (>= xamarinwatchos)) (&& (== net40) (>= monoandroid)) (&& (== net40) (>= monotouch)) (&& (== net40) (>= net461)) (&& (== net40) (>= netstandard2.0)) (&& (== net40) (>= xamarinios)) (&& (== net40) (>= xamarinmac)) (&& (== net40) (>= xamarintvos)) (&& (== net40) (>= xamarinwatchos)) (&& (== net45) (>= monoandroid)) (&& (== net45) (>= monotouch)) (&& (== net45) (>= net461)) (&& (== net45) (>= netstandard2.0)) (&& (== net45) (>= xamarinios)) (&& (== net45) (>= xamarinmac)) (&& (== net45) (>= xamarintvos)) (&& (== net45) (>= xamarinwatchos)) (== netstandard2.0)
    System.Memory (4.5.1) - restriction: == netstandard2.0
      System.Buffers (>= 4.4) - restriction: || (&& (== net35) (>= monoandroid)) (&& (== net35) (>= monotouch)) (&& (== net35) (>= net45)) (&& (== net35) (>= net461)) (&& (== net35) (>= netstandard1.1)) (&& (== net35) (>= netstandard2.0)) (&& (== net35) (>= portable-net45+win8+wpa81)) (&& (== net35) (>= win8)) (&& (== net35) (>= wpa81)) (&& (== net35) (>= xamarinios)) (&& (== net35) (>= xamarinmac)) (&& (== net35) (>= xamarintvos)) (&& (== net35) (>= xamarinwatchos)) (&& (== net40) (>= monoandroid)) (&& (== net40) (>= monotouch)) (&& (== net40) (>= net45)) (&& (== net40) (>= net461)) (&& (== net40) (>= netstandard1.1)) (&& (== net40) (>= netstandard2.0)) (&& (== net40) (>= portable-net45+win8+wpa81)) (&& (== net40) (>= win8)) (&& (== net40) (>= wpa81)) (&& (== net40) (>= xamarinios)) (&& (== net40) (>= xamarinmac)) (&& (== net40) (>= xamarintvos)) (&& (== net40) (>= xamarinwatchos)) (== net45) (== netstandard2.0)
      System.Numerics.Vectors (>= 4.4) - restriction: || (&& (== net35) (>= net461)) (&& (== net35) (>= netstandard2.0)) (&& (== net40) (>= net461)) (&& (== net40) (>= netstandard2.0)) (&& (== net45) (>= net461)) (== netstandard2.0)
      System.Runtime.CompilerServices.Unsafe (>= 4.5) - restriction: || (&& (== net35) (>= monoandroid)) (&& (== net35) (>= monotouch)) (&& (== net35) (>= net45)) (&& (== net35) (>= net461)) (&& (== net35) (>= netcoreapp2.0)) (&& (== net35) (>= netstandard1.1)) (&& (== net35) (>= netstandard2.0)) (&& (== net35) (>= portable-net45+win8+wpa81)) (&& (== net35) (>= uap10.1)) (&& (== net35) (>= win8)) (&& (== net35) (>= wpa81)) (&& (== net35) (>= xamarinios)) (&& (== net35) (>= xamarinmac)) (&& (== net35) (>= xamarintvos)) (&& (== net35) (>= xamarinwatchos)) (&& (== net40) (>= monoandroid)) (&& (== net40) (>= monotouch)) (&& (== net40) (>= net45)) (&& (== net40) (>= net461)) (&& (== net40) (>= netcoreapp2.0)) (&& (== net40) (>= netstandard1.1)) (&& (== net40) (>= netstandard2.0)) (&& (== net40) (>= portable-net45+win8+wpa81)) (&& (== net40) (>= uap10.1)) (&& (== net40) (>= win8)) (&& (== net40) (>= wpa81)) (&& (== net40) (>= xamarinios)) (&& (== net40) (>= xamarinmac)) (&& (== net40) (>= xamarintvos)) (&& (== net40) (>= xamarinwatchos)) (== net45) (== netstandard2.0)
    System.Numerics.Vectors (4.5) - restriction: == netstandard2.0
    System.Runtime.CompilerServices.Unsafe (4.5.1) - restriction: == netstandard2.0
    System.Security.AccessControl (4.5) - restriction: == netstandard2.0
      System.Security.Principal.Windows (>= 4.5) - restriction: || (&& (== net35) (>= net461)) (&& (== net35) (>= netcoreapp2.0)) (&& (== net35) (>= netstandard2.0)) (&& (== net40) (>= net461)) (&& (== net40) (>= netcoreapp2.0)) (&& (== net40) (>= netstandard2.0)) (&& (== net45) (>= net461)) (&& (== net45) (>= netcoreapp2.0)) (&& (== net45) (>= netstandard2.0)) (== netstandard2.0)
    System.Security.Cryptography.ProtectedData (4.5) - restriction: == netstandard2.0
      System.Memory (>= 4.5) - restriction: || (&& (== net35) (>= netstandard2.0)) (&& (== net40) (>= netstandard2.0)) (&& (== net45) (>= netstandard2.0)) (== netstandard2.0)
    System.Security.Permissions (4.5) - restriction: == netstandard2.0
      System.Security.AccessControl (>= 4.5) - restriction: || (&& (== net35) (>= net461)) (&& (== net35) (>= netstandard2.0)) (&& (== net40) (>= net461)) (&& (== net40) (>= netstandard2.0)) (&& (== net45) (>= net461)) (&& (== net45) (>= netstandard2.0)) (== netstandard2.0)
    System.Security.Principal.Windows (4.5) - restriction: == netstandard2.0
    System.Xml.XmlSerializer (4.3) - restriction: || (&& (== net35) (== netstandard1.6)) (&& (== net40) (== netstandard1.6)) (&& (== net45) (== netstandard1.6)) (&& (== netstandard1.6) (== netstandard2.0))

GROUP build
NUGET
  remote: ../../../../submodules/mason/dist
    Mason.Targets.Packager (0.2.0.41)
    Mason.Targets.Preprocessor (0.2.0.78)
    Mason.Targets.Verman (0.2.0.51)
