STORAGE: NONE
RESTRICTION: == net45
NUGET
  remote: ../../../../dist
    Axle.Core (1.5.1.46)
    Axle.Resources (1.5.1.25)
      Axle.Core (>= 1.5.1)
    Axle.Resources.Yaml (1.5.1.5)
      Axle.Core (>= 1.5.1)
      Axle.Resources (>= 1.5.1)
      YamlDotNet (>= 4.3)
  remote: https://www.nuget.org/api/v2
    Microsoft.NETCore.Platforms (2.1.1)
    NETStandard.Library (2.0.3)
      Microsoft.NETCore.Platforms (>= 1.1)
      System.Runtime.InteropServices.RuntimeInformation (>= 4.3)
    System.Resources.ResourceManager (4.3)
    System.Runtime.InteropServices.RuntimeInformation (4.3)
    YamlDotNet (5.0.1) - content: none

GROUP test
NUGET
  remote: https://www.nuget.org/api/v2
    NUnit (3.10.1) - restriction: == net45
