STORAGE: NONE
RESTRICTION: || (== net35) (== net40) (== net45) (== net461) (== netstandard2.0)
NUGET
  remote: https://api.nuget.org/v3/index.json
    Axle.Application (1.5.2396.27060)
      Axle.Configuration (>= 1.5.2396.13956)
      Axle.Resources (>= 1.5.2396.13956)
    Axle.Configuration (1.5.2396.13956)
      Axle.Core (>= 1.5.2396.13956)
      Microsoft.Extensions.Configuration.Binder (>= 2.2.4) - restriction: || (&& (== net35) (>= net461)) (&& (== net40) (< net35) (>= netstandard2.0)) (&& (== net40) (>= net461)) (&& (== net45) (< net35) (>= netstandard2.0)) (&& (== net45) (>= net461)) (== net461) (== netstandard2.0)
      Microsoft.Extensions.Configuration.FileExtensions (>= 2.2) - restriction: || (&& (== net35) (>= net461)) (&& (== net40) (< net35) (>= netstandard2.0)) (&& (== net40) (>= net461)) (&& (== net45) (< net35) (>= netstandard2.0)) (&& (== net45) (>= net461)) (== net461) (== netstandard2.0)
      System.Configuration.ConfigurationManager (>= 4.5) - restriction: || (&& (== net40) (< net35) (>= netstandard2.0)) (&& (== net45) (< net35) (>= netstandard2.0)) (&& (== net461) (< net35) (>= netstandard2.0)) (== netstandard2.0)
    Axle.Core (1.5.2396.13956)
      System.Threading.Tasks.Unofficial (>= 3.1) - restriction: || (== net35) (&& (== net45) (< net40) (< netstandard1.0)) (&& (== net461) (< net40) (< netstandard1.0)) (&& (== netstandard2.0) (>= net35) (< netstandard1.0))
    Axle.Resources (1.5.2396.13956)
      Axle.Core (>= 1.5.2396.13956)
    Microsoft.Extensions.Configuration (2.2) - restriction: || (&& (== net35) (>= net461) (>= netstandard2.0)) (&& (== net40) (< net35) (>= netstandard2.0)) (&& (== net40) (>= net461) (>= netstandard2.0)) (&& (== net45) (< net35) (>= netstandard2.0)) (&& (== net45) (>= net461) (>= netstandard2.0)) (&& (== net461) (>= netstandard2.0)) (== netstandard2.0)
      Microsoft.Extensions.Configuration.Abstractions (>= 2.2) - restriction: || (&& (== net35) (>= netstandard2.0)) (&& (== net40) (>= netstandard2.0)) (&& (== net45) (>= netstandard2.0)) (&& (== net461) (>= netstandard2.0)) (== netstandard2.0)
    Microsoft.Extensions.Configuration.Abstractions (2.2) - restriction: || (&& (== net35) (>= net461) (>= netstandard2.0)) (&& (== net40) (< net35) (>= netstandard2.0)) (&& (== net40) (>= net461) (>= netstandard2.0)) (&& (== net45) (< net35) (>= netstandard2.0)) (&& (== net45) (>= net461) (>= netstandard2.0)) (&& (== net461) (>= netstandard2.0)) (== netstandard2.0)
      Microsoft.Extensions.Primitives (>= 2.2) - restriction: || (&& (== net35) (>= netstandard2.0)) (&& (== net40) (>= netstandard2.0)) (&& (== net45) (>= netstandard2.0)) (&& (== net461) (>= netstandard2.0)) (== netstandard2.0)
    Microsoft.Extensions.Configuration.Binder (2.2.4) - restriction: || (&& (== net35) (>= net461)) (&& (== net40) (< net35) (>= netstandard2.0)) (&& (== net40) (>= net461)) (&& (== net45) (< net35) (>= netstandard2.0)) (&& (== net45) (>= net461)) (== net461) (== netstandard2.0)
      Microsoft.Extensions.Configuration (>= 2.2) - restriction: || (&& (== net35) (>= netstandard2.0)) (&& (== net40) (>= netstandard2.0)) (&& (== net45) (>= netstandard2.0)) (&& (== net461) (>= netstandard2.0)) (== netstandard2.0)
    Microsoft.Extensions.Configuration.FileExtensions (2.2) - restriction: || (&& (== net35) (>= net461)) (&& (== net40) (< net35) (>= netstandard2.0)) (&& (== net40) (>= net461)) (&& (== net45) (< net35) (>= netstandard2.0)) (&& (== net45) (>= net461)) (== net461) (== netstandard2.0)
      Microsoft.Extensions.Configuration (>= 2.2) - restriction: || (&& (== net35) (>= netstandard2.0)) (&& (== net40) (>= netstandard2.0)) (&& (== net45) (>= netstandard2.0)) (&& (== net461) (>= netstandard2.0)) (== netstandard2.0)
      Microsoft.Extensions.FileProviders.Physical (>= 2.2) - restriction: || (&& (== net35) (>= netstandard2.0)) (&& (== net40) (>= netstandard2.0)) (&& (== net45) (>= netstandard2.0)) (&& (== net461) (>= netstandard2.0)) (== netstandard2.0)
    Microsoft.Extensions.FileProviders.Abstractions (2.2) - restriction: || (&& (== net35) (>= net461) (>= netstandard2.0)) (&& (== net40) (< net35) (>= netstandard2.0)) (&& (== net40) (>= net461) (>= netstandard2.0)) (&& (== net45) (< net35) (>= netstandard2.0)) (&& (== net45) (>= net461) (>= netstandard2.0)) (&& (== net461) (>= netstandard2.0)) (== netstandard2.0)
      Microsoft.Extensions.Primitives (>= 2.2) - restriction: || (&& (== net35) (>= netstandard2.0)) (&& (== net40) (>= netstandard2.0)) (&& (== net45) (>= netstandard2.0)) (&& (== net461) (>= netstandard2.0)) (== netstandard2.0)
    Microsoft.Extensions.FileProviders.Physical (2.2) - restriction: || (&& (== net35) (>= net461) (>= netstandard2.0)) (&& (== net40) (< net35) (>= netstandard2.0)) (&& (== net40) (>= net461) (>= netstandard2.0)) (&& (== net45) (< net35) (>= netstandard2.0)) (&& (== net45) (>= net461) (>= netstandard2.0)) (&& (== net461) (>= netstandard2.0)) (== netstandard2.0)
      Microsoft.Extensions.FileProviders.Abstractions (>= 2.2) - restriction: || (&& (== net35) (>= netstandard2.0)) (&& (== net40) (>= netstandard2.0)) (&& (== net45) (>= netstandard2.0)) (&& (== net461) (>= netstandard2.0)) (== netstandard2.0)
      Microsoft.Extensions.FileSystemGlobbing (>= 2.2) - restriction: || (&& (== net35) (>= netstandard2.0)) (&& (== net40) (>= netstandard2.0)) (&& (== net45) (>= netstandard2.0)) (&& (== net461) (>= netstandard2.0)) (== netstandard2.0)
    Microsoft.Extensions.FileSystemGlobbing (2.2) - restriction: || (&& (== net35) (>= net461) (>= netstandard2.0)) (&& (== net40) (< net35) (>= netstandard2.0)) (&& (== net40) (>= net461) (>= netstandard2.0)) (&& (== net45) (< net35) (>= netstandard2.0)) (&& (== net45) (>= net461) (>= netstandard2.0)) (&& (== net461) (>= netstandard2.0)) (== netstandard2.0)
    Microsoft.Extensions.Primitives (2.2) - restriction: || (&& (== net35) (>= net461) (>= netstandard2.0)) (&& (== net40) (< net35) (>= netstandard2.0)) (&& (== net40) (>= net461) (>= netstandard2.0)) (&& (== net45) (< net35) (>= netstandard2.0)) (&& (== net45) (>= net461) (>= netstandard2.0)) (&& (== net461) (>= netstandard2.0)) (== netstandard2.0)
      System.Memory (>= 4.5.1) - restriction: || (&& (== net35) (>= netstandard2.0)) (&& (== net40) (>= netstandard2.0)) (&& (== net45) (>= netstandard2.0)) (&& (== net461) (>= netstandard2.0)) (== netstandard2.0)
      System.Runtime.CompilerServices.Unsafe (>= 4.5.1) - restriction: || (&& (== net35) (>= netstandard2.0)) (&& (== net40) (>= netstandard2.0)) (&& (== net45) (>= netstandard2.0)) (&& (== net461) (>= netstandard2.0)) (== netstandard2.0)
    Microsoft.NETCore.Platforms (2.2.2) - restriction: || (&& (== net40) (< net35) (>= netstandard1.5)) (&& (== net40) (< net35) (>= netstandard1.6)) (&& (== net40) (< net35) (>= netstandard2.0)) (&& (== net45) (< net35) (>= netstandard1.5)) (&& (== net45) (< net35) (>= netstandard1.6)) (&& (== net45) (< net35) (>= netstandard2.0)) (&& (== net461) (< net35) (>= netstandard1.5)) (&& (== net461) (< net35) (>= netstandard1.6)) (&& (== net461) (< net35) (>= netstandard2.0)) (== netstandard2.0)
    Microsoft.NETCore.Targets (2.1) - restriction: || (&& (== net40) (< net35) (>= netstandard1.5)) (&& (== net40) (< net35) (>= netstandard1.6)) (&& (== net40) (< net35) (>= netstandard2.0)) (&& (== net45) (< net35) (>= netstandard1.5)) (&& (== net45) (< net35) (>= netstandard1.6)) (&& (== net45) (< net35) (>= netstandard2.0)) (&& (== net461) (< net35) (>= netstandard1.5)) (&& (== net461) (< net35) (>= netstandard1.6)) (&& (== net461) (< net35) (>= netstandard2.0)) (== netstandard2.0)
    System.Buffers (4.5) - restriction: || (&& (== net35) (== net45) (>= netstandard2.0) (>= win8)) (&& (== net35) (== net461) (>= netstandard2.0) (>= win8)) (&& (== net40) (>= monoandroid) (>= netstandard2.0)) (&& (== net40) (>= monotouch) (>= netstandard2.0)) (&& (== net40) (< net35) (>= netstandard2.0)) (&& (== net40) (>= netstandard2.0) (>= win8)) (&& (== net40) (>= netstandard2.0) (>= wpa81)) (&& (== net40) (>= netstandard2.0) (>= xamarintvos)) (&& (== net40) (>= netstandard2.0) (>= xamarinwatchos)) (&& (== net40) (>= xamarinios)) (&& (== net40) (>= xamarinmac)) (&& (== net45) (>= monoandroid) (>= netstandard2.0)) (&& (== net45) (>= monotouch) (>= netstandard2.0)) (&& (== net45) (< net35) (>= netstandard2.0)) (&& (== net45) (< netstandard1.1) (>= netstandard2.0) (>= win8)) (&& (== net45) (>= netstandard2.0) (>= wpa81)) (&& (== net45) (>= netstandard2.0) (>= xamarintvos)) (&& (== net45) (>= netstandard2.0) (>= xamarinwatchos)) (&& (== net45) (>= xamarinios)) (&& (== net45) (>= xamarinmac)) (&& (== net461) (>= monoandroid) (>= netstandard2.0)) (&& (== net461) (>= monotouch) (>= netstandard2.0)) (&& (== net461) (< net35) (>= netstandard2.0)) (&& (== net461) (< netstandard1.1) (>= netstandard2.0) (>= win8)) (&& (== net461) (>= netstandard2.0) (>= wpa81)) (&& (== net461) (>= netstandard2.0) (>= xamarintvos)) (&& (== net461) (>= netstandard2.0) (>= xamarinwatchos)) (&& (== net461) (>= xamarinios)) (&& (== net461) (>= xamarinmac)) (== netstandard2.0)
    System.Collections (4.3) - restriction: || (&& (== net40) (< net35) (>= netstandard1.5)) (&& (== net40) (< net35) (>= netstandard1.6)) (&& (== net40) (< net35) (>= netstandard2.0)) (&& (== net45) (< net35) (>= netstandard1.5)) (&& (== net45) (< net35) (>= netstandard1.6)) (&& (== net45) (< net35) (>= netstandard2.0)) (&& (== net461) (< net35) (>= netstandard1.5)) (&& (== net461) (< net35) (>= netstandard1.6)) (&& (== net461) (< net35) (>= netstandard2.0)) (== netstandard2.0)
      Microsoft.NETCore.Platforms (>= 1.1) - restriction: || (&& (== net35) (>= netstandard1.0)) (&& (== net35) (>= netstandard1.3)) (&& (== net40) (>= netstandard1.0)) (&& (== net40) (>= netstandard1.3)) (&& (== net461) (< net45)) (== netstandard2.0)
      Microsoft.NETCore.Targets (>= 1.1) - restriction: || (&& (== net35) (>= netstandard1.0)) (&& (== net35) (>= netstandard1.3)) (&& (== net40) (>= netstandard1.0)) (&& (== net40) (>= netstandard1.3)) (&& (== net461) (< net45)) (== netstandard2.0)
      System.Runtime (>= 4.3) - restriction: || (&& (== net35) (>= netstandard1.0)) (&& (== net35) (>= netstandard1.3)) (&& (== net40) (>= netstandard1.0)) (&& (== net40) (>= netstandard1.3)) (&& (== net461) (< net45)) (== netstandard2.0)
    System.Configuration.ConfigurationManager (4.5) - restriction: || (&& (== net40) (< net35) (>= netstandard2.0)) (&& (== net45) (< net35) (>= netstandard2.0)) (&& (== net461) (< net35) (>= netstandard2.0)) (== netstandard2.0)
      System.Security.Cryptography.ProtectedData (>= 4.5) - restriction: || (&& (== net35) (>= netstandard2.0)) (&& (== net40) (>= netstandard2.0)) (&& (== net45) (>= netstandard2.0)) (== netstandard2.0)
      System.Security.Permissions (>= 4.5) - restriction: || (&& (== net35) (>= monoandroid)) (&& (== net35) (>= monotouch)) (&& (== net35) (>= net461)) (&& (== net35) (>= netstandard2.0)) (&& (== net35) (>= xamarintvos)) (&& (== net35) (>= xamarinwatchos)) (&& (== net40) (>= monoandroid)) (&& (== net40) (>= monotouch)) (&& (== net40) (>= net461)) (&& (== net40) (>= netstandard2.0)) (&& (== net40) (>= xamarintvos)) (&& (== net40) (>= xamarinwatchos)) (&& (== net45) (>= monoandroid)) (&& (== net45) (>= monotouch)) (&& (== net45) (>= net461)) (&& (== net45) (>= netstandard2.0)) (&& (== net45) (>= xamarintvos)) (&& (== net45) (>= xamarinwatchos)) (== net461) (== netstandard2.0)
    System.Data.Common (4.3) - restriction: || (&& (== net40) (< net35) (>= netstandard1.5)) (&& (== net40) (< net35) (>= netstandard1.6)) (&& (== net40) (< net35) (>= netstandard2.0)) (&& (== net45) (< net35) (>= netstandard1.5)) (&& (== net45) (< net35) (>= netstandard1.6)) (&& (== net45) (< net35) (>= netstandard2.0)) (&& (== net461) (< net35) (>= netstandard1.5)) (&& (== net461) (< net35) (>= netstandard1.6)) (&& (== net461) (< net35) (>= netstandard2.0)) (== netstandard2.0)
      System.Collections (>= 4.3) - restriction: || (&& (== net35) (>= netstandard1.2)) (&& (== net40) (>= netstandard1.2)) (&& (== net45) (>= netstandard1.2)) (&& (== net461) (< net451)) (== netstandard2.0)
      System.Globalization (>= 4.3) - restriction: || (&& (== net35) (>= netstandard1.2)) (&& (== net40) (>= netstandard1.2)) (&& (== net45) (>= netstandard1.2)) (&& (== net461) (< net451)) (== netstandard2.0)
      System.IO (>= 4.3) - restriction: || (&& (== net35) (>= netstandard1.2)) (&& (== net40) (>= netstandard1.2)) (&& (== net45) (>= netstandard1.2)) (&& (== net461) (< net451)) (== netstandard2.0)
      System.Resources.ResourceManager (>= 4.3) - restriction: || (&& (== net35) (>= netstandard1.2)) (&& (== net40) (>= netstandard1.2)) (&& (== net45) (>= netstandard1.2)) (&& (== net461) (< net451)) (== netstandard2.0)
      System.Runtime (>= 4.3) - restriction: || (&& (== net35) (>= netstandard1.2)) (&& (== net40) (>= netstandard1.2)) (&& (== net45) (>= netstandard1.2)) (&& (== net461) (< net451)) (== netstandard2.0)
      System.Runtime.Extensions (>= 4.3) - restriction: || (&& (== net35) (>= netstandard1.2)) (&& (== net40) (>= netstandard1.2)) (&& (== net45) (>= netstandard1.2)) (&& (== net461) (< net451)) (== netstandard2.0)
      System.Text.RegularExpressions (>= 4.3) - restriction: || (&& (== net35) (>= netstandard1.2)) (&& (== net40) (>= netstandard1.2)) (&& (== net45) (>= netstandard1.2)) (&& (== net461) (< net451)) (== netstandard2.0)
      System.Threading.Tasks (>= 4.3) - restriction: || (&& (== net35) (>= netstandard1.2)) (&& (== net40) (>= netstandard1.2)) (&& (== net45) (>= netstandard1.2)) (&& (== net461) (< net451)) (== netstandard2.0)
    System.Globalization (4.3) - restriction: || (&& (== net40) (< net35) (>= netstandard1.5)) (&& (== net40) (< net35) (>= netstandard1.6)) (&& (== net40) (< net35) (>= netstandard2.0)) (&& (== net45) (< net35) (>= netstandard1.5)) (&& (== net45) (< net35) (>= netstandard1.6)) (&& (== net45) (< net35) (>= netstandard2.0)) (&& (== net461) (< net35) (>= netstandard1.5)) (&& (== net461) (< net35) (>= netstandard1.6)) (&& (== net461) (< net35) (>= netstandard2.0)) (== netstandard2.0)
      Microsoft.NETCore.Platforms (>= 1.1) - restriction: || (&& (== net35) (>= netstandard1.0)) (&& (== net35) (>= netstandard1.3)) (&& (== net40) (>= netstandard1.0)) (&& (== net40) (>= netstandard1.3)) (&& (== net461) (< net45)) (== netstandard2.0)
      Microsoft.NETCore.Targets (>= 1.1) - restriction: || (&& (== net35) (>= netstandard1.0)) (&& (== net35) (>= netstandard1.3)) (&& (== net40) (>= netstandard1.0)) (&& (== net40) (>= netstandard1.3)) (&& (== net461) (< net45)) (== netstandard2.0)
      System.Runtime (>= 4.3) - restriction: || (&& (== net35) (>= netstandard1.0)) (&& (== net35) (>= netstandard1.3)) (&& (== net40) (>= netstandard1.0)) (&& (== net40) (>= netstandard1.3)) (&& (== net461) (< net45)) (== netstandard2.0)
    System.IO (4.3) - restriction: || (&& (== net40) (< net35) (>= netstandard1.5)) (&& (== net40) (< net35) (>= netstandard1.6)) (&& (== net40) (< net35) (>= netstandard2.0)) (&& (== net45) (< net35) (>= netstandard1.5)) (&& (== net45) (< net35) (>= netstandard1.6)) (&& (== net45) (< net35) (>= netstandard2.0)) (&& (== net461) (< net35) (>= netstandard1.5)) (&& (== net461) (< net35) (>= netstandard1.6)) (&& (== net461) (< net35) (>= netstandard2.0)) (== netstandard2.0)
      Microsoft.NETCore.Platforms (>= 1.1) - restriction: || (&& (== net35) (>= netstandard1.0)) (&& (== net35) (>= netstandard1.3)) (&& (== net35) (>= netstandard1.5)) (&& (== net40) (>= netstandard1.0)) (&& (== net40) (>= netstandard1.3)) (&& (== net40) (>= netstandard1.5)) (&& (== net461) (< net45)) (== netstandard2.0)
      Microsoft.NETCore.Targets (>= 1.1) - restriction: || (&& (== net35) (>= netstandard1.0)) (&& (== net35) (>= netstandard1.3)) (&& (== net35) (>= netstandard1.5)) (&& (== net40) (>= netstandard1.0)) (&& (== net40) (>= netstandard1.3)) (&& (== net40) (>= netstandard1.5)) (&& (== net461) (< net45)) (== netstandard2.0)
      System.Runtime (>= 4.3) - restriction: || (&& (== net35) (>= netstandard1.0)) (&& (== net35) (>= netstandard1.3)) (&& (== net35) (>= netstandard1.5)) (&& (== net40) (>= netstandard1.0)) (&& (== net40) (>= netstandard1.3)) (&& (== net40) (>= netstandard1.5)) (&& (== net461) (< net45)) (== netstandard2.0)
      System.Text.Encoding (>= 4.3) - restriction: || (&& (== net35) (>= netstandard1.0)) (&& (== net35) (>= netstandard1.3)) (&& (== net35) (>= netstandard1.5)) (&& (== net40) (>= netstandard1.0)) (&& (== net40) (>= netstandard1.3)) (&& (== net40) (>= netstandard1.5)) (&& (== net461) (< net45)) (== netstandard2.0)
      System.Threading.Tasks (>= 4.3) - restriction: || (&& (== net35) (>= netstandard1.0)) (&& (== net35) (>= netstandard1.3)) (&& (== net35) (>= netstandard1.5)) (&& (== net40) (>= netstandard1.0)) (&& (== net40) (>= netstandard1.3)) (&& (== net40) (>= netstandard1.5)) (&& (== net461) (< net45)) (== netstandard2.0)
    System.Memory (4.5.3) - restriction: || (&& (== net35) (>= net461) (>= netstandard2.0)) (&& (== net40) (< net35) (>= netstandard2.0)) (&& (== net40) (>= net461) (>= netstandard2.0)) (&& (== net45) (< net35) (>= netstandard2.0)) (&& (== net45) (>= net461) (>= netstandard2.0)) (&& (== net461) (>= netstandard2.0)) (== netstandard2.0)
      System.Buffers (>= 4.4) - restriction: || (&& (== net35) (>= monoandroid)) (&& (== net35) (>= monotouch)) (&& (== net35) (>= net45)) (&& (== net35) (>= net461)) (&& (== net35) (>= netstandard1.1)) (&& (== net35) (>= netstandard2.0)) (&& (== net35) (>= portable-net45+win8+wpa81)) (&& (== net35) (>= win8)) (&& (== net35) (>= wpa81)) (&& (== net35) (>= xamarinios)) (&& (== net35) (>= xamarinmac)) (&& (== net35) (>= xamarintvos)) (&& (== net35) (>= xamarinwatchos)) (&& (== net40) (>= monoandroid)) (&& (== net40) (>= monotouch)) (&& (== net40) (>= net45)) (&& (== net40) (>= net461)) (&& (== net40) (>= netstandard1.1)) (&& (== net40) (>= netstandard2.0)) (&& (== net40) (>= portable-net45+win8+wpa81)) (&& (== net40) (>= win8)) (&& (== net40) (>= wpa81)) (&& (== net40) (>= xamarinios)) (&& (== net40) (>= xamarinmac)) (&& (== net40) (>= xamarintvos)) (&& (== net40) (>= xamarinwatchos)) (== net45) (== net461) (== netstandard2.0)
      System.Numerics.Vectors (>= 4.4) - restriction: || (&& (== net35) (>= net461)) (&& (== net35) (>= netstandard2.0)) (&& (== net40) (>= net461)) (&& (== net40) (>= netstandard2.0)) (&& (== net45) (>= net461)) (== net461) (== netstandard2.0)
      System.Runtime.CompilerServices.Unsafe (>= 4.5.2) - restriction: || (&& (== net35) (>= monoandroid)) (&& (== net35) (>= monotouch)) (&& (== net35) (>= net45)) (&& (== net35) (>= net461)) (&& (== net35) (>= netcoreapp2.0)) (&& (== net35) (>= netstandard1.1)) (&& (== net35) (>= netstandard2.0)) (&& (== net35) (>= portable-net45+win8+wpa81)) (&& (== net35) (>= uap10.1)) (&& (== net35) (>= win8)) (&& (== net35) (>= wpa81)) (&& (== net35) (>= xamarinios)) (&& (== net35) (>= xamarinmac)) (&& (== net35) (>= xamarintvos)) (&& (== net35) (>= xamarinwatchos)) (&& (== net40) (>= monoandroid)) (&& (== net40) (>= monotouch)) (&& (== net40) (>= net45)) (&& (== net40) (>= net461)) (&& (== net40) (>= netcoreapp2.0)) (&& (== net40) (>= netstandard1.1)) (&& (== net40) (>= netstandard2.0)) (&& (== net40) (>= portable-net45+win8+wpa81)) (&& (== net40) (>= uap10.1)) (&& (== net40) (>= win8)) (&& (== net40) (>= wpa81)) (&& (== net40) (>= xamarinios)) (&& (== net40) (>= xamarinmac)) (&& (== net40) (>= xamarintvos)) (&& (== net40) (>= xamarinwatchos)) (== net45) (== net461) (== netstandard2.0)
    System.Numerics.Vectors (4.5) - restriction: || (&& (== net40) (< net35) (>= netstandard2.0)) (&& (== net45) (< net35) (>= netstandard2.0)) (&& (== net461) (< net35) (>= netstandard2.0)) (== netstandard2.0)
    System.Reflection (4.3) - restriction: || (&& (== net40) (< net35) (>= netstandard1.5)) (&& (== net40) (< net35) (>= netstandard1.6)) (&& (== net40) (< net35) (>= netstandard2.0)) (&& (== net45) (< net35) (>= netstandard1.5)) (&& (== net45) (< net35) (>= netstandard1.6)) (&& (== net45) (< net35) (>= netstandard2.0)) (&& (== net461) (< net35) (>= netstandard1.5)) (&& (== net461) (< net35) (>= netstandard1.6)) (&& (== net461) (< net35) (>= netstandard2.0)) (== netstandard2.0)
      Microsoft.NETCore.Platforms (>= 1.1) - restriction: || (&& (== net35) (>= netstandard1.0)) (&& (== net35) (>= netstandard1.3)) (&& (== net35) (>= netstandard1.5)) (&& (== net40) (>= netstandard1.0)) (&& (== net40) (>= netstandard1.3)) (&& (== net40) (>= netstandard1.5)) (&& (== net461) (< net45)) (== netstandard2.0)
      Microsoft.NETCore.Targets (>= 1.1) - restriction: || (&& (== net35) (>= netstandard1.0)) (&& (== net35) (>= netstandard1.3)) (&& (== net35) (>= netstandard1.5)) (&& (== net40) (>= netstandard1.0)) (&& (== net40) (>= netstandard1.3)) (&& (== net40) (>= netstandard1.5)) (&& (== net461) (< net45)) (== netstandard2.0)
      System.IO (>= 4.3) - restriction: || (&& (== net35) (>= netstandard1.0)) (&& (== net35) (>= netstandard1.3)) (&& (== net35) (>= netstandard1.5)) (&& (== net40) (>= netstandard1.0)) (&& (== net40) (>= netstandard1.3)) (&& (== net40) (>= netstandard1.5)) (&& (== net461) (< net45)) (== netstandard2.0)
      System.Reflection.Primitives (>= 4.3) - restriction: || (&& (== net35) (>= netstandard1.0)) (&& (== net35) (>= netstandard1.3)) (&& (== net35) (>= netstandard1.5)) (&& (== net40) (>= netstandard1.0)) (&& (== net40) (>= netstandard1.3)) (&& (== net40) (>= netstandard1.5)) (&& (== net461) (< net45)) (== netstandard2.0)
      System.Runtime (>= 4.3) - restriction: || (&& (== net35) (>= netstandard1.0)) (&& (== net35) (>= netstandard1.3)) (&& (== net35) (>= netstandard1.5)) (&& (== net40) (>= netstandard1.0)) (&& (== net40) (>= netstandard1.3)) (&& (== net40) (>= netstandard1.5)) (&& (== net461) (< net45)) (== netstandard2.0)
    System.Reflection.Primitives (4.3) - restriction: || (&& (== net40) (< net35) (>= netstandard1.5)) (&& (== net40) (< net35) (>= netstandard1.6)) (&& (== net40) (< net35) (>= netstandard2.0)) (&& (== net45) (< net35) (>= netstandard1.5)) (&& (== net45) (< net35) (>= netstandard1.6)) (&& (== net45) (< net35) (>= netstandard2.0)) (&& (== net461) (< net35) (>= netstandard1.5)) (&& (== net461) (< net35) (>= netstandard1.6)) (&& (== net461) (< net35) (>= netstandard2.0)) (== netstandard2.0)
      Microsoft.NETCore.Platforms (>= 1.1) - restriction: || (&& (== net35) (>= netstandard1.0)) (&& (== net40) (>= netstandard1.0)) (&& (== net461) (< net45)) (== netstandard2.0)
      Microsoft.NETCore.Targets (>= 1.1) - restriction: || (&& (== net35) (>= netstandard1.0)) (&& (== net40) (>= netstandard1.0)) (&& (== net461) (< net45)) (== netstandard2.0)
      System.Runtime (>= 4.3) - restriction: || (&& (== net35) (>= netstandard1.0)) (&& (== net40) (>= netstandard1.0)) (&& (== net461) (< net45)) (== netstandard2.0)
    System.Resources.ResourceManager (4.3) - restriction: || (&& (== net40) (< net35) (>= netstandard1.5)) (&& (== net40) (< net35) (>= netstandard1.6)) (&& (== net40) (< net35) (>= netstandard2.0)) (&& (== net45) (< net35) (>= netstandard1.5)) (&& (== net45) (< net35) (>= netstandard1.6)) (&& (== net45) (< net35) (>= netstandard2.0)) (&& (== net461) (< net35) (>= netstandard1.5)) (&& (== net461) (< net35) (>= netstandard1.6)) (&& (== net461) (< net35) (>= netstandard2.0)) (== netstandard2.0)
      Microsoft.NETCore.Platforms (>= 1.1) - restriction: || (&& (== net35) (>= netstandard1.0)) (&& (== net40) (>= netstandard1.0)) (&& (== net461) (< net45)) (== netstandard2.0)
      Microsoft.NETCore.Targets (>= 1.1) - restriction: || (&& (== net35) (>= netstandard1.0)) (&& (== net40) (>= netstandard1.0)) (&& (== net461) (< net45)) (== netstandard2.0)
      System.Globalization (>= 4.3) - restriction: || (&& (== net35) (>= netstandard1.0)) (&& (== net40) (>= netstandard1.0)) (&& (== net461) (< net45)) (== netstandard2.0)
      System.Reflection (>= 4.3) - restriction: || (&& (== net35) (>= netstandard1.0)) (&& (== net40) (>= netstandard1.0)) (&& (== net461) (< net45)) (== netstandard2.0)
      System.Runtime (>= 4.3) - restriction: || (&& (== net35) (>= netstandard1.0)) (&& (== net40) (>= netstandard1.0)) (&& (== net461) (< net45)) (== netstandard2.0)
    System.Runtime (4.3.1) - restriction: || (&& (== net40) (< net35) (>= netstandard1.5)) (&& (== net40) (< net35) (>= netstandard1.6)) (&& (== net40) (< net35) (>= netstandard2.0)) (&& (== net45) (< net35) (>= netstandard1.5)) (&& (== net45) (< net35) (>= netstandard1.6)) (&& (== net45) (< net35) (>= netstandard2.0)) (&& (== net461) (< net35) (>= netstandard1.5)) (&& (== net461) (< net35) (>= netstandard1.6)) (&& (== net461) (< net35) (>= netstandard2.0)) (== netstandard2.0)
      Microsoft.NETCore.Platforms (>= 1.1.1) - restriction: || (&& (== net35) (>= netstandard1.0)) (&& (== net35) (>= netstandard1.2)) (&& (== net35) (>= netstandard1.3)) (&& (== net35) (>= netstandard1.5)) (&& (== net40) (>= netstandard1.0)) (&& (== net40) (>= netstandard1.2)) (&& (== net40) (>= netstandard1.3)) (&& (== net40) (>= netstandard1.5)) (&& (== net461) (< net45)) (== netstandard2.0)
      Microsoft.NETCore.Targets (>= 1.1.3) - restriction: || (&& (== net35) (>= netstandard1.0)) (&& (== net35) (>= netstandard1.2)) (&& (== net35) (>= netstandard1.3)) (&& (== net35) (>= netstandard1.5)) (&& (== net40) (>= netstandard1.0)) (&& (== net40) (>= netstandard1.2)) (&& (== net40) (>= netstandard1.3)) (&& (== net40) (>= netstandard1.5)) (&& (== net461) (< net45)) (== netstandard2.0)
    System.Runtime.CompilerServices.Unsafe (4.5.2) - restriction: || (&& (== net35) (== net45) (>= netstandard2.0) (>= win8)) (&& (== net35) (== net461) (>= netstandard2.0) (>= win8)) (&& (== net40) (>= monoandroid) (>= netstandard2.0)) (&& (== net40) (>= monotouch) (>= netstandard2.0)) (&& (== net40) (< net35) (>= netstandard2.0)) (&& (== net40) (>= netcoreapp2.0)) (&& (== net40) (>= netstandard2.0) (>= uap10.1)) (&& (== net40) (>= netstandard2.0) (>= win8)) (&& (== net40) (>= netstandard2.0) (>= wpa81)) (&& (== net40) (>= netstandard2.0) (>= xamarintvos)) (&& (== net40) (>= netstandard2.0) (>= xamarinwatchos)) (&& (== net40) (>= xamarinios)) (&& (== net40) (>= xamarinmac)) (&& (== net45) (>= monoandroid) (>= netstandard2.0)) (&& (== net45) (>= monotouch) (>= netstandard2.0)) (&& (== net45) (< net35) (>= netstandard2.0)) (&& (== net45) (>= netcoreapp2.0)) (&& (== net45) (< netstandard1.1) (>= netstandard2.0) (>= win8)) (&& (== net45) (>= netstandard2.0) (>= uap10.1)) (&& (== net45) (>= netstandard2.0) (>= wpa81)) (&& (== net45) (>= netstandard2.0) (>= xamarintvos)) (&& (== net45) (>= netstandard2.0) (>= xamarinwatchos)) (&& (== net45) (>= xamarinios)) (&& (== net45) (>= xamarinmac)) (&& (== net461) (>= monoandroid) (>= netstandard2.0)) (&& (== net461) (>= monotouch) (>= netstandard2.0)) (&& (== net461) (< net35) (>= netstandard2.0)) (&& (== net461) (>= netcoreapp2.0)) (&& (== net461) (< netstandard1.1) (>= netstandard2.0) (>= win8)) (&& (== net461) (>= netstandard2.0) (>= uap10.1)) (&& (== net461) (>= netstandard2.0) (>= wpa81)) (&& (== net461) (>= netstandard2.0) (>= xamarintvos)) (&& (== net461) (>= netstandard2.0) (>= xamarinwatchos)) (&& (== net461) (>= xamarinios)) (&& (== net461) (>= xamarinmac)) (== netstandard2.0)
    System.Runtime.Extensions (4.3.1) - restriction: || (&& (== net40) (< net35) (>= netstandard1.5)) (&& (== net40) (< net35) (>= netstandard1.6)) (&& (== net40) (< net35) (>= netstandard2.0)) (&& (== net45) (< net35) (>= netstandard1.5)) (&& (== net45) (< net35) (>= netstandard1.6)) (&& (== net45) (< net35) (>= netstandard2.0)) (&& (== net461) (< net35) (>= netstandard1.5)) (&& (== net461) (< net35) (>= netstandard1.6)) (&& (== net461) (< net35) (>= netstandard2.0)) (== netstandard2.0)
      Microsoft.NETCore.Platforms (>= 1.1.1) - restriction: || (&& (== net35) (>= netstandard1.0)) (&& (== net35) (>= netstandard1.3)) (&& (== net35) (>= netstandard1.5)) (&& (== net40) (>= netstandard1.0)) (&& (== net40) (>= netstandard1.3)) (&& (== net40) (>= netstandard1.5)) (&& (== net461) (< net45)) (== netstandard2.0)
      Microsoft.NETCore.Targets (>= 1.1.3) - restriction: || (&& (== net35) (>= netstandard1.0)) (&& (== net35) (>= netstandard1.3)) (&& (== net35) (>= netstandard1.5)) (&& (== net40) (>= netstandard1.0)) (&& (== net40) (>= netstandard1.3)) (&& (== net40) (>= netstandard1.5)) (&& (== net461) (< net45)) (== netstandard2.0)
      System.Runtime (>= 4.3.1) - restriction: || (&& (== net35) (>= netstandard1.0)) (&& (== net35) (>= netstandard1.3)) (&& (== net35) (>= netstandard1.5)) (&& (== net40) (>= netstandard1.0)) (&& (== net40) (>= netstandard1.3)) (&& (== net40) (>= netstandard1.5)) (&& (== net461) (< net45)) (== netstandard2.0)
    System.Security.AccessControl (4.5) - restriction: || (&& (== net40) (>= monoandroid) (>= netstandard2.0)) (&& (== net40) (>= monotouch) (>= netstandard2.0)) (&& (== net40) (< net35) (>= netstandard2.0)) (&& (== net40) (>= netstandard2.0) (>= xamarintvos)) (&& (== net40) (>= netstandard2.0) (>= xamarinwatchos)) (&& (== net45) (>= monoandroid) (>= netstandard2.0)) (&& (== net45) (>= monotouch) (>= netstandard2.0)) (&& (== net45) (< net35) (>= netstandard2.0)) (&& (== net45) (>= netstandard2.0) (>= xamarintvos)) (&& (== net45) (>= netstandard2.0) (>= xamarinwatchos)) (&& (== net461) (>= monoandroid) (>= netstandard2.0)) (&& (== net461) (>= monotouch) (>= netstandard2.0)) (&& (== net461) (< net35) (>= netstandard2.0)) (&& (== net461) (>= netstandard2.0) (>= xamarintvos)) (&& (== net461) (>= netstandard2.0) (>= xamarinwatchos)) (== netstandard2.0)
      System.Security.Principal.Windows (>= 4.5) - restriction: || (&& (== net35) (>= net461)) (&& (== net35) (>= netcoreapp2.0)) (&& (== net35) (>= netstandard2.0)) (&& (== net40) (>= net461)) (&& (== net40) (>= netcoreapp2.0)) (&& (== net40) (>= netstandard2.0)) (&& (== net45) (>= net461)) (&& (== net45) (>= netcoreapp2.0)) (&& (== net45) (>= netstandard2.0)) (== net461) (== netstandard2.0)
    System.Security.Cryptography.ProtectedData (4.5) - restriction: || (&& (== net40) (< net35) (>= netstandard2.0)) (&& (== net45) (< net35) (>= netstandard2.0)) (&& (== net461) (< net35) (>= netstandard2.0)) (== netstandard2.0)
      System.Memory (>= 4.5) - restriction: || (&& (== net35) (>= netstandard2.0)) (&& (== net40) (>= netstandard2.0)) (&& (== net45) (>= netstandard2.0)) (&& (== net461) (< net46) (>= netstandard2.0)) (== netstandard2.0)
    System.Security.Permissions (4.5) - restriction: || (&& (== net40) (>= monoandroid) (>= netstandard2.0)) (&& (== net40) (>= monotouch) (>= netstandard2.0)) (&& (== net40) (< net35) (>= netstandard2.0)) (&& (== net40) (>= netstandard2.0) (>= xamarintvos)) (&& (== net40) (>= netstandard2.0) (>= xamarinwatchos)) (&& (== net45) (>= monoandroid) (>= netstandard2.0)) (&& (== net45) (>= monotouch) (>= netstandard2.0)) (&& (== net45) (< net35) (>= netstandard2.0)) (&& (== net45) (>= netstandard2.0) (>= xamarintvos)) (&& (== net45) (>= netstandard2.0) (>= xamarinwatchos)) (&& (== net461) (>= monoandroid) (>= netstandard2.0)) (&& (== net461) (>= monotouch) (>= netstandard2.0)) (&& (== net461) (< net35) (>= netstandard2.0)) (&& (== net461) (>= netstandard2.0) (>= xamarintvos)) (&& (== net461) (>= netstandard2.0) (>= xamarinwatchos)) (== netstandard2.0)
      System.Security.AccessControl (>= 4.5) - restriction: || (&& (== net35) (>= net461)) (&& (== net35) (>= netstandard2.0)) (&& (== net40) (>= net461)) (&& (== net40) (>= netstandard2.0)) (&& (== net45) (>= net461)) (&& (== net45) (>= netstandard2.0)) (== net461) (== netstandard2.0)
    System.Security.Principal.Windows (4.5.1) - restriction: || (&& (== net40) (>= monoandroid) (>= netstandard2.0)) (&& (== net40) (>= monotouch) (>= netstandard2.0)) (&& (== net40) (< net35) (>= netstandard2.0)) (&& (== net40) (>= netcoreapp2.0)) (&& (== net40) (>= netstandard2.0) (>= xamarintvos)) (&& (== net40) (>= netstandard2.0) (>= xamarinwatchos)) (&& (== net45) (>= monoandroid) (>= netstandard2.0)) (&& (== net45) (>= monotouch) (>= netstandard2.0)) (&& (== net45) (< net35) (>= netstandard2.0)) (&& (== net45) (>= netcoreapp2.0)) (&& (== net45) (>= netstandard2.0) (>= xamarintvos)) (&& (== net45) (>= netstandard2.0) (>= xamarinwatchos)) (&& (== net461) (>= monoandroid) (>= netstandard2.0)) (&& (== net461) (>= monotouch) (>= netstandard2.0)) (&& (== net461) (< net35) (>= netstandard2.0)) (&& (== net461) (>= netcoreapp2.0)) (&& (== net461) (>= netstandard2.0) (>= xamarintvos)) (&& (== net461) (>= netstandard2.0) (>= xamarinwatchos)) (== netstandard2.0)
    System.Text.Encoding (4.3) - restriction: || (&& (== net40) (< net35) (>= netstandard1.5)) (&& (== net40) (< net35) (>= netstandard1.6)) (&& (== net40) (< net35) (>= netstandard2.0)) (&& (== net45) (< net35) (>= netstandard1.5)) (&& (== net45) (< net35) (>= netstandard1.6)) (&& (== net45) (< net35) (>= netstandard2.0)) (&& (== net461) (< net35) (>= netstandard1.5)) (&& (== net461) (< net35) (>= netstandard1.6)) (&& (== net461) (< net35) (>= netstandard2.0)) (== netstandard2.0)
      Microsoft.NETCore.Platforms (>= 1.1) - restriction: || (&& (== net35) (>= netstandard1.0)) (&& (== net35) (>= netstandard1.3)) (&& (== net40) (>= netstandard1.0)) (&& (== net40) (>= netstandard1.3)) (&& (== net461) (< net45)) (== netstandard2.0)
      Microsoft.NETCore.Targets (>= 1.1) - restriction: || (&& (== net35) (>= netstandard1.0)) (&& (== net35) (>= netstandard1.3)) (&& (== net40) (>= netstandard1.0)) (&& (== net40) (>= netstandard1.3)) (&& (== net461) (< net45)) (== netstandard2.0)
      System.Runtime (>= 4.3) - restriction: || (&& (== net35) (>= netstandard1.0)) (&& (== net35) (>= netstandard1.3)) (&& (== net40) (>= netstandard1.0)) (&& (== net40) (>= netstandard1.3)) (&& (== net461) (< net45)) (== netstandard2.0)
    System.Text.RegularExpressions (4.3.1) - restriction: || (&& (== net40) (< net35) (>= netstandard1.5)) (&& (== net40) (< net35) (>= netstandard1.6)) (&& (== net40) (< net35) (>= netstandard2.0)) (&& (== net45) (< net35) (>= netstandard1.5)) (&& (== net45) (< net35) (>= netstandard1.6)) (&& (== net45) (< net35) (>= netstandard2.0)) (&& (== net461) (< net35) (>= netstandard1.5)) (&& (== net461) (< net35) (>= netstandard1.6)) (&& (== net461) (< net35) (>= netstandard2.0)) (== netstandard2.0)
      System.Collections (>= 4.3) - restriction: || (&& (== net35) (>= netstandard1.6)) (&& (== net40) (>= netstandard1.6)) (&& (== net461) (< net45) (>= netstandard1.6)) (== netstandard2.0)
      System.Globalization (>= 4.3) - restriction: || (&& (== net35) (>= netstandard1.6)) (&& (== net40) (>= netstandard1.6)) (&& (== net461) (< net45) (>= netstandard1.6)) (== netstandard2.0)
      System.Resources.ResourceManager (>= 4.3) - restriction: || (&& (== net35) (>= netstandard1.6)) (&& (== net40) (>= netstandard1.6)) (&& (== net461) (< net45) (>= netstandard1.6)) (== netstandard2.0)
      System.Runtime (>= 4.3.1) - restriction: || (&& (== net35) (>= netcoreapp1.1)) (&& (== net35) (>= netstandard1.0)) (&& (== net35) (>= netstandard1.3)) (&& (== net35) (>= netstandard1.6)) (&& (== net40) (>= netcoreapp1.1)) (&& (== net40) (>= netstandard1.0)) (&& (== net40) (>= netstandard1.3)) (&& (== net40) (>= netstandard1.6)) (&& (== net45) (>= netcoreapp1.1)) (&& (== net461) (< net45)) (&& (== net461) (>= netcoreapp1.1)) (== netstandard2.0)
      System.Runtime.Extensions (>= 4.3.1) - restriction: || (&& (== net35) (>= netstandard1.6)) (&& (== net40) (>= netstandard1.6)) (&& (== net461) (< net45) (>= netstandard1.6)) (== netstandard2.0)
      System.Threading (>= 4.3) - restriction: || (&& (== net35) (>= netstandard1.6)) (&& (== net40) (>= netstandard1.6)) (&& (== net461) (< net45) (>= netstandard1.6)) (== netstandard2.0)
    System.Threading (4.3) - restriction: || (&& (== net40) (< net35) (>= netstandard1.6)) (&& (== net40) (< net35) (>= netstandard2.0)) (&& (== net45) (< net35) (>= netstandard1.6)) (&& (== net45) (< net35) (>= netstandard2.0)) (&& (== net461) (< net35) (>= netstandard1.6)) (&& (== net461) (< net35) (>= netstandard2.0)) (== netstandard2.0)
      System.Runtime (>= 4.3) - restriction: || (&& (== net35) (>= netstandard1.0)) (&& (== net35) (>= netstandard1.3)) (&& (== net40) (>= netstandard1.0)) (&& (== net40) (>= netstandard1.3)) (&& (== net461) (< net45)) (== netstandard2.0)
      System.Threading.Tasks (>= 4.3) - restriction: || (&& (== net35) (>= netstandard1.0)) (&& (== net35) (>= netstandard1.3)) (&& (== net40) (>= netstandard1.0)) (&& (== net40) (>= netstandard1.3)) (&& (== net461) (< net45)) (== netstandard2.0)
    System.Threading.Tasks (4.3) - restriction: || (&& (== net40) (< net35) (>= netstandard1.5)) (&& (== net40) (< net35) (>= netstandard1.6)) (&& (== net40) (< net35) (>= netstandard2.0)) (&& (== net45) (< net35) (>= netstandard1.5)) (&& (== net45) (< net35) (>= netstandard1.6)) (&& (== net45) (< net35) (>= netstandard2.0)) (&& (== net461) (< net35) (>= netstandard1.5)) (&& (== net461) (< net35) (>= netstandard1.6)) (&& (== net461) (< net35) (>= netstandard2.0)) (== netstandard2.0)
      Microsoft.NETCore.Platforms (>= 1.1) - restriction: || (&& (== net35) (>= netstandard1.0)) (&& (== net35) (>= netstandard1.3)) (&& (== net40) (>= netstandard1.0)) (&& (== net40) (>= netstandard1.3)) (&& (== net461) (< net45)) (== netstandard2.0)
      Microsoft.NETCore.Targets (>= 1.1) - restriction: || (&& (== net35) (>= netstandard1.0)) (&& (== net35) (>= netstandard1.3)) (&& (== net40) (>= netstandard1.0)) (&& (== net40) (>= netstandard1.3)) (&& (== net461) (< net45)) (== netstandard2.0)
      System.Runtime (>= 4.3) - restriction: || (&& (== net35) (>= netstandard1.0)) (&& (== net35) (>= netstandard1.3)) (&& (== net40) (>= netstandard1.0)) (&& (== net40) (>= netstandard1.3)) (&& (== net461) (< net45)) (== netstandard2.0)
    System.Threading.Tasks.Unofficial (3.1) - restriction: || (== net35) (&& (== net40) (== netstandard2.0)) (&& (== net45) (== netstandard2.0) (< netstandard1.0)) (&& (== net45) (< net40) (< netstandard1.0)) (&& (== net461) (== netstandard2.0) (< netstandard1.0)) (&& (== net461) (< net40) (< netstandard1.0)) (&& (== netstandard2.0) (>= net35) (< netstandard1.0))
  remote: ../../../../dist
    Axle.Data (1.5.2398.23146)
      Axle.Application (>= 1.5.2396.27060)
      System.Data.Common (>= 4.3) - restriction: || (&& (== net40) (< net35) (>= netstandard1.5)) (&& (== net40) (< net35) (>= netstandard1.6)) (&& (== net40) (< net35) (>= netstandard2.0)) (&& (== net45) (< net35) (>= netstandard1.5)) (&& (== net45) (< net35) (>= netstandard1.6)) (&& (== net45) (< net35) (>= netstandard2.0)) (&& (== net461) (< net35) (>= netstandard1.5)) (&& (== net461) (< net35) (>= netstandard1.6)) (&& (== net461) (< net35) (>= netstandard2.0)) (== netstandard2.0)

GROUP netXX
STORAGE: NONE
RESTRICTION: || (== net35) (== net40) (== net45) (== net461) (== netstandard2.0)
NUGET
  remote: https://api.nuget.org/v3/index.json
    System.Data.SQLite.Core (1.0.111)
