STORAGE: NONE
RESTRICTION: || (== net35) (== net40) (== net45) (== netstandard2.0)
NUGET
  remote: ../../../../dist
    Axle.Core (1.5.2345.19207)
      System.Threading.Tasks.Unofficial (>= 3.1) - restriction: || (== net35) (&& (== net45) (< net40) (< netstandard1.0)) (&& (== netstandard2.0) (>= net35) (< netstandard1.0))
    Axle.Data (1.5.2345.19207)
      Axle.Core (>= 1.5.2345.19207)
      System.Data.Common (>= 4.3) - restriction: || (&& (== net40) (< net35) (>= netstandard1.2)) (&& (== net40) (< net35) (>= netstandard2.0)) (&& (== net45) (< net35) (>= netstandard1.2)) (&& (== net45) (< net35) (>= netstandard2.0)) (== netstandard2.0)
  remote: https://api.nuget.org/v3/index.json
    Microsoft.NETCore.Platforms (2.2.1) - restriction: || (&& (== net40) (< net35) (>= netstandard1.2)) (&& (== net40) (< net35) (>= netstandard1.3)) (&& (== net40) (< net35) (>= netstandard1.5)) (&& (== net40) (< net35) (>= netstandard2.0)) (&& (== net45) (< net35) (>= netstandard1.2)) (&& (== net45) (< net35) (>= netstandard1.3)) (&& (== net45) (< net35) (>= netstandard1.5)) (&& (== net45) (< net35) (>= netstandard2.0)) (== netstandard2.0)
    Microsoft.NETCore.Targets (2.1) - restriction: || (&& (== net40) (< net35) (>= netstandard1.2)) (&& (== net40) (< net35) (>= netstandard1.3)) (&& (== net40) (< net35) (>= netstandard1.5)) (&& (== net40) (< net35) (>= netstandard2.0)) (&& (== net45) (< net35) (>= netstandard1.2)) (&& (== net45) (< net35) (>= netstandard1.3)) (&& (== net45) (< net35) (>= netstandard1.5)) (&& (== net45) (< net35) (>= netstandard2.0)) (== netstandard2.0)
    System.Collections (4.3) - restriction: || (&& (== net40) (< net35) (>= netstandard1.2)) (&& (== net40) (< net35) (>= netstandard2.0)) (&& (== net45) (< net35) (>= netstandard1.2)) (&& (== net45) (< net35) (>= netstandard2.0)) (== netstandard2.0)
      Microsoft.NETCore.Platforms (>= 1.1) - restriction: || (&& (== net35) (>= netstandard1.0)) (&& (== net35) (>= netstandard1.3)) (&& (== net40) (>= netstandard1.0)) (&& (== net40) (>= netstandard1.3)) (== netstandard2.0)
      Microsoft.NETCore.Targets (>= 1.1) - restriction: || (&& (== net35) (>= netstandard1.0)) (&& (== net35) (>= netstandard1.3)) (&& (== net40) (>= netstandard1.0)) (&& (== net40) (>= netstandard1.3)) (== netstandard2.0)
      System.Runtime (>= 4.3) - restriction: || (&& (== net35) (>= netstandard1.0)) (&& (== net35) (>= netstandard1.3)) (&& (== net40) (>= netstandard1.0)) (&& (== net40) (>= netstandard1.3)) (== netstandard2.0)
    System.Data.Common (4.3) - restriction: || (&& (== net40) (< net35) (>= netstandard1.2)) (&& (== net40) (< net35) (>= netstandard2.0)) (&& (== net45) (< net35) (>= netstandard1.2)) (&& (== net45) (< net35) (>= netstandard2.0)) (== netstandard2.0)
      System.Collections (>= 4.3) - restriction: || (&& (== net35) (>= netstandard1.2)) (&& (== net40) (>= netstandard1.2)) (&& (== net45) (>= netstandard1.2)) (== netstandard2.0)
      System.Globalization (>= 4.3) - restriction: || (&& (== net35) (>= netstandard1.2)) (&& (== net40) (>= netstandard1.2)) (&& (== net45) (>= netstandard1.2)) (== netstandard2.0)
      System.IO (>= 4.3) - restriction: || (&& (== net35) (>= netstandard1.2)) (&& (== net40) (>= netstandard1.2)) (&& (== net45) (>= netstandard1.2)) (== netstandard2.0)
      System.Resources.ResourceManager (>= 4.3) - restriction: || (&& (== net35) (>= netstandard1.2)) (&& (== net40) (>= netstandard1.2)) (&& (== net45) (>= netstandard1.2)) (== netstandard2.0)
      System.Runtime (>= 4.3) - restriction: || (&& (== net35) (>= netstandard1.2)) (&& (== net40) (>= netstandard1.2)) (&& (== net45) (>= netstandard1.2)) (== netstandard2.0)
      System.Runtime.Extensions (>= 4.3) - restriction: || (&& (== net35) (>= netstandard1.2)) (&& (== net40) (>= netstandard1.2)) (&& (== net45) (>= netstandard1.2)) (== netstandard2.0)
      System.Text.RegularExpressions (>= 4.3) - restriction: || (&& (== net35) (>= netstandard1.2)) (&& (== net40) (>= netstandard1.2)) (&& (== net45) (>= netstandard1.2)) (== netstandard2.0)
      System.Threading.Tasks (>= 4.3) - restriction: || (&& (== net35) (>= netstandard1.2)) (&& (== net40) (>= netstandard1.2)) (&& (== net45) (>= netstandard1.2)) (== netstandard2.0)
    System.Globalization (4.3) - restriction: || (&& (== net40) (< net35) (>= netstandard1.2)) (&& (== net40) (< net35) (>= netstandard2.0)) (&& (== net45) (< net35) (>= netstandard1.2)) (&& (== net45) (< net35) (>= netstandard2.0)) (== netstandard2.0)
      Microsoft.NETCore.Platforms (>= 1.1) - restriction: || (&& (== net35) (>= netstandard1.0)) (&& (== net35) (>= netstandard1.3)) (&& (== net40) (>= netstandard1.0)) (&& (== net40) (>= netstandard1.3)) (== netstandard2.0)
      Microsoft.NETCore.Targets (>= 1.1) - restriction: || (&& (== net35) (>= netstandard1.0)) (&& (== net35) (>= netstandard1.3)) (&& (== net40) (>= netstandard1.0)) (&& (== net40) (>= netstandard1.3)) (== netstandard2.0)
      System.Runtime (>= 4.3) - restriction: || (&& (== net35) (>= netstandard1.0)) (&& (== net35) (>= netstandard1.3)) (&& (== net40) (>= netstandard1.0)) (&& (== net40) (>= netstandard1.3)) (== netstandard2.0)
    System.IO (4.3) - restriction: || (&& (== net40) (< net35) (>= netstandard1.2)) (&& (== net40) (< net35) (>= netstandard2.0)) (&& (== net45) (< net35) (>= netstandard1.2)) (&& (== net45) (< net35) (>= netstandard2.0)) (== netstandard2.0)
      Microsoft.NETCore.Platforms (>= 1.1) - restriction: || (&& (== net35) (>= netstandard1.0)) (&& (== net35) (>= netstandard1.3)) (&& (== net35) (>= netstandard1.5)) (&& (== net40) (>= netstandard1.0)) (&& (== net40) (>= netstandard1.3)) (&& (== net40) (>= netstandard1.5)) (== netstandard2.0)
      Microsoft.NETCore.Targets (>= 1.1) - restriction: || (&& (== net35) (>= netstandard1.0)) (&& (== net35) (>= netstandard1.3)) (&& (== net35) (>= netstandard1.5)) (&& (== net40) (>= netstandard1.0)) (&& (== net40) (>= netstandard1.3)) (&& (== net40) (>= netstandard1.5)) (== netstandard2.0)
      System.Runtime (>= 4.3) - restriction: || (&& (== net35) (>= netstandard1.0)) (&& (== net35) (>= netstandard1.3)) (&& (== net35) (>= netstandard1.5)) (&& (== net40) (>= netstandard1.0)) (&& (== net40) (>= netstandard1.3)) (&& (== net40) (>= netstandard1.5)) (== netstandard2.0)
      System.Text.Encoding (>= 4.3) - restriction: || (&& (== net35) (>= netstandard1.0)) (&& (== net35) (>= netstandard1.3)) (&& (== net35) (>= netstandard1.5)) (&& (== net40) (>= netstandard1.0)) (&& (== net40) (>= netstandard1.3)) (&& (== net40) (>= netstandard1.5)) (== netstandard2.0)
      System.Threading.Tasks (>= 4.3) - restriction: || (&& (== net35) (>= netstandard1.0)) (&& (== net35) (>= netstandard1.3)) (&& (== net35) (>= netstandard1.5)) (&& (== net40) (>= netstandard1.0)) (&& (== net40) (>= netstandard1.3)) (&& (== net40) (>= netstandard1.5)) (== netstandard2.0)
    System.Reflection (4.3) - restriction: || (&& (== net40) (< net35) (>= netstandard1.2)) (&& (== net40) (< net35) (>= netstandard2.0)) (&& (== net45) (< net35) (>= netstandard1.2)) (&& (== net45) (< net35) (>= netstandard2.0)) (== netstandard2.0)
      Microsoft.NETCore.Platforms (>= 1.1) - restriction: || (&& (== net35) (>= netstandard1.0)) (&& (== net35) (>= netstandard1.3)) (&& (== net35) (>= netstandard1.5)) (&& (== net40) (>= netstandard1.0)) (&& (== net40) (>= netstandard1.3)) (&& (== net40) (>= netstandard1.5)) (== netstandard2.0)
      Microsoft.NETCore.Targets (>= 1.1) - restriction: || (&& (== net35) (>= netstandard1.0)) (&& (== net35) (>= netstandard1.3)) (&& (== net35) (>= netstandard1.5)) (&& (== net40) (>= netstandard1.0)) (&& (== net40) (>= netstandard1.3)) (&& (== net40) (>= netstandard1.5)) (== netstandard2.0)
      System.IO (>= 4.3) - restriction: || (&& (== net35) (>= netstandard1.0)) (&& (== net35) (>= netstandard1.3)) (&& (== net35) (>= netstandard1.5)) (&& (== net40) (>= netstandard1.0)) (&& (== net40) (>= netstandard1.3)) (&& (== net40) (>= netstandard1.5)) (== netstandard2.0)
      System.Reflection.Primitives (>= 4.3) - restriction: || (&& (== net35) (>= netstandard1.0)) (&& (== net35) (>= netstandard1.3)) (&& (== net35) (>= netstandard1.5)) (&& (== net40) (>= netstandard1.0)) (&& (== net40) (>= netstandard1.3)) (&& (== net40) (>= netstandard1.5)) (== netstandard2.0)
      System.Runtime (>= 4.3) - restriction: || (&& (== net35) (>= netstandard1.0)) (&& (== net35) (>= netstandard1.3)) (&& (== net35) (>= netstandard1.5)) (&& (== net40) (>= netstandard1.0)) (&& (== net40) (>= netstandard1.3)) (&& (== net40) (>= netstandard1.5)) (== netstandard2.0)
    System.Reflection.Primitives (4.3) - restriction: || (&& (== net40) (< net35) (>= netstandard1.2)) (&& (== net40) (< net35) (>= netstandard1.3)) (&& (== net40) (< net35) (>= netstandard1.5)) (&& (== net40) (< net35) (>= netstandard2.0)) (&& (== net45) (< net35) (>= netstandard1.2)) (&& (== net45) (< net35) (>= netstandard1.3)) (&& (== net45) (< net35) (>= netstandard1.5)) (&& (== net45) (< net35) (>= netstandard2.0)) (== netstandard2.0)
      Microsoft.NETCore.Platforms (>= 1.1) - restriction: || (&& (== net35) (>= netstandard1.0)) (&& (== net40) (>= netstandard1.0)) (== netstandard2.0)
      Microsoft.NETCore.Targets (>= 1.1) - restriction: || (&& (== net35) (>= netstandard1.0)) (&& (== net40) (>= netstandard1.0)) (== netstandard2.0)
      System.Runtime (>= 4.3) - restriction: || (&& (== net35) (>= netstandard1.0)) (&& (== net40) (>= netstandard1.0)) (== netstandard2.0)
    System.Resources.ResourceManager (4.3) - restriction: || (&& (== net40) (< net35) (>= netstandard1.2)) (&& (== net40) (< net35) (>= netstandard2.0)) (&& (== net45) (< net35) (>= netstandard1.2)) (&& (== net45) (< net35) (>= netstandard2.0)) (== netstandard2.0)
      Microsoft.NETCore.Platforms (>= 1.1) - restriction: || (&& (== net35) (>= netstandard1.0)) (&& (== net40) (>= netstandard1.0)) (== netstandard2.0)
      Microsoft.NETCore.Targets (>= 1.1) - restriction: || (&& (== net35) (>= netstandard1.0)) (&& (== net40) (>= netstandard1.0)) (== netstandard2.0)
      System.Globalization (>= 4.3) - restriction: || (&& (== net35) (>= netstandard1.0)) (&& (== net40) (>= netstandard1.0)) (== netstandard2.0)
      System.Reflection (>= 4.3) - restriction: || (&& (== net35) (>= netstandard1.0)) (&& (== net40) (>= netstandard1.0)) (== netstandard2.0)
      System.Runtime (>= 4.3) - restriction: || (&& (== net35) (>= netstandard1.0)) (&& (== net40) (>= netstandard1.0)) (== netstandard2.0)
    System.Runtime (4.3.1) - restriction: || (&& (== net40) (< net35) (>= netstandard1.2)) (&& (== net40) (< net35) (>= netstandard1.3)) (&& (== net40) (< net35) (>= netstandard1.5)) (&& (== net40) (< net35) (>= netstandard2.0)) (&& (== net45) (< net35) (>= netstandard1.2)) (&& (== net45) (< net35) (>= netstandard1.3)) (&& (== net45) (< net35) (>= netstandard1.5)) (&& (== net45) (< net35) (>= netstandard2.0)) (== netstandard2.0)
      Microsoft.NETCore.Platforms (>= 1.1.1) - restriction: || (&& (== net35) (>= netstandard1.0)) (&& (== net35) (>= netstandard1.2)) (&& (== net35) (>= netstandard1.3)) (&& (== net35) (>= netstandard1.5)) (&& (== net40) (>= netstandard1.0)) (&& (== net40) (>= netstandard1.2)) (&& (== net40) (>= netstandard1.3)) (&& (== net40) (>= netstandard1.5)) (== netstandard2.0)
      Microsoft.NETCore.Targets (>= 1.1.3) - restriction: || (&& (== net35) (>= netstandard1.0)) (&& (== net35) (>= netstandard1.2)) (&& (== net35) (>= netstandard1.3)) (&& (== net35) (>= netstandard1.5)) (&& (== net40) (>= netstandard1.0)) (&& (== net40) (>= netstandard1.2)) (&& (== net40) (>= netstandard1.3)) (&& (== net40) (>= netstandard1.5)) (== netstandard2.0)
    System.Runtime.Extensions (4.3.1) - restriction: || (&& (== net40) (< net35) (>= netstandard1.2)) (&& (== net40) (< net35) (>= netstandard1.6)) (&& (== net40) (< net35) (>= netstandard2.0)) (&& (== net45) (< net35) (>= netstandard1.2)) (&& (== net45) (< net35) (>= netstandard1.6)) (&& (== net45) (< net35) (>= netstandard2.0)) (== netstandard2.0)
      Microsoft.NETCore.Platforms (>= 1.1.1) - restriction: || (&& (== net35) (>= netstandard1.0)) (&& (== net35) (>= netstandard1.3)) (&& (== net35) (>= netstandard1.5)) (&& (== net40) (>= netstandard1.0)) (&& (== net40) (>= netstandard1.3)) (&& (== net40) (>= netstandard1.5)) (== netstandard2.0)
      Microsoft.NETCore.Targets (>= 1.1.3) - restriction: || (&& (== net35) (>= netstandard1.0)) (&& (== net35) (>= netstandard1.3)) (&& (== net35) (>= netstandard1.5)) (&& (== net40) (>= netstandard1.0)) (&& (== net40) (>= netstandard1.3)) (&& (== net40) (>= netstandard1.5)) (== netstandard2.0)
      System.Runtime (>= 4.3.1) - restriction: || (&& (== net35) (>= netstandard1.0)) (&& (== net35) (>= netstandard1.3)) (&& (== net35) (>= netstandard1.5)) (&& (== net40) (>= netstandard1.0)) (&& (== net40) (>= netstandard1.3)) (&& (== net40) (>= netstandard1.5)) (== netstandard2.0)
    System.Text.Encoding (4.3) - restriction: || (&& (== net40) (< net35) (>= netstandard1.2)) (&& (== net40) (< net35) (>= netstandard1.3)) (&& (== net40) (< net35) (>= netstandard1.5)) (&& (== net40) (< net35) (>= netstandard2.0)) (&& (== net45) (< net35) (>= netstandard1.2)) (&& (== net45) (< net35) (>= netstandard1.3)) (&& (== net45) (< net35) (>= netstandard1.5)) (&& (== net45) (< net35) (>= netstandard2.0)) (== netstandard2.0)
      Microsoft.NETCore.Platforms (>= 1.1) - restriction: || (&& (== net35) (>= netstandard1.0)) (&& (== net35) (>= netstandard1.3)) (&& (== net40) (>= netstandard1.0)) (&& (== net40) (>= netstandard1.3)) (== netstandard2.0)
      Microsoft.NETCore.Targets (>= 1.1) - restriction: || (&& (== net35) (>= netstandard1.0)) (&& (== net35) (>= netstandard1.3)) (&& (== net40) (>= netstandard1.0)) (&& (== net40) (>= netstandard1.3)) (== netstandard2.0)
      System.Runtime (>= 4.3) - restriction: || (&& (== net35) (>= netstandard1.0)) (&& (== net35) (>= netstandard1.3)) (&& (== net40) (>= netstandard1.0)) (&& (== net40) (>= netstandard1.3)) (== netstandard2.0)
    System.Text.RegularExpressions (4.3.1) - restriction: || (&& (== net40) (< net35) (>= netstandard1.2)) (&& (== net40) (< net35) (>= netstandard2.0)) (&& (== net45) (< net35) (>= netstandard1.2)) (&& (== net45) (< net35) (>= netstandard2.0)) (== netstandard2.0)
      System.Collections (>= 4.3) - restriction: || (&& (== net35) (>= netstandard1.6)) (&& (== net40) (>= netstandard1.6)) (== netstandard2.0)
      System.Globalization (>= 4.3) - restriction: || (&& (== net35) (>= netstandard1.6)) (&& (== net40) (>= netstandard1.6)) (== netstandard2.0)
      System.Resources.ResourceManager (>= 4.3) - restriction: || (&& (== net35) (>= netstandard1.6)) (&& (== net40) (>= netstandard1.6)) (== netstandard2.0)
      System.Runtime (>= 4.3.1) - restriction: || (&& (== net35) (>= netcoreapp1.1)) (&& (== net35) (>= netstandard1.0)) (&& (== net35) (>= netstandard1.3)) (&& (== net35) (>= netstandard1.6)) (&& (== net40) (>= netcoreapp1.1)) (&& (== net40) (>= netstandard1.0)) (&& (== net40) (>= netstandard1.3)) (&& (== net40) (>= netstandard1.6)) (&& (== net45) (>= netcoreapp1.1)) (== netstandard2.0)
      System.Runtime.Extensions (>= 4.3.1) - restriction: || (&& (== net35) (>= netstandard1.6)) (&& (== net40) (>= netstandard1.6)) (== netstandard2.0)
      System.Threading (>= 4.3) - restriction: || (&& (== net35) (>= netstandard1.6)) (&& (== net40) (>= netstandard1.6)) (== netstandard2.0)
    System.Threading (4.3) - restriction: || (&& (== net40) (< net35) (>= netstandard1.6)) (&& (== net40) (< net35) (>= netstandard2.0)) (&& (== net45) (< net35) (>= netstandard1.6)) (&& (== net45) (< net35) (>= netstandard2.0)) (== netstandard2.0)
      System.Runtime (>= 4.3) - restriction: || (&& (== net35) (>= netstandard1.0)) (&& (== net35) (>= netstandard1.3)) (&& (== net40) (>= netstandard1.0)) (&& (== net40) (>= netstandard1.3)) (== netstandard2.0)
      System.Threading.Tasks (>= 4.3) - restriction: || (&& (== net35) (>= netstandard1.0)) (&& (== net35) (>= netstandard1.3)) (&& (== net40) (>= netstandard1.0)) (&& (== net40) (>= netstandard1.3)) (== netstandard2.0)
    System.Threading.Tasks (4.3) - restriction: || (&& (== net40) (< net35) (>= netstandard1.2)) (&& (== net40) (< net35) (>= netstandard2.0)) (&& (== net45) (< net35) (>= netstandard1.2)) (&& (== net45) (< net35) (>= netstandard2.0)) (== netstandard2.0)
      Microsoft.NETCore.Platforms (>= 1.1) - restriction: || (&& (== net35) (>= netstandard1.0)) (&& (== net35) (>= netstandard1.3)) (&& (== net40) (>= netstandard1.0)) (&& (== net40) (>= netstandard1.3)) (== netstandard2.0)
      Microsoft.NETCore.Targets (>= 1.1) - restriction: || (&& (== net35) (>= netstandard1.0)) (&& (== net35) (>= netstandard1.3)) (&& (== net40) (>= netstandard1.0)) (&& (== net40) (>= netstandard1.3)) (== netstandard2.0)
      System.Runtime (>= 4.3) - restriction: || (&& (== net35) (>= netstandard1.0)) (&& (== net35) (>= netstandard1.3)) (&& (== net40) (>= netstandard1.0)) (&& (== net40) (>= netstandard1.3)) (== netstandard2.0)
    System.Threading.Tasks.Unofficial (3.1) - restriction: || (== net35) (&& (== net40) (== netstandard2.0)) (&& (== net45) (== netstandard2.0) (< netstandard1.0)) (&& (== net45) (< net40) (< netstandard1.0)) (&& (== netstandard2.0) (>= net35) (< netstandard1.0))

GROUP netstandard
STORAGE: NONE
RESTRICTION: == netstandard2.0
NUGET
  remote: https://api.nuget.org/v3/index.json
    Microsoft.Data.Sqlite.Core (2.2.4)
      SQLitePCLRaw.core (>= 1.1.12)
    Microsoft.NETCore.Platforms (2.2.1)
    NETStandard.Library (2.0.3)
      Microsoft.NETCore.Platforms (>= 1.1)
    SQLitePCLRaw.core (1.1.13)
      NETStandard.Library (>= 1.6)

GROUP netXX
STORAGE: NONE
RESTRICTION: || (== net35) (== net40) (== net45)
NUGET
  remote: https://api.nuget.org/v3/index.json
    System.Data.SQLite.Core (1.0.110)
